{
  "bids_meta": {
    "ConversionSoftware": "dcm2niix",
    "ConversionSoftwareVersion": "v1.0.20170411 GCC4.3.2",
    "EchoTime": 0.00352,
    "ImageType": [
      "ORIGINAL"
    ],
    "Manufacturer": "Philips",
    "ManufacturersModelName": "N/A",
    "PhilipsRescaleIntercept": 0,
    "PhilipsRescaleSlope": 8.30379,
    "PhilipsScaleSlope": 0.000331225,
    "ProtocolName": "WIPMPRAGE_S2SENSE",
    "RepetitionTime": 0.007631,
    "SequenceVariant": "tfl3d1_ns",
    "UsePhilipsFloatNotDisplayScaling": 1,
    "dataset": "ds001907",
    "modality": "T1w",
    "session_id": "2",
    "subject_id": "RC4201"
  },
  "cjv": 0.4320521579925636,
  "cnr": 2.9752487028118453,
  "efc": 0.748894333799183,
  "fber": 7604.576919262051,
  "fwhm_avg": 3.3534234011860726,
  "fwhm_x": 3.415140203558219,
  "fwhm_y": 3.50969,
  "fwhm_z": 3.13544,
  "icvs_csf": 0.19539855071508652,
  "icvs_gm": 0.39877148996284917,
  "icvs_wm": 0.4058299593220643,
  "inu_med": 2.6513118743896484,
  "inu_range": 0.7406638264656067,
  "provenance": {
    "md5sum": "80af8adf7de9b3a81e865fb9c4a1025d",
    "settings": {
      "testing": false
    },
    "software": "mriqc",
    "version": "21.0.0rc2",
    "warnings": {
      "large_rot_frame": true,
      "small_air_mask": false
    },
    "webapi_port": null,
    "webapi_url": "https://mriqc.nimh.nih.gov/api/v1"
  },
  "qi_1": 0.0,
  "qi_2": 1.0850196235659705e-05,
  "rpve_csf": 27.698935622442097,
  "rpve_gm": 13.834235564404217,
  "rpve_wm": 16.334406268681846,
  "size_x": 176,
  "size_y": 256,
  "size_z": 256,
  "snr_csf": 2.239878806488043,
  "snr_gm": 13.345536785861757,
  "snr_total": 11.58659749928139,
  "snr_wm": 19.174376905494373,
  "snrd_csf": 18.286425337272846,
  "snrd_gm": 42.546102892684864,
  "snrd_total": 38.77913061241032,
  "snrd_wm": 55.50486360727324,
  "spacing_x": 0.9999999403953552,
  "spacing_y": 1.0,
  "spacing_z": 1.0,
  "summary_bg_k": 3.755033335298016,
  "summary_bg_mad": 11.803891542106191,
  "summary_bg_mean": 12.16611942594203,
  "summary_bg_median": 7.961603857576847,
  "summary_bg_n": 480351.0,
  "summary_bg_p05": 0.0,
  "summary_bg_p95": 32.975720942020416,
  "summary_bg_stdv": 11.789584261027242,
  "summary_csf_k": 17.724020875969316,
  "summary_csf_mad": 104.6444285647712,
  "summary_csf_mean": 358.5876248202335,
  "summary_csf_median": 329.4748830422759,
  "summary_csf_n": 15645.0,
  "summary_csf_p05": 201.24224218726158,
  "summary_csf_p95": 575.5279679343104,
  "summary_csf_stdv": 147.09025872358114,
  "summary_gm_k": 0.2422002563087391,
  "summary_gm_mad": 53.82909405371831,
  "summary_gm_mean": 767.647376672753,
  "summary_gm_median": 766.5725813508034,
  "summary_gm_n": 15076.0,
  "summary_gm_p05": 673.4754582289606,
  "summary_gm_p95": 865.7961868736893,
  "summary_gm_stdv": 57.43846572996888,
  "summary_wm_k": 1.0671335784375477,
  "summary_wm_mad": 47.04813508272113,
  "summary_wm_mean": 1006.18330137939,
  "summary_wm_median": 1000.0564958974719,
  "summary_wm_n": 185345.0,
  "summary_wm_p05": 932.4675610214472,
  "summary_wm_p95": 1103.1056238412857,
  "summary_wm_stdv": 52.15573903645095,
  "tpm_overlap_csf": 0.16287322342395782,
  "tpm_overlap_gm": 0.40312832593917847,
  "tpm_overlap_wm": 0.4575994610786438,
  "wm2max": 0.5064337184032941
}