{
  "aor": 0.007362147651006711,
  "aqi": 0.00925731711409396,
  "bids_meta": {
    "ConversionSoftware": "dcm2niix",
    "ConversionSoftwareVersion": "v1.0.20170411 GCC4.3.2",
    "EchoTime": 0.025,
    "ImageType": [
      "ORIGINAL"
    ],
    "Manufacturer": "Philips",
    "ManufacturersModelName": "N/A",
    "PhilipsRescaleIntercept": 0,
    "PhilipsRescaleSlope": 3.14042,
    "PhilipsScaleSlope": 0.000939061,
    "ProtocolName": "WIPANT_DSENSE",
    "RepetitionTime": 2.4,
    "SequenceVariant": "tfl3d1_ns",
    "SliceTiming": [
      0,
      0.06,
      0.11,
      0.17,
      0.22,
      0.28,
      0.33,
      0.39,
      0.45,
      0.5,
      0.56,
      0.61,
      0.67,
      0.73,
      0.78,
      0.84,
      0.89,
      0.95,
      1,
      1.06,
      1.12,
      1.17,
      1.23,
      1.28,
      1.34,
      1.4,
      1.45,
      1.51,
      1.56,
      1.62,
      1.67,
      1.73,
      1.79,
      1.84,
      1.9,
      1.95,
      2.01,
      2.07,
      2.12,
      2.18,
      2.23,
      2.29,
      2.34
    ],
    "TaskName": "ANT",
    "UsePhilipsFloatNotDisplayScaling": 1,
    "dataset": "ds001907",
    "modality": "bold",
    "run_id": 4,
    "session_id": "1",
    "subject_id": "RC4116",
    "task_id": "ANT"
  },
  "dummy_trs": 0,
  "dvars_nstd": 22.60071584297297,
  "dvars_std": 1.1661148973648647,
  "dvars_vstd": 1.023365201216216,
  "efc": 0.40245751934895035,
  "fber": 816814.125,
  "fd_mean": 0.271120123045184,
  "fd_num": 76,
  "fd_perc": 51.006711409395976,
  "fwhm_avg": 2.081188888888889,
  "fwhm_x": 1.9600333333333333,
  "fwhm_y": 2.2901966666666667,
  "fwhm_z": 1.9933366666666668,
  "gcor": 0.0147168,
  "gsr_x": -0.019379274919629097,
  "gsr_y": 0.023109599947929382,
  "provenance": {
    "md5sum": "98d76c66437777292546566395e6202e",
    "settings": {
      "fd_thres": 0.2,
      "testing": false
    },
    "software": "mriqc",
    "version": "21.0.0rc2",
    "webapi_port": null,
    "webapi_url": "https://mriqc.nimh.nih.gov/api/v1"
  },
  "size_t": 149,
  "size_x": 80,
  "size_y": 80,
  "size_z": 43,
  "snr": 4.514967649897377,
  "spacing_tr": 2.4000020027160645,
  "spacing_x": 3.0,
  "spacing_y": 3.0,
  "spacing_z": 3.0,
  "summary_bg_k": 60.56253404834823,
  "summary_bg_mad": 697.061395617771,
  "summary_bg_mean": 9451.4560546875,
  "summary_bg_median": 482.48968505859375,
  "summary_bg_n": 193701.0,
  "summary_bg_p05": 6.276235103607178,
  "summary_bg_p95": 53638.25390625,
  "summary_bg_stdv": 27568.35546875,
  "summary_fg_k": 1.6444791800278038,
  "summary_fg_mad": 74908.61608395353,
  "summary_fg_mean": 438585.15625,
  "summary_fg_median": 422789.5,
  "summary_fg_n": 37741.0,
  "summary_fg_p05": 313806.15625,
  "summary_fg_p95": 619084.3125,
  "summary_fg_stdv": 93640.515625,
  "tsnr": 55.78465270996094
}