{
  "aor": 0.0014291946308724833,
  "aqi": 0.0028063275167785236,
  "bids_meta": {
    "ConversionSoftware": "dcm2niix",
    "ConversionSoftwareVersion": "v1.0.20170411 GCC4.3.2",
    "EchoTime": 0.025,
    "ImageType": [
      "ORIGINAL"
    ],
    "Manufacturer": "Philips",
    "ManufacturersModelName": "N/A",
    "PhilipsRescaleIntercept": 0,
    "PhilipsRescaleSlope": 2.22589,
    "PhilipsScaleSlope": 0.000890321,
    "ProtocolName": "WIPANT_FSENSE",
    "RepetitionTime": 2.4,
    "SequenceVariant": "tfl3d1_ns",
    "SliceTiming": [
      0,
      0.06,
      0.11,
      0.17,
      0.22,
      0.28,
      0.33,
      0.39,
      0.45,
      0.5,
      0.56,
      0.61,
      0.67,
      0.73,
      0.78,
      0.84,
      0.89,
      0.95,
      1,
      1.06,
      1.12,
      1.17,
      1.23,
      1.28,
      1.34,
      1.4,
      1.45,
      1.51,
      1.56,
      1.62,
      1.67,
      1.73,
      1.79,
      1.84,
      1.9,
      1.95,
      2.01,
      2.07,
      2.12,
      2.18,
      2.23,
      2.29,
      2.34
    ],
    "TaskName": "ANT",
    "UsePhilipsFloatNotDisplayScaling": 1,
    "dataset": "ds001907",
    "modality": "bold",
    "run_id": 6,
    "session_id": "1",
    "subject_id": "RC4207",
    "task_id": "ANT"
  },
  "dummy_trs": 0,
  "dvars_nstd": 21.410656632702707,
  "dvars_std": 1.329350770472973,
  "dvars_vstd": 1.0157270510810814,
  "efc": 0.3943836624306996,
  "fber": 1568666.25,
  "fd_mean": 0.11632989477089907,
  "fd_num": 18,
  "fd_perc": 12.080536912751677,
  "fwhm_avg": 2.0758811111111113,
  "fwhm_x": 1.9887733333333333,
  "fwhm_y": 2.2427633333333334,
  "fwhm_z": 1.9961066666666667,
  "gcor": 0.0468652,
  "gsr_x": -0.016069665551185608,
  "gsr_y": 0.019814105704426765,
  "provenance": {
    "md5sum": "5f0e4d57fb4d26e56ad16521de265b60",
    "settings": {
      "fd_thres": 0.2,
      "testing": false
    },
    "software": "mriqc",
    "version": "21.0.0rc2",
    "webapi_port": null,
    "webapi_url": "https://mriqc.nimh.nih.gov/api/v1"
  },
  "size_t": 149,
  "size_x": 80,
  "size_y": 80,
  "size_z": 43,
  "snr": 5.133587230164883,
  "spacing_tr": 2.4000020027160645,
  "spacing_x": 3.0,
  "spacing_y": 3.0,
  "spacing_z": 3.0,
  "summary_bg_k": 144.9067630160682,
  "summary_bg_mad": 622.8712790026776,
  "summary_bg_mean": 10425.064453125,
  "summary_bg_median": 422.03753662109375,
  "summary_bg_n": 195353.0,
  "summary_bg_p05": 1.4630714178085327,
  "summary_bg_p95": 55303.824218749956,
  "summary_bg_stdv": 33365.7421875,
  "summary_fg_k": 2.8517583335969645,
  "summary_fg_mad": 87023.97810038802,
  "summary_fg_mean": 529211.5,
  "summary_fg_median": 517235.71875,
  "summary_fg_n": 35753.0,
  "summary_fg_p05": 389432.10625,
  "summary_fg_p95": 694636.0875000003,
  "summary_fg_stdv": 100753.8125,
  "tsnr": 96.80177307128906
}