{
  "bids_meta": {
    "ConversionSoftware": "dcm2niix",
    "ConversionSoftwareVersion": "v1.0.20170411 GCC4.3.2",
    "EchoTime": 0.00352,
    "ImageType": [
      "ORIGINAL"
    ],
    "Manufacturer": "Philips",
    "ManufacturersModelName": "N/A",
    "PhilipsRescaleIntercept": 0,
    "PhilipsRescaleSlope": 8.67375,
    "PhilipsScaleSlope": 0.00032376,
    "ProtocolName": "WIPMPRAGE_S2SENSE",
    "RepetitionTime": 0.007604,
    "SequenceVariant": "tfl3d1_ns",
    "UsePhilipsFloatNotDisplayScaling": 1,
    "dataset": "ds001907",
    "modality": "T1w",
    "session_id": "2",
    "subject_id": "RC4214"
  },
  "cjv": 0.3878920712359789,
  "cnr": 3.200128198291263,
  "efc": 0.7455464119245824,
  "fber": 11426.285613595426,
  "fwhm_avg": 3.3334333333333332,
  "fwhm_x": 3.36382,
  "fwhm_y": 3.50128,
  "fwhm_z": 3.1352,
  "icvs_csf": 0.18517372811010951,
  "icvs_gm": 0.39511840121395087,
  "icvs_wm": 0.4197078706759396,
  "inu_med": 1.4844081401824951,
  "inu_range": 0.3954059243202206,
  "provenance": {
    "md5sum": "69e93954268129e74a7cbd170d716429",
    "settings": {
      "testing": false
    },
    "software": "mriqc",
    "version": "21.0.0rc2",
    "warnings": {
      "large_rot_frame": true,
      "small_air_mask": false
    },
    "webapi_port": null,
    "webapi_url": "https://mriqc.nimh.nih.gov/api/v1"
  },
  "qi_1": 0.0,
  "qi_2": 1.3152210574995126e-05,
  "rpve_csf": 29.641213475705655,
  "rpve_gm": 14.29398446265748,
  "rpve_wm": 16.43565436578798,
  "size_x": 176,
  "size_y": 256,
  "size_z": 256,
  "snr_csf": 1.483129563044451,
  "snr_gm": 13.176805906796938,
  "snr_total": 12.426915720743521,
  "snr_wm": 22.620811692389175,
  "snrd_csf": 21.0034915595642,
  "snrd_gm": 56.609200163981775,
  "snrd_total": 50.64177418870538,
  "snrd_wm": 74.31263084257017,
  "spacing_x": 1.0,
  "spacing_y": 1.0,
  "spacing_z": 1.0,
  "summary_bg_k": 2113.59122398507,
  "summary_bg_mad": 8.815949178219647,
  "summary_bg_mean": 10.114361637708376,
  "summary_bg_median": 5.946267358958721,
  "summary_bg_n": 392475.0,
  "summary_bg_p05": 0.0,
  "summary_bg_p95": 29.731336794793606,
  "summary_bg_stdv": 15.6740774654846,
  "summary_csf_k": 28.01770863157921,
  "summary_csf_mad": 107.99537743319067,
  "summary_csf_mean": 331.4079707265377,
  "summary_csf_median": 282.6368989665061,
  "summary_csf_n": 15158.0,
  "summary_csf_p05": 165.0278391527012,
  "summary_csf_p95": 572.9120486404746,
  "summary_csf_stdv": 190.5616224149502,
  "summary_gm_k": 0.3991191388087074,
  "summary_gm_mad": 52.97584006184715,
  "summary_gm_mean": 760.9719717119415,
  "summary_gm_median": 761.7709056586027,
  "summary_gm_n": 13323.0,
  "summary_gm_p05": 661.241147409007,
  "summary_gm_p95": 855.8300438821316,
  "summary_gm_stdv": 57.809329661910304,
  "summary_wm_k": 1.461320674742332,
  "summary_wm_mad": 39.431336324400604,
  "summary_wm_mean": 1003.6464755438966,
  "summary_wm_median": 999.9999988488853,
  "summary_wm_n": 192881.0,
  "summary_wm_p05": 939.0777869075537,
  "summary_wm_p95": 1081.7341465465724,
  "summary_wm_stdv": 44.20696393092122,
  "tpm_overlap_csf": 0.1698285937309265,
  "tpm_overlap_gm": 0.40254783630371094,
  "tpm_overlap_wm": 0.45709261298179626,
  "wm2max": 0.5841912461314975
}