{
  "bids_meta": {
    "ConversionSoftware": "dcm2niix",
    "ConversionSoftwareVersion": "v1.0.20170411 GCC4.3.2",
    "EchoTime": 0.00351,
    "ImageType": [
      "ORIGINAL"
    ],
    "Manufacturer": "Philips",
    "ManufacturersModelName": "N/A",
    "PhilipsRescaleIntercept": 0,
    "PhilipsRescaleSlope": 8.56996,
    "PhilipsScaleSlope": 0.000322253,
    "ProtocolName": "WIPMPRAGE_S2SENSE",
    "RepetitionTime": 0.007537,
    "SequenceVariant": "tfl3d1_ns",
    "UsePhilipsFloatNotDisplayScaling": 1,
    "dataset": "ds001907",
    "modality": "T1w",
    "session_id": "2",
    "subject_id": "RC4119"
  },
  "cjv": 0.45177158348591523,
  "cnr": 2.671212746826659,
  "efc": 0.7624590959239895,
  "fber": 2571.2428062012546,
  "fwhm_avg": 3.4659166666666668,
  "fwhm_x": 3.52922,
  "fwhm_y": 3.67347,
  "fwhm_z": 3.19506,
  "icvs_csf": 0.21402546470641384,
  "icvs_gm": 0.38893481777396416,
  "icvs_wm": 0.39703971751962197,
  "inu_med": 2.1765687465667725,
  "inu_range": 0.6939351081848146,
  "provenance": {
    "md5sum": "1ebd94df9367431f8cfdca69716da7f3",
    "settings": {
      "testing": false
    },
    "software": "mriqc",
    "version": "21.0.0rc2",
    "warnings": {
      "large_rot_frame": true,
      "small_air_mask": false
    },
    "webapi_port": null,
    "webapi_url": "https://mriqc.nimh.nih.gov/api/v1"
  },
  "qi_1": 0.0,
  "qi_2": 4.0384845540091285e-06,
  "rpve_csf": 24.577236505207765,
  "rpve_gm": 13.385637596223606,
  "rpve_wm": 15.937983859289542,
  "size_x": 176,
  "size_y": 256,
  "size_z": 256,
  "snr_csf": 1.8414141715724008,
  "snr_gm": 11.523534067414893,
  "snr_total": 10.518274562613986,
  "snr_wm": 18.189875448854664,
  "snrd_csf": 20.945243376029023,
  "snrd_gm": 51.711331351894444,
  "snrd_total": 46.97459353027606,
  "snrd_wm": 68.26720586290472,
  "spacing_x": 1.0,
  "spacing_y": 1.0,
  "spacing_z": 1.0,
  "summary_bg_k": 1342.167956438259,
  "summary_bg_mad": 9.597165913217298,
  "summary_bg_mean": 16.027241996568865,
  "summary_bg_median": 12.083288073539734,
  "summary_bg_n": 533907.0,
  "summary_bg_p05": 0.0,
  "summary_bg_p95": 55.66943433880806,
  "summary_bg_stdv": 29.995703916129095,
  "summary_csf_k": 36.576147019658805,
  "summary_csf_mad": 119.64466838477566,
  "summary_csf_mean": 345.7437529323882,
  "summary_csf_median": 306.82920786738396,
  "summary_csf_n": 22375.0,
  "summary_csf_p05": 178.33638558536768,
  "summary_csf_p95": 566.943560950458,
  "summary_csf_stdv": 166.6232160091193,
  "summary_gm_k": 0.18245251189932166,
  "summary_gm_mad": 61.10195631415014,
  "summary_gm_mean": 762.0023721655556,
  "summary_gm_median": 757.5250643603504,
  "summary_gm_n": 14961.0,
  "summary_gm_p05": 660.3193272687495,
  "summary_gm_p95": 878.2500585950911,
  "summary_gm_stdv": 65.73502042402801,
  "summary_wm_k": 1.90184365742659,
  "summary_wm_mad": 48.465687861747355,
  "summary_wm_mean": 1005.3362098770414,
  "summary_wm_median": 1000.0539178363979,
  "summary_wm_n": 195726.0,
  "summary_wm_p05": 926.6910973899066,
  "summary_wm_p95": 1103.8407314680517,
  "summary_wm_stdv": 54.97846128279798,
  "tpm_overlap_csf": 0.1610342413187027,
  "tpm_overlap_gm": 0.3939981758594513,
  "tpm_overlap_wm": 0.45062530040740967,
  "wm2max": 0.56717028179464
}