{
  "bids_meta": {
    "ConversionSoftware": "dcm2niix",
    "ConversionSoftwareVersion": "v1.0.20170411 GCC4.3.2",
    "EchoTime": 0.0035,
    "ImageType": [
      "ORIGINAL"
    ],
    "Manufacturer": "Philips",
    "ManufacturersModelName": "N/A",
    "PhilipsRescaleIntercept": 0,
    "PhilipsRescaleSlope": 8.10379,
    "PhilipsScaleSlope": 0.000308874,
    "ProtocolName": "WIPMPRAGE_S2SENSE",
    "RepetitionTime": 0.007579,
    "SequenceVariant": "tfl3d1_ns",
    "UsePhilipsFloatNotDisplayScaling": 1,
    "dataset": "ds001907",
    "modality": "T1w",
    "session_id": "1",
    "subject_id": "RC4128"
  },
  "cjv": 0.4949894416076794,
  "cnr": 2.4899458428383223,
  "efc": 0.7494271831886276,
  "fber": 12024.256837098694,
  "fwhm_avg": 3.374146867781492,
  "fwhm_x": 3.423160204036248,
  "fwhm_y": 3.570230212802304,
  "fwhm_z": 3.129050186505925,
  "icvs_csf": 0.19730572595834472,
  "icvs_gm": 0.4012871099109635,
  "icvs_wm": 0.4014071641306918,
  "inu_med": 1.5984816551208496,
  "inu_range": 0.4294998049736023,
  "provenance": {
    "md5sum": "c6d688cab0cb4c8b6b9636249d61d60c",
    "settings": {
      "testing": false
    },
    "software": "mriqc",
    "version": "21.0.0rc2",
    "warnings": {
      "large_rot_frame": true,
      "small_air_mask": false
    },
    "webapi_port": null,
    "webapi_url": "https://mriqc.nimh.nih.gov/api/v1"
  },
  "qi_1": 0.0,
  "qi_2": 7.260665391045521e-06,
  "rpve_csf": 32.388812962032176,
  "rpve_gm": 16.368364090985427,
  "rpve_wm": 19.68648892734871,
  "size_x": 176,
  "size_y": 256,
  "size_z": 256,
  "snr_csf": 2.1372348011927613,
  "snr_gm": 11.667021711194216,
  "snr_total": 10.870469506259402,
  "snr_wm": 18.807152006391224,
  "snrd_csf": 21.291638836101086,
  "snrd_gm": 55.46390651007248,
  "snrd_total": 49.37743691594213,
  "snrd_wm": 71.3767654016528,
  "spacing_x": 0.9999999403953552,
  "spacing_y": 0.9999999403953552,
  "spacing_z": 0.9999999403953552,
  "summary_bg_k": 2538.726013743043,
  "summary_bg_mad": 9.17856647098973,
  "summary_bg_mean": 10.464597551416285,
  "summary_bg_median": 6.190849006175995,
  "summary_bg_n": 475168.0,
  "summary_bg_p05": 0.0,
  "summary_bg_p95": 30.456130743026733,
  "summary_bg_stdv": 27.457565336713238,
  "summary_csf_k": 13.914452716960124,
  "summary_csf_mad": 118.68835953866031,
  "summary_csf_mean": 333.13944940182415,
  "summary_csf_median": 298.2992992401123,
  "summary_csf_n": 11549.0,
  "summary_csf_p05": 182.3098293542862,
  "summary_csf_p95": 562.9118407845498,
  "summary_csf_stdv": 139.566501671391,
  "summary_gm_k": 0.09696906620241741,
  "summary_gm_mad": 63.82796224079066,
  "summary_gm_mean": 782.3429655871622,
  "summary_gm_median": 777.0582890510559,
  "summary_gm_n": 21596.0,
  "summary_gm_p05": 680.4241172075272,
  "summary_gm_p95": 899.8968303948641,
  "summary_gm_stdv": 66.6014272781555,
  "summary_wm_k": 1.370669335687393,
  "summary_wm_mad": 46.52583693915484,
  "summary_wm_mean": 1007.0886063639117,
  "summary_wm_median": 1000.0000124573708,
  "summary_wm_n": 167569.0,
  "summary_wm_p05": 933.3950162529945,
  "summary_wm_p95": 1107.0234251618385,
  "summary_wm_stdv": 53.171103645442585,
  "tpm_overlap_csf": 0.1752166897058487,
  "tpm_overlap_gm": 0.4200857877731323,
  "tpm_overlap_wm": 0.4927452504634857,
  "wm2max": 0.5550596413618769
}