{
  "bids_meta": {
    "ConversionSoftware": "dcm2niix",
    "ConversionSoftwareVersion": "v1.0.20170411 GCC4.3.2",
    "EchoTime": 0.00352,
    "ImageType": [
      "ORIGINAL"
    ],
    "Manufacturer": "Philips",
    "ManufacturersModelName": "N/A",
    "PhilipsRescaleIntercept": 0,
    "PhilipsRescaleSlope": 7.64689,
    "PhilipsScaleSlope": 0.00034827,
    "ProtocolName": "WIPMPRAGE_S2SENSE",
    "RepetitionTime": 0.007619,
    "SequenceVariant": "tfl3d1_ns",
    "UsePhilipsFloatNotDisplayScaling": 1,
    "dataset": "ds001907",
    "modality": "T1w",
    "session_id": "1",
    "subject_id": "RC4130"
  },
  "cjv": 0.42043430625602135,
  "cnr": 2.953697736920772,
  "efc": 0.7157297265009279,
  "fber": 9064.745154822902,
  "fwhm_avg": 3.4072299999999998,
  "fwhm_x": 3.4509,
  "fwhm_y": 3.61593,
  "fwhm_z": 3.15486,
  "icvs_csf": 0.20645475170452543,
  "icvs_gm": 0.38340301960851136,
  "icvs_wm": 0.4101422286869632,
  "inu_med": 1.5838634967803955,
  "inu_range": 0.383523166179657,
  "provenance": {
    "md5sum": "98d7af81281ca376b2bb5a3b9d5b6633",
    "settings": {
      "testing": false
    },
    "software": "mriqc",
    "version": "21.0.0rc2",
    "warnings": {
      "large_rot_frame": true,
      "small_air_mask": false
    },
    "webapi_port": null,
    "webapi_url": "https://mriqc.nimh.nih.gov/api/v1"
  },
  "qi_1": 0.0,
  "qi_2": 8.90645799238303e-06,
  "rpve_csf": 32.14252282097203,
  "rpve_gm": 16.95920426890531,
  "rpve_wm": 19.321568481958106,
  "size_x": 176,
  "size_y": 256,
  "size_z": 256,
  "snr_csf": 1.698871051231796,
  "snr_gm": 14.473371238157359,
  "snr_total": 11.606666608879776,
  "snr_wm": 18.647757537250172,
  "snrd_csf": 20.46016161700549,
  "snrd_gm": 48.384514678944804,
  "snrd_total": 43.81894231070496,
  "snrd_wm": 62.61215063616459,
  "spacing_x": 1.0,
  "spacing_y": 1.0,
  "spacing_z": 1.0,
  "summary_bg_k": 6.94899881336625,
  "summary_bg_mad": 10.463957650063495,
  "summary_bg_mean": 12.681015973485314,
  "summary_bg_median": 7.057832181453705,
  "summary_bg_n": 516635.0,
  "summary_bg_p05": 0.0,
  "summary_bg_p95": 41.82028919458389,
  "summary_bg_stdv": 13.87004412124545,
  "summary_csf_k": 14.330619101756557,
  "summary_csf_mad": 125.45035794647018,
  "summary_csf_mean": 361.42758831949124,
  "summary_csf_median": 326.7934311181307,
  "summary_csf_n": 9298.0,
  "summary_csf_p05": 180.3434133529663,
  "summary_csf_p95": 583.3851337060332,
  "summary_csf_stdv": 192.34882900038374,
  "summary_gm_k": 0.5495137002471293,
  "summary_gm_mad": 49.54762036541259,
  "summary_gm_mean": 772.2308013643711,
  "summary_gm_median": 772.8062886744738,
  "summary_gm_n": 12480.0,
  "summary_gm_p05": 683.3956691250205,
  "summary_gm_p95": 858.527347445488,
  "summary_gm_stdv": 53.39290435848676,
  "summary_wm_k": 1.7053266126311213,
  "summary_wm_mad": 45.994560118562674,
  "summary_wm_mean": 1006.5570366653108,
  "summary_wm_median": 1000.0526838004589,
  "summary_wm_n": 146324.0,
  "summary_wm_p05": 932.0025406777859,
  "summary_wm_p95": 1104.542835839093,
  "summary_wm_stdv": 53.628392826456015,
  "tpm_overlap_csf": 0.15120965242385864,
  "tpm_overlap_gm": 0.4012203514575958,
  "tpm_overlap_wm": 0.4593749940395355,
  "wm2max": 0.5221085629434087
}