{
  "aor": 0.01026523489932886,
  "aqi": 0.0068277019463087235,
  "bids_meta": {
    "AcquisitionDateTime": "2013-08-09T09:14:15.750000",
    "BodyPartExamined": "BRAIN",
    "ConversionSoftware": "dcm2niix",
    "ConversionSoftwareVersion": "v1.0.20170411 GCC4.3.2",
    "EchoTime": 0.025,
    "FlipAngle": 79,
    "ImageType": [
      "ORIGINAL",
      "PRIMARY",
      "M",
      "FFE",
      "M",
      "FFE"
    ],
    "MagneticFieldStrength": 3,
    "Manufacturer": "Philips",
    "ManufacturersModelName": "Achieva",
    "PhilipsRescaleIntercept": 0,
    "PhilipsRescaleSlope": 2.72039,
    "PhilipsScaleSlope": 0.000943368,
    "ProcedureStepDescription": "UDALL",
    "ProtocolName": "WIP_ANT_E_SENSE",
    "RepetitionTime": 2.4,
    "ScanningSequence": "GR",
    "SequenceVariant": "SK",
    "SeriesDescription": "ANT_E",
    "SliceTiming": [
      0,
      0.06,
      0.11,
      0.17,
      0.22,
      0.28,
      0.33,
      0.39,
      0.45,
      0.5,
      0.56,
      0.61,
      0.67,
      0.73,
      0.78,
      0.84,
      0.89,
      0.95,
      1,
      1.06,
      1.12,
      1.17,
      1.23,
      1.28,
      1.34,
      1.4,
      1.45,
      1.51,
      1.56,
      1.62,
      1.67,
      1.73,
      1.79,
      1.84,
      1.9,
      1.95,
      2.01,
      2.07,
      2.12,
      2.18,
      2.23,
      2.29,
      2.34
    ],
    "TaskName": "ANT",
    "UsePhilipsFloatNotDisplayScaling": 1,
    "dataset": "ds001907",
    "modality": "bold",
    "run_id": 5,
    "session_id": "1",
    "subject_id": "RC4225",
    "task_id": "ANT"
  },
  "dummy_trs": 0,
  "dvars_nstd": 28.007754209662153,
  "dvars_std": 1.311398427770272,
  "dvars_vstd": 1.0496376528378377,
  "efc": 0.4342835548819771,
  "fber": 403296.1875,
  "fd_mean": 0.32411279580504215,
  "fd_num": 75,
  "fd_perc": 50.33557046979866,
  "fwhm_avg": 2.0383233333333335,
  "fwhm_x": 1.9814433333333332,
  "fwhm_y": 2.1427333333333336,
  "fwhm_z": 1.9907933333333334,
  "gcor": 0.0156614,
  "gsr_x": -0.00572936050593853,
  "gsr_y": 0.020120881497859955,
  "provenance": {
    "md5sum": "42165e529e0760e5587196920de61384",
    "settings": {
      "fd_thres": 0.2,
      "testing": false
    },
    "software": "mriqc",
    "version": "21.0.0rc2",
    "webapi_port": null,
    "webapi_url": "https://mriqc.nimh.nih.gov/api/v1"
  },
  "size_t": 149,
  "size_x": 80,
  "size_y": 80,
  "size_z": 43,
  "snr": 4.158490798871252,
  "spacing_tr": 2.4000020027160645,
  "spacing_x": 3.0,
  "spacing_y": 3.0,
  "spacing_z": 3.0,
  "summary_bg_k": 57.2999279930919,
  "summary_bg_mad": 960.6588720965209,
  "summary_bg_mean": 12178.126953125,
  "summary_bg_median": 654.9598388671875,
  "summary_bg_n": 185768.0,
  "summary_bg_p05": 3.495864188671112,
  "summary_bg_p95": 66503.19374999998,
  "summary_bg_stdv": 33507.41796875,
  "summary_fg_k": 1.2931573011095079,
  "summary_fg_mad": 79523.58613960684,
  "summary_fg_mean": 447408.65625,
  "summary_fg_median": 422892.71875,
  "summary_fg_n": 43101.0,
  "summary_fg_p05": 326411.21875,
  "summary_fg_p95": 657505.375,
  "summary_fg_stdv": 101692.6171875,
  "tsnr": 61.599788665771484
}