{
  "aor": 0.0012597986577181208,
  "aqi": 0.00624804744966443,
  "bids_meta": {
    "AcquisitionDateTime": "2013-08-09T08:42:6.450000",
    "BodyPartExamined": "BRAIN",
    "ConversionSoftware": "dcm2niix",
    "ConversionSoftwareVersion": "v1.0.20170411 GCC4.3.2",
    "EchoTime": 0.025,
    "FlipAngle": 79,
    "ImageType": [
      "ORIGINAL",
      "PRIMARY",
      "M",
      "FFE",
      "M",
      "FFE"
    ],
    "MagneticFieldStrength": 3,
    "Manufacturer": "Philips",
    "ManufacturersModelName": "Achieva",
    "PhilipsRescaleIntercept": 0,
    "PhilipsRescaleSlope": 3.1138,
    "PhilipsScaleSlope": 0.000940629,
    "ProcedureStepDescription": "UDALL",
    "ProtocolName": "WIP_ANT_F_SENSE",
    "RepetitionTime": 2.4,
    "ScanningSequence": "GR",
    "SequenceVariant": "SK",
    "SeriesDescription": "ANT_F",
    "SliceTiming": [
      0,
      0.06,
      0.11,
      0.17,
      0.22,
      0.28,
      0.33,
      0.39,
      0.45,
      0.5,
      0.56,
      0.61,
      0.67,
      0.73,
      0.78,
      0.84,
      0.89,
      0.95,
      1,
      1.06,
      1.12,
      1.17,
      1.23,
      1.28,
      1.34,
      1.4,
      1.45,
      1.51,
      1.56,
      1.62,
      1.67,
      1.73,
      1.79,
      1.84,
      1.9,
      1.95,
      2.01,
      2.07,
      2.12,
      2.18,
      2.23,
      2.29,
      2.34
    ],
    "TaskName": "ANT",
    "UsePhilipsFloatNotDisplayScaling": 1,
    "dataset": "ds001907",
    "modality": "bold",
    "run_id": 6,
    "session_id": "1",
    "subject_id": "RC4225",
    "task_id": "ANT"
  },
  "dummy_trs": 0,
  "dvars_nstd": 25.695080589662158,
  "dvars_std": 1.2175752212837834,
  "dvars_vstd": 0.9713025600000001,
  "efc": 0.430583185751903,
  "fber": 605985.75,
  "fd_mean": 0.2495627642586208,
  "fd_num": 84,
  "fd_perc": 56.375838926174495,
  "fwhm_avg": 2.024031111111111,
  "fwhm_x": 1.9499266666666666,
  "fwhm_y": 2.1512333333333333,
  "fwhm_z": 1.9709333333333332,
  "gcor": 0.0364725,
  "gsr_x": -0.005772172939032316,
  "gsr_y": 0.022112157195806503,
  "provenance": {
    "md5sum": "c53c6138f74904e1d4f94e6ae84f357d",
    "settings": {
      "fd_thres": 0.2,
      "testing": false
    },
    "software": "mriqc",
    "version": "21.0.0rc2",
    "webapi_port": null,
    "webapi_url": "https://mriqc.nimh.nih.gov/api/v1"
  },
  "size_t": 149,
  "size_x": 80,
  "size_y": 80,
  "size_z": 43,
  "snr": 4.166453452006378,
  "spacing_tr": 2.4000020027160645,
  "spacing_x": 3.0,
  "spacing_y": 3.0,
  "spacing_z": 3.0,
  "summary_bg_k": 60.72601692996357,
  "summary_bg_mad": 781.9920224053358,
  "summary_bg_mean": 11455.8681640625,
  "summary_bg_median": 532.8051147460938,
  "summary_bg_n": 186742.0,
  "summary_bg_p05": 3.5447960376739505,
  "summary_bg_p95": 61342.19472656246,
  "summary_bg_stdv": 31652.892578125,
  "summary_fg_k": 1.3725952892556483,
  "summary_fg_mad": 74389.47365087993,
  "summary_fg_mean": 444224.25,
  "summary_fg_median": 418119.71875,
  "summary_fg_n": 42797.0,
  "summary_fg_p05": 326594.5625,
  "summary_fg_p95": 657692.2999999998,
  "summary_fg_stdv": 100352.6953125,
  "tsnr": 73.093994140625
}