{
  "bids_meta": {
    "ConversionSoftware": "dcm2niix",
    "ConversionSoftwareVersion": "v1.0.20170411 GCC4.3.2",
    "EchoTime": 0.00351,
    "ImageType": [
      "ORIGINAL"
    ],
    "Manufacturer": "Philips",
    "ManufacturersModelName": "N/A",
    "PhilipsRescaleIntercept": 0,
    "PhilipsRescaleSlope": 6.87106,
    "PhilipsScaleSlope": 0.000353844,
    "ProtocolName": "WIPMPRAGE_S2SENSE",
    "RepetitionTime": 0.007622,
    "SequenceVariant": "tfl3d1_ns",
    "UsePhilipsFloatNotDisplayScaling": 1,
    "dataset": "ds001907",
    "modality": "T1w",
    "session_id": "2",
    "subject_id": "RC4207"
  },
  "cjv": 0.3835963013630974,
  "cnr": 3.2141845588602034,
  "efc": 0.7300954389101069,
  "fber": 2963.983397290312,
  "fwhm_avg": 3.371720063646638,
  "fwhm_x": 3.40527,
  "fwhm_y": 3.50645,
  "fwhm_z": 3.2034401909399146,
  "icvs_csf": 0.18186138211314512,
  "icvs_gm": 0.396850602320201,
  "icvs_wm": 0.4212880155666539,
  "inu_med": 1.9912141561508179,
  "inu_range": 0.5832284212112429,
  "provenance": {
    "md5sum": "566dd911757f1848962c2248d6b59b31",
    "settings": {
      "testing": false
    },
    "software": "mriqc",
    "version": "21.0.0rc2",
    "warnings": {
      "large_rot_frame": true,
      "small_air_mask": false
    },
    "webapi_port": null,
    "webapi_url": "https://mriqc.nimh.nih.gov/api/v1"
  },
  "qi_1": 0.0,
  "qi_2": 1.044702516558383e-05,
  "rpve_csf": 31.067071815416977,
  "rpve_gm": 14.91541038416239,
  "rpve_wm": 17.174899710374355,
  "size_x": 176,
  "size_y": 256,
  "size_z": 256,
  "snr_csf": 1.4277627533470325,
  "snr_gm": 12.574527308345202,
  "snr_total": 13.276433252270259,
  "snr_wm": 25.827009695118544,
  "snrd_csf": 22.833811917455968,
  "snrd_gm": 55.633040950254305,
  "snrd_total": 50.36567023026902,
  "snrd_wm": 72.6301578230968,
  "spacing_x": 1.0,
  "spacing_y": 1.0,
  "spacing_z": 0.9999999403953552,
  "summary_bg_k": 2.625927901594844,
  "summary_bg_mad": 9.020647491118284,
  "summary_bg_mean": 10.35157222706529,
  "summary_bg_median": 6.084334272891283,
  "summary_bg_n": 509154.0,
  "summary_bg_p05": 0.0,
  "summary_bg_p95": 30.15713509172201,
  "summary_bg_stdv": 9.576697746337453,
  "summary_csf_k": 24.514311957788568,
  "summary_csf_mad": 128.28929540629525,
  "summary_csf_mean": 368.62169808531394,
  "summary_csf_median": 314.4013601448387,
  "summary_csf_n": 13180.0,
  "summary_csf_p05": 188.82334611508995,
  "summary_csf_p95": 610.6846309700976,
  "summary_csf_stdv": 220.19725053593095,
  "summary_gm_k": 0.4596445767571411,
  "summary_gm_mad": 56.12411547734898,
  "summary_gm_mean": 764.5401607965393,
  "summary_gm_median": 766.0176849570125,
  "summary_gm_n": 12562.0,
  "summary_gm_p05": 662.0840287623927,
  "summary_gm_p95": 864.5018939333036,
  "summary_gm_stdv": 60.91578443368398,
  "summary_wm_k": 1.8880645539228924,
  "summary_wm_mad": 33.65093716251951,
  "summary_wm_mean": 1003.7294771523256,
  "summary_wm_median": 1000.0529254451394,
  "summary_wm_n": 200317.0,
  "summary_wm_p05": 948.3096304982901,
  "summary_wm_p95": 1072.5464456252744,
  "summary_wm_stdv": 38.72110790492191,
  "tpm_overlap_csf": 0.17700521647930145,
  "tpm_overlap_gm": 0.4162254333496094,
  "tpm_overlap_wm": 0.4740879237651825,
  "wm2max": 0.5403247579908068
}