{
  "bids_meta": {
    "ConversionSoftware": "dcm2niix",
    "ConversionSoftwareVersion": "v1.0.20170411 GCC4.3.2",
    "EchoTime": 0.00353,
    "ImageType": [
      "ORIGINAL"
    ],
    "Manufacturer": "Philips",
    "ManufacturersModelName": "N/A",
    "PhilipsRescaleIntercept": 0,
    "PhilipsRescaleSlope": 9.89377,
    "PhilipsScaleSlope": 0.000359639,
    "ProtocolName": "WIPMPRAGE_S2SENSE",
    "RepetitionTime": 0.007629,
    "SequenceVariant": "tfl3d1_ns",
    "UsePhilipsFloatNotDisplayScaling": 1,
    "dataset": "ds001907",
    "modality": "T1w",
    "session_id": "1",
    "subject_id": "RC4111"
  },
  "cjv": 0.4131455226727394,
  "cnr": 3.0156462630759306,
  "efc": 0.7382670472696756,
  "fber": 11004.816937869822,
  "fwhm_avg": 3.1440467300570045,
  "fwhm_x": 3.1905401901710144,
  "fwhm_y": 3.23255,
  "fwhm_z": 3.00905,
  "icvs_csf": 0.16593762152399297,
  "icvs_gm": 0.39791260012599794,
  "icvs_wm": 0.4361497783500091,
  "inu_med": 1.5788168907165527,
  "inu_range": 0.4715507268905639,
  "provenance": {
    "md5sum": "cccdd7f45726ef780431507c862d52a8",
    "settings": {
      "testing": false
    },
    "software": "mriqc",
    "version": "21.0.0rc2",
    "warnings": {
      "large_rot_frame": true,
      "small_air_mask": false
    },
    "webapi_port": null,
    "webapi_url": "https://mriqc.nimh.nih.gov/api/v1"
  },
  "qi_1": 0.0,
  "qi_2": 1.3277411935524364e-05,
  "rpve_csf": 34.09161456056943,
  "rpve_gm": 15.004366409478033,
  "rpve_wm": 16.711258328385295,
  "size_x": 176,
  "size_y": 256,
  "size_z": 256,
  "snr_csf": 1.575129700362435,
  "snr_gm": 11.987398164357623,
  "snr_total": 13.221668042194539,
  "snr_wm": 26.10247626186356,
  "snrd_csf": 25.56186623789437,
  "snrd_gm": 53.749778661571774,
  "snrd_total": 49.63956748403745,
  "snrd_wm": 69.60705755264618,
  "spacing_x": 0.9999999403953552,
  "spacing_y": 1.0,
  "spacing_z": 1.0,
  "summary_bg_k": 2.531514360117775,
  "summary_bg_mad": 9.411924405120665,
  "summary_bg_mean": 10.308469352224426,
  "summary_bg_median": 6.348246540874243,
  "summary_bg_n": 460540.0,
  "summary_bg_p05": 0.0,
  "summary_bg_p95": 26.66263547167182,
  "summary_bg_stdv": 9.479975531396187,
  "summary_csf_k": 25.386453167753924,
  "summary_csf_mad": 156.4172198755768,
  "summary_csf_mean": 401.08598163023527,
  "summary_csf_median": 367.2309475168586,
  "summary_csf_n": 11107.0,
  "summary_csf_p05": 194.6372389432043,
  "summary_csf_p95": 667.6602035764603,
  "summary_csf_stdv": 233.13281157161407,
  "summary_gm_k": 0.315221884888806,
  "summary_gm_mad": 60.146678817485395,
  "summary_gm_mean": 773.103546837376,
  "summary_gm_median": 772.1886173337698,
  "summary_gm_n": 13533.0,
  "summary_gm_p05": 665.8766485959292,
  "summary_gm_p95": 881.6928471893071,
  "summary_gm_stdv": 64.41431880220463,
  "summary_wm_k": 1.4922304525071572,
  "summary_wm_mad": 33.97256523372126,
  "summary_wm_mean": 1002.2701250376047,
  "summary_wm_median": 999.9999789148569,
  "summary_wm_n": 202571.0,
  "summary_wm_p05": 944.6795447729528,
  "summary_wm_p95": 1068.198284611106,
  "summary_wm_stdv": 38.31044612815155,
  "tpm_overlap_csf": 0.17603735625743866,
  "tpm_overlap_gm": 0.42965996265411377,
  "tpm_overlap_wm": 0.4883576035499573,
  "wm2max": 0.5767186123117237
}