{
  "bids_meta": {
    "ConversionSoftware": "dcm2niix",
    "ConversionSoftwareVersion": "v1.0.20170411 GCC4.3.2",
    "EchoTime": 0.00351,
    "ImageType": [
      "ORIGINAL"
    ],
    "Manufacturer": "Philips",
    "ManufacturersModelName": "N/A",
    "PhilipsRescaleIntercept": 0,
    "PhilipsRescaleSlope": 6.3873,
    "PhilipsScaleSlope": 0.000346717,
    "ProtocolName": "WIPMPRAGE_S2SENSE",
    "RepetitionTime": 0.007566,
    "SequenceVariant": "tfl3d1_ns",
    "UsePhilipsFloatNotDisplayScaling": 1,
    "dataset": "ds001907",
    "modality": "T1w",
    "session_id": "1",
    "subject_id": "RC4122"
  },
  "cjv": 0.5089416203921261,
  "cnr": 2.3572720185643092,
  "efc": 0.736011843950657,
  "fber": 10028.808597337005,
  "fwhm_avg": 3.0658133969424206,
  "fwhm_x": 3.15158,
  "fwhm_y": 3.201550190827262,
  "fwhm_z": 2.84431,
  "icvs_csf": 0.19099062100957515,
  "icvs_gm": 0.3816916703639455,
  "icvs_wm": 0.42731770862647933,
  "inu_med": 2.8398358821868896,
  "inu_range": 0.9196859359741212,
  "provenance": {
    "md5sum": "e34a7d54ad13585b0b901ba6366d5da8",
    "settings": {
      "testing": false
    },
    "software": "mriqc",
    "version": "21.0.0rc2",
    "warnings": {
      "large_rot_frame": true,
      "small_air_mask": false
    },
    "webapi_port": null,
    "webapi_url": "https://mriqc.nimh.nih.gov/api/v1"
  },
  "qi_1": 0.0,
  "qi_2": 1.127563103684975e-05,
  "rpve_csf": 28.18667689742436,
  "rpve_gm": 13.74980731233068,
  "rpve_wm": 14.882323918083815,
  "size_x": 176,
  "size_y": 256,
  "size_z": 256,
  "snr_csf": 3.2867030755062885,
  "snr_gm": 13.961340640190297,
  "snr_total": 10.853215042846196,
  "snr_wm": 15.311601412842,
  "snrd_csf": 28.636743960946358,
  "snrd_gm": 50.333530593558116,
  "snrd_total": 47.541790602150066,
  "snrd_wm": 63.65509725194572,
  "spacing_x": 1.0,
  "spacing_y": 0.9999999403953552,
  "spacing_z": 1.0,
  "summary_bg_k": 1492.4633186279764,
  "summary_bg_mad": 10.291970141986935,
  "summary_bg_mean": 12.129034882997688,
  "summary_bg_median": 6.941828370094299,
  "summary_bg_n": 406364.0,
  "summary_bg_p05": 0.0,
  "summary_bg_p95": 35.247268080711365,
  "summary_bg_stdv": 20.2224579947051,
  "summary_csf_k": 1.7073501216474165,
  "summary_csf_mad": 150.47019913013457,
  "summary_csf_mean": 454.0284049085958,
  "summary_csf_median": 449.8735284805298,
  "summary_csf_n": 6931.0,
  "summary_csf_p05": 247.67259746789932,
  "summary_csf_p95": 671.2586596012115,
  "summary_csf_stdv": 136.86696463022895,
  "summary_gm_k": 0.21286330730384684,
  "summary_gm_mad": 54.25224570969857,
  "summary_gm_mean": 788.0790683496747,
  "summary_gm_median": 790.7226827144623,
  "summary_gm_n": 14277.0,
  "summary_gm_p05": 689.2320756912231,
  "summary_gm_p95": 877.737694144249,
  "summary_gm_stdv": 56.63460339670003,
  "summary_wm_k": 2.820776950921112,
  "summary_wm_mad": 52.257677852724356,
  "summary_wm_mean": 1006.6502158627115,
  "summary_wm_median": 999.999973654747,
  "summary_wm_n": 157653.0,
  "summary_wm_p05": 913.9535894393921,
  "summary_wm_p95": 1120.6478744745255,
  "summary_wm_stdv": 65.30974619603317,
  "tpm_overlap_csf": 0.12035834789276123,
  "tpm_overlap_gm": 0.34415534138679504,
  "tpm_overlap_wm": 0.3581574559211731,
  "wm2max": 0.4774911352073591
}