{
  "aor": 0.0007276510067114095,
  "aqi": 0.002715574563758389,
  "bids_meta": {
    "ConversionSoftware": "dcm2niix",
    "ConversionSoftwareVersion": "v1.0.20170411 GCC4.3.2",
    "EchoTime": 0.025,
    "ImageType": [
      "ORIGINAL"
    ],
    "Manufacturer": "Philips",
    "ManufacturersModelName": "N/A",
    "PhilipsRescaleIntercept": 0,
    "PhilipsRescaleSlope": 2.56484,
    "PhilipsScaleSlope": 0.000946115,
    "ProtocolName": "WIPANT_ESENSE",
    "RepetitionTime": 2.4,
    "SequenceVariant": "tfl3d1_ns",
    "SliceTiming": [
      0,
      0.06,
      0.11,
      0.17,
      0.22,
      0.28,
      0.33,
      0.39,
      0.45,
      0.5,
      0.56,
      0.61,
      0.67,
      0.73,
      0.78,
      0.84,
      0.89,
      0.95,
      1,
      1.06,
      1.12,
      1.17,
      1.23,
      1.28,
      1.34,
      1.4,
      1.45,
      1.51,
      1.56,
      1.62,
      1.67,
      1.73,
      1.79,
      1.84,
      1.9,
      1.95,
      2.01,
      2.07,
      2.12,
      2.18,
      2.23,
      2.29,
      2.34
    ],
    "TaskName": "ANT",
    "UsePhilipsFloatNotDisplayScaling": 1,
    "dataset": "ds001907",
    "modality": "bold",
    "run_id": 5,
    "session_id": "1",
    "subject_id": "RC4111",
    "task_id": "ANT"
  },
  "dummy_trs": 0,
  "dvars_nstd": 17.622200205810806,
  "dvars_std": 1.230658051756757,
  "dvars_vstd": 0.9982986795945947,
  "efc": 0.4062260697959608,
  "fber": 4069442.5,
  "fd_mean": 0.06446751126140253,
  "fd_num": 1,
  "fd_perc": 0.6711409395973155,
  "fwhm_avg": 2.0402288888888886,
  "fwhm_x": 1.9674133333333332,
  "fwhm_y": 2.12335,
  "fwhm_z": 2.029923333333333,
  "gcor": 0.0198564,
  "gsr_x": -0.02076086774468422,
  "gsr_y": 0.01891435496509075,
  "provenance": {
    "md5sum": "de9d07a0d6107bc716732777c6a9f895",
    "settings": {
      "fd_thres": 0.2,
      "testing": false
    },
    "software": "mriqc",
    "version": "21.0.0rc2",
    "webapi_port": null,
    "webapi_url": "https://mriqc.nimh.nih.gov/api/v1"
  },
  "size_t": 149,
  "size_x": 80,
  "size_y": 80,
  "size_z": 43,
  "snr": 5.278347282556589,
  "spacing_tr": 2.4000020027160645,
  "spacing_x": 3.0,
  "spacing_y": 3.0,
  "spacing_z": 3.0,
  "summary_bg_k": 68.07503787691648,
  "summary_bg_mad": 332.81542531970274,
  "summary_bg_mean": 10006.8427734375,
  "summary_bg_median": 225.015869140625,
  "summary_bg_n": 193400.0,
  "summary_bg_p05": 0.5071302682161332,
  "summary_bg_p95": 57401.177539062424,
  "summary_bg_stdv": 31015.556640625,
  "summary_fg_k": 1.6040015994841097,
  "summary_fg_mad": 74582.23510494531,
  "summary_fg_mean": 445760.3125,
  "summary_fg_median": 436044.71875,
  "summary_fg_n": 37522.0,
  "summary_fg_p05": 325004.603125,
  "summary_fg_p95": 585243.8093749998,
  "summary_fg_stdv": 82608.984375,
  "tsnr": 107.6215591430664
}