{
  "aor": 0.007394026845637584,
  "aqi": 0.005793673154362415,
  "bids_meta": {
    "AcquisitionDateTime": "2013-08-16T09:07:56.790000",
    "BodyPartExamined": "BRAIN",
    "ConversionSoftware": "dcm2niix",
    "ConversionSoftwareVersion": "v1.0.20170411 GCC4.3.2",
    "EchoTime": 0.025,
    "FlipAngle": 79,
    "ImageType": [
      "ORIGINAL",
      "PRIMARY",
      "M",
      "FFE",
      "M",
      "FFE"
    ],
    "MagneticFieldStrength": 3,
    "Manufacturer": "Philips",
    "ManufacturersModelName": "Achieva",
    "PhilipsRescaleIntercept": 0,
    "PhilipsRescaleSlope": 2.71941,
    "PhilipsScaleSlope": 0.000879718,
    "ProcedureStepDescription": "UDALL_2",
    "ProtocolName": "WIP_ANT_B_SENSE",
    "RepetitionTime": 2.4,
    "ScanningSequence": "GR",
    "SequenceVariant": "SK",
    "SeriesDescription": "ANT_B",
    "SliceTiming": [
      0,
      0.06,
      0.11,
      0.17,
      0.22,
      0.28,
      0.33,
      0.39,
      0.45,
      0.5,
      0.56,
      0.61,
      0.67,
      0.73,
      0.78,
      0.84,
      0.89,
      0.95,
      1,
      1.06,
      1.12,
      1.17,
      1.23,
      1.28,
      1.34,
      1.4,
      1.45,
      1.51,
      1.56,
      1.62,
      1.67,
      1.73,
      1.79,
      1.84,
      1.9,
      1.95,
      2.01,
      2.07,
      2.12,
      2.18,
      2.23,
      2.29,
      2.34
    ],
    "TaskName": "ANT",
    "UsePhilipsFloatNotDisplayScaling": 1,
    "dataset": "ds001907",
    "modality": "bold",
    "run_id": 2,
    "session_id": "2",
    "subject_id": "RC4225",
    "task_id": "ANT"
  },
  "dummy_trs": 0,
  "dvars_nstd": 26.776364158716223,
  "dvars_std": 1.3082535728378384,
  "dvars_vstd": 1.0365449221621619,
  "efc": 0.43493601478682803,
  "fber": 213264.78125,
  "fd_mean": 0.31242953854130295,
  "fd_num": 78,
  "fd_perc": 52.348993288590606,
  "fwhm_avg": 2.0285944444444444,
  "fwhm_x": 1.9638733333333331,
  "fwhm_y": 2.132476666666667,
  "fwhm_z": 1.9894333333333334,
  "gcor": 0.0186189,
  "gsr_x": -0.0066256895661354065,
  "gsr_y": 0.018805325031280518,
  "provenance": {
    "md5sum": "e698682f8688c51bd1de5e0b66f56082",
    "settings": {
      "fd_thres": 0.2,
      "testing": false
    },
    "software": "mriqc",
    "version": "21.0.0rc2",
    "webapi_port": null,
    "webapi_url": "https://mriqc.nimh.nih.gov/api/v1"
  },
  "size_t": 149,
  "size_x": 80,
  "size_y": 80,
  "size_z": 43,
  "snr": 4.216414091489412,
  "spacing_tr": 2.4000020027160645,
  "spacing_x": 3.0,
  "spacing_y": 3.0,
  "spacing_z": 3.0,
  "summary_bg_k": 45.49948737442684,
  "summary_bg_mad": 1628.5498616431805,
  "summary_bg_mean": 15300.130859375,
  "summary_bg_median": 1122.049560546875,
  "summary_bg_n": 186484.0,
  "summary_bg_p05": 11.66814785003662,
  "summary_bg_p95": 83334.78515625001,
  "summary_bg_stdv": 39278.96875,
  "summary_fg_k": 1.2851681197629832,
  "summary_fg_mad": 94362.62742539411,
  "summary_fg_mean": 549248.375,
  "summary_fg_median": 518576.75,
  "summary_fg_n": 42682.0,
  "summary_fg_p05": 404018.159375,
  "summary_fg_p95": 806973.715625,
  "summary_fg_stdv": 122988.5546875,
  "tsnr": 65.53256225585938
}