{
  "aor": 0.00105248322147651,
  "aqi": 0.003905024899328859,
  "bids_meta": {
    "AcquisitionDateTime": "2013-08-16T08:27:45.560000",
    "BodyPartExamined": "BRAIN",
    "ConversionSoftware": "dcm2niix",
    "ConversionSoftwareVersion": "v1.0.20170411 GCC4.3.2",
    "EchoTime": 0.025,
    "FlipAngle": 79,
    "ImageType": [
      "ORIGINAL",
      "PRIMARY",
      "M",
      "FFE",
      "M",
      "FFE"
    ],
    "MagneticFieldStrength": 3,
    "Manufacturer": "Philips",
    "ManufacturersModelName": "Achieva",
    "PhilipsRescaleIntercept": 0,
    "PhilipsRescaleSlope": 1.98046,
    "PhilipsScaleSlope": 0.000869501,
    "ProcedureStepDescription": "UDALL_2",
    "ProtocolName": "WIP_ANT_F_SENSE",
    "RepetitionTime": 2.4,
    "ScanningSequence": "GR",
    "SequenceVariant": "SK",
    "SeriesDescription": "ANT_F",
    "SliceTiming": [
      0,
      0.06,
      0.11,
      0.17,
      0.22,
      0.28,
      0.33,
      0.39,
      0.45,
      0.5,
      0.56,
      0.61,
      0.67,
      0.73,
      0.78,
      0.84,
      0.89,
      0.95,
      1,
      1.06,
      1.12,
      1.17,
      1.23,
      1.28,
      1.34,
      1.4,
      1.45,
      1.51,
      1.56,
      1.62,
      1.67,
      1.73,
      1.79,
      1.84,
      1.9,
      1.95,
      2.01,
      2.07,
      2.12,
      2.18,
      2.23,
      2.29,
      2.34
    ],
    "TaskName": "ANT",
    "UsePhilipsFloatNotDisplayScaling": 1,
    "dataset": "ds001907",
    "modality": "bold",
    "run_id": 6,
    "session_id": "2",
    "subject_id": "RC4225",
    "task_id": "ANT"
  },
  "dummy_trs": 0,
  "dvars_nstd": 24.422020138918928,
  "dvars_std": 1.2686332557432436,
  "dvars_vstd": 0.9838193927027027,
  "efc": 0.4300478045008212,
  "fber": 248906.75,
  "fd_mean": 0.22255577810620028,
  "fd_num": 70,
  "fd_perc": 46.97986577181208,
  "fwhm_avg": 2.039461111111111,
  "fwhm_x": 1.96531,
  "fwhm_y": 2.14804,
  "fwhm_z": 2.0050333333333334,
  "gcor": 0.0336197,
  "gsr_x": -0.006952786818146706,
  "gsr_y": 0.0194405447691679,
  "provenance": {
    "md5sum": "8ce53621a7a1b2811b9a0ba632985a23",
    "settings": {
      "fd_thres": 0.2,
      "testing": false
    },
    "software": "mriqc",
    "version": "21.0.0rc2",
    "webapi_port": null,
    "webapi_url": "https://mriqc.nimh.nih.gov/api/v1"
  },
  "size_t": 149,
  "size_x": 80,
  "size_y": 80,
  "size_z": 43,
  "snr": 4.187991685111336,
  "spacing_tr": 2.4000020027160645,
  "spacing_x": 3.0,
  "spacing_y": 3.0,
  "spacing_z": 3.0,
  "summary_bg_k": 52.27627812546114,
  "summary_bg_mad": 1549.9967244182963,
  "summary_bg_mean": 14516.05859375,
  "summary_bg_median": 1055.928466796875,
  "summary_bg_n": 187276.0,
  "summary_bg_p05": 4.472924113273621,
  "summary_bg_p95": 78177.39453125,
  "summary_bg_stdv": 38419.46484375,
  "summary_fg_k": 1.2774187186226555,
  "summary_fg_mad": 95175.69574828644,
  "summary_fg_mean": 548840.75,
  "summary_fg_median": 517394.75,
  "summary_fg_n": 42170.0,
  "summary_fg_p05": 402835.6734375,
  "summary_fg_p95": 806874.8156249996,
  "summary_fg_stdv": 123540.984375,
  "tsnr": 81.013916015625
}