{
  "aor": 0.0010899328859060402,
  "aqi": 0.0021543957718120807,
  "bids_meta": {
    "ConversionSoftware": "dcm2niix",
    "ConversionSoftwareVersion": "v1.0.20170411 GCC4.3.2",
    "EchoTime": 0.025,
    "ImageType": [
      "ORIGINAL"
    ],
    "Manufacturer": "Philips",
    "ManufacturersModelName": "N/A",
    "PhilipsRescaleIntercept": 0,
    "PhilipsRescaleSlope": 2.63223,
    "PhilipsScaleSlope": 0.000874474,
    "ProtocolName": "WIPANT_FSENSE",
    "RepetitionTime": 2.4,
    "SequenceVariant": "tfl3d1_ns",
    "SliceTiming": [
      0,
      0.06,
      0.11,
      0.17,
      0.22,
      0.28,
      0.33,
      0.39,
      0.45,
      0.5,
      0.56,
      0.61,
      0.67,
      0.73,
      0.78,
      0.84,
      0.89,
      0.95,
      1,
      1.06,
      1.12,
      1.17,
      1.23,
      1.28,
      1.34,
      1.4,
      1.45,
      1.51,
      1.56,
      1.62,
      1.67,
      1.73,
      1.79,
      1.84,
      1.9,
      1.95,
      2.01,
      2.07,
      2.12,
      2.18,
      2.23,
      2.29,
      2.34
    ],
    "TaskName": "ANT",
    "UsePhilipsFloatNotDisplayScaling": 1,
    "dataset": "ds001907",
    "modality": "bold",
    "run_id": 6,
    "session_id": "2",
    "subject_id": "RC4107",
    "task_id": "ANT"
  },
  "dummy_trs": 0,
  "dvars_nstd": 14.616839789527022,
  "dvars_std": 1.1938887965540539,
  "dvars_vstd": 1.0039833271621619,
  "efc": 0.3877182791806256,
  "fber": 8663310.0,
  "fd_mean": 0.08708797306689531,
  "fd_num": 4,
  "fd_perc": 2.684563758389262,
  "fwhm_avg": 2.0458666666666665,
  "fwhm_x": 1.9650066666666666,
  "fwhm_y": 2.1784966666666667,
  "fwhm_z": 1.9940966666666666,
  "gcor": 0.0472146,
  "gsr_x": -0.025592517107725143,
  "gsr_y": 0.012743102386593819,
  "provenance": {
    "md5sum": "d8e539f3aff8dcd117a2131195119125",
    "settings": {
      "fd_thres": 0.2,
      "testing": false
    },
    "software": "mriqc",
    "version": "21.0.0rc2",
    "webapi_port": null,
    "webapi_url": "https://mriqc.nimh.nih.gov/api/v1"
  },
  "size_t": 149,
  "size_x": 80,
  "size_y": 80,
  "size_z": 43,
  "snr": 5.062007016876157,
  "spacing_tr": 2.4000020027160645,
  "spacing_x": 3.0,
  "spacing_y": 3.0,
  "spacing_z": 3.0,
  "summary_bg_k": 49.2882684121152,
  "summary_bg_mad": 292.91731640456027,
  "summary_bg_mean": 11782.962890625,
  "summary_bg_median": 197.89019775390625,
  "summary_bg_n": 197591.0,
  "summary_bg_p05": 0.18810667842626572,
  "summary_bg_p95": 70030.91015625,
  "summary_bg_stdv": 37372.609375,
  "summary_fg_k": 2.7795263552059115,
  "summary_fg_mad": 91051.95350581143,
  "summary_fg_mean": 560701.4375,
  "summary_fg_median": 546685.875,
  "summary_fg_n": 34592.0,
  "summary_fg_p05": 413788.4203125,
  "summary_fg_p95": 745325.7874999999,
  "summary_fg_stdv": 107996.2890625,
  "tsnr": 112.79944610595703
}