{
  "bids_meta": {
    "ConversionSoftware": "dcm2niix",
    "ConversionSoftwareVersion": "v1.0.20170411 GCC4.3.2",
    "EchoTime": 0.00351,
    "ImageType": [
      "ORIGINAL"
    ],
    "Manufacturer": "Philips",
    "ManufacturersModelName": "N/A",
    "PhilipsRescaleIntercept": 0,
    "PhilipsRescaleSlope": 9.39634,
    "PhilipsScaleSlope": 0.000326852,
    "ProtocolName": "WIPMPRAGE_S2SENSE",
    "RepetitionTime": 0.007629,
    "SequenceVariant": "tfl3d1_ns",
    "UsePhilipsFloatNotDisplayScaling": 1,
    "dataset": "ds001907",
    "modality": "T1w",
    "session_id": "2",
    "subject_id": "RC4107"
  },
  "cjv": 0.4260174424544105,
  "cnr": 2.7977298083432633,
  "efc": 0.7078713404746997,
  "fber": 9195.71848767268,
  "fwhm_avg": 3.413823333333333,
  "fwhm_x": 3.4204,
  "fwhm_y": 3.60119,
  "fwhm_z": 3.21988,
  "icvs_csf": 0.19328452666380372,
  "icvs_gm": 0.3853888705922629,
  "icvs_wm": 0.4213266027439334,
  "inu_med": 3.6206212043762207,
  "inu_range": 0.8596871614456179,
  "provenance": {
    "md5sum": "95f9dc5e665244f0c52fe66cc320fdb7",
    "settings": {
      "testing": false
    },
    "software": "mriqc",
    "version": "21.0.0rc2",
    "warnings": {
      "large_rot_frame": true,
      "small_air_mask": false
    },
    "webapi_port": null,
    "webapi_url": "https://mriqc.nimh.nih.gov/api/v1"
  },
  "qi_1": 0.003157698763392221,
  "qi_2": 1.435967939315111e-05,
  "rpve_csf": 33.95533922535503,
  "rpve_gm": 16.974999367091435,
  "rpve_wm": 18.89496196699794,
  "size_x": 176,
  "size_y": 256,
  "size_z": 256,
  "snr_csf": 1.6132645268557504,
  "snr_gm": 13.632093801153198,
  "snr_total": 11.21588305480442,
  "snr_wm": 18.40229083640431,
  "snrd_csf": 18.785406609251098,
  "snrd_gm": 48.46340316672352,
  "snrd_total": 43.18835273555433,
  "snrd_wm": 62.316248430688375,
  "spacing_x": 1.0,
  "spacing_y": 1.0,
  "spacing_z": 1.0,
  "summary_bg_k": 5.203521988030211,
  "summary_bg_mad": 10.513696758783174,
  "summary_bg_mean": 9.915155601947014,
  "summary_bg_median": 7.091380700469017,
  "summary_bg_n": 439889.0,
  "summary_bg_p05": 0.0,
  "summary_bg_p95": 28.884404316544533,
  "summary_bg_stdv": 10.30089472510907,
  "summary_csf_k": 17.080517214473634,
  "summary_csf_mad": 105.64983084435775,
  "summary_csf_mean": 348.9182494925747,
  "summary_csf_median": 301.47016002237797,
  "summary_csf_n": 14445.0,
  "summary_csf_p05": 185.87488925457,
  "summary_csf_p95": 589.8990979760885,
  "summary_csf_stdv": 186.8631707443084,
  "summary_gm_k": 0.8036652092571721,
  "summary_gm_mad": 50.08964472070683,
  "summary_gm_mean": 779.1519055513123,
  "summary_gm_median": 777.7457369863987,
  "summary_gm_n": 13572.0,
  "summary_gm_p05": 685.4741903029383,
  "summary_gm_p95": 874.7189267277718,
  "summary_gm_stdv": 57.05044985891418,
  "summary_wm_k": 2.0750270425839874,
  "summary_wm_mad": 44.619103317762736,
  "summary_wm_mean": 1010.1247062263235,
  "summary_wm_median": 1000.0576392710209,
  "summary_wm_n": 162665.0,
  "summary_wm_p05": 940.8474930971861,
  "summary_wm_p95": 1115.8835240453482,
  "summary_wm_stdv": 54.34402565297917,
  "tpm_overlap_csf": 0.18746060132980347,
  "tpm_overlap_gm": 0.4339892864227295,
  "tpm_overlap_wm": 0.4941456913948059,
  "wm2max": 0.5814366640968055
}