{
  "bids_meta": {
    "ConversionSoftware": "dcm2niix",
    "ConversionSoftwareVersion": "v1.0.20170411 GCC4.3.2",
    "EchoTime": 0.00352,
    "ImageType": [
      "ORIGINAL"
    ],
    "Manufacturer": "Philips",
    "ManufacturersModelName": "N/A",
    "PhilipsRescaleIntercept": 0,
    "PhilipsRescaleSlope": 9.13944,
    "PhilipsScaleSlope": 0.000333267,
    "ProtocolName": "WIPMPRAGE_S2SENSE",
    "RepetitionTime": 0.007547,
    "SequenceVariant": "tfl3d1_ns",
    "UsePhilipsFloatNotDisplayScaling": 1,
    "dataset": "ds001907",
    "modality": "T1w",
    "session_id": "2",
    "subject_id": "RC4131"
  },
  "cjv": 0.5279376903534708,
  "cnr": 2.431463933470187,
  "efc": 0.7689096914438295,
  "fber": 2833.404127100073,
  "fwhm_avg": 3.4130966666666667,
  "fwhm_x": 3.47504,
  "fwhm_y": 3.55644,
  "fwhm_z": 3.20781,
  "icvs_csf": 0.21133032692266063,
  "icvs_gm": 0.3506899489924741,
  "icvs_wm": 0.4379797240848653,
  "inu_med": 2.4751625061035156,
  "inu_range": 0.795414304733276,
  "provenance": {
    "md5sum": "998e4c0c3ab24c046e1d9cb3ed37b2fc",
    "settings": {
      "testing": false
    },
    "software": "mriqc",
    "version": "21.0.0rc2",
    "warnings": {
      "large_rot_frame": true,
      "small_air_mask": false
    },
    "webapi_port": null,
    "webapi_url": "https://mriqc.nimh.nih.gov/api/v1"
  },
  "qi_1": 0.0,
  "qi_2": 8.430876457712585e-06,
  "rpve_csf": 26.273852230398003,
  "rpve_gm": 14.857204835021236,
  "rpve_wm": 15.280182189774786,
  "size_x": 176,
  "size_y": 256,
  "size_z": 256,
  "snr_csf": 2.7004668224149997,
  "snr_gm": 13.62221706263139,
  "snr_total": 11.113141923296396,
  "snr_wm": 17.016741884842798,
  "snrd_csf": 24.361189323798204,
  "snrd_gm": 52.39576934058553,
  "snrd_total": 47.56323688429265,
  "snrd_wm": 65.93275198849422,
  "spacing_x": 1.0,
  "spacing_y": 1.0,
  "spacing_z": 1.0,
  "summary_bg_k": 1552.1837689752817,
  "summary_bg_mad": 9.937012024384478,
  "summary_bg_mean": 11.462897318792546,
  "summary_bg_median": 6.702412758022547,
  "summary_bg_n": 483510.0,
  "summary_bg_p05": 0.0,
  "summary_bg_p95": 33.74519119039178,
  "summary_bg_stdv": 16.5504552761226,
  "summary_csf_k": 1.1964528533775667,
  "summary_csf_mad": 141.88324994816793,
  "summary_csf_mean": 385.44556423916634,
  "summary_csf_median": 369.5069294422865,
  "summary_csf_n": 9217.0,
  "summary_csf_p05": 188.6000668257475,
  "summary_csf_p95": 619.8741009719668,
  "summary_csf_stdv": 136.82333771803573,
  "summary_gm_k": 0.330872830105144,
  "summary_gm_mad": 56.036106937507256,
  "summary_gm_mean": 796.7895002943831,
  "summary_gm_median": 794.7313075512648,
  "summary_gm_n": 13060.0,
  "summary_gm_p05": 705.7902902523056,
  "summary_gm_p95": 897.3102777665481,
  "summary_gm_stdv": 58.33858594050187,
  "summary_wm_k": 1.4451470960972719,
  "summary_wm_mad": 52.363732928495594,
  "summary_wm_mean": 1008.9434423444031,
  "summary_wm_median": 1000.0582653470337,
  "summary_wm_n": 203457.0,
  "summary_wm_p05": 929.4789449125528,
  "summary_wm_p95": 1119.5360579900444,
  "summary_wm_stdv": 58.768935583953436,
  "tpm_overlap_csf": 0.15376538038253784,
  "tpm_overlap_gm": 0.3843564987182617,
  "tpm_overlap_wm": 0.4717574715614319,
  "wm2max": 0.5334598042513639
}