{
  "aor": 0.003343422818791946,
  "aqi": 0.0031639382550335575,
  "bids_meta": {
    "ConversionSoftware": "dcm2niix",
    "ConversionSoftwareVersion": "v1.0.20170411 GCC4.3.2",
    "EchoTime": 0.025,
    "ImageType": [
      "ORIGINAL"
    ],
    "Manufacturer": "Philips",
    "ManufacturersModelName": "N/A",
    "PhilipsRescaleIntercept": 0,
    "PhilipsRescaleSlope": 2.88303,
    "PhilipsScaleSlope": 0.000951045,
    "ProtocolName": "WIPANT_CSENSE",
    "RepetitionTime": 2.4,
    "SequenceVariant": "tfl3d1_ns",
    "SliceTiming": [
      0,
      0.06,
      0.11,
      0.17,
      0.22,
      0.28,
      0.33,
      0.39,
      0.45,
      0.5,
      0.56,
      0.61,
      0.67,
      0.73,
      0.78,
      0.84,
      0.89,
      0.95,
      1,
      1.06,
      1.12,
      1.17,
      1.23,
      1.28,
      1.34,
      1.4,
      1.45,
      1.51,
      1.56,
      1.62,
      1.67,
      1.73,
      1.79,
      1.84,
      1.9,
      1.95,
      2.01,
      2.07,
      2.12,
      2.18,
      2.23,
      2.29,
      2.34
    ],
    "TaskName": "ANT",
    "UsePhilipsFloatNotDisplayScaling": 1,
    "dataset": "ds001907",
    "modality": "bold",
    "run_id": 3,
    "session_id": "1",
    "subject_id": "RC4103",
    "task_id": "ANT"
  },
  "dummy_trs": 0,
  "dvars_nstd": 24.428901556418925,
  "dvars_std": 1.3242632234459457,
  "dvars_vstd": 0.9995670887162155,
  "efc": 0.41971805631473913,
  "fber": 5278767.0,
  "fd_mean": 0.19957782904402022,
  "fd_num": 54,
  "fd_perc": 36.241610738255034,
  "fwhm_avg": 2.1108800000000003,
  "fwhm_x": 1.9952533333333333,
  "fwhm_y": 2.2804100000000003,
  "fwhm_z": 2.056976666666667,
  "gcor": 0.0304365,
  "gsr_x": -0.023809684440493584,
  "gsr_y": 0.018667522817850113,
  "provenance": {
    "md5sum": "1d98e7f68d2de027b91f5974e9bce93e",
    "settings": {
      "fd_thres": 0.2,
      "testing": false
    },
    "software": "mriqc",
    "version": "21.0.0rc2",
    "webapi_port": null,
    "webapi_url": "https://mriqc.nimh.nih.gov/api/v1"
  },
  "size_t": 149,
  "size_x": 80,
  "size_y": 80,
  "size_z": 43,
  "snr": 4.013434030177418,
  "spacing_tr": 2.4000020027160645,
  "spacing_x": 3.0,
  "spacing_y": 3.0,
  "spacing_z": 3.0,
  "summary_bg_k": 95.61341676892384,
  "summary_bg_mad": 284.9807125482798,
  "summary_bg_mean": 9371.2001953125,
  "summary_bg_median": 192.4146728515625,
  "summary_bg_n": 186564.0,
  "summary_bg_p05": 0.03160511013120411,
  "summary_bg_p95": 49811.69667968753,
  "summary_bg_stdv": 33684.94140625,
  "summary_fg_k": 1.4107623401444096,
  "summary_fg_mad": 94846.14107390425,
  "summary_fg_mean": 467211.90625,
  "summary_fg_median": 445982.84375,
  "summary_fg_n": 43191.0,
  "summary_fg_p05": 322742.875,
  "summary_fg_p95": 682525.375,
  "summary_fg_stdv": 111121.21875,
  "tsnr": 85.04047393798828
}