{
  "aor": 0.003747919463087249,
  "aqi": 0.00755533610738255,
  "bids_meta": {
    "AcquisitionDateTime": "2013-06-10T12:48:8.890000",
    "BodyPartExamined": "BRAIN",
    "ConversionSoftware": "dcm2niix",
    "ConversionSoftwareVersion": "v1.0.20170411 GCC4.3.2",
    "EchoTime": 0.025001,
    "FlipAngle": 79,
    "ImageType": [
      "ORIGINAL",
      "PRIMARY",
      "M",
      "FFE",
      "M",
      "FFE"
    ],
    "MagneticFieldStrength": 3,
    "Manufacturer": "Philips",
    "ManufacturersModelName": "Achieva",
    "PhilipsRescaleIntercept": 0,
    "PhilipsRescaleSlope": 2.27766,
    "PhilipsScaleSlope": 0.000960908,
    "ProcedureStepDescription": "IBIC-UDALL",
    "ProtocolName": "WIP_ANT_B_SENSE",
    "RepetitionTime": 2.4,
    "ScanningSequence": "GR",
    "SequenceVariant": "SK",
    "SeriesDescription": "ANT_B",
    "SliceTiming": [
      0,
      0.06,
      0.11,
      0.17,
      0.22,
      0.28,
      0.33,
      0.39,
      0.45,
      0.5,
      0.56,
      0.61,
      0.67,
      0.73,
      0.78,
      0.84,
      0.89,
      0.95,
      1,
      1.06,
      1.12,
      1.17,
      1.23,
      1.28,
      1.34,
      1.4,
      1.45,
      1.51,
      1.56,
      1.62,
      1.67,
      1.73,
      1.79,
      1.84,
      1.9,
      1.95,
      2.01,
      2.07,
      2.12,
      2.18,
      2.23,
      2.29,
      2.34
    ],
    "TaskName": "ANT",
    "UsePhilipsFloatNotDisplayScaling": 1,
    "dataset": "ds001907",
    "modality": "bold",
    "run_id": 2,
    "session_id": "2",
    "subject_id": "RC4126",
    "task_id": "ANT"
  },
  "dummy_trs": 0,
  "dvars_nstd": 30.324394947770273,
  "dvars_std": 1.3192357105405406,
  "dvars_vstd": 0.9640881047297298,
  "efc": 0.41543407740530885,
  "fber": 1129239.875,
  "fd_mean": 0.2987757809481529,
  "fd_num": 102,
  "fd_perc": 68.45637583892618,
  "fwhm_avg": 2.299603392776918,
  "fwhm_x": 2.155273333333333,
  "fwhm_y": 2.499616666666667,
  "fwhm_z": 2.243920178330754,
  "gcor": 0.0164372,
  "gsr_x": -0.009915253147482872,
  "gsr_y": 0.015940923243761063,
  "provenance": {
    "md5sum": "9342ed81aa46bd099a2822a3f463fb12",
    "settings": {
      "fd_thres": 0.2,
      "testing": false
    },
    "software": "mriqc",
    "version": "21.0.0rc2",
    "webapi_port": null,
    "webapi_url": "https://mriqc.nimh.nih.gov/api/v1"
  },
  "size_t": 149,
  "size_x": 80,
  "size_y": 80,
  "size_z": 43,
  "snr": 3.88974775770363,
  "spacing_tr": 2.4000020027160645,
  "spacing_x": 3.0,
  "spacing_y": 3.0,
  "spacing_z": 2.999999761581421,
  "summary_bg_k": 107.12164548996664,
  "summary_bg_mad": 572.6051722042139,
  "summary_bg_mean": 8492.123046875,
  "summary_bg_median": 395.3101806640625,
  "summary_bg_n": 187998.0,
  "summary_bg_p05": 4.755781793594361,
  "summary_bg_p95": 47588.080468749984,
  "summary_bg_stdv": 26501.4140625,
  "summary_fg_k": 1.3385708701113792,
  "summary_fg_mad": 74954.64624970619,
  "summary_fg_mean": 438984.6875,
  "summary_fg_median": 415439.0625,
  "summary_fg_n": 42256.0,
  "summary_fg_p05": 314686.6640625,
  "summary_fg_p95": 677710.78125,
  "summary_fg_stdv": 106802.3359375,
  "tsnr": 60.93305969238281
}