{
  "aor": 0.0026227516778523493,
  "aqi": 0.006196626107382551,
  "bids_meta": {
    "AcquisitionDateTime": "2013-06-10T12:59:10.150000",
    "BodyPartExamined": "BRAIN",
    "ConversionSoftware": "dcm2niix",
    "ConversionSoftwareVersion": "v1.0.20170411 GCC4.3.2",
    "EchoTime": 0.025001,
    "FlipAngle": 79,
    "ImageType": [
      "ORIGINAL",
      "PRIMARY",
      "M",
      "FFE",
      "M",
      "FFE"
    ],
    "MagneticFieldStrength": 3,
    "Manufacturer": "Philips",
    "ManufacturersModelName": "Achieva",
    "PhilipsRescaleIntercept": 0,
    "PhilipsRescaleSlope": 2.57167,
    "PhilipsScaleSlope": 0.00096022,
    "ProcedureStepDescription": "IBIC-UDALL",
    "ProtocolName": "WIP_ANT_F_SENSE",
    "RepetitionTime": 2.4,
    "ScanningSequence": "GR",
    "SequenceVariant": "SK",
    "SeriesDescription": "ANT_F",
    "SliceTiming": [
      0,
      0.06,
      0.11,
      0.17,
      0.22,
      0.28,
      0.33,
      0.39,
      0.45,
      0.5,
      0.56,
      0.61,
      0.67,
      0.73,
      0.78,
      0.84,
      0.89,
      0.95,
      1,
      1.06,
      1.12,
      1.17,
      1.23,
      1.28,
      1.34,
      1.4,
      1.45,
      1.51,
      1.56,
      1.62,
      1.67,
      1.73,
      1.79,
      1.84,
      1.9,
      1.95,
      2.01,
      2.07,
      2.12,
      2.18,
      2.23,
      2.29,
      2.34
    ],
    "TaskName": "ANT",
    "UsePhilipsFloatNotDisplayScaling": 1,
    "dataset": "ds001907",
    "modality": "bold",
    "run_id": 6,
    "session_id": "2",
    "subject_id": "RC4126",
    "task_id": "ANT"
  },
  "dummy_trs": 0,
  "dvars_nstd": 28.791388640810812,
  "dvars_std": 1.324773985743243,
  "dvars_vstd": 0.9722143681081079,
  "efc": 0.41441496178627407,
  "fber": 1921322.0,
  "fd_mean": 0.2777521521777417,
  "fd_num": 80,
  "fd_perc": 53.691275167785236,
  "fwhm_avg": 2.294747837131558,
  "fwhm_x": 2.1513133333333334,
  "fwhm_y": 2.4924,
  "fwhm_z": 2.2405301780613405,
  "gcor": 0.00680504,
  "gsr_x": -0.010234243236482143,
  "gsr_y": 0.015629075467586517,
  "provenance": {
    "md5sum": "aec9984a53717a8a956df300287e1632",
    "settings": {
      "fd_thres": 0.2,
      "testing": false
    },
    "software": "mriqc",
    "version": "21.0.0rc2",
    "webapi_port": null,
    "webapi_url": "https://mriqc.nimh.nih.gov/api/v1"
  },
  "size_t": 149,
  "size_x": 80,
  "size_y": 80,
  "size_z": 43,
  "snr": 3.882346741537367,
  "spacing_tr": 2.4000020027160645,
  "spacing_x": 3.0,
  "spacing_y": 3.0,
  "spacing_z": 2.999999761581421,
  "summary_bg_k": 104.56377378175473,
  "summary_bg_mad": 440.2636680307771,
  "summary_bg_mean": 8489.0966796875,
  "summary_bg_median": 299.9917297363281,
  "summary_bg_n": 188245.0,
  "summary_bg_p05": 1.804909920692444,
  "summary_bg_p95": 47837.842968749945,
  "summary_bg_stdv": 26702.703125,
  "summary_fg_k": 1.3565373886760783,
  "summary_fg_mad": 75330.27742116037,
  "summary_fg_mean": 439451.0,
  "summary_fg_median": 415875.1875,
  "summary_fg_n": 42110.0,
  "summary_fg_p05": 314791.221875,
  "summary_fg_p95": 679742.2249999997,
  "summary_fg_stdv": 107118.265625,
  "tsnr": 68.09742736816406
}