{
  "aor": 0.004487046979865772,
  "aqi": 0.0076442152348993285,
  "bids_meta": {
    "AcquisitionDateTime": "2013-06-26T12:42:7.350000",
    "BodyPartExamined": "BRAIN",
    "ConversionSoftware": "dcm2niix",
    "ConversionSoftwareVersion": "v1.0.20170411 GCC4.3.2",
    "EchoTime": 0.025001,
    "FlipAngle": 79,
    "ImageType": [
      "ORIGINAL",
      "PRIMARY",
      "M",
      "FFE",
      "M",
      "FFE"
    ],
    "MagneticFieldStrength": 3,
    "Manufacturer": "Philips",
    "ManufacturersModelName": "Achieva",
    "PhilipsRescaleIntercept": 0,
    "PhilipsRescaleSlope": 2.37289,
    "PhilipsScaleSlope": 0.000973849,
    "ProcedureStepDescription": "IBIC-UDALL",
    "ProtocolName": "WIP_ANT_E_SENSE",
    "RepetitionTime": 2.4,
    "ScanningSequence": "GR",
    "SequenceVariant": "SK",
    "SeriesDescription": "ANT_E",
    "SliceTiming": [
      0,
      0.06,
      0.11,
      0.17,
      0.22,
      0.28,
      0.33,
      0.39,
      0.45,
      0.5,
      0.56,
      0.61,
      0.67,
      0.73,
      0.78,
      0.84,
      0.89,
      0.95,
      1,
      1.06,
      1.12,
      1.17,
      1.23,
      1.28,
      1.34,
      1.4,
      1.45,
      1.51,
      1.56,
      1.62,
      1.67,
      1.73,
      1.79,
      1.84,
      1.9,
      1.95,
      2.01,
      2.07,
      2.12,
      2.18,
      2.23,
      2.29,
      2.34
    ],
    "TaskName": "ANT",
    "UsePhilipsFloatNotDisplayScaling": 1,
    "dataset": "ds001907",
    "modality": "bold",
    "run_id": 5,
    "session_id": "1",
    "subject_id": "RC4220",
    "task_id": "ANT"
  },
  "dummy_trs": 0,
  "dvars_nstd": 25.71554934027026,
  "dvars_std": 1.2834367297972968,
  "dvars_vstd": 0.9450263684459462,
  "efc": 0.38923335350182153,
  "fber": 2386513.75,
  "fd_mean": 0.18326478725099468,
  "fd_num": 45,
  "fd_perc": 30.201342281879196,
  "fwhm_avg": 2.0582144444444443,
  "fwhm_x": 1.9884300000000001,
  "fwhm_y": 2.2249166666666667,
  "fwhm_z": 1.9612966666666667,
  "gcor": 0.00887302,
  "gsr_x": -0.02150207757949829,
  "gsr_y": 0.01144709438085556,
  "provenance": {
    "md5sum": "7ad1ec0141643351d1c4260d0f056358",
    "settings": {
      "fd_thres": 0.2,
      "testing": false
    },
    "software": "mriqc",
    "version": "21.0.0rc2",
    "webapi_port": null,
    "webapi_url": "https://mriqc.nimh.nih.gov/api/v1"
  },
  "size_t": 149,
  "size_x": 80,
  "size_y": 80,
  "size_z": 43,
  "snr": 4.990207707967106,
  "spacing_tr": 2.4000020027160645,
  "spacing_x": 3.0,
  "spacing_y": 3.0,
  "spacing_z": 3.0,
  "summary_bg_k": 93.27367504204918,
  "summary_bg_mad": 406.5182601522237,
  "summary_bg_mean": 8337.25,
  "summary_bg_median": 276.9576721191406,
  "summary_bg_n": 196603.0,
  "summary_bg_p05": 1.865911102294922,
  "summary_bg_p95": 42125.318359374985,
  "summary_bg_stdv": 25167.95703125,
  "summary_fg_k": 2.4368419652603643,
  "summary_fg_mad": 70314.54145331727,
  "summary_fg_mean": 432421.78125,
  "summary_fg_median": 420623.25,
  "summary_fg_n": 34542.0,
  "summary_fg_p05": 319295.9578125,
  "summary_fg_p95": 582318.4562499999,
  "summary_fg_stdv": 84288.5078125,
  "tsnr": 66.84701538085938
}