{
  "aor": 0.0009038255033557046,
  "aqi": 0.002729113489932886,
  "bids_meta": {
    "ConversionSoftware": "dcm2niix",
    "ConversionSoftwareVersion": "v1.0.20170411 GCC4.3.2",
    "EchoTime": 0.025,
    "ImageType": [
      "ORIGINAL"
    ],
    "Manufacturer": "Philips",
    "ManufacturersModelName": "N/A",
    "PhilipsRescaleIntercept": 0,
    "PhilipsRescaleSlope": 2.73114,
    "PhilipsScaleSlope": 0.000882827,
    "ProtocolName": "WIPANT_ASENSE",
    "RepetitionTime": 2.4,
    "SequenceVariant": "tfl3d1_ns",
    "SliceTiming": [
      0,
      0.06,
      0.11,
      0.17,
      0.22,
      0.28,
      0.33,
      0.39,
      0.45,
      0.5,
      0.56,
      0.61,
      0.67,
      0.73,
      0.78,
      0.84,
      0.89,
      0.95,
      1,
      1.06,
      1.12,
      1.17,
      1.23,
      1.28,
      1.34,
      1.4,
      1.45,
      1.51,
      1.56,
      1.62,
      1.67,
      1.73,
      1.79,
      1.84,
      1.9,
      1.95,
      2.01,
      2.07,
      2.12,
      2.18,
      2.23,
      2.29,
      2.34
    ],
    "TaskName": "ANT",
    "UsePhilipsFloatNotDisplayScaling": 1,
    "dataset": "ds001907",
    "modality": "bold",
    "run_id": 1,
    "session_id": "1",
    "subject_id": "RC4206",
    "task_id": "ANT"
  },
  "dummy_trs": 0,
  "dvars_nstd": 13.118710872229723,
  "dvars_std": 1.1367554577702708,
  "dvars_vstd": 1.0065170191891892,
  "efc": 0.39762574907407494,
  "fber": 6621692.0,
  "fd_mean": 0.08202879578008537,
  "fd_num": 5,
  "fd_perc": 3.3557046979865772,
  "fwhm_avg": 1.9553033333333334,
  "fwhm_x": 1.8191466666666667,
  "fwhm_y": 2.1347766666666668,
  "fwhm_z": 1.9119866666666667,
  "gcor": 0.016601,
  "gsr_x": -0.020904334262013435,
  "gsr_y": 0.018813390284776688,
  "provenance": {
    "md5sum": "1a53cc20be5ea6fcb6850b66e9fd4cc1",
    "settings": {
      "fd_thres": 0.2,
      "testing": false
    },
    "software": "mriqc",
    "version": "21.0.0rc2",
    "webapi_port": null,
    "webapi_url": "https://mriqc.nimh.nih.gov/api/v1"
  },
  "size_t": 149,
  "size_x": 80,
  "size_y": 80,
  "size_z": 43,
  "snr": 5.310050936187779,
  "spacing_tr": 2.4000020027160645,
  "spacing_x": 3.0,
  "spacing_y": 3.0,
  "spacing_z": 3.0,
  "summary_bg_k": 99.45412032694682,
  "summary_bg_mad": 315.5209530128592,
  "summary_bg_mean": 10357.93359375,
  "summary_bg_median": 213.15130615234375,
  "summary_bg_n": 193786.0,
  "summary_bg_p05": 0.17501595988869667,
  "summary_bg_p95": 61534.6884765625,
  "summary_bg_stdv": 34277.86328125,
  "summary_fg_k": 3.6347521364697233,
  "summary_fg_mad": 82348.38351339362,
  "summary_fg_mean": 547256.625,
  "summary_fg_median": 533063.125,
  "summary_fg_n": 37502.0,
  "summary_fg_p05": 416071.6890625,
  "summary_fg_p95": 711645.5812499999,
  "summary_fg_stdv": 100386.234375,
  "tsnr": 123.83364868164062
}