{
  "bids_meta": {
    "ConversionSoftware": "dcm2niix",
    "ConversionSoftwareVersion": "v1.0.20170411 GCC4.3.2",
    "EchoTime": 0.00352,
    "ImageType": [
      "ORIGINAL"
    ],
    "Manufacturer": "Philips",
    "ManufacturersModelName": "N/A",
    "PhilipsRescaleIntercept": 0,
    "PhilipsRescaleSlope": 7.03248,
    "PhilipsScaleSlope": 0.000323214,
    "ProtocolName": "WIPMPRAGE_S2SENSE",
    "RepetitionTime": 0.007619,
    "SequenceVariant": "tfl3d1_ns",
    "UsePhilipsFloatNotDisplayScaling": 1,
    "dataset": "ds001907",
    "modality": "T1w",
    "session_id": "1",
    "subject_id": "RC4210"
  },
  "cjv": 0.4139415951815368,
  "cnr": 2.937138866708024,
  "efc": 0.7351456669278098,
  "fber": 11467.255333213148,
  "fwhm_avg": 3.388853054722978,
  "fwhm_x": 3.4271695914495477,
  "fwhm_y": 3.5842895727193866,
  "fwhm_z": 3.1551,
  "icvs_csf": 0.16622592939674188,
  "icvs_gm": 0.37082337313980024,
  "icvs_wm": 0.4629506974634579,
  "inu_med": 1.4720232486724854,
  "inu_range": 0.45252492427825897,
  "provenance": {
    "md5sum": "1eb5b138c5530e9f1632da1068b4fe19",
    "settings": {
      "testing": false
    },
    "software": "mriqc",
    "version": "21.0.0rc2",
    "warnings": {
      "large_rot_frame": true,
      "small_air_mask": false
    },
    "webapi_port": null,
    "webapi_url": "https://mriqc.nimh.nih.gov/api/v1"
  },
  "qi_1": 0.0,
  "qi_2": 9.761881970334978e-06,
  "rpve_csf": 32.08519540564443,
  "rpve_gm": 14.8454339209346,
  "rpve_wm": 14.953736329586059,
  "size_x": 176,
  "size_y": 256,
  "size_z": 256,
  "snr_csf": 1.0742995831416666,
  "snr_gm": 12.134112496961482,
  "snr_total": 12.539129450400159,
  "snr_wm": 24.408976271097323,
  "snrd_csf": 21.381645431127655,
  "snrd_gm": 51.76022961984211,
  "snrd_total": 46.654028703041774,
  "snrd_wm": 66.82021105815558,
  "spacing_x": 1.0000001192092896,
  "spacing_y": 1.0000001192092896,
  "spacing_z": 1.0,
  "summary_bg_k": 6.788746425415573,
  "summary_bg_mad": 9.804966669615713,
  "summary_bg_mean": 11.671490336824926,
  "summary_bg_median": 6.61334951967001,
  "summary_bg_n": 498711.0,
  "summary_bg_p05": 0.0,
  "summary_bg_p95": 33.06674759835005,
  "summary_bg_stdv": 11.611310887737027,
  "summary_csf_k": 2.426865510970636,
  "summary_csf_mad": 154.75125689408986,
  "summary_csf_mean": 425.08293655936455,
  "summary_csf_median": 320.0040907114744,
  "summary_csf_n": 9501.0,
  "summary_csf_p05": 177.58637779951096,
  "summary_csf_p95": 1223.6234599649906,
  "summary_csf_stdv": 297.8566265330614,
  "summary_gm_k": 0.5127891457525751,
  "summary_gm_mad": 58.259743815972435,
  "summary_gm_mean": 775.3342197613694,
  "summary_gm_median": 774.659053619951,
  "summary_gm_n": 13122.0,
  "summary_gm_p05": 669.0787228580564,
  "summary_gm_p95": 883.6255218684673,
  "summary_gm_stdv": 63.838994049509154,
  "summary_wm_k": 1.5580911160945243,
  "summary_wm_mad": 35.03945453250267,
  "summary_wm_mean": 1004.8231166750599,
  "summary_wm_median": 1000.0512331798673,
  "summary_wm_n": 258180.0,
  "summary_wm_p05": 947.7083660513163,
  "summary_wm_p95": 1081.359545879066,
  "summary_wm_stdv": 40.970554657368986,
  "tpm_overlap_csf": 0.1843353807926178,
  "tpm_overlap_gm": 0.40474215149879456,
  "tpm_overlap_wm": 0.4909900724887848,
  "wm2max": 0.5470274817722939
}