{
  "aor": 0.0016984563758389263,
  "aqi": 0.0030685439597315438,
  "bids_meta": {
    "ConversionSoftware": "dcm2niix",
    "ConversionSoftwareVersion": "v1.0.20170411 GCC4.3.2",
    "EchoTime": 0.025,
    "ImageType": [
      "ORIGINAL"
    ],
    "Manufacturer": "Philips",
    "ManufacturersModelName": "N/A",
    "PhilipsRescaleIntercept": 0,
    "PhilipsRescaleSlope": 1.68156,
    "PhilipsScaleSlope": 0.000865111,
    "ProtocolName": "WIPANT_BSENSE",
    "RepetitionTime": 2.4,
    "SequenceVariant": "tfl3d1_ns",
    "SliceTiming": [
      0,
      0.06,
      0.11,
      0.17,
      0.22,
      0.28,
      0.33,
      0.39,
      0.45,
      0.5,
      0.56,
      0.61,
      0.67,
      0.73,
      0.78,
      0.84,
      0.89,
      0.95,
      1,
      1.06,
      1.12,
      1.17,
      1.23,
      1.28,
      1.34,
      1.4,
      1.45,
      1.51,
      1.56,
      1.62,
      1.67,
      1.73,
      1.79,
      1.84,
      1.9,
      1.95,
      2.01,
      2.07,
      2.12,
      2.18,
      2.23,
      2.29,
      2.34
    ],
    "TaskName": "ANT",
    "UsePhilipsFloatNotDisplayScaling": 1,
    "dataset": "ds001907",
    "modality": "bold",
    "run_id": 2,
    "session_id": "2",
    "subject_id": "RC4101",
    "task_id": "ANT"
  },
  "dummy_trs": 0,
  "dvars_nstd": 17.626851945743237,
  "dvars_std": 1.2780725349999995,
  "dvars_vstd": 1.00118201304054,
  "efc": 0.4367897663308438,
  "fber": 415354.6875,
  "fd_mean": 0.1133213849324556,
  "fd_num": 9,
  "fd_perc": 6.040268456375839,
  "fwhm_avg": 2.0344433333333334,
  "fwhm_x": 1.9381066666666669,
  "fwhm_y": 2.18145,
  "fwhm_z": 1.9837733333333334,
  "gcor": 0.0209484,
  "gsr_x": -0.00827640201896429,
  "gsr_y": 0.018219728022813797,
  "provenance": {
    "md5sum": "949405e6810b6bed542f291f3bfe34be",
    "settings": {
      "fd_thres": 0.2,
      "testing": false
    },
    "software": "mriqc",
    "version": "21.0.0rc2",
    "webapi_port": null,
    "webapi_url": "https://mriqc.nimh.nih.gov/api/v1"
  },
  "size_t": 149,
  "size_x": 80,
  "size_y": 80,
  "size_z": 43,
  "snr": 4.4714820395495884,
  "spacing_tr": 2.4000020027160645,
  "spacing_x": 3.0,
  "spacing_y": 3.0,
  "spacing_z": 3.0,
  "summary_bg_k": 108.31261202861782,
  "summary_bg_mad": 1349.991419194248,
  "summary_bg_mean": 13739.251953125,
  "summary_bg_median": 923.5562133789062,
  "summary_bg_n": 184107.0,
  "summary_bg_p05": 5.589396142959595,
  "summary_bg_p95": 79341.84765624965,
  "summary_bg_stdv": 41196.75390625,
  "summary_fg_k": 2.1015772748189514,
  "summary_fg_mad": 100227.43115124764,
  "summary_fg_mean": 607165.125,
  "summary_fg_median": 580391.625,
  "summary_fg_n": 45655.0,
  "summary_fg_p05": 448275.025,
  "summary_fg_p95": 866870.5124999987,
  "summary_fg_stdv": 129797.0703125,
  "tsnr": 105.26084899902344
}