{
  "aor": 0.0011093959731543624,
  "aqi": 0.0026023475838926175,
  "bids_meta": {
    "ConversionSoftware": "dcm2niix",
    "ConversionSoftwareVersion": "v1.0.20170411 GCC4.3.2",
    "EchoTime": 0.025,
    "ImageType": [
      "ORIGINAL"
    ],
    "Manufacturer": "Philips",
    "ManufacturersModelName": "N/A",
    "PhilipsRescaleIntercept": 0,
    "PhilipsRescaleSlope": 1.9641,
    "PhilipsScaleSlope": 0.000863592,
    "ProtocolName": "WIPANT_DSENSE",
    "RepetitionTime": 2.4,
    "SequenceVariant": "tfl3d1_ns",
    "SliceTiming": [
      0,
      0.06,
      0.11,
      0.17,
      0.22,
      0.28,
      0.33,
      0.39,
      0.45,
      0.5,
      0.56,
      0.61,
      0.67,
      0.73,
      0.78,
      0.84,
      0.89,
      0.95,
      1,
      1.06,
      1.12,
      1.17,
      1.23,
      1.28,
      1.34,
      1.4,
      1.45,
      1.51,
      1.56,
      1.62,
      1.67,
      1.73,
      1.79,
      1.84,
      1.9,
      1.95,
      2.01,
      2.07,
      2.12,
      2.18,
      2.23,
      2.29,
      2.34
    ],
    "TaskName": "ANT",
    "UsePhilipsFloatNotDisplayScaling": 1,
    "dataset": "ds001907",
    "modality": "bold",
    "run_id": 4,
    "session_id": "2",
    "subject_id": "RC4101",
    "task_id": "ANT"
  },
  "dummy_trs": 0,
  "dvars_nstd": 16.895853719054042,
  "dvars_std": 1.2441581385135136,
  "dvars_vstd": 0.9997266222297289,
  "efc": 0.4369131615098876,
  "fber": 442708.4375,
  "fd_mean": 0.11620130365515335,
  "fd_num": 7,
  "fd_perc": 4.697986577181208,
  "fwhm_avg": 2.030053333333333,
  "fwhm_x": 1.93428,
  "fwhm_y": 2.1711266666666664,
  "fwhm_z": 1.9847533333333331,
  "gcor": 0.0418314,
  "gsr_x": -0.00816867221146822,
  "gsr_y": 0.018118439242243767,
  "provenance": {
    "md5sum": "8aea2863cdaf0008c805cc71b3bd5649",
    "settings": {
      "fd_thres": 0.2,
      "testing": false
    },
    "software": "mriqc",
    "version": "21.0.0rc2",
    "webapi_port": null,
    "webapi_url": "https://mriqc.nimh.nih.gov/api/v1"
  },
  "size_t": 149,
  "size_x": 80,
  "size_y": 80,
  "size_z": 43,
  "snr": 4.515124401985128,
  "spacing_tr": 2.4000020027160645,
  "spacing_x": 3.0,
  "spacing_y": 3.0,
  "spacing_z": 3.0,
  "summary_bg_k": 103.73396438914253,
  "summary_bg_mad": 1320.6761153436228,
  "summary_bg_mean": 13864.828125,
  "summary_bg_median": 901.5429077148438,
  "summary_bg_n": 184175.0,
  "summary_bg_p05": 5.004819059371949,
  "summary_bg_p95": 80426.17812499961,
  "summary_bg_stdv": 41451.15625,
  "summary_fg_k": 2.0327172013888717,
  "summary_fg_mad": 100674.94536463969,
  "summary_fg_mean": 608900.5,
  "summary_fg_median": 582771.875,
  "summary_fg_n": 45593.0,
  "summary_fg_p05": 449966.575,
  "summary_fg_p95": 867694.775,
  "summary_fg_stdv": 129069.640625,
  "tsnr": 111.0843276977539
}