{
  "aor": 0.0064392617449664435,
  "aqi": 0.007857536979865772,
  "bids_meta": {
    "AcquisitionDateTime": "2013-08-12T10:15:31.980000",
    "BodyPartExamined": "BRAIN",
    "ConversionSoftware": "dcm2niix",
    "ConversionSoftwareVersion": "v1.0.20170411 GCC4.3.2",
    "EchoTime": 0.025,
    "FlipAngle": 79,
    "ImageType": [
      "ORIGINAL",
      "PRIMARY",
      "M",
      "FFE",
      "M",
      "FFE"
    ],
    "MagneticFieldStrength": 3,
    "Manufacturer": "Philips",
    "ManufacturersModelName": "Achieva",
    "PhilipsRescaleIntercept": 0,
    "PhilipsRescaleSlope": 1.98462,
    "PhilipsScaleSlope": 0.000880899,
    "ProcedureStepDescription": "UDALL",
    "ProtocolName": "WIP_ANT_E_SENSE",
    "RepetitionTime": 2.4,
    "ScanningSequence": "GR",
    "SequenceVariant": "SK",
    "SeriesDescription": "ANT_E",
    "SliceTiming": [
      0,
      0.06,
      0.11,
      0.17,
      0.22,
      0.28,
      0.33,
      0.39,
      0.45,
      0.5,
      0.56,
      0.61,
      0.67,
      0.73,
      0.78,
      0.84,
      0.89,
      0.95,
      1,
      1.06,
      1.12,
      1.17,
      1.23,
      1.28,
      1.34,
      1.4,
      1.45,
      1.51,
      1.56,
      1.62,
      1.67,
      1.73,
      1.79,
      1.84,
      1.9,
      1.95,
      2.01,
      2.07,
      2.12,
      2.18,
      2.23,
      2.29,
      2.34
    ],
    "TaskName": "ANT",
    "UsePhilipsFloatNotDisplayScaling": 1,
    "dataset": "ds001907",
    "modality": "bold",
    "run_id": 5,
    "session_id": "1",
    "subject_id": "RC4224",
    "task_id": "ANT"
  },
  "dummy_trs": 0,
  "dvars_nstd": 38.892356653108116,
  "dvars_std": 1.311129743175676,
  "dvars_vstd": 1.026193361081081,
  "efc": 0.40638056457297506,
  "fber": 1038784.6875,
  "fd_mean": 0.48447419887723026,
  "fd_num": 144,
  "fd_perc": 96.64429530201342,
  "fwhm_avg": 1.9927277777777779,
  "fwhm_x": 1.95074,
  "fwhm_y": 2.10971,
  "fwhm_z": 1.9177333333333333,
  "gcor": 0.023843,
  "gsr_x": -0.011161822825670242,
  "gsr_y": 0.01700967364013195,
  "provenance": {
    "md5sum": "e7d4293e8af1943e953678c8d883c41a",
    "settings": {
      "fd_thres": 0.2,
      "testing": false
    },
    "software": "mriqc",
    "version": "21.0.0rc2",
    "webapi_port": null,
    "webapi_url": "https://mriqc.nimh.nih.gov/api/v1"
  },
  "size_t": 149,
  "size_x": 80,
  "size_y": 80,
  "size_z": 43,
  "snr": 4.650507165880929,
  "spacing_tr": 2.4000020027160645,
  "spacing_x": 3.0,
  "spacing_y": 3.0,
  "spacing_z": 3.0,
  "summary_bg_k": 67.09522844887901,
  "summary_bg_mad": 771.2296961595132,
  "summary_bg_mean": 13194.142578125,
  "summary_bg_median": 527.8916015625,
  "summary_bg_n": 193286.0,
  "summary_bg_p05": 5.73461389541626,
  "summary_bg_p95": 72166.8203125,
  "summary_bg_stdv": 38813.015625,
  "summary_fg_k": 2.0520789867901605,
  "summary_fg_mad": 90822.35865288004,
  "summary_fg_mean": 547816.9375,
  "summary_fg_median": 530108.375,
  "summary_fg_n": 37001.0,
  "summary_fg_p05": 399761.8125,
  "summary_fg_p95": 763213.1875,
  "summary_fg_stdv": 113987.828125,
  "tsnr": 58.17451477050781
}