{
  "aor": 0.002111275167785235,
  "aqi": 0.00434797033557047,
  "bids_meta": {
    "ConversionSoftware": "dcm2niix",
    "ConversionSoftwareVersion": "v1.0.20170411 GCC4.3.2",
    "EchoTime": 0.025,
    "ImageType": [
      "ORIGINAL"
    ],
    "Manufacturer": "Philips",
    "ManufacturersModelName": "N/A",
    "PhilipsRescaleIntercept": 0,
    "PhilipsRescaleSlope": 2.83883,
    "PhilipsScaleSlope": 0.000794979,
    "ProtocolName": "WIPANT_ESENSE",
    "RepetitionTime": 2.4,
    "SequenceVariant": "tfl3d1_ns",
    "SliceTiming": [
      0,
      0.06,
      0.11,
      0.17,
      0.22,
      0.28,
      0.33,
      0.39,
      0.45,
      0.5,
      0.56,
      0.61,
      0.67,
      0.73,
      0.78,
      0.84,
      0.89,
      0.95,
      1,
      1.06,
      1.12,
      1.17,
      1.23,
      1.28,
      1.34,
      1.4,
      1.45,
      1.51,
      1.56,
      1.62,
      1.67,
      1.73,
      1.79,
      1.84,
      1.9,
      1.95,
      2.01,
      2.07,
      2.12,
      2.18,
      2.23,
      2.29,
      2.34
    ],
    "TaskName": "ANT",
    "UsePhilipsFloatNotDisplayScaling": 1,
    "dataset": "ds001907",
    "modality": "bold",
    "run_id": 5,
    "session_id": "2",
    "subject_id": "RC4109",
    "task_id": "ANT"
  },
  "dummy_trs": 0,
  "dvars_nstd": 18.747509505202704,
  "dvars_std": 1.1566105920270267,
  "dvars_vstd": 0.989324066216216,
  "efc": 0.4380716865573393,
  "fber": 637242.5625,
  "fd_mean": 0.2534206387080356,
  "fd_num": 93,
  "fd_perc": 62.41610738255034,
  "fwhm_avg": 2.0709144444444445,
  "fwhm_x": 1.9150533333333335,
  "fwhm_y": 2.2823433333333334,
  "fwhm_z": 2.0153466666666664,
  "gcor": 0.0349851,
  "gsr_x": -0.008836457505822182,
  "gsr_y": 0.024044940248131752,
  "provenance": {
    "md5sum": "e45499a4444c6992aaba1fb09d369524",
    "settings": {
      "fd_thres": 0.2,
      "testing": false
    },
    "software": "mriqc",
    "version": "21.0.0rc2",
    "webapi_port": null,
    "webapi_url": "https://mriqc.nimh.nih.gov/api/v1"
  },
  "size_t": 149,
  "size_x": 80,
  "size_y": 80,
  "size_z": 43,
  "snr": 4.247356437906702,
  "spacing_tr": 2.4000020027160645,
  "spacing_x": 3.0,
  "spacing_y": 3.0,
  "spacing_z": 3.0,
  "summary_bg_k": 41.00960061939398,
  "summary_bg_mad": 1045.0221678633786,
  "summary_bg_mean": 16485.822265625,
  "summary_bg_median": 716.0935668945312,
  "summary_bg_n": 185967.0,
  "summary_bg_p05": 6.393080663681031,
  "summary_bg_p95": 99579.75546874994,
  "summary_bg_stdv": 43553.875,
  "summary_fg_k": 1.7452067350216929,
  "summary_fg_mad": 98048.654528515,
  "summary_fg_mean": 585521.1875,
  "summary_fg_median": 555707.75,
  "summary_fg_n": 44123.0,
  "summary_fg_p05": 431985.28125,
  "summary_fg_p95": 864295.5125,
  "summary_fg_stdv": 130834.6640625,
  "tsnr": 80.1886978149414
}