{
  "bids_meta": {
    "ConversionSoftware": "dcm2niix",
    "ConversionSoftwareVersion": "v1.0.20170411 GCC4.3.2",
    "EchoTime": 0.00351,
    "ImageType": [
      "ORIGINAL"
    ],
    "Manufacturer": "Philips",
    "ManufacturersModelName": "N/A",
    "PhilipsRescaleIntercept": 0,
    "PhilipsRescaleSlope": 9.14359,
    "PhilipsScaleSlope": 0.000315269,
    "ProtocolName": "WIPMPRAGE_S2SENSE",
    "RepetitionTime": 0.00763,
    "SequenceVariant": "tfl3d1_ns",
    "UsePhilipsFloatNotDisplayScaling": 1,
    "dataset": "ds001907",
    "modality": "T1w",
    "session_id": "2",
    "subject_id": "RC4128"
  },
  "cjv": 0.5014952153616735,
  "cnr": 2.456048289297522,
  "efc": 0.7515769934881393,
  "fber": 10197.768256,
  "fwhm_avg": 3.2769933333333334,
  "fwhm_x": 3.30746,
  "fwhm_y": 3.4978,
  "fwhm_z": 3.02572,
  "icvs_csf": 0.19578286503707445,
  "icvs_gm": 0.3933818184418504,
  "icvs_wm": 0.41083531652107513,
  "inu_med": 1.7289763689041138,
  "inu_range": 0.4054244399070739,
  "provenance": {
    "md5sum": "4615ffd04803918890291d1a498c05e8",
    "settings": {
      "testing": false
    },
    "software": "mriqc",
    "version": "21.0.0rc2",
    "warnings": {
      "large_rot_frame": true,
      "small_air_mask": false
    },
    "webapi_port": null,
    "webapi_url": "https://mriqc.nimh.nih.gov/api/v1"
  },
  "qi_1": 9.992751736416543e-05,
  "qi_2": 3.600567647732261e-06,
  "rpve_csf": 33.117104396937044,
  "rpve_gm": 16.822592115008394,
  "rpve_wm": 19.597557035829116,
  "size_x": 176,
  "size_y": 256,
  "size_z": 256,
  "snr_csf": 2.133279571379223,
  "snr_gm": 12.066868678929636,
  "snr_total": 10.739032425102314,
  "snr_wm": 18.016949024998084,
  "snrd_csf": 26.675955845689586,
  "snrd_gm": 52.008153426783,
  "snrd_total": 48.47188392363637,
  "snrd_wm": 66.73154249843653,
  "spacing_x": 1.0,
  "spacing_y": 1.0,
  "spacing_z": 1.0,
  "summary_bg_k": 1351.2907934601537,
  "summary_bg_mad": 9.81802469263892,
  "summary_bg_mean": 12.92846054678997,
  "summary_bg_median": 6.622157022356987,
  "summary_bg_n": 485823.0,
  "summary_bg_p05": 0.0,
  "summary_bg_p95": 39.35298230499029,
  "summary_bg_stdv": 28.60628006992342,
  "summary_csf_k": 20.9641356046007,
  "summary_csf_mad": 142.4418336554991,
  "summary_csf_mean": 423.19258328245746,
  "summary_csf_median": 399.7720202431083,
  "summary_csf_n": 4725.0,
  "summary_csf_p05": 216.9136384651065,
  "summary_csf_p95": 637.7028652578592,
  "summary_csf_stdv": 187.37802557620086,
  "summary_gm_k": 0.1452749628958232,
  "summary_gm_mad": 61.08098968617164,
  "summary_gm_mean": 785.2755265271328,
  "summary_gm_median": 779.4061695411801,
  "summary_gm_n": 19952.0,
  "summary_gm_p05": 686.5874112769961,
  "summary_gm_p95": 900.7463409807533,
  "summary_gm_stdv": 64.58897150560993,
  "summary_wm_k": 1.455584623212781,
  "summary_wm_mad": 49.57297713660307,
  "summary_wm_mean": 1006.863199569799,
  "summary_wm_median": 1000.0542703270912,
  "summary_wm_n": 165766.0,
  "summary_wm_p05": 929.5445820316672,
  "summary_wm_p95": 1109.2655812203884,
  "summary_wm_stdv": 55.5061377190563,
  "tpm_overlap_csf": 0.14911897480487823,
  "tpm_overlap_gm": 0.4048812985420227,
  "tpm_overlap_wm": 0.48339369893074036,
  "wm2max": 0.5619985968337248
}