{
  "aor": 0.008549261744966442,
  "aqi": 0.007424115838926175,
  "bids_meta": {
    "ConversionSoftware": "dcm2niix",
    "ConversionSoftwareVersion": "v1.0.20170411 GCC4.3.2",
    "EchoTime": 0.025,
    "ImageType": [
      "ORIGINAL"
    ],
    "Manufacturer": "Philips",
    "ManufacturersModelName": "N/A",
    "PhilipsRescaleIntercept": 0,
    "PhilipsRescaleSlope": 2.72357,
    "PhilipsScaleSlope": 0.00093454,
    "ProtocolName": "WIPANT_ESENSE",
    "RepetitionTime": 2.4,
    "SequenceVariant": "tfl3d1_ns",
    "SliceTiming": [
      0,
      0.06,
      0.11,
      0.17,
      0.22,
      0.28,
      0.33,
      0.39,
      0.45,
      0.5,
      0.56,
      0.61,
      0.67,
      0.73,
      0.78,
      0.84,
      0.89,
      0.95,
      1,
      1.06,
      1.12,
      1.17,
      1.23,
      1.28,
      1.34,
      1.4,
      1.45,
      1.51,
      1.56,
      1.62,
      1.67,
      1.73,
      1.79,
      1.84,
      1.9,
      1.95,
      2.01,
      2.07,
      2.12,
      2.18,
      2.23,
      2.29,
      2.34
    ],
    "TaskName": "ANT",
    "UsePhilipsFloatNotDisplayScaling": 1,
    "dataset": "ds001907",
    "modality": "bold",
    "run_id": 5,
    "session_id": "1",
    "subject_id": "RC4110",
    "task_id": "ANT"
  },
  "dummy_trs": 0,
  "dvars_nstd": 22.087796572364862,
  "dvars_std": 1.1264480262837835,
  "dvars_vstd": 0.9934500076351354,
  "efc": 0.4267639544785704,
  "fber": 634995.25,
  "fd_mean": 0.2880338817417818,
  "fd_num": 62,
  "fd_perc": 41.61073825503356,
  "fwhm_avg": 2.0026277777777777,
  "fwhm_x": 1.9665733333333335,
  "fwhm_y": 2.1283966666666667,
  "fwhm_z": 1.9129133333333332,
  "gcor": 0.0226177,
  "gsr_x": -0.01623314805328846,
  "gsr_y": 0.02464251033961773,
  "provenance": {
    "md5sum": "0cf532461c7b6d6b7bba89219ea02744",
    "settings": {
      "fd_thres": 0.2,
      "testing": false
    },
    "software": "mriqc",
    "version": "21.0.0rc2",
    "webapi_port": null,
    "webapi_url": "https://mriqc.nimh.nih.gov/api/v1"
  },
  "size_t": 149,
  "size_x": 80,
  "size_y": 80,
  "size_z": 43,
  "snr": 4.568357818693197,
  "spacing_tr": 2.4000020027160645,
  "spacing_x": 3.0,
  "spacing_y": 3.0,
  "spacing_z": 3.0,
  "summary_bg_k": 127.18314354475802,
  "summary_bg_mad": 800.8818094582086,
  "summary_bg_mean": 10163.181640625,
  "summary_bg_median": 555.431884765625,
  "summary_bg_n": 186706.0,
  "summary_bg_p05": 10.07663106918335,
  "summary_bg_p95": 51406.640625,
  "summary_bg_stdv": 31820.728515625,
  "summary_fg_k": 1.8907817807408414,
  "summary_fg_mad": 77107.82481850995,
  "summary_fg_mean": 453448.375,
  "summary_fg_median": 434475.25,
  "summary_fg_n": 43708.0,
  "summary_fg_p05": 331948.4828125,
  "summary_fg_p95": 638480.8343750001,
  "summary_fg_stdv": 95104.2578125,
  "tsnr": 62.535499572753906
}