{
  "aor": 0.0011102013422818792,
  "aqi": 0.0037026679194630875,
  "bids_meta": {
    "ConversionSoftware": "dcm2niix",
    "ConversionSoftwareVersion": "v1.0.20170411 GCC4.3.2",
    "EchoTime": 0.025,
    "ImageType": [
      "ORIGINAL"
    ],
    "Manufacturer": "Philips",
    "ManufacturersModelName": "N/A",
    "PhilipsRescaleIntercept": 0,
    "PhilipsRescaleSlope": 2.26789,
    "PhilipsScaleSlope": 0.000874297,
    "ProtocolName": "WIPANT_ASENSE",
    "RepetitionTime": 2.4,
    "SequenceVariant": "tfl3d1_ns",
    "SliceTiming": [
      0,
      0.06,
      0.11,
      0.17,
      0.22,
      0.28,
      0.33,
      0.39,
      0.45,
      0.5,
      0.56,
      0.61,
      0.67,
      0.73,
      0.78,
      0.84,
      0.89,
      0.95,
      1,
      1.06,
      1.12,
      1.17,
      1.23,
      1.28,
      1.34,
      1.4,
      1.45,
      1.51,
      1.56,
      1.62,
      1.67,
      1.73,
      1.79,
      1.84,
      1.9,
      1.95,
      2.01,
      2.07,
      2.12,
      2.18,
      2.23,
      2.29,
      2.34
    ],
    "TaskName": "ANT",
    "UsePhilipsFloatNotDisplayScaling": 1,
    "dataset": "ds001907",
    "modality": "bold",
    "run_id": 1,
    "session_id": "2",
    "subject_id": "RC4107",
    "task_id": "ANT"
  },
  "dummy_trs": 0,
  "dvars_nstd": 14.746536364189183,
  "dvars_std": 1.1101743897972973,
  "dvars_vstd": 0.9631292104054049,
  "efc": 0.38844653738877355,
  "fber": 6291141.0,
  "fd_mean": 0.09838654644769279,
  "fd_num": 11,
  "fd_perc": 7.382550335570469,
  "fwhm_avg": 2.038653333333333,
  "fwhm_x": 1.9591266666666665,
  "fwhm_y": 2.16671,
  "fwhm_z": 1.9901233333333332,
  "gcor": 0.0361115,
  "gsr_x": -0.026430988684296608,
  "gsr_y": 0.013473141938447952,
  "provenance": {
    "md5sum": "67d3be0b206879284f6fbef3dd41bd66",
    "settings": {
      "fd_thres": 0.2,
      "testing": false
    },
    "software": "mriqc",
    "version": "21.0.0rc2",
    "webapi_port": null,
    "webapi_url": "https://mriqc.nimh.nih.gov/api/v1"
  },
  "size_t": 149,
  "size_x": 80,
  "size_y": 80,
  "size_z": 43,
  "snr": 5.143586411148142,
  "spacing_tr": 2.4000020027160645,
  "spacing_x": 3.0,
  "spacing_y": 3.0,
  "spacing_z": 3.0,
  "summary_bg_k": 49.259255066091015,
  "summary_bg_mad": 348.77122639789627,
  "summary_bg_mean": 12457.3525390625,
  "summary_bg_median": 236.66139221191406,
  "summary_bg_n": 197963.0,
  "summary_bg_p05": 1.187667143344879,
  "summary_bg_p95": 75397.65,
  "summary_bg_stdv": 38547.67578125,
  "summary_fg_k": 3.0059719031050394,
  "summary_fg_mad": 90630.91764141551,
  "summary_fg_mean": 570794.125,
  "summary_fg_median": 556112.8125,
  "summary_fg_n": 34325.0,
  "summary_fg_p05": 426105.3625,
  "summary_fg_p95": 756485.925,
  "summary_fg_stdv": 108116.140625,
  "tsnr": 94.25162506103516
}