{
  "bids_meta": {
    "ConversionSoftware": "dcm2niix",
    "ConversionSoftwareVersion": "v1.0.20170411 GCC4.3.2",
    "EchoTime": 0.00351,
    "ImageType": [
      "ORIGINAL"
    ],
    "Manufacturer": "Philips",
    "ManufacturersModelName": "N/A",
    "PhilipsRescaleIntercept": 0,
    "PhilipsRescaleSlope": 7.44249,
    "PhilipsScaleSlope": 0.000322106,
    "ProtocolName": "WIPMPRAGE_S2SENSE",
    "RepetitionTime": 0.007627,
    "SequenceVariant": "tfl3d1_ns",
    "UsePhilipsFloatNotDisplayScaling": 1,
    "dataset": "ds001907",
    "modality": "T1w",
    "session_id": "2",
    "subject_id": "RC4211"
  },
  "cjv": 0.4277168136306379,
  "cnr": 3.015814488880394,
  "efc": 0.744205262792139,
  "fber": 8406.907414170928,
  "fwhm_avg": 3.2808333333333333,
  "fwhm_x": 3.29947,
  "fwhm_y": 3.48161,
  "fwhm_z": 3.06142,
  "icvs_csf": 0.19367924725991598,
  "icvs_gm": 0.40559098596638354,
  "icvs_wm": 0.4007297667737005,
  "inu_med": 2.8855392932891846,
  "inu_range": 0.7234478473663328,
  "provenance": {
    "md5sum": "f640d0964299ca244faf5353bb67481a",
    "settings": {
      "testing": false
    },
    "software": "mriqc",
    "version": "21.0.0rc2",
    "warnings": {
      "large_rot_frame": true,
      "small_air_mask": false
    },
    "webapi_port": null,
    "webapi_url": "https://mriqc.nimh.nih.gov/api/v1"
  },
  "qi_1": 0.0,
  "qi_2": 6.494969027690079e-06,
  "rpve_csf": 25.720847247142945,
  "rpve_gm": 12.60940457174699,
  "rpve_wm": 15.164557062720666,
  "size_x": 176,
  "size_y": 256,
  "size_z": 256,
  "snr_csf": 2.26836681940837,
  "snr_gm": 13.429293528720144,
  "snr_total": 11.984631962153017,
  "snr_wm": 20.256235538330536,
  "snrd_csf": 18.208768027670136,
  "snrd_gm": 44.153391682646124,
  "snrd_total": 39.99281343689419,
  "snrd_wm": 57.616280600366316,
  "spacing_x": 1.0,
  "spacing_y": 1.0,
  "spacing_z": 1.0,
  "summary_bg_k": 7.285966466878296,
  "summary_bg_mad": 11.371255622360115,
  "summary_bg_mean": 16.078199690752925,
  "summary_bg_median": 7.669795364141464,
  "summary_bg_n": 606739.0,
  "summary_bg_p05": 0.0,
  "summary_bg_p95": 51.92249624803662,
  "summary_bg_stdv": 17.605343941560882,
  "summary_csf_k": 11.237021707008545,
  "summary_csf_mad": 113.71255622360115,
  "summary_csf_mean": 345.4849294398264,
  "summary_csf_median": 316.0510741006583,
  "summary_csf_n": 11586.0,
  "summary_csf_p05": 186.2069890955463,
  "summary_csf_p95": 568.86418083217,
  "summary_csf_stdv": 139.32377768440227,
  "summary_gm_k": 0.0957075780323442,
  "summary_gm_mad": 54.98600580549135,
  "summary_gm_mean": 766.2935125219708,
  "summary_gm_median": 766.3740262538195,
  "summary_gm_n": 11190.0,
  "summary_gm_p05": 672.2171963229775,
  "summary_gm_p95": 862.1278892325237,
  "summary_gm_stdv": 57.064787522062865,
  "summary_wm_k": 1.2552665384829576,
  "summary_wm_mad": 44.96134624367388,
  "summary_wm_mean": 1004.3120692268471,
  "summary_wm_median": 1000.0504889599979,
  "summary_wm_n": 202228.0,
  "summary_wm_p05": 932.0819734632969,
  "summary_wm_p95": 1091.9366557896137,
  "summary_wm_stdv": 49.369884867447574,
  "tpm_overlap_csf": 0.15087763965129852,
  "tpm_overlap_gm": 0.39523106813430786,
  "tpm_overlap_wm": 0.45683741569519043,
  "wm2max": 0.5167545317545782
}