{
  "bids_meta": {
    "ConversionSoftware": "dcm2niix",
    "ConversionSoftwareVersion": "v1.0.20170411 GCC4.3.2",
    "EchoTime": 0.00351,
    "ImageType": [
      "ORIGINAL"
    ],
    "Manufacturer": "Philips",
    "ManufacturersModelName": "N/A",
    "PhilipsRescaleIntercept": 0,
    "PhilipsRescaleSlope": 10.0122,
    "PhilipsScaleSlope": 0.000340961,
    "ProtocolName": "WIPMPRAGE_S2SENSE",
    "RepetitionTime": 0.007621,
    "SequenceVariant": "tfl3d1_ns",
    "UsePhilipsFloatNotDisplayScaling": 1,
    "dataset": "ds001907",
    "modality": "T1w",
    "session_id": "2",
    "subject_id": "RC4227"
  },
  "cjv": 0.45002133473910066,
  "cnr": 2.8126854992227415,
  "efc": 0.7447589345626396,
  "fber": 6148.786947235741,
  "fwhm_avg": 3.4861998573923274,
  "fwhm_x": 3.588839572176984,
  "fwhm_y": 3.60796,
  "fwhm_z": 3.2618,
  "icvs_csf": 0.19437515384457527,
  "icvs_gm": 0.3606891839647304,
  "icvs_wm": 0.44493566219069436,
  "inu_med": 2.299434185028076,
  "inu_range": 0.6890609741210936,
  "provenance": {
    "md5sum": "e06f8c9644783a2227b1968db30ef678",
    "settings": {
      "testing": false
    },
    "software": "mriqc",
    "version": "21.0.0rc2",
    "warnings": {
      "large_rot_frame": true,
      "small_air_mask": false
    },
    "webapi_port": null,
    "webapi_url": "https://mriqc.nimh.nih.gov/api/v1"
  },
  "qi_1": 0.0001839268379911102,
  "qi_2": 2.0919457251345935e-05,
  "rpve_csf": 27.447004299246732,
  "rpve_gm": 14.374625296350779,
  "rpve_wm": 14.676715753841814,
  "size_x": 176,
  "size_y": 256,
  "size_z": 256,
  "snr_csf": 2.63410661064824,
  "snr_gm": 13.045472046053055,
  "snr_total": 12.093054999430933,
  "snr_wm": 20.599586341591504,
  "snrd_csf": 16.15356072917226,
  "snrd_gm": 40.95128976048817,
  "snrd_total": 36.50718669811366,
  "snrd_wm": 52.41670960468053,
  "spacing_x": 1.0000001192092896,
  "spacing_y": 1.0,
  "spacing_z": 1.0,
  "summary_bg_k": 2.7307517970810924,
  "summary_bg_mad": 12.499240903181176,
  "summary_bg_mean": 10.466388414008732,
  "summary_bg_median": 8.430609874427319,
  "summary_bg_n": 445565.0,
  "summary_bg_p05": 0.0,
  "summary_bg_p95": 26.63873179256916,
  "summary_bg_stdv": 10.250055822662857,
  "summary_csf_k": 7.784266771352845,
  "summary_csf_mad": 94.29900681394084,
  "summary_csf_mean": 331.41641840006247,
  "summary_csf_median": 308.1911704391241,
  "summary_csf_n": 21922.0,
  "summary_csf_p05": 187.86790998280048,
  "summary_csf_p95": 547.9347680456937,
  "summary_csf_stdv": 116.99759601468415,
  "summary_gm_k": 0.5342977769773509,
  "summary_gm_mad": 53.91684389597088,
  "summary_gm_mean": 777.9899007437847,
  "summary_gm_median": 781.3030287176371,
  "summary_gm_n": 9919.0,
  "summary_gm_p05": 676.6287760578095,
  "summary_gm_p95": 874.4936932526529,
  "summary_gm_stdv": 59.88772508988348,
  "summary_wm_k": 1.3864638714991742,
  "summary_wm_mad": 44.52392321724893,
  "summary_wm_mean": 1003.3936069393802,
  "summary_wm_median": 1000.049918062985,
  "summary_wm_n": 232010.0,
  "summary_wm_p05": 931.2581368982792,
  "summary_wm_p95": 1086.7006242871284,
  "summary_wm_stdv": 48.546982754426516,
  "tpm_overlap_csf": 0.15516820549964905,
  "tpm_overlap_gm": 0.3771946132183075,
  "tpm_overlap_wm": 0.4520564079284668,
  "wm2max": 0.5536647353856162
}