{
  "aor": 0.0032268456375838927,
  "aqi": 0.008159484362416106,
  "bids_meta": {
    "ConversionSoftware": "dcm2niix",
    "ConversionSoftwareVersion": "v1.0.20170411 GCC4.3.2",
    "EchoTime": 0.025,
    "ImageType": [
      "ORIGINAL"
    ],
    "Manufacturer": "Philips",
    "ManufacturersModelName": "N/A",
    "PhilipsRescaleIntercept": 0,
    "PhilipsRescaleSlope": 1.95409,
    "PhilipsScaleSlope": 0.00100501,
    "ProtocolName": "WIPANT_CSENSE",
    "RepetitionTime": 2.4,
    "SequenceVariant": "tfl3d1_ns",
    "SliceTiming": [
      0,
      0.06,
      0.11,
      0.17,
      0.22,
      0.28,
      0.33,
      0.39,
      0.45,
      0.5,
      0.56,
      0.61,
      0.67,
      0.73,
      0.78,
      0.84,
      0.89,
      0.95,
      1,
      1.06,
      1.12,
      1.17,
      1.23,
      1.28,
      1.34,
      1.4,
      1.45,
      1.51,
      1.56,
      1.62,
      1.67,
      1.73,
      1.79,
      1.84,
      1.9,
      1.95,
      2.01,
      2.07,
      2.12,
      2.18,
      2.23,
      2.29,
      2.34
    ],
    "TaskName": "ANT",
    "UsePhilipsFloatNotDisplayScaling": 1,
    "dataset": "ds001907",
    "modality": "bold",
    "run_id": 3,
    "session_id": "2",
    "subject_id": "RC4204",
    "task_id": "ANT"
  },
  "dummy_trs": 0,
  "dvars_nstd": 24.350563983783797,
  "dvars_std": 1.2384327566891888,
  "dvars_vstd": 0.9577984004054053,
  "efc": 0.40215503210035175,
  "fber": 1053160.125,
  "fd_mean": 0.28271979583836115,
  "fd_num": 111,
  "fd_perc": 74.49664429530202,
  "fwhm_avg": 1.9051944444444444,
  "fwhm_x": 1.8676666666666666,
  "fwhm_y": 2.067736666666667,
  "fwhm_z": 1.7801799999999999,
  "gcor": 0.0197263,
  "gsr_x": -0.021031543612480164,
  "gsr_y": 0.011704543605446815,
  "provenance": {
    "md5sum": "befd0a2c9e7ce1fbe3238ad85de6dd3b",
    "settings": {
      "fd_thres": 0.2,
      "testing": false
    },
    "software": "mriqc",
    "version": "21.0.0rc2",
    "webapi_port": null,
    "webapi_url": "https://mriqc.nimh.nih.gov/api/v1"
  },
  "size_t": 149,
  "size_x": 80,
  "size_y": 80,
  "size_z": 43,
  "snr": 4.575015707799417,
  "spacing_tr": 2.4000020027160645,
  "spacing_x": 3.0,
  "spacing_y": 3.0,
  "spacing_z": 3.0,
  "summary_bg_k": 82.348349688107,
  "summary_bg_mad": 565.0642593534121,
  "summary_bg_mean": 9193.623046875,
  "summary_bg_median": 385.1819763183594,
  "summary_bg_n": 194426.0,
  "summary_bg_p05": 1.9764078557491302,
  "summary_bg_p95": 48291.3505859375,
  "summary_bg_stdv": 26255.720703125,
  "summary_fg_k": 1.843445188040505,
  "summary_fg_mad": 66874.25566791368,
  "summary_fg_mean": 398159.75,
  "summary_fg_median": 382557.8125,
  "summary_fg_n": 36887.0,
  "summary_fg_p05": 288776.784375,
  "summary_fg_p95": 561956.7624999993,
  "summary_fg_stdv": 83617.7734375,
  "tsnr": 58.075321197509766
}