{
  "aor": 0.008685503355704697,
  "aqi": 0.006430660335570469,
  "bids_meta": {
    "ConversionSoftware": "dcm2niix",
    "ConversionSoftwareVersion": "v1.0.20170411 GCC4.3.2",
    "EchoTime": 0.025,
    "ImageType": [
      "ORIGINAL"
    ],
    "Manufacturer": "Philips",
    "ManufacturersModelName": "N/A",
    "PhilipsRescaleIntercept": 0,
    "PhilipsRescaleSlope": 2.6464,
    "PhilipsScaleSlope": 0.00101408,
    "ProtocolName": "WIPANT_BSENSE",
    "RepetitionTime": 2.4,
    "SequenceVariant": "tfl3d1_ns",
    "SliceTiming": [
      0,
      0.06,
      0.11,
      0.17,
      0.22,
      0.28,
      0.33,
      0.39,
      0.45,
      0.5,
      0.56,
      0.61,
      0.67,
      0.73,
      0.78,
      0.84,
      0.89,
      0.95,
      1,
      1.06,
      1.12,
      1.17,
      1.23,
      1.28,
      1.34,
      1.4,
      1.45,
      1.51,
      1.56,
      1.62,
      1.67,
      1.73,
      1.79,
      1.84,
      1.9,
      1.95,
      2.01,
      2.07,
      2.12,
      2.18,
      2.23,
      2.29,
      2.34
    ],
    "TaskName": "ANT",
    "UsePhilipsFloatNotDisplayScaling": 1,
    "dataset": "ds001907",
    "modality": "bold",
    "run_id": 2,
    "session_id": "2",
    "subject_id": "RC4204",
    "task_id": "ANT"
  },
  "dummy_trs": 0,
  "dvars_nstd": 24.779726350608104,
  "dvars_std": 1.3346893979729724,
  "dvars_vstd": 1.045004138513514,
  "efc": 0.3982675080419898,
  "fber": 6752374.5,
  "fd_mean": 0.3082887999133304,
  "fd_num": 100,
  "fd_perc": 67.11409395973155,
  "fwhm_avg": 1.9000766666666664,
  "fwhm_x": 1.8455966666666666,
  "fwhm_y": 2.0324633333333333,
  "fwhm_z": 1.82217,
  "gcor": 0.032862,
  "gsr_x": -0.0208562184125185,
  "gsr_y": 0.010892832651734352,
  "provenance": {
    "md5sum": "f174225583bd05e443609b5e49c48891",
    "settings": {
      "fd_thres": 0.2,
      "testing": false
    },
    "software": "mriqc",
    "version": "21.0.0rc2",
    "webapi_port": null,
    "webapi_url": "https://mriqc.nimh.nih.gov/api/v1"
  },
  "size_t": 149,
  "size_x": 80,
  "size_y": 80,
  "size_z": 43,
  "snr": 4.575823792750899,
  "spacing_tr": 2.4000020027160645,
  "spacing_x": 3.0,
  "spacing_y": 3.0,
  "spacing_z": 3.0,
  "summary_bg_k": 84.0465827901367,
  "summary_bg_mad": 218.0824613953202,
  "summary_bg_mean": 8731.64453125,
  "summary_bg_median": 149.3805389404297,
  "summary_bg_n": 194959.0,
  "summary_bg_p05": 2.0663737535476683,
  "summary_bg_p95": 46298.95078125001,
  "summary_bg_stdv": 25630.998046875,
  "summary_fg_k": 1.8397555003688932,
  "summary_fg_mad": 67264.92135248991,
  "summary_fg_mean": 395376.875,
  "summary_fg_median": 379991.0625,
  "summary_fg_n": 36418.0,
  "summary_fg_p05": 288319.73125,
  "summary_fg_p95": 556596.8093750001,
  "summary_fg_stdv": 83042.0625,
  "tsnr": 64.32394409179688
}