{
  "bids_meta": {
    "ConversionSoftware": "dcm2niix",
    "ConversionSoftwareVersion": "v1.0.20170411 GCC4.3.2",
    "EchoTime": 0.00352,
    "ImageType": [
      "ORIGINAL"
    ],
    "Manufacturer": "Philips",
    "ManufacturersModelName": "N/A",
    "PhilipsRescaleIntercept": 0,
    "PhilipsRescaleSlope": 7.97729,
    "PhilipsScaleSlope": 0.000343174,
    "ProtocolName": "WIPMPRAGE_S2SENSE",
    "RepetitionTime": 0.007658,
    "SequenceVariant": "tfl3d1_ns",
    "UsePhilipsFloatNotDisplayScaling": 1,
    "dataset": "ds001907",
    "modality": "T1w",
    "session_id": "2",
    "subject_id": "RC4219"
  },
  "cjv": 0.5140702303116088,
  "cnr": 2.4789138290497883,
  "efc": 0.728294645596024,
  "fber": 9332.826928245095,
  "fwhm_avg": 3.2374500686810457,
  "fwhm_x": 3.29292,
  "fwhm_y": 3.4568302060431364,
  "fwhm_z": 2.9626,
  "icvs_csf": 0.19610323057728948,
  "icvs_gm": 0.3866063232131416,
  "icvs_wm": 0.4172904462095689,
  "inu_med": 3.190284252166748,
  "inu_range": 0.768887996673584,
  "provenance": {
    "md5sum": "3f1f65bc4b6e1d2b77024c2701575f37",
    "settings": {
      "testing": false
    },
    "software": "mriqc",
    "version": "21.0.0rc2",
    "warnings": {
      "large_rot_frame": true,
      "small_air_mask": false
    },
    "webapi_port": null,
    "webapi_url": "https://mriqc.nimh.nih.gov/api/v1"
  },
  "qi_1": 0.0,
  "qi_2": 5.419126504908463e-06,
  "rpve_csf": 32.103273663732175,
  "rpve_gm": 16.389829240681312,
  "rpve_wm": 18.28833520384298,
  "size_x": 176,
  "size_y": 256,
  "size_z": 256,
  "snr_csf": 2.0535070711765644,
  "snr_gm": 13.842676174631741,
  "snr_total": 11.37666906018851,
  "snr_wm": 18.233823934757226,
  "snrd_csf": 26.61522016328408,
  "snrd_gm": 50.356376349001664,
  "snrd_total": 46.71175646385382,
  "snrd_wm": 63.163672879275715,
  "spacing_x": 1.0,
  "spacing_y": 0.9999999403953552,
  "spacing_z": 1.0,
  "summary_bg_k": 10.93761047113186,
  "summary_bg_mad": 10.372643327401285,
  "summary_bg_mean": 15.38597225501045,
  "summary_bg_median": 6.996241606771946,
  "summary_bg_n": 567319.0,
  "summary_bg_p05": 0.0,
  "summary_bg_p95": 54.98698981851339,
  "summary_bg_stdv": 19.133703045596288,
  "summary_csf_k": 8.094153242190306,
  "summary_csf_mad": 147.61728768417365,
  "summary_csf_mean": 450.36194223172765,
  "summary_csf_median": 421.3934614062309,
  "summary_csf_n": 6679.0,
  "summary_csf_p05": 222.49204713106155,
  "summary_csf_p95": 681.0002811603246,
  "summary_csf_stdv": 205.19136261590575,
  "summary_gm_k": 0.3772124555185088,
  "summary_gm_mad": 53.40625448736364,
  "summary_gm_mean": 800.5981074635775,
  "summary_gm_median": 797.28244227916,
  "summary_gm_n": 13878.0,
  "summary_gm_p05": 710.3208937123418,
  "summary_gm_p95": 902.1769192289561,
  "summary_gm_stdv": 57.593900703584374,
  "summary_wm_k": 0.6801983392312256,
  "summary_wm_mad": 50.83452473676828,
  "summary_wm_mean": 1006.9014006902534,
  "summary_wm_median": 1000.0578085184097,
  "summary_wm_n": 161649.0,
  "summary_wm_p05": 929.5171906650066,
  "summary_wm_p95": 1108.355002976954,
  "summary_wm_stdv": 54.84613204512748,
  "tpm_overlap_csf": 0.14065971970558167,
  "tpm_overlap_gm": 0.3926154673099518,
  "tpm_overlap_wm": 0.45287513732910156,
  "wm2max": 0.5356678574353719
}