{
  "bids_meta": {
    "ConversionSoftware": "dcm2niix",
    "ConversionSoftwareVersion": "v1.0.20170411 GCC4.3.2",
    "EchoTime": 0.00351,
    "ImageType": [
      "ORIGINAL"
    ],
    "Manufacturer": "Philips",
    "ManufacturersModelName": "N/A",
    "PhilipsRescaleIntercept": 0,
    "PhilipsRescaleSlope": 6.15995,
    "PhilipsScaleSlope": 0.000325532,
    "ProtocolName": "WIPMPRAGE_S2SENSE",
    "RepetitionTime": 0.007535,
    "SequenceVariant": "tfl3d1_ns",
    "UsePhilipsFloatNotDisplayScaling": 1,
    "dataset": "ds001907",
    "modality": "T1w",
    "session_id": "2",
    "subject_id": "RC4120"
  },
  "cjv": 0.5574024730115424,
  "cnr": 2.2496016229254674,
  "efc": 0.7485768957045718,
  "fber": 1457.5873687630383,
  "fwhm_avg": 3.33858,
  "fwhm_x": 3.46242,
  "fwhm_y": 3.43187,
  "fwhm_z": 3.12145,
  "icvs_csf": 0.19513749196073904,
  "icvs_gm": 0.37747732428876174,
  "icvs_wm": 0.4273851837504992,
  "inu_med": 2.692434072494507,
  "inu_range": 0.7559301853179932,
  "provenance": {
    "md5sum": "e07e79930603493d107463d0d5481ddd",
    "settings": {
      "testing": false
    },
    "software": "mriqc",
    "version": "21.0.0rc2",
    "warnings": {
      "large_rot_frame": true,
      "small_air_mask": false
    },
    "webapi_port": null,
    "webapi_url": "https://mriqc.nimh.nih.gov/api/v1"
  },
  "qi_1": 0.0,
  "qi_2": 3.5147930226274385e-06,
  "rpve_csf": 25.564888392857142,
  "rpve_gm": 12.965552095004128,
  "rpve_wm": 13.984860793688856,
  "size_x": 176,
  "size_y": 256,
  "size_z": 256,
  "snr_csf": 2.430064945340319,
  "snr_gm": 12.316392784117511,
  "snr_total": 10.179887829077872,
  "snr_wm": 15.793205757775784,
  "snrd_csf": 21.25156550078036,
  "snrd_gm": 54.452689682263824,
  "snrd_total": 48.412376880015586,
  "snrd_wm": 69.53287545700259,
  "spacing_x": 1.0,
  "spacing_y": 1.0,
  "spacing_z": 1.0,
  "summary_bg_k": 519.8547313473388,
  "summary_bg_mad": 9.422473002431586,
  "summary_bg_mean": 21.14851546562326,
  "summary_bg_median": 12.441427946090698,
  "summary_bg_n": 586526.0,
  "summary_bg_p05": 0.0,
  "summary_bg_p95": 76.04890155792236,
  "summary_bg_stdv": 35.2533377062554,
  "summary_csf_k": 4.40007382952125,
  "summary_csf_mad": 117.70106106427252,
  "summary_csf_mean": 334.4842111261425,
  "summary_csf_median": 305.64979910850525,
  "summary_csf_n": 15298.0,
  "summary_csf_p05": 178.9653629899025,
  "summary_csf_p95": 565.0508788347244,
  "summary_csf_stdv": 125.77433770645642,
  "summary_gm_k": 0.030777884119657095,
  "summary_gm_mad": 62.52369797376213,
  "summary_gm_mean": 782.9022752387606,
  "summary_gm_median": 783.1636526584625,
  "summary_gm_n": 12088.0,
  "summary_gm_p05": 678.1924705505371,
  "summary_gm_p95": 889.2470230221749,
  "summary_gm_stdv": 63.584465959659866,
  "summary_wm_k": 0.8291813863439654,
  "summary_wm_mad": 58.37142173540245,
  "summary_wm_mean": 1008.6572881837076,
  "summary_wm_median": 1000.0538272857666,
  "summary_wm_n": 201097.0,
  "summary_wm_p05": 920.611809015274,
  "summary_wm_p95": 1126.7301845550537,
  "summary_wm_stdv": 63.321617923844464,
  "tpm_overlap_csf": 0.16599982976913452,
  "tpm_overlap_gm": 0.4034217894077301,
  "tpm_overlap_wm": 0.4739077091217041,
  "wm2max": 0.4714744679677201
}