{
  "bids_meta": {
    "ConversionSoftware": "dcm2niix",
    "ConversionSoftwareVersion": "v1.0.20170411 GCC4.3.2",
    "EchoTime": 0.00352,
    "ImageType": [
      "ORIGINAL"
    ],
    "Manufacturer": "Philips",
    "ManufacturersModelName": "N/A",
    "PhilipsRescaleIntercept": 0,
    "PhilipsRescaleSlope": 8.70476,
    "PhilipsScaleSlope": 0.000333232,
    "ProtocolName": "WIPMPRAGE_S2SENSE",
    "RepetitionTime": 0.007643,
    "SequenceVariant": "tfl3d1_ns",
    "UsePhilipsFloatNotDisplayScaling": 1,
    "dataset": "ds001907",
    "modality": "T1w",
    "session_id": "2",
    "subject_id": "RC4206"
  },
  "cjv": 0.3972575735028719,
  "cnr": 3.2195472498783766,
  "efc": 0.7197717408383189,
  "fber": 9931.59885116598,
  "fwhm_avg": 3.3009966666666664,
  "fwhm_x": 3.34276,
  "fwhm_y": 3.45074,
  "fwhm_z": 3.10949,
  "icvs_csf": 0.1717776362616989,
  "icvs_gm": 0.41077879680097235,
  "icvs_wm": 0.41744356693732876,
  "inu_med": 3.3886587619781494,
  "inu_range": 0.9150997400283809,
  "provenance": {
    "md5sum": "1d16e69563c8e6ae4f06357de296d19f",
    "settings": {
      "testing": false
    },
    "software": "mriqc",
    "version": "21.0.0rc2",
    "warnings": {
      "large_rot_frame": true,
      "small_air_mask": false
    },
    "webapi_port": null,
    "webapi_url": "https://mriqc.nimh.nih.gov/api/v1"
  },
  "qi_1": 0.0027387785295891988,
  "qi_2": 1.5244710347574499e-05,
  "rpve_csf": 34.219816486385675,
  "rpve_gm": 15.195054890079764,
  "rpve_wm": 17.711188628453296,
  "size_x": 176,
  "size_y": 256,
  "size_z": 256,
  "snr_csf": 1.3246270830555822,
  "snr_gm": 12.428456400431235,
  "snr_total": 12.533365123945366,
  "snr_wm": 23.84701188834928,
  "snrd_csf": 19.55740415248842,
  "snrd_gm": 51.823029496949445,
  "snrd_total": 46.53952993720466,
  "snrd_wm": 68.23815616217613,
  "spacing_x": 1.0,
  "spacing_y": 1.0,
  "spacing_z": 1.0,
  "summary_bg_k": 4.9093249882161025,
  "summary_bg_mad": 9.600734094119796,
  "summary_bg_mean": 9.47790355565038,
  "summary_bg_median": 6.4755967408418655,
  "summary_bg_n": 433561.0,
  "summary_bg_p05": 0.0,
  "summary_bg_p95": 26.62189771234989,
  "summary_bg_stdv": 9.521363402668957,
  "summary_csf_k": 14.63079927023987,
  "summary_csf_mad": 107.83046718673437,
  "summary_csf_mean": 350.78080045898633,
  "summary_csf_median": 286.6051150113344,
  "summary_csf_n": 12830.0,
  "summary_csf_p05": 180.35136515535416,
  "summary_csf_p95": 607.6957806291053,
  "summary_csf_stdv": 216.35821064326012,
  "summary_gm_k": 0.3123783925013628,
  "summary_gm_mad": 57.69330025077544,
  "summary_gm_mean": 755.6315092299993,
  "summary_gm_median": 759.4435955509543,
  "summary_gm_n": 14819.0,
  "summary_gm_p05": 650.0719657827169,
  "summary_gm_p95": 851.1272527400404,
  "summary_gm_stdv": 61.10316089693428,
  "summary_wm_k": 1.4022637439298853,
  "summary_wm_mad": 37.86956226013919,
  "summary_wm_mean": 1002.875447764236,
  "summary_wm_median": 1000.0000226274133,
  "summary_wm_n": 166626.0,
  "summary_wm_p05": 940.6403858363628,
  "summary_wm_p95": 1074.829140521586,
  "summary_wm_stdv": 41.93385010132965,
  "tpm_overlap_csf": 0.17906533181667328,
  "tpm_overlap_gm": 0.43064743280410767,
  "tpm_overlap_wm": 0.48145195841789246,
  "wm2max": 0.5689819868995634
}