{
  "bids_meta": {
    "ConversionSoftware": "dcm2niix",
    "ConversionSoftwareVersion": "v1.0.20170411 GCC4.3.2",
    "EchoTime": 0.00352,
    "ImageType": [
      "ORIGINAL"
    ],
    "Manufacturer": "Philips",
    "ManufacturersModelName": "N/A",
    "PhilipsRescaleIntercept": 0,
    "PhilipsRescaleSlope": 7.54042,
    "PhilipsScaleSlope": 0.00035327,
    "ProtocolName": "WIPMPRAGE_S2SENSE",
    "RepetitionTime": 0.007651,
    "SequenceVariant": "tfl3d1_ns",
    "UsePhilipsFloatNotDisplayScaling": 1,
    "dataset": "ds001907",
    "modality": "T1w",
    "session_id": "2",
    "subject_id": "RC4220"
  },
  "cjv": 0.39465206007532627,
  "cnr": 2.8202689033484396,
  "efc": 0.6876619465640442,
  "fber": 9614.556745562131,
  "fwhm_avg": 3.3781567357881905,
  "fwhm_x": 3.479000207364572,
  "fwhm_y": 3.51019,
  "fwhm_z": 3.14528,
  "icvs_csf": 0.1908892306632697,
  "icvs_gm": 0.3857711138271128,
  "icvs_wm": 0.42333965550961744,
  "inu_med": 2.982004404067993,
  "inu_range": 0.8314658641815185,
  "provenance": {
    "md5sum": "3461928e45ed927744bc61546c949911",
    "settings": {
      "testing": false
    },
    "software": "mriqc",
    "version": "21.0.0rc2",
    "warnings": {
      "large_rot_frame": true,
      "small_air_mask": false
    },
    "webapi_port": null,
    "webapi_url": "https://mriqc.nimh.nih.gov/api/v1"
  },
  "qi_1": 0.0,
  "qi_2": 1.101799756430993e-05,
  "rpve_csf": 33.688525119747204,
  "rpve_gm": 16.85957699173417,
  "rpve_wm": 18.67523879979273,
  "size_x": 176,
  "size_y": 256,
  "size_z": 256,
  "snr_csf": 2.4681146696538843,
  "snr_gm": 14.160841781993513,
  "snr_total": 11.782669556789829,
  "snr_wm": 18.71905221872209,
  "snrd_csf": 19.7658850392794,
  "snrd_gm": 47.54591670977819,
  "snrd_total": 42.95580362602423,
  "snrd_wm": 61.555609129015096,
  "spacing_x": 0.9999999403953552,
  "spacing_y": 1.0,
  "spacing_z": 1.0,
  "summary_bg_k": 1868.0989599543998,
  "summary_bg_mad": 10.643000352119726,
  "summary_bg_mean": 14.40754828447776,
  "summary_bg_median": 7.178594648838043,
  "summary_bg_n": 497872.0,
  "summary_bg_p05": 0.0,
  "summary_bg_p95": 43.45225094258785,
  "summary_bg_stdv": 26.14686194066495,
  "summary_csf_k": 6.203738673548186,
  "summary_csf_mad": 128.07883378289534,
  "summary_csf_mean": 345.8083941342456,
  "summary_csf_median": 321.10615230351686,
  "summary_csf_n": 11938.0,
  "summary_csf_p05": 190.0532933279872,
  "summary_csf_p95": 571.2584224984049,
  "summary_csf_stdv": 130.0963472486673,
  "summary_gm_k": 0.7589999864493513,
  "summary_gm_mad": 49.344819814373274,
  "summary_gm_mean": 772.923030922977,
  "summary_gm_median": 772.4059075564146,
  "summary_gm_n": 10604.0,
  "summary_gm_p05": 681.7027326695621,
  "summary_gm_p95": 861.7957259222866,
  "summary_gm_stdv": 54.54262522603046,
  "summary_wm_k": 2.9386577793973503,
  "summary_wm_mad": 40.4756528542735,
  "summary_wm_mean": 1009.2698896394122,
  "summary_wm_median": 999.9999879002571,
  "summary_wm_n": 172595.0,
  "summary_wm_p05": 941.8098646104336,
  "summary_wm_p95": 1113.715453132987,
  "summary_wm_stdv": 53.42135270826568,
  "tpm_overlap_csf": 0.17370136082172394,
  "tpm_overlap_gm": 0.403298556804657,
  "tpm_overlap_wm": 0.46963274478912354,
  "wm2max": 0.5101259501747767
}