{
  "aor": 0.0029604026845637585,
  "aqi": 0.004406908590604027,
  "bids_meta": {
    "AcquisitionDateTime": "2013-08-09T08:33:25.920000",
    "BodyPartExamined": "BRAIN",
    "ConversionSoftware": "dcm2niix",
    "ConversionSoftwareVersion": "v1.0.20170411 GCC4.3.2",
    "EchoTime": 0.025,
    "FlipAngle": 79,
    "ImageType": [
      "ORIGINAL",
      "PRIMARY",
      "M",
      "FFE",
      "M",
      "FFE"
    ],
    "MagneticFieldStrength": 3,
    "Manufacturer": "Philips",
    "ManufacturersModelName": "Achieva",
    "PhilipsRescaleIntercept": 0,
    "PhilipsRescaleSlope": 2.23614,
    "PhilipsScaleSlope": 0.000931397,
    "ProcedureStepDescription": "UDALL",
    "ProtocolName": "WIP_ANT_D_SENSE",
    "RepetitionTime": 2.4,
    "ScanningSequence": "GR",
    "SequenceVariant": "SK",
    "SeriesDescription": "ANT_D",
    "SliceTiming": [
      0,
      0.06,
      0.11,
      0.17,
      0.22,
      0.28,
      0.33,
      0.39,
      0.45,
      0.5,
      0.56,
      0.61,
      0.67,
      0.73,
      0.78,
      0.84,
      0.89,
      0.95,
      1,
      1.06,
      1.12,
      1.17,
      1.23,
      1.28,
      1.34,
      1.4,
      1.45,
      1.51,
      1.56,
      1.62,
      1.67,
      1.73,
      1.79,
      1.84,
      1.9,
      1.95,
      2.01,
      2.07,
      2.12,
      2.18,
      2.23,
      2.29,
      2.34
    ],
    "TaskName": "ANT",
    "UsePhilipsFloatNotDisplayScaling": 1,
    "dataset": "ds001907",
    "modality": "bold",
    "run_id": 4,
    "session_id": "1",
    "subject_id": "RC4225",
    "task_id": "ANT"
  },
  "dummy_trs": 0,
  "dvars_nstd": 24.702895563581073,
  "dvars_std": 1.2987400356756755,
  "dvars_vstd": 1.0136676661486488,
  "efc": 0.4304560006576943,
  "fber": 558536.0625,
  "fd_mean": 0.2246649311746025,
  "fd_num": 66,
  "fd_perc": 44.29530201342282,
  "fwhm_avg": 2.0270711111111113,
  "fwhm_x": 1.9646633333333332,
  "fwhm_y": 2.1470366666666667,
  "fwhm_z": 1.9695133333333334,
  "gcor": 0.0355667,
  "gsr_x": -0.006116420961916447,
  "gsr_y": 0.02063470147550106,
  "provenance": {
    "md5sum": "b9ab0877588404f3bd304a6f6d407fd7",
    "settings": {
      "fd_thres": 0.2,
      "testing": false
    },
    "software": "mriqc",
    "version": "21.0.0rc2",
    "webapi_port": null,
    "webapi_url": "https://mriqc.nimh.nih.gov/api/v1"
  },
  "size_t": 149,
  "size_x": 80,
  "size_y": 80,
  "size_z": 43,
  "snr": 4.176833601127339,
  "spacing_tr": 2.4000020027160645,
  "spacing_x": 3.0,
  "spacing_y": 3.0,
  "spacing_z": 3.0,
  "summary_bg_k": 59.06406661692971,
  "summary_bg_mad": 836.1262341020483,
  "summary_bg_mean": 11587.2294921875,
  "summary_bg_median": 568.8212890625,
  "summary_bg_n": 186699.0,
  "summary_bg_p05": 2.9966941356658934,
  "summary_bg_p95": 62552.395703125054,
  "summary_bg_stdv": 31786.365234375,
  "summary_fg_k": 1.346359674556365,
  "summary_fg_mad": 77768.69475740881,
  "summary_fg_mean": 452065.34375,
  "summary_fg_median": 426541.875,
  "summary_fg_n": 42670.0,
  "summary_fg_p05": 332105.4171875,
  "summary_fg_p95": 666439.30625,
  "summary_fg_stdv": 102119.671875,
  "tsnr": 78.92991638183594
}