{
  "aor": 0.0008875167785234899,
  "aqi": 0.002560336711409396,
  "bids_meta": {
    "ConversionSoftware": "dcm2niix",
    "ConversionSoftwareVersion": "v1.0.20170411 GCC4.3.2",
    "EchoTime": 0.025,
    "ImageType": [
      "ORIGINAL"
    ],
    "Manufacturer": "Philips",
    "ManufacturersModelName": "N/A",
    "PhilipsRescaleIntercept": 0,
    "PhilipsRescaleSlope": 2.06105,
    "PhilipsScaleSlope": 0.000777176,
    "ProtocolName": "WIPANT_CSENSE",
    "RepetitionTime": 2.4,
    "SequenceVariant": "tfl3d1_ns",
    "SliceTiming": [
      0,
      0.06,
      0.11,
      0.17,
      0.22,
      0.28,
      0.33,
      0.39,
      0.45,
      0.5,
      0.56,
      0.61,
      0.67,
      0.73,
      0.78,
      0.84,
      0.89,
      0.95,
      1,
      1.06,
      1.12,
      1.17,
      1.23,
      1.28,
      1.34,
      1.4,
      1.45,
      1.51,
      1.56,
      1.62,
      1.67,
      1.73,
      1.79,
      1.84,
      1.9,
      1.95,
      2.01,
      2.07,
      2.12,
      2.18,
      2.23,
      2.29,
      2.34
    ],
    "TaskName": "ANT",
    "UsePhilipsFloatNotDisplayScaling": 1,
    "dataset": "ds001907",
    "modality": "bold",
    "run_id": 3,
    "session_id": "1",
    "subject_id": "RC4201",
    "task_id": "ANT"
  },
  "dummy_trs": 0,
  "dvars_nstd": 21.35286963952702,
  "dvars_std": 1.2719818682432438,
  "dvars_vstd": 0.991273164527027,
  "efc": 0.4326610624750794,
  "fber": 597639.5,
  "fd_mean": 0.17785131112391403,
  "fd_num": 45,
  "fd_perc": 30.201342281879196,
  "fwhm_avg": 2.098003333333333,
  "fwhm_x": 1.9929566666666665,
  "fwhm_y": 2.2394700000000003,
  "fwhm_z": 2.0615833333333335,
  "gcor": 0.0795245,
  "gsr_x": -0.01171950250864029,
  "gsr_y": 0.017491862177848816,
  "provenance": {
    "md5sum": "e2f56163895efae3bfcdcebd6b092e89",
    "settings": {
      "fd_thres": 0.2,
      "testing": false
    },
    "software": "mriqc",
    "version": "21.0.0rc2",
    "webapi_port": null,
    "webapi_url": "https://mriqc.nimh.nih.gov/api/v1"
  },
  "size_t": 149,
  "size_x": 80,
  "size_y": 80,
  "size_z": 43,
  "snr": 3.9325203236343387,
  "spacing_tr": 2.4000020027160645,
  "spacing_x": 3.0,
  "spacing_y": 3.0,
  "spacing_z": 3.0,
  "summary_bg_k": 77.2724956910033,
  "summary_bg_mad": 1148.00299409047,
  "summary_bg_mean": 14377.5908203125,
  "summary_bg_median": 783.8175048828125,
  "summary_bg_n": 184654.0,
  "summary_bg_p05": 6.168897676467895,
  "summary_bg_p95": 73775.61015625006,
  "summary_bg_stdv": 41383.26171875,
  "summary_fg_k": 1.4133434789587325,
  "summary_fg_mad": 123197.1556659583,
  "summary_fg_mean": 627841.125,
  "summary_fg_median": 596082.875,
  "summary_fg_n": 45012.0,
  "summary_fg_p05": 437504.415625,
  "summary_fg_p95": 939760.1781249999,
  "summary_fg_stdv": 151576.140625,
  "tsnr": 88.75863647460938
}