{
  "aor": 0.0005996644295302012,
  "aqi": 0.002095801006711409,
  "bids_meta": {
    "ConversionSoftware": "dcm2niix",
    "ConversionSoftwareVersion": "v1.0.20170411 GCC4.3.2",
    "EchoTime": 0.025,
    "ImageType": [
      "ORIGINAL"
    ],
    "Manufacturer": "Philips",
    "ManufacturersModelName": "N/A",
    "PhilipsRescaleIntercept": 0,
    "PhilipsRescaleSlope": 1.74359,
    "PhilipsScaleSlope": 0.000778563,
    "ProtocolName": "WIPANT_FSENSE",
    "RepetitionTime": 2.4,
    "SequenceVariant": "tfl3d1_ns",
    "SliceTiming": [
      0,
      0.06,
      0.11,
      0.17,
      0.22,
      0.28,
      0.33,
      0.39,
      0.45,
      0.5,
      0.56,
      0.61,
      0.67,
      0.73,
      0.78,
      0.84,
      0.89,
      0.95,
      1,
      1.06,
      1.12,
      1.17,
      1.23,
      1.28,
      1.34,
      1.4,
      1.45,
      1.51,
      1.56,
      1.62,
      1.67,
      1.73,
      1.79,
      1.84,
      1.9,
      1.95,
      2.01,
      2.07,
      2.12,
      2.18,
      2.23,
      2.29,
      2.34
    ],
    "TaskName": "ANT",
    "UsePhilipsFloatNotDisplayScaling": 1,
    "dataset": "ds001907",
    "modality": "bold",
    "run_id": 6,
    "session_id": "1",
    "subject_id": "RC4201",
    "task_id": "ANT"
  },
  "dummy_trs": 0,
  "dvars_nstd": 21.456306714864866,
  "dvars_std": 1.2952880652702703,
  "dvars_vstd": 0.9921803882432427,
  "efc": 0.433790345726112,
  "fber": 495486.8125,
  "fd_mean": 0.17718814987504167,
  "fd_num": 47,
  "fd_perc": 31.543624161073826,
  "fwhm_avg": 2.1050622222222217,
  "fwhm_x": 1.99526,
  "fwhm_y": 2.2479366666666665,
  "fwhm_z": 2.07199,
  "gcor": 0.0244572,
  "gsr_x": -0.011645421385765076,
  "gsr_y": 0.017551690340042114,
  "provenance": {
    "md5sum": "376876f2e470039fd332968850516d8f",
    "settings": {
      "fd_thres": 0.2,
      "testing": false
    },
    "software": "mriqc",
    "version": "21.0.0rc2",
    "webapi_port": null,
    "webapi_url": "https://mriqc.nimh.nih.gov/api/v1"
  },
  "size_t": 149,
  "size_x": 80,
  "size_y": 80,
  "size_z": 43,
  "snr": 3.9213917405355514,
  "spacing_tr": 2.4000020027160645,
  "spacing_x": 3.0,
  "spacing_y": 3.0,
  "spacing_z": 3.0,
  "summary_bg_k": 75.99272866572397,
  "summary_bg_mad": 1263.1401119259772,
  "summary_bg_mean": 14353.47265625,
  "summary_bg_median": 862.1558227539062,
  "summary_bg_n": 184305.0,
  "summary_bg_p05": 6.075003528594971,
  "summary_bg_p95": 72937.5343749999,
  "summary_bg_stdv": 41349.3125,
  "summary_fg_k": 1.3508135320603438,
  "summary_fg_mad": 124007.9769198632,
  "summary_fg_mean": 625977.6875,
  "summary_fg_median": 594404.5,
  "summary_fg_n": 45324.0,
  "summary_fg_p05": 435269.00625,
  "summary_fg_p95": 936994.234375,
  "summary_fg_stdv": 151578.3125,
  "tsnr": 97.21543884277344
}