{
  "aor": 0.003766510067114094,
  "aqi": 0.004912114026845636,
  "bids_meta": {
    "ConversionSoftware": "dcm2niix",
    "ConversionSoftwareVersion": "v1.0.20170411 GCC4.3.2",
    "EchoTime": 0.025,
    "ImageType": [
      "ORIGINAL"
    ],
    "Manufacturer": "Philips",
    "ManufacturersModelName": "N/A",
    "PhilipsRescaleIntercept": 0,
    "PhilipsRescaleSlope": 1.61734,
    "PhilipsScaleSlope": 0.000871037,
    "ProtocolName": "WIPANT_CSENSE",
    "RepetitionTime": 2.4,
    "SequenceVariant": "tfl3d1_ns",
    "SliceTiming": [
      0,
      0.06,
      0.11,
      0.17,
      0.22,
      0.28,
      0.33,
      0.39,
      0.45,
      0.5,
      0.56,
      0.61,
      0.67,
      0.73,
      0.78,
      0.84,
      0.89,
      0.95,
      1,
      1.06,
      1.12,
      1.17,
      1.23,
      1.28,
      1.34,
      1.4,
      1.45,
      1.51,
      1.56,
      1.62,
      1.67,
      1.73,
      1.79,
      1.84,
      1.9,
      1.95,
      2.01,
      2.07,
      2.12,
      2.18,
      2.23,
      2.29,
      2.34
    ],
    "TaskName": "ANT",
    "UsePhilipsFloatNotDisplayScaling": 1,
    "dataset": "ds001907",
    "modality": "bold",
    "run_id": 3,
    "session_id": "2",
    "subject_id": "RC4120",
    "task_id": "ANT"
  },
  "dummy_trs": 0,
  "dvars_nstd": 25.30732278574325,
  "dvars_std": 1.3952449112162157,
  "dvars_vstd": 1.0113549726351352,
  "efc": 0.4390057148653201,
  "fber": 201101.265625,
  "fd_mean": 0.15299659051334652,
  "fd_num": 30,
  "fd_perc": 20.13422818791946,
  "fwhm_avg": 2.0289011111111113,
  "fwhm_x": 1.9706333333333335,
  "fwhm_y": 2.153723333333333,
  "fwhm_z": 1.9623466666666667,
  "gcor": 0.0116342,
  "gsr_x": -0.007275396026670933,
  "gsr_y": 0.02388165518641472,
  "provenance": {
    "md5sum": "4353707ea297976c1c90ecb1f5c7f20e",
    "settings": {
      "fd_thres": 0.2,
      "testing": false
    },
    "software": "mriqc",
    "version": "21.0.0rc2",
    "webapi_port": null,
    "webapi_url": "https://mriqc.nimh.nih.gov/api/v1"
  },
  "size_t": 149,
  "size_x": 80,
  "size_y": 80,
  "size_z": 43,
  "snr": 4.498562752179479,
  "spacing_tr": 2.4000020027160645,
  "spacing_x": 3.0,
  "spacing_y": 3.0,
  "spacing_z": 3.0,
  "summary_bg_k": 100.29448881647095,
  "summary_bg_mad": 1765.7492388650453,
  "summary_bg_mean": 13044.6767578125,
  "summary_bg_median": 1229.8782958984375,
  "summary_bg_n": 183765.0,
  "summary_bg_p05": 18.25376701354981,
  "summary_bg_p95": 66601.76718749982,
  "summary_bg_stdv": 36245.51953125,
  "summary_fg_k": 1.9334423816098898,
  "summary_fg_mad": 96522.94101737443,
  "summary_fg_mean": 560848.625,
  "summary_fg_median": 537005.875,
  "summary_fg_n": 45764.0,
  "summary_fg_p05": 411680.2265625,
  "summary_fg_p95": 795465.6374999998,
  "summary_fg_stdv": 119371.4609375,
  "tsnr": 76.22428131103516
}