{
  "aor": 0.0020525503355704696,
  "aqi": 0.00872162812080537,
  "bids_meta": {
    "ConversionSoftware": "dcm2niix",
    "ConversionSoftwareVersion": "v1.0.20170411 GCC4.3.2",
    "EchoTime": 0.025,
    "ImageType": [
      "ORIGINAL"
    ],
    "Manufacturer": "Philips",
    "ManufacturersModelName": "N/A",
    "PhilipsRescaleIntercept": 0,
    "PhilipsRescaleSlope": 2.06618,
    "PhilipsScaleSlope": 0.000878925,
    "ProtocolName": "WIPANT_ESENSE",
    "RepetitionTime": 2.4,
    "SequenceVariant": "tfl3d1_ns",
    "SliceTiming": [
      0,
      0.06,
      0.11,
      0.17,
      0.22,
      0.28,
      0.33,
      0.39,
      0.45,
      0.5,
      0.56,
      0.61,
      0.67,
      0.73,
      0.78,
      0.84,
      0.89,
      0.95,
      1,
      1.06,
      1.12,
      1.17,
      1.23,
      1.28,
      1.34,
      1.4,
      1.45,
      1.51,
      1.56,
      1.62,
      1.67,
      1.73,
      1.79,
      1.84,
      1.9,
      1.95,
      2.01,
      2.07,
      2.12,
      2.18,
      2.23,
      2.29,
      2.34
    ],
    "TaskName": "ANT",
    "UsePhilipsFloatNotDisplayScaling": 1,
    "dataset": "ds001907",
    "modality": "bold",
    "run_id": 5,
    "session_id": "2",
    "subject_id": "RC4120",
    "task_id": "ANT"
  },
  "dummy_trs": 0,
  "dvars_nstd": 27.857808873445936,
  "dvars_std": 1.2435689752027035,
  "dvars_vstd": 0.9767968418918922,
  "efc": 0.440248324010988,
  "fber": 184521.296875,
  "fd_mean": 0.25730160738418595,
  "fd_num": 78,
  "fd_perc": 52.348993288590606,
  "fwhm_avg": 2.02096,
  "fwhm_x": 1.9642533333333334,
  "fwhm_y": 2.1396933333333332,
  "fwhm_z": 1.9589333333333334,
  "gcor": 0.00911981,
  "gsr_x": -0.007125778589397669,
  "gsr_y": 0.022375090047717094,
  "provenance": {
    "md5sum": "d7d5432b8142efacb2482b7011900cf9",
    "settings": {
      "fd_thres": 0.2,
      "testing": false
    },
    "software": "mriqc",
    "version": "21.0.0rc2",
    "webapi_port": null,
    "webapi_url": "https://mriqc.nimh.nih.gov/api/v1"
  },
  "size_t": 149,
  "size_x": 80,
  "size_y": 80,
  "size_z": 43,
  "snr": 4.49457975136906,
  "spacing_tr": 2.4000020027160645,
  "spacing_x": 3.0,
  "spacing_y": 3.0,
  "spacing_z": 3.0,
  "summary_bg_k": 76.58328167323212,
  "summary_bg_mad": 1810.5986912130616,
  "summary_bg_mean": 13549.7392578125,
  "summary_bg_median": 1263.951904296875,
  "summary_bg_n": 184013.0,
  "summary_bg_p05": 19.36040496826172,
  "summary_bg_p95": 72109.284375,
  "summary_bg_stdv": 35617.5390625,
  "summary_fg_k": 2.1989689782171418,
  "summary_fg_mad": 94682.26719744004,
  "summary_fg_mean": 556224.3125,
  "summary_fg_median": 532412.625,
  "summary_fg_n": 45535.0,
  "summary_fg_p05": 410220.284375,
  "summary_fg_p95": 787683.85625,
  "summary_fg_stdv": 118455.296875,
  "tsnr": 61.371612548828125
}