{
  "aor": 0.0012390604026845638,
  "aqi": 0.004000975637583892,
  "bids_meta": {
    "ConversionSoftware": "dcm2niix",
    "ConversionSoftwareVersion": "v1.0.20170411 GCC4.3.2",
    "EchoTime": 0.025,
    "ImageType": [
      "ORIGINAL"
    ],
    "Manufacturer": "Philips",
    "ManufacturersModelName": "N/A",
    "PhilipsRescaleIntercept": 0,
    "PhilipsRescaleSlope": 2.0083,
    "PhilipsScaleSlope": 0.000859521,
    "ProtocolName": "WIPANT_FSENSE",
    "RepetitionTime": 2.4,
    "SequenceVariant": "tfl3d1_ns",
    "SliceTiming": [
      0,
      0.06,
      0.11,
      0.17,
      0.22,
      0.28,
      0.33,
      0.39,
      0.45,
      0.5,
      0.56,
      0.61,
      0.67,
      0.73,
      0.78,
      0.84,
      0.89,
      0.95,
      1,
      1.06,
      1.12,
      1.17,
      1.23,
      1.28,
      1.34,
      1.4,
      1.45,
      1.51,
      1.56,
      1.62,
      1.67,
      1.73,
      1.79,
      1.84,
      1.9,
      1.95,
      2.01,
      2.07,
      2.12,
      2.18,
      2.23,
      2.29,
      2.34
    ],
    "TaskName": "ANT",
    "UsePhilipsFloatNotDisplayScaling": 1,
    "dataset": "ds001907",
    "modality": "bold",
    "run_id": 6,
    "session_id": "1",
    "subject_id": "RC4125",
    "task_id": "ANT"
  },
  "dummy_trs": 0,
  "dvars_nstd": 25.45598339398648,
  "dvars_std": 1.277031273175675,
  "dvars_vstd": 0.9880681645945949,
  "efc": 0.43757676822404695,
  "fber": 1400566.625,
  "fd_mean": 0.21913652721872223,
  "fd_num": 61,
  "fd_perc": 40.939597315436245,
  "fwhm_avg": 2.21883,
  "fwhm_x": 2.0973866666666665,
  "fwhm_y": 2.3878,
  "fwhm_z": 2.1713033333333334,
  "gcor": 0.0275128,
  "gsr_x": -0.019332556053996086,
  "gsr_y": 0.036328282207250595,
  "provenance": {
    "md5sum": "6baa581e4c2994d5c94d7451ae0479cf",
    "settings": {
      "fd_thres": 0.2,
      "testing": false
    },
    "software": "mriqc",
    "version": "21.0.0rc2",
    "webapi_port": null,
    "webapi_url": "https://mriqc.nimh.nih.gov/api/v1"
  },
  "size_t": 149,
  "size_x": 80,
  "size_y": 80,
  "size_z": 43,
  "snr": 4.098978269005662,
  "spacing_tr": 2.4000020027160645,
  "spacing_x": 3.0,
  "spacing_y": 3.0,
  "spacing_z": 3.0,
  "summary_bg_k": 80.29093293029581,
  "summary_bg_mad": 629.5950336011362,
  "summary_bg_mean": 14035.826171875,
  "summary_bg_median": 429.21551513671875,
  "summary_bg_n": 183895.0,
  "summary_bg_p05": 2.9070227622985843,
  "summary_bg_p95": 77111.884375,
  "summary_bg_stdv": 44499.3828125,
  "summary_fg_k": 1.8359989907039482,
  "summary_fg_mad": 100871.8998031043,
  "summary_fg_mean": 542084.6875,
  "summary_fg_median": 517311.3125,
  "summary_fg_n": 44747.0,
  "summary_fg_p05": 389272.690625,
  "summary_fg_p95": 807127.6625,
  "summary_fg_stdv": 126203.53125,
  "tsnr": 79.80229187011719
}