{
  "bids_meta": {
    "ConversionSoftware": "dcm2niix",
    "ConversionSoftwareVersion": "v1.0.20170411 GCC4.3.2",
    "EchoTime": 0.00351,
    "ImageType": [
      "ORIGINAL"
    ],
    "Manufacturer": "Philips",
    "ManufacturersModelName": "N/A",
    "PhilipsRescaleIntercept": 0,
    "PhilipsRescaleSlope": 8.13895,
    "PhilipsScaleSlope": 0.000344715,
    "ProtocolName": "WIPMPRAGE_S2SENSE",
    "RepetitionTime": 0.007632,
    "SequenceVariant": "tfl3d1_ns",
    "UsePhilipsFloatNotDisplayScaling": 1,
    "dataset": "ds001907",
    "modality": "T1w",
    "session_id": "2",
    "subject_id": "RC4224"
  },
  "cjv": 0.5002170963305858,
  "cnr": 2.364829651219705,
  "efc": 0.7210272471147249,
  "fber": 2351.9108513863757,
  "fwhm_avg": 3.1389766666666663,
  "fwhm_x": 3.32522,
  "fwhm_y": 3.23185,
  "fwhm_z": 2.85986,
  "icvs_csf": 0.20794452701077853,
  "icvs_gm": 0.38460064138129757,
  "icvs_wm": 0.4074548316079239,
  "inu_med": 2.6912550926208496,
  "inu_range": 0.7066349983215328,
  "provenance": {
    "md5sum": "75124c149055296322d5728422a971db",
    "settings": {
      "testing": false
    },
    "software": "mriqc",
    "version": "21.0.0rc2",
    "warnings": {
      "large_rot_frame": true,
      "small_air_mask": false
    },
    "webapi_port": null,
    "webapi_url": "https://mriqc.nimh.nih.gov/api/v1"
  },
  "qi_1": 0.0,
  "qi_2": 6.603718256063403e-06,
  "rpve_csf": 30.208859008775235,
  "rpve_gm": 15.897329125003315,
  "rpve_wm": 18.147781221675,
  "size_x": 176,
  "size_y": 256,
  "size_z": 256,
  "snr_csf": 2.917940426824314,
  "snr_gm": 12.809867072278601,
  "snr_total": 9.945933787513773,
  "snr_wm": 14.109993863438408,
  "snrd_csf": 22.264323163280935,
  "snrd_gm": 46.41261949486417,
  "snrd_total": 42.941252135625696,
  "snrd_wm": 60.14681374873199,
  "spacing_x": 1.0,
  "spacing_y": 1.0,
  "spacing_z": 1.0,
  "summary_bg_k": 11.723447813049075,
  "summary_bg_mad": 10.892828180253632,
  "summary_bg_mean": 20.04539665258192,
  "summary_bg_median": 14.197776176035404,
  "summary_bg_n": 526301.0,
  "summary_bg_p05": 0.0,
  "summary_bg_p95": 73.5206521563232,
  "summary_bg_stdv": 25.93292327503607,
  "summary_csf_k": 0.2860600094920387,
  "summary_csf_mad": 128.21153168920154,
  "summary_csf_mean": 379.4355029403407,
  "summary_csf_median": 370.1846746318042,
  "summary_csf_n": 7253.0,
  "summary_csf_p05": 194.23153519704937,
  "summary_csf_p95": 598.3518734440206,
  "summary_csf_stdv": 126.85630965303214,
  "summary_gm_k": 0.4785124287905025,
  "summary_gm_mad": 56.89294718470309,
  "summary_gm_mean": 772.1490552203431,
  "summary_gm_median": 771.6938134841621,
  "summary_gm_n": 8551.0,
  "summary_gm_p05": 673.5504446029663,
  "summary_gm_p95": 871.9718130491674,
  "summary_gm_stdv": 60.238617996209435,
  "summary_wm_k": 2.7895249928752035,
  "summary_wm_mad": 57.334548327145804,
  "summary_wm_mean": 1010.5982810264013,
  "summary_wm_median": 1000.0496540777385,
  "summary_wm_n": 148147.0,
  "summary_wm_p05": 916.7990574091673,
  "summary_wm_p95": 1141.3324198015034,
  "summary_wm_stdv": 70.87503287082262,
  "tpm_overlap_csf": 0.13877956569194794,
  "tpm_overlap_gm": 0.3806946873664856,
  "tpm_overlap_wm": 0.44822123646736145,
  "wm2max": 0.5234642968506392
}