{
  "bids_meta": {
    "ConversionSoftware": "dcm2niix",
    "ConversionSoftwareVersion": "v1.0.20170411 GCC4.3.2",
    "EchoTime": 0.00351,
    "ImageType": [
      "ORIGINAL"
    ],
    "Manufacturer": "Philips",
    "ManufacturersModelName": "N/A",
    "PhilipsRescaleIntercept": 0,
    "PhilipsRescaleSlope": 6.35092,
    "PhilipsScaleSlope": 0.000331133,
    "ProtocolName": "WIPMPRAGE_S2SENSE",
    "RepetitionTime": 0.007598,
    "SequenceVariant": "tfl3d1_ns",
    "UsePhilipsFloatNotDisplayScaling": 1,
    "dataset": "ds001907",
    "modality": "T1w",
    "session_id": "1",
    "subject_id": "RC4207"
  },
  "cjv": 0.3920543190484884,
  "cnr": 3.0244268083346544,
  "efc": 0.7154043952915555,
  "fber": 3942.9289645359604,
  "fwhm_avg": 3.475560070299709,
  "fwhm_x": 3.538300210899127,
  "fwhm_y": 3.59595,
  "fwhm_z": 3.29243,
  "icvs_csf": 0.17239157050240506,
  "icvs_gm": 0.39613904494014374,
  "icvs_wm": 0.4314693845574512,
  "inu_med": 3.049837112426758,
  "inu_range": 1.039685225486755,
  "provenance": {
    "md5sum": "ff7481f816371266b0a1d5f6ea5b65a6",
    "settings": {
      "testing": false
    },
    "software": "mriqc",
    "version": "21.0.0rc2",
    "warnings": {
      "large_rot_frame": true,
      "small_air_mask": false
    },
    "webapi_port": null,
    "webapi_url": "https://mriqc.nimh.nih.gov/api/v1"
  },
  "qi_1": 0.0,
  "qi_2": 9.347924633576807e-06,
  "rpve_csf": 32.32077051690158,
  "rpve_gm": 14.774862931087087,
  "rpve_wm": 16.431478462527554,
  "size_x": 176,
  "size_y": 256,
  "size_z": 256,
  "snr_csf": 1.7838235127083835,
  "snr_gm": 12.791659549872959,
  "snr_total": 12.661424021147909,
  "snr_wm": 23.408789000862384,
  "snrd_csf": 23.56136098913428,
  "snrd_gm": 62.55858811790897,
  "snrd_total": 55.65148848343953,
  "snrd_wm": 80.83451634327534,
  "spacing_x": 0.9999999403953552,
  "spacing_y": 1.0,
  "spacing_z": 1.0,
  "summary_bg_k": 4.427567890179079,
  "summary_bg_mad": 8.105091349846745,
  "summary_bg_mean": 9.853909978295325,
  "summary_bg_median": 5.466801039874554,
  "summary_bg_n": 527670.0,
  "summary_bg_p05": 0.0,
  "summary_bg_p95": 31.739291474223137,
  "summary_bg_stdv": 10.16409343826379,
  "summary_csf_k": 21.34115013714354,
  "summary_csf_mad": 114.02211034881489,
  "summary_csf_mean": 334.39936093641086,
  "summary_csf_median": 291.49195447564125,
  "summary_csf_n": 12981.0,
  "summary_csf_p05": 177.1137385442853,
  "summary_csf_p95": 572.8995186835527,
  "summary_csf_stdv": 163.40222255406923,
  "summary_gm_k": 0.6324410347547662,
  "summary_gm_mad": 52.919164395844035,
  "summary_gm_mean": 769.933722760951,
  "summary_gm_median": 773.9504151791334,
  "summary_gm_n": 12532.0,
  "summary_gm_p05": 662.8098192811012,
  "summary_gm_p95": 862.7992010116577,
  "summary_gm_stdv": 60.50188660660059,
  "summary_wm_k": 2.2760980401067634,
  "summary_wm_mad": 35.725354105149734,
  "summary_wm_mean": 1004.706808212794,
  "summary_wm_median": 1000.0530601292849,
  "summary_wm_n": 200881.0,
  "summary_wm_p05": 945.0135195627809,
  "summary_wm_p95": 1082.5858331099153,
  "summary_wm_stdv": 42.72115789165681,
  "tpm_overlap_csf": 0.17710334062576294,
  "tpm_overlap_gm": 0.415902316570282,
  "tpm_overlap_wm": 0.4655809700489044,
  "wm2max": 0.5573896580286357
}