{
  "aor": 0.007610939597315437,
  "aqi": 0.011579509932885906,
  "bids_meta": {
    "ConversionSoftware": "dcm2niix",
    "ConversionSoftwareVersion": "v1.0.20170411 GCC4.3.2",
    "EchoTime": 0.025,
    "ImageType": [
      "ORIGINAL"
    ],
    "Manufacturer": "Philips",
    "ManufacturersModelName": "N/A",
    "PhilipsRescaleIntercept": 0,
    "PhilipsRescaleSlope": 2.14457,
    "PhilipsScaleSlope": 0.00087285,
    "ProtocolName": "WIPANT_BSENSE",
    "RepetitionTime": 2.4,
    "SequenceVariant": "tfl3d1_ns",
    "SliceTiming": [
      0,
      0.06,
      0.11,
      0.17,
      0.22,
      0.28,
      0.33,
      0.39,
      0.45,
      0.5,
      0.56,
      0.61,
      0.67,
      0.73,
      0.78,
      0.84,
      0.89,
      0.95,
      1,
      1.06,
      1.12,
      1.17,
      1.23,
      1.28,
      1.34,
      1.4,
      1.45,
      1.51,
      1.56,
      1.62,
      1.67,
      1.73,
      1.79,
      1.84,
      1.9,
      1.95,
      2.01,
      2.07,
      2.12,
      2.18,
      2.23,
      2.29,
      2.34
    ],
    "TaskName": "ANT",
    "UsePhilipsFloatNotDisplayScaling": 1,
    "dataset": "ds001907",
    "modality": "bold",
    "run_id": 2,
    "session_id": "2",
    "subject_id": "RC4212",
    "task_id": "ANT"
  },
  "dummy_trs": 0,
  "dvars_nstd": 18.891973572837824,
  "dvars_std": 0.9928076631756758,
  "dvars_vstd": 0.9374858710810806,
  "efc": 0.425177726357956,
  "fber": 499957.5625,
  "fd_mean": 0.2881395256972,
  "fd_num": 48,
  "fd_perc": 32.214765100671144,
  "fwhm_avg": 1.9929211111111111,
  "fwhm_x": 1.8977633333333335,
  "fwhm_y": 2.1443733333333332,
  "fwhm_z": 1.9366266666666665,
  "gcor": 0.0231196,
  "gsr_x": -0.01023696269840002,
  "gsr_y": 0.012398390099406242,
  "provenance": {
    "md5sum": "48447d9fb7da14fb1a74f7686af709c7",
    "settings": {
      "fd_thres": 0.2,
      "testing": false
    },
    "software": "mriqc",
    "version": "21.0.0rc2",
    "webapi_port": null,
    "webapi_url": "https://mriqc.nimh.nih.gov/api/v1"
  },
  "size_t": 149,
  "size_x": 80,
  "size_y": 80,
  "size_z": 43,
  "snr": 4.928202303854315,
  "spacing_tr": 2.4000020027160645,
  "spacing_x": 3.0,
  "spacing_y": 3.0,
  "spacing_z": 3.0,
  "summary_bg_k": 65.16360011525713,
  "summary_bg_mad": 1135.1355913853229,
  "summary_bg_mean": 14869.875,
  "summary_bg_median": 789.5072631835938,
  "summary_bg_n": 189115.0,
  "summary_bg_p05": 10.469517326354982,
  "summary_bg_p95": 85753.43515624967,
  "summary_bg_stdv": 42077.3984375,
  "summary_fg_k": 2.2416258632167363,
  "summary_fg_mad": 87620.91081861383,
  "summary_fg_mean": 571969.6875,
  "summary_fg_median": 551247.0,
  "summary_fg_n": 40876.0,
  "summary_fg_p05": 431521.7578125,
  "summary_fg_p95": 793666.078125,
  "summary_fg_stdv": 111854.2265625,
  "tsnr": 52.568477630615234
}