{
  "aor": 0.0023828187919463085,
  "aqi": 0.004219119194630872,
  "bids_meta": {
    "ConversionSoftware": "dcm2niix",
    "ConversionSoftwareVersion": "v1.0.20170411 GCC4.3.2",
    "EchoTime": 0.025,
    "ImageType": [
      "ORIGINAL"
    ],
    "Manufacturer": "Philips",
    "ManufacturersModelName": "N/A",
    "PhilipsRescaleIntercept": 0,
    "PhilipsRescaleSlope": 2.02711,
    "PhilipsScaleSlope": 0.000874564,
    "ProtocolName": "WIPANT_DSENSE",
    "RepetitionTime": 2.4,
    "SequenceVariant": "tfl3d1_ns",
    "SliceTiming": [
      0,
      0.06,
      0.11,
      0.17,
      0.22,
      0.28,
      0.33,
      0.39,
      0.45,
      0.5,
      0.56,
      0.61,
      0.67,
      0.73,
      0.78,
      0.84,
      0.89,
      0.95,
      1,
      1.06,
      1.12,
      1.17,
      1.23,
      1.28,
      1.34,
      1.4,
      1.45,
      1.51,
      1.56,
      1.62,
      1.67,
      1.73,
      1.79,
      1.84,
      1.9,
      1.95,
      2.01,
      2.07,
      2.12,
      2.18,
      2.23,
      2.29,
      2.34
    ],
    "TaskName": "ANT",
    "UsePhilipsFloatNotDisplayScaling": 1,
    "dataset": "ds001907",
    "modality": "bold",
    "run_id": 4,
    "session_id": "2",
    "subject_id": "RC4212",
    "task_id": "ANT"
  },
  "dummy_trs": 0,
  "dvars_nstd": 15.218139790405408,
  "dvars_std": 1.106020341283784,
  "dvars_vstd": 0.987927085743243,
  "efc": 0.4194603420835292,
  "fber": 1433785.625,
  "fd_mean": 0.14575950883008182,
  "fd_num": 17,
  "fd_perc": 11.409395973154362,
  "fwhm_avg": 1.9586333333333332,
  "fwhm_x": 1.8647633333333333,
  "fwhm_y": 2.092686666666667,
  "fwhm_z": 1.91845,
  "gcor": 0.0436908,
  "gsr_x": -0.01004213560372591,
  "gsr_y": 0.015506752766668797,
  "provenance": {
    "md5sum": "191ea037997ed5eaa8595237971fead8",
    "settings": {
      "fd_thres": 0.2,
      "testing": false
    },
    "software": "mriqc",
    "version": "21.0.0rc2",
    "webapi_port": null,
    "webapi_url": "https://mriqc.nimh.nih.gov/api/v1"
  },
  "size_t": 149,
  "size_x": 80,
  "size_y": 80,
  "size_z": 43,
  "snr": 4.968820485004199,
  "spacing_tr": 2.4000020027160645,
  "spacing_x": 3.0,
  "spacing_y": 3.0,
  "spacing_z": 3.0,
  "summary_bg_k": 82.36651755841652,
  "summary_bg_mad": 672.0109039919046,
  "summary_bg_mean": 13480.853515625,
  "summary_bg_median": 457.47479248046875,
  "summary_bg_n": 189553.0,
  "summary_bg_p05": 2.9892000198364257,
  "summary_bg_p95": 78104.3484375,
  "summary_bg_stdv": 40180.51171875,
  "summary_fg_k": 2.0770174240308155,
  "summary_fg_mad": 87538.04725399517,
  "summary_fg_mean": 565646.875,
  "summary_fg_median": 546394.5,
  "summary_fg_n": 40568.0,
  "summary_fg_p05": 424680.4859375,
  "summary_fg_p95": 781242.55,
  "summary_fg_stdv": 109963.2734375,
  "tsnr": 91.93589782714844
}