{
  "bids_meta": {
    "ConversionSoftware": "dcm2niix",
    "ConversionSoftwareVersion": "v1.0.20170411 GCC4.3.2",
    "EchoTime": 0.00352,
    "ImageType": [
      "ORIGINAL"
    ],
    "Manufacturer": "Philips",
    "ManufacturersModelName": "N/A",
    "PhilipsRescaleIntercept": 0,
    "PhilipsRescaleSlope": 8.84103,
    "PhilipsScaleSlope": 0.000307286,
    "ProtocolName": "WIPMPRAGE_S2SENSE",
    "RepetitionTime": 0.00767,
    "SequenceVariant": "tfl3d1_ns",
    "UsePhilipsFloatNotDisplayScaling": 1,
    "dataset": "ds001907",
    "modality": "T1w",
    "session_id": "1",
    "subject_id": "RC4101"
  },
  "cjv": 0.4037002290805879,
  "cnr": 3.142045000405958,
  "efc": 0.761483463170971,
  "fber": 9188.394803581596,
  "fwhm_avg": 3.3955566666666663,
  "fwhm_x": 3.48235,
  "fwhm_y": 3.55417,
  "fwhm_z": 3.15015,
  "icvs_csf": 0.21231107711326921,
  "icvs_gm": 0.3843816641151367,
  "icvs_wm": 0.4033072587715941,
  "inu_med": 3.126643657684326,
  "inu_range": 0.8149493098258973,
  "provenance": {
    "md5sum": "3c11c753c12f14489fbd263f9c4f23cc",
    "settings": {
      "testing": false
    },
    "software": "mriqc",
    "version": "21.0.0rc2",
    "warnings": {
      "large_rot_frame": true,
      "small_air_mask": false
    },
    "webapi_port": null,
    "webapi_url": "https://mriqc.nimh.nih.gov/api/v1"
  },
  "qi_1": 0.0008965095499047088,
  "qi_2": 1.0197185523523506e-05,
  "rpve_csf": 24.13155143999966,
  "rpve_gm": 13.08403033241731,
  "rpve_wm": 15.252975988118711,
  "size_x": 176,
  "size_y": 256,
  "size_z": 256,
  "snr_csf": 2.5277459094039036,
  "snr_gm": 13.17972165631195,
  "snr_total": 12.30647920561565,
  "snr_wm": 21.211970051131093,
  "snrd_csf": 19.3900798304444,
  "snrd_gm": 51.16277016485457,
  "snrd_total": 45.84808558547823,
  "snrd_wm": 66.9914067611357,
  "spacing_x": 1.0,
  "spacing_y": 1.0,
  "spacing_z": 1.0,
  "summary_bg_k": 3.6288116426931607,
  "summary_bg_mad": 9.77989046206097,
  "summary_bg_mean": 8.471873143059614,
  "summary_bg_median": 6.596435874700546,
  "summary_bg_n": 287638.0,
  "summary_bg_p05": 0.0,
  "summary_bg_p95": 26.631879165768623,
  "summary_bg_stdv": 8.653386281457745,
  "summary_csf_k": 1.4868308059659254,
  "summary_csf_mad": 93.34686493265657,
  "summary_csf_mean": 318.9485588783911,
  "summary_csf_median": 289.45554435253143,
  "summary_csf_n": 23071.0,
  "summary_csf_p05": 181.9434850215912,
  "summary_csf_p95": 548.8333102017641,
  "summary_csf_stdv": 114.50884761036355,
  "summary_gm_k": 0.5822912579676913,
  "summary_gm_mad": 53.205523483898865,
  "summary_gm_mean": 761.4444958992143,
  "summary_gm_median": 763.758974596858,
  "summary_gm_n": 12193.0,
  "summary_gm_p05": 662.1344804197549,
  "summary_gm_p95": 854.0612280935048,
  "summary_gm_stdv": 57.94717629877608,
  "summary_wm_k": 1.2637256613545915,
  "summary_wm_mad": 42.184900649785384,
  "summary_wm_mean": 1004.5749845715744,
  "summary_wm_median": 1000.0492148846388,
  "summary_wm_n": 202587.0,
  "summary_wm_p05": 936.1031686067581,
  "summary_wm_p95": 1089.6918247938156,
  "summary_wm_stdv": 47.14539688082188,
  "tpm_overlap_csf": 0.16923902928829193,
  "tpm_overlap_gm": 0.403434693813324,
  "tpm_overlap_wm": 0.4685453772544861,
  "wm2max": 0.5670964181852229
}