{
  "bids_meta": {
    "ConversionSoftware": "dcm2niix",
    "ConversionSoftwareVersion": "v1.0.20170411 GCC4.3.2",
    "EchoTime": 0.00351,
    "ImageType": [
      "ORIGINAL"
    ],
    "Manufacturer": "Philips",
    "ManufacturersModelName": "N/A",
    "PhilipsRescaleIntercept": 0,
    "PhilipsRescaleSlope": 8.57875,
    "PhilipsScaleSlope": 0.000349839,
    "ProtocolName": "WIPMPRAGE_S2SENSE",
    "RepetitionTime": 0.007616,
    "SequenceVariant": "tfl3d1_ns",
    "UsePhilipsFloatNotDisplayScaling": 1,
    "dataset": "ds001907",
    "modality": "T1w",
    "session_id": "1",
    "subject_id": "RC4110"
  },
  "cjv": 0.5255250184561544,
  "cnr": 2.3935196818825104,
  "efc": 0.7269708016844525,
  "fber": 1887.9714688838496,
  "fwhm_avg": 3.459123333333333,
  "fwhm_x": 3.49714,
  "fwhm_y": 3.62328,
  "fwhm_z": 3.25695,
  "icvs_csf": 0.172424029824398,
  "icvs_gm": 0.3932597767312765,
  "icvs_wm": 0.4343161934443255,
  "inu_med": 2.5965373516082764,
  "inu_range": 0.7027266025543213,
  "provenance": {
    "md5sum": "619d29aebeff51c45f4ea28f4cd061c0",
    "settings": {
      "testing": false
    },
    "software": "mriqc",
    "version": "21.0.0rc2",
    "warnings": {
      "large_rot_frame": true,
      "small_air_mask": false
    },
    "webapi_port": null,
    "webapi_url": "https://mriqc.nimh.nih.gov/api/v1"
  },
  "qi_1": 0.0,
  "qi_2": 6.9819625025331e-06,
  "rpve_csf": 31.466168468562454,
  "rpve_gm": 14.33737616338998,
  "rpve_wm": 15.877716128907004,
  "size_x": 176,
  "size_y": 256,
  "size_z": 256,
  "snr_csf": 2.2858294789638123,
  "snr_gm": 11.656216331383556,
  "snr_total": 10.548658226562894,
  "snr_wm": 17.703928869341315,
  "snrd_csf": 17.943986501693875,
  "snrd_gm": 39.99039083397946,
  "snrd_total": 36.371225458387634,
  "snrd_wm": 51.17929903948958,
  "spacing_x": 1.0,
  "spacing_y": 1.0,
  "spacing_z": 1.0,
  "summary_bg_k": 5.649250801955356,
  "summary_bg_mad": 12.800807597418729,
  "summary_bg_mean": 22.459914850942994,
  "summary_bg_median": 16.841655999422073,
  "summary_bg_n": 644603.0,
  "summary_bg_p05": 0.0,
  "summary_bg_p95": 77.33304701000452,
  "summary_bg_stdv": 25.666790998499508,
  "summary_csf_k": 6.709809015340278,
  "summary_csf_mad": 160.91879427248915,
  "summary_csf_mean": 370.4390449383729,
  "summary_csf_median": 350.61023415252566,
  "summary_csf_n": 10878.0,
  "summary_csf_p05": 174.0579817902297,
  "summary_csf_p95": 598.4810370706022,
  "summary_csf_stdv": 153.37719696220432,
  "summary_gm_k": 0.02733412700396709,
  "summary_gm_mad": 67.24374855187246,
  "summary_gm_mean": 783.8618705310633,
  "summary_gm_median": 781.3782234415412,
  "summary_gm_n": 22335.0,
  "summary_gm_p05": 677.0772082805634,
  "summary_gm_p95": 897.1699380755424,
  "summary_gm_stdv": 67.03382202207915,
  "summary_wm_k": 1.9195778111880406,
  "summary_wm_mad": 47.647450501503045,
  "summary_wm_mean": 1008.1548532046887,
  "summary_wm_median": 999.9999731555581,
  "summary_wm_n": 221990.0,
  "summary_wm_p05": 932.2069781199098,
  "summary_wm_p95": 1114.2141149491072,
  "summary_wm_stdv": 56.48450850540375,
  "tpm_overlap_csf": 0.16350825130939484,
  "tpm_overlap_gm": 0.41232335567474365,
  "tpm_overlap_wm": 0.46864232420921326,
  "wm2max": 0.49776053521392605
}