{
  "aor": 0.0009624161073825503,
  "aqi": 0.0026858938255033553,
  "bids_meta": {
    "ConversionSoftware": "dcm2niix",
    "ConversionSoftwareVersion": "v1.0.20170411 GCC4.3.2",
    "EchoTime": 0.025,
    "ImageType": [
      "ORIGINAL"
    ],
    "Manufacturer": "Philips",
    "ManufacturersModelName": "N/A",
    "PhilipsRescaleIntercept": 0,
    "PhilipsRescaleSlope": 2.83297,
    "PhilipsScaleSlope": 0.000932127,
    "ProtocolName": "WIPANT_CSENSE",
    "RepetitionTime": 2.4,
    "SequenceVariant": "tfl3d1_ns",
    "SliceTiming": [
      0,
      0.06,
      0.11,
      0.17,
      0.22,
      0.28,
      0.33,
      0.39,
      0.45,
      0.5,
      0.56,
      0.61,
      0.67,
      0.73,
      0.78,
      0.84,
      0.89,
      0.95,
      1,
      1.06,
      1.12,
      1.17,
      1.23,
      1.28,
      1.34,
      1.4,
      1.45,
      1.51,
      1.56,
      1.62,
      1.67,
      1.73,
      1.79,
      1.84,
      1.9,
      1.95,
      2.01,
      2.07,
      2.12,
      2.18,
      2.23,
      2.29,
      2.34
    ],
    "TaskName": "ANT",
    "UsePhilipsFloatNotDisplayScaling": 1,
    "dataset": "ds001907",
    "modality": "bold",
    "run_id": 3,
    "session_id": "1",
    "subject_id": "RC4112",
    "task_id": "ANT"
  },
  "dummy_trs": 0,
  "dvars_nstd": 16.205235983918914,
  "dvars_std": 1.1306007491891896,
  "dvars_vstd": 0.9867770575,
  "efc": 0.3859465681531196,
  "fber": 1294806.0,
  "fd_mean": 0.15192869032423167,
  "fd_num": 28,
  "fd_perc": 18.79194630872483,
  "fwhm_avg": 2.081292222222222,
  "fwhm_x": 2.0003933333333332,
  "fwhm_y": 2.1755,
  "fwhm_z": 2.0679833333333333,
  "gcor": 0.0266284,
  "gsr_x": -0.01697172224521637,
  "gsr_y": 0.013942763209342957,
  "provenance": {
    "md5sum": "ef674a9ed7dbbf43927aa77a80699a74",
    "settings": {
      "fd_thres": 0.2,
      "testing": false
    },
    "software": "mriqc",
    "version": "21.0.0rc2",
    "webapi_port": null,
    "webapi_url": "https://mriqc.nimh.nih.gov/api/v1"
  },
  "size_t": 149,
  "size_x": 80,
  "size_y": 80,
  "size_z": 43,
  "snr": 4.063263613356117,
  "spacing_tr": 2.4000020027160645,
  "spacing_x": 3.0,
  "spacing_y": 3.0,
  "spacing_z": 3.0,
  "summary_bg_k": 142.26532749953967,
  "summary_bg_mad": 667.0949685094921,
  "summary_bg_mean": 8801.15625,
  "summary_bg_median": 453.09423828125,
  "summary_bg_n": 195620.0,
  "summary_bg_p05": 1.2452640652656557,
  "summary_bg_p95": 45703.09550781245,
  "summary_bg_stdv": 29415.935546875,
  "summary_fg_k": 1.7326120992913596,
  "summary_fg_mad": 87455.18368937651,
  "summary_fg_mean": 523629.21875,
  "summary_fg_median": 493938.40625,
  "summary_fg_n": 36089.0,
  "summary_fg_p05": 380332.00625,
  "summary_fg_p95": 787887.7375,
  "summary_fg_stdv": 121560.3046875,
  "tsnr": 99.39574432373047
}