{
  "aor": 0.0024438926174496643,
  "aqi": 0.01103227577181208,
  "bids_meta": {
    "ConversionSoftware": "dcm2niix",
    "ConversionSoftwareVersion": "v1.0.20170411 GCC4.3.2",
    "EchoTime": 0.025,
    "ImageType": [
      "ORIGINAL"
    ],
    "Manufacturer": "Philips",
    "ManufacturersModelName": "N/A",
    "PhilipsRescaleIntercept": 0,
    "PhilipsRescaleSlope": 2.08449,
    "PhilipsScaleSlope": 0.000913344,
    "ProtocolName": "WIPANT_FSENSE",
    "RepetitionTime": 2.4,
    "SequenceVariant": "tfl3d1_ns",
    "SliceTiming": [
      0,
      0.06,
      0.11,
      0.17,
      0.22,
      0.28,
      0.33,
      0.39,
      0.45,
      0.5,
      0.56,
      0.61,
      0.67,
      0.73,
      0.78,
      0.84,
      0.89,
      0.95,
      1,
      1.06,
      1.12,
      1.17,
      1.23,
      1.28,
      1.34,
      1.4,
      1.45,
      1.51,
      1.56,
      1.62,
      1.67,
      1.73,
      1.79,
      1.84,
      1.9,
      1.95,
      2.01,
      2.07,
      2.12,
      2.18,
      2.23,
      2.29,
      2.34
    ],
    "TaskName": "ANT",
    "UsePhilipsFloatNotDisplayScaling": 1,
    "dataset": "ds001907",
    "modality": "bold",
    "run_id": 6,
    "session_id": "1",
    "subject_id": "RC4215",
    "task_id": "ANT"
  },
  "dummy_trs": 0,
  "dvars_nstd": 20.17058667621622,
  "dvars_std": 1.1128733056081082,
  "dvars_vstd": 0.9230888831081078,
  "efc": 0.3964597928204177,
  "fber": 1313323.875,
  "fd_mean": 0.2357131655816001,
  "fd_num": 61,
  "fd_perc": 40.939597315436245,
  "fwhm_avg": 1.9072255555555555,
  "fwhm_x": 1.8449266666666666,
  "fwhm_y": 2.080103333333333,
  "fwhm_z": 1.7966466666666667,
  "gcor": 0.0194172,
  "gsr_x": -0.021432537585496902,
  "gsr_y": 0.017231717705726624,
  "provenance": {
    "md5sum": "3330f868bc7795f979cff0294864b284",
    "settings": {
      "fd_thres": 0.2,
      "testing": false
    },
    "software": "mriqc",
    "version": "21.0.0rc2",
    "webapi_port": null,
    "webapi_url": "https://mriqc.nimh.nih.gov/api/v1"
  },
  "size_t": 149,
  "size_x": 80,
  "size_y": 80,
  "size_z": 43,
  "snr": 5.4952312514367065,
  "spacing_tr": 2.4000020027160645,
  "spacing_x": 3.0,
  "spacing_y": 3.0,
  "spacing_z": 3.0,
  "summary_bg_k": 65.16302819402361,
  "summary_bg_mad": 692.346315375967,
  "summary_bg_mean": 13563.5947265625,
  "summary_bg_median": 470.772705078125,
  "summary_bg_n": 197123.0,
  "summary_bg_p05": 1.3777941703796386,
  "summary_bg_p95": 67949.30390624999,
  "summary_bg_stdv": 40598.6875,
  "summary_fg_k": 2.3136240208908063,
  "summary_fg_mad": 85119.48288807893,
  "summary_fg_mean": 543207.75,
  "summary_fg_median": 531215.25,
  "summary_fg_n": 34550.0,
  "summary_fg_p05": 408872.31875,
  "summary_fg_p95": 706442.0156249999,
  "summary_fg_stdv": 96667.0078125,
  "tsnr": 56.47837448120117
}