{
  "aor": 0.0008467114093959732,
  "aqi": 0.005154985838926174,
  "bids_meta": {
    "ConversionSoftware": "dcm2niix",
    "ConversionSoftwareVersion": "v1.0.20170411 GCC4.3.2",
    "EchoTime": 0.025,
    "ImageType": [
      "ORIGINAL"
    ],
    "Manufacturer": "Philips",
    "ManufacturersModelName": "N/A",
    "PhilipsRescaleIntercept": 0,
    "PhilipsRescaleSlope": 2.59023,
    "PhilipsScaleSlope": 0.000936866,
    "ProtocolName": "WIPANT_FSENSE",
    "RepetitionTime": 2.4,
    "SequenceVariant": "tfl3d1_ns",
    "SliceTiming": [
      0,
      0.06,
      0.11,
      0.17,
      0.22,
      0.28,
      0.33,
      0.39,
      0.45,
      0.5,
      0.56,
      0.61,
      0.67,
      0.73,
      0.78,
      0.84,
      0.89,
      0.95,
      1,
      1.06,
      1.12,
      1.17,
      1.23,
      1.28,
      1.34,
      1.4,
      1.45,
      1.51,
      1.56,
      1.62,
      1.67,
      1.73,
      1.79,
      1.84,
      1.9,
      1.95,
      2.01,
      2.07,
      2.12,
      2.18,
      2.23,
      2.29,
      2.34
    ],
    "TaskName": "ANT",
    "UsePhilipsFloatNotDisplayScaling": 1,
    "dataset": "ds001907",
    "modality": "bold",
    "run_id": 6,
    "session_id": "1",
    "subject_id": "RC4219",
    "task_id": "ANT"
  },
  "dummy_trs": 0,
  "dvars_nstd": 18.77820590351351,
  "dvars_std": 1.144569039662162,
  "dvars_vstd": 0.9267175447972971,
  "efc": 0.4327611608226687,
  "fber": 215958.125,
  "fd_mean": 0.07917609524746781,
  "fd_num": 1,
  "fd_perc": 0.6711409395973155,
  "fwhm_avg": 2.2567244444444445,
  "fwhm_x": 2.1129166666666666,
  "fwhm_y": 2.44937,
  "fwhm_z": 2.2078866666666666,
  "gcor": 0.0182225,
  "gsr_x": -0.015550274401903152,
  "gsr_y": 0.027029268443584442,
  "provenance": {
    "md5sum": "ddfbed37884edfcf99f15d0bb313e99b",
    "settings": {
      "fd_thres": 0.2,
      "testing": false
    },
    "software": "mriqc",
    "version": "21.0.0rc2",
    "webapi_port": null,
    "webapi_url": "https://mriqc.nimh.nih.gov/api/v1"
  },
  "size_t": 149,
  "size_x": 80,
  "size_y": 80,
  "size_z": 43,
  "snr": 3.586015703879478,
  "spacing_tr": 2.4000020027160645,
  "spacing_x": 3.0,
  "spacing_y": 3.0,
  "spacing_z": 3.0,
  "summary_bg_k": 73.25343015197755,
  "summary_bg_mad": 1596.5026684799436,
  "summary_bg_mean": 12098.8876953125,
  "summary_bg_median": 1102.4149169921875,
  "summary_bg_n": 184081.0,
  "summary_bg_p05": 7.8028564453125,
  "summary_bg_p95": 65665.5703125,
  "summary_bg_stdv": 32028.091796875,
  "summary_fg_k": 1.5640953898290073,
  "summary_fg_mad": 106081.25435442037,
  "summary_fg_mean": 530028.8125,
  "summary_fg_median": 499109.4375,
  "summary_fg_n": 45123.0,
  "summary_fg_p05": 361640.3625,
  "summary_fg_p95": 832742.5750000002,
  "summary_fg_stdv": 139180.625,
  "tsnr": 65.94218444824219
}