{
  "aor": 0.003247919463087248,
  "aqi": 0.006806517248322147,
  "bids_meta": {
    "ConversionSoftware": "dcm2niix",
    "ConversionSoftwareVersion": "v1.0.20170411 GCC4.3.2",
    "EchoTime": 0.025,
    "ImageType": [
      "ORIGINAL"
    ],
    "Manufacturer": "Philips",
    "ManufacturersModelName": "N/A",
    "PhilipsRescaleIntercept": 0,
    "PhilipsRescaleSlope": 2.82979,
    "PhilipsScaleSlope": 0.000946189,
    "ProtocolName": "WIPANT_FSENSE",
    "RepetitionTime": 2.4,
    "SequenceVariant": "tfl3d1_ns",
    "SliceTiming": [
      0,
      0.06,
      0.11,
      0.17,
      0.22,
      0.28,
      0.33,
      0.39,
      0.45,
      0.5,
      0.56,
      0.61,
      0.67,
      0.73,
      0.78,
      0.84,
      0.89,
      0.95,
      1,
      1.06,
      1.12,
      1.17,
      1.23,
      1.28,
      1.34,
      1.4,
      1.45,
      1.51,
      1.56,
      1.62,
      1.67,
      1.73,
      1.79,
      1.84,
      1.9,
      1.95,
      2.01,
      2.07,
      2.12,
      2.18,
      2.23,
      2.29,
      2.34
    ],
    "TaskName": "ANT",
    "UsePhilipsFloatNotDisplayScaling": 1,
    "dataset": "ds001907",
    "modality": "bold",
    "run_id": 6,
    "session_id": "2",
    "subject_id": "RC4207",
    "task_id": "ANT"
  },
  "dummy_trs": 0,
  "dvars_nstd": 22.33700334749999,
  "dvars_std": 1.266441789121621,
  "dvars_vstd": 0.9954419725000005,
  "efc": 0.39315335193130196,
  "fber": 1054814.25,
  "fd_mean": 0.11095637003059507,
  "fd_num": 15,
  "fd_perc": 10.06711409395973,
  "fwhm_avg": 2.0139178352612084,
  "fwhm_x": 1.9186500000000002,
  "fwhm_y": 2.169926839116958,
  "fwhm_z": 1.9531766666666668,
  "gcor": 0.0285691,
  "gsr_x": -0.01375638972967863,
  "gsr_y": 0.021780945360660553,
  "provenance": {
    "md5sum": "5c9d815147b15e8a005d3f5105affab3",
    "settings": {
      "fd_thres": 0.2,
      "testing": false
    },
    "software": "mriqc",
    "version": "21.0.0rc2",
    "webapi_port": null,
    "webapi_url": "https://mriqc.nimh.nih.gov/api/v1"
  },
  "size_t": 149,
  "size_x": 80,
  "size_y": 80,
  "size_z": 43,
  "snr": 5.17323127458186,
  "spacing_tr": 2.4000020027160645,
  "spacing_x": 3.0,
  "spacing_y": 2.999999761581421,
  "spacing_z": 3.0,
  "summary_bg_k": 170.81718379492796,
  "summary_bg_mad": 641.5461654672869,
  "summary_bg_mean": 8837.8447265625,
  "summary_bg_median": 436.9755554199219,
  "summary_bg_n": 195638.0,
  "summary_bg_p05": 1.8175330638885498,
  "summary_bg_p95": 45574.11582031248,
  "summary_bg_stdv": 29211.6015625,
  "summary_fg_k": 3.044815916458261,
  "summary_fg_mad": 71907.82919369818,
  "summary_fg_mean": 452063.28125,
  "summary_fg_median": 437790.0625,
  "summary_fg_n": 35687.0,
  "summary_fg_p05": 343305.184375,
  "summary_fg_p95": 595918.0375,
  "summary_fg_stdv": 84624.8515625,
  "tsnr": 75.60624694824219
}