{
  "aor": 0.0008297315436241611,
  "aqi": 0.004790369932885906,
  "bids_meta": {
    "ConversionSoftware": "dcm2niix",
    "ConversionSoftwareVersion": "v1.0.20170411 GCC4.3.2",
    "EchoTime": 0.025,
    "ImageType": [
      "ORIGINAL"
    ],
    "Manufacturer": "Philips",
    "ManufacturersModelName": "N/A",
    "PhilipsRescaleIntercept": 0,
    "PhilipsRescaleSlope": 2.8464,
    "PhilipsScaleSlope": 0.000940263,
    "ProtocolName": "WIPANT_CSENSE",
    "RepetitionTime": 2.4,
    "SequenceVariant": "tfl3d1_ns",
    "SliceTiming": [
      0,
      0.06,
      0.11,
      0.17,
      0.22,
      0.28,
      0.33,
      0.39,
      0.45,
      0.5,
      0.56,
      0.61,
      0.67,
      0.73,
      0.78,
      0.84,
      0.89,
      0.95,
      1,
      1.06,
      1.12,
      1.17,
      1.23,
      1.28,
      1.34,
      1.4,
      1.45,
      1.51,
      1.56,
      1.62,
      1.67,
      1.73,
      1.79,
      1.84,
      1.9,
      1.95,
      2.01,
      2.07,
      2.12,
      2.18,
      2.23,
      2.29,
      2.34
    ],
    "TaskName": "ANT",
    "UsePhilipsFloatNotDisplayScaling": 1,
    "dataset": "ds001907",
    "modality": "bold",
    "run_id": 3,
    "session_id": "2",
    "subject_id": "RC4207",
    "task_id": "ANT"
  },
  "dummy_trs": 0,
  "dvars_nstd": 22.09195326499999,
  "dvars_std": 1.2840130166216221,
  "dvars_vstd": 0.9901273066216215,
  "efc": 0.39331122790713974,
  "fber": 2232494.0,
  "fd_mean": 0.1005498989052936,
  "fd_num": 11,
  "fd_perc": 7.382550335570469,
  "fwhm_avg": 1.9998745016392119,
  "fwhm_x": 1.9013499999999999,
  "fwhm_y": 2.159030171584302,
  "fwhm_z": 1.9392433333333334,
  "gcor": 0.0302756,
  "gsr_x": -0.013694007880985737,
  "gsr_y": 0.021451283246278763,
  "provenance": {
    "md5sum": "38d8d699eb912ca70c62406cc4a2517a",
    "settings": {
      "fd_thres": 0.2,
      "testing": false
    },
    "software": "mriqc",
    "version": "21.0.0rc2",
    "webapi_port": null,
    "webapi_url": "https://mriqc.nimh.nih.gov/api/v1"
  },
  "size_t": 149,
  "size_x": 80,
  "size_y": 80,
  "size_z": 43,
  "snr": 5.1801534465694665,
  "spacing_tr": 2.4000020027160645,
  "spacing_x": 3.0,
  "spacing_y": 2.999999761581421,
  "spacing_z": 3.0,
  "summary_bg_k": 155.08709942272858,
  "summary_bg_mad": 435.47268434001376,
  "summary_bg_mean": 9113.7607421875,
  "summary_bg_median": 296.2024841308594,
  "summary_bg_n": 195977.0,
  "summary_bg_p05": 1.904886627197266,
  "summary_bg_p95": 48207.891406249866,
  "summary_bg_stdv": 29738.947265625,
  "summary_fg_k": 3.272425405662415,
  "summary_fg_mad": 70329.50646946032,
  "summary_fg_mean": 448213.96875,
  "summary_fg_median": 433354.03125,
  "summary_fg_n": 35467.0,
  "summary_fg_p05": 342694.246875,
  "summary_fg_p95": 588938.65,
  "summary_fg_stdv": 83655.421875,
  "tsnr": 87.71266174316406
}