{
  "bids_meta": {
    "ConversionSoftware": "dcm2niix",
    "ConversionSoftwareVersion": "v1.0.20170411 GCC4.3.2",
    "EchoTime": 0.00351,
    "ImageType": [
      "ORIGINAL"
    ],
    "Manufacturer": "Philips",
    "ManufacturersModelName": "N/A",
    "PhilipsRescaleIntercept": 0,
    "PhilipsRescaleSlope": 6.60513,
    "PhilipsScaleSlope": 0.000332992,
    "ProtocolName": "WIPMPRAGE_S2SENSE",
    "RepetitionTime": 0.007554,
    "SequenceVariant": "tfl3d1_ns",
    "UsePhilipsFloatNotDisplayScaling": 1,
    "dataset": "ds001907",
    "modality": "T1w",
    "session_id": "2",
    "subject_id": "RC4122"
  },
  "cjv": 0.5550574708032617,
  "cnr": 2.064329505716613,
  "efc": 0.7419529026974768,
  "fber": 2700.2467906528173,
  "fwhm_avg": 3.036823333333333,
  "fwhm_x": 3.16541,
  "fwhm_y": 3.06976,
  "fwhm_z": 2.8753,
  "icvs_csf": 0.19130469416833942,
  "icvs_gm": 0.37993546787291094,
  "icvs_wm": 0.4287598379587496,
  "inu_med": 1.311084508895874,
  "inu_range": 0.43060275316238394,
  "provenance": {
    "md5sum": "d4a396ece1d5ed10f18e9db1a9ed6250",
    "settings": {
      "testing": false
    },
    "software": "mriqc",
    "version": "21.0.0rc2",
    "warnings": {
      "large_rot_frame": true,
      "small_air_mask": false
    },
    "webapi_port": null,
    "webapi_url": "https://mriqc.nimh.nih.gov/api/v1"
  },
  "qi_1": 0.0,
  "qi_2": 6.3688855053113655e-06,
  "rpve_csf": 27.986430985310204,
  "rpve_gm": 13.724142720827142,
  "rpve_wm": 14.69695457841922,
  "size_x": 176,
  "size_y": 256,
  "size_z": 256,
  "snr_csf": 2.090784810060313,
  "snr_gm": 13.410628456333477,
  "snr_total": 10.221903330614724,
  "snr_wm": 15.164296725450386,
  "snrd_csf": 26.599488799512827,
  "snrd_gm": 49.160230867965794,
  "snrd_total": 45.79718366650942,
  "snrd_wm": 61.631831332049636,
  "spacing_x": 1.0,
  "spacing_y": 1.0,
  "spacing_z": 1.0,
  "summary_bg_k": 557.3054261428573,
  "summary_bg_mad": 10.629837555440668,
  "summary_bg_mean": 14.214357803342475,
  "summary_bg_median": 7.169716477394104,
  "summary_bg_n": 364582.0,
  "summary_bg_p05": 0.0,
  "summary_bg_p95": 37.503132343292236,
  "summary_bg_stdv": 41.507763562141704,
  "summary_csf_k": 17.582706483708318,
  "summary_csf_mad": 160.19090861520726,
  "summary_csf_mean": 455.223899530939,
  "summary_csf_median": 431.5868492126465,
  "summary_csf_n": 8125.0,
  "summary_csf_p05": 219.45348966121674,
  "summary_csf_p95": 707.1345961809157,
  "summary_csf_stdv": 206.4106679597602,
  "summary_gm_k": 0.09192152783793217,
  "summary_gm_mad": 57.53492495042711,
  "summary_gm_mean": 794.7707606698841,
  "summary_gm_median": 797.6434925794601,
  "summary_gm_n": 13690.0,
  "summary_gm_p05": 691.7247195422649,
  "summary_gm_p95": 889.0774328172206,
  "summary_gm_stdv": 59.47628497081318,
  "summary_wm_k": 2.1062587989678256,
  "summary_wm_mad": 54.78454740111729,
  "summary_wm_mean": 1005.6911957348087,
  "summary_wm_median": 999.9999660253525,
  "summary_wm_n": 158155.0,
  "summary_wm_p05": 908.5986154079437,
  "summary_wm_p95": 1119.192742121219,
  "summary_wm_stdv": 65.9441596712246,
  "tpm_overlap_csf": 0.11918506026268005,
  "tpm_overlap_gm": 0.34247756004333496,
  "tpm_overlap_wm": 0.35718947649002075,
  "wm2max": 0.4631371183095321
}