{
  "aor": 0.0005684563758389261,
  "aqi": 0.0028942524161073824,
  "bids_meta": {
    "ConversionSoftware": "dcm2niix",
    "ConversionSoftwareVersion": "v1.0.20170411 GCC4.3.2",
    "EchoTime": 0.025,
    "ImageType": [
      "ORIGINAL"
    ],
    "Manufacturer": "Philips",
    "ManufacturersModelName": "N/A",
    "PhilipsRescaleIntercept": 0,
    "PhilipsRescaleSlope": 2.37534,
    "PhilipsScaleSlope": 0.00088428,
    "ProtocolName": "WIPANT_CSENSE",
    "RepetitionTime": 2.4,
    "SequenceVariant": "tfl3d1_ns",
    "SliceTiming": [
      0,
      0.06,
      0.11,
      0.17,
      0.22,
      0.28,
      0.33,
      0.39,
      0.45,
      0.5,
      0.56,
      0.61,
      0.67,
      0.73,
      0.78,
      0.84,
      0.89,
      0.95,
      1,
      1.06,
      1.12,
      1.17,
      1.23,
      1.28,
      1.34,
      1.4,
      1.45,
      1.51,
      1.56,
      1.62,
      1.67,
      1.73,
      1.79,
      1.84,
      1.9,
      1.95,
      2.01,
      2.07,
      2.12,
      2.18,
      2.23,
      2.29,
      2.34
    ],
    "TaskName": "ANT",
    "UsePhilipsFloatNotDisplayScaling": 1,
    "dataset": "ds001907",
    "modality": "bold",
    "run_id": 3,
    "session_id": "1",
    "subject_id": "RC4121",
    "task_id": "ANT"
  },
  "dummy_trs": 0,
  "dvars_nstd": 23.182141729054045,
  "dvars_std": 1.322652540540541,
  "dvars_vstd": 0.9791000735810808,
  "efc": 0.4250221912120729,
  "fber": 572210.5,
  "fd_mean": 0.11290539201949235,
  "fd_num": 7,
  "fd_perc": 4.697986577181208,
  "fwhm_avg": 2.2592266666666667,
  "fwhm_x": 2.10872,
  "fwhm_y": 2.46155,
  "fwhm_z": 2.20741,
  "gcor": 0.022383,
  "gsr_x": -0.012295025400817394,
  "gsr_y": 0.026581132784485817,
  "provenance": {
    "md5sum": "704063341ec97dab36481f0a711ea31b",
    "settings": {
      "fd_thres": 0.2,
      "testing": false
    },
    "software": "mriqc",
    "version": "21.0.0rc2",
    "webapi_port": null,
    "webapi_url": "https://mriqc.nimh.nih.gov/api/v1"
  },
  "size_t": 149,
  "size_x": 80,
  "size_y": 80,
  "size_z": 43,
  "snr": 3.6057564383163427,
  "spacing_tr": 2.4000020027160645,
  "spacing_x": 3.0,
  "spacing_y": 3.0,
  "spacing_z": 3.0,
  "summary_bg_k": 90.97581153639112,
  "summary_bg_mad": 989.3042325351546,
  "summary_bg_mean": 10424.0654296875,
  "summary_bg_median": 678.7344360351562,
  "summary_bg_n": 184758.0,
  "summary_bg_p05": 5.430995059013367,
  "summary_bg_p95": 56859.53417968749,
  "summary_bg_stdv": 30042.224609375,
  "summary_fg_k": 1.5509645509901313,
  "summary_fg_mad": 106107.82536605516,
  "summary_fg_mean": 532351.875,
  "summary_fg_median": 502039.875,
  "summary_fg_n": 44688.0,
  "summary_fg_p05": 361854.4015625,
  "summary_fg_p95": 834937.5937500001,
  "summary_fg_stdv": 139231.328125,
  "tsnr": 82.03270721435547
}