{
  "aor": 0.0050487919463087245,
  "aqi": 0.013449178322147651,
  "bids_meta": {
    "ConversionSoftware": "dcm2niix",
    "ConversionSoftwareVersion": "v1.0.20170411 GCC4.3.2",
    "EchoTime": 0.025,
    "ImageType": [
      "ORIGINAL"
    ],
    "Manufacturer": "Philips",
    "ManufacturersModelName": "N/A",
    "PhilipsRescaleIntercept": 0,
    "PhilipsRescaleSlope": 2.86178,
    "PhilipsScaleSlope": 0.000926053,
    "ProtocolName": "WIPANT_ASENSE",
    "RepetitionTime": 2.4,
    "SequenceVariant": "tfl3d1_ns",
    "SliceTiming": [
      0,
      0.06,
      0.11,
      0.17,
      0.22,
      0.28,
      0.33,
      0.39,
      0.45,
      0.5,
      0.56,
      0.61,
      0.67,
      0.73,
      0.78,
      0.84,
      0.89,
      0.95,
      1,
      1.06,
      1.12,
      1.17,
      1.23,
      1.28,
      1.34,
      1.4,
      1.45,
      1.51,
      1.56,
      1.62,
      1.67,
      1.73,
      1.79,
      1.84,
      1.9,
      1.95,
      2.01,
      2.07,
      2.12,
      2.18,
      2.23,
      2.29,
      2.34
    ],
    "TaskName": "ANT",
    "UsePhilipsFloatNotDisplayScaling": 1,
    "dataset": "ds001907",
    "modality": "bold",
    "run_id": 1,
    "session_id": "2",
    "subject_id": "RC4116",
    "task_id": "ANT"
  },
  "dummy_trs": 0,
  "dvars_nstd": 27.22864434506756,
  "dvars_std": 1.0084703745945953,
  "dvars_vstd": 0.9131526973648645,
  "efc": 0.40190474907534746,
  "fber": 1046556.125,
  "fd_mean": 0.4741637686013773,
  "fd_num": 102,
  "fd_perc": 68.45637583892618,
  "fwhm_avg": 2.1057333333333332,
  "fwhm_x": 1.9978833333333332,
  "fwhm_y": 2.3189366666666666,
  "fwhm_z": 2.0003800000000003,
  "gcor": 0.0140608,
  "gsr_x": -0.018892066553235054,
  "gsr_y": 0.020900877192616463,
  "provenance": {
    "md5sum": "8b4c06ff2e6b52f3a79c046483482227",
    "settings": {
      "fd_thres": 0.2,
      "testing": false
    },
    "software": "mriqc",
    "version": "21.0.0rc2",
    "webapi_port": null,
    "webapi_url": "https://mriqc.nimh.nih.gov/api/v1"
  },
  "size_t": 149,
  "size_x": 80,
  "size_y": 80,
  "size_z": 43,
  "snr": 4.560208854641309,
  "spacing_tr": 2.4000020027160645,
  "spacing_x": 3.0,
  "spacing_y": 3.0,
  "spacing_z": 3.0,
  "summary_bg_k": 65.00522844787838,
  "summary_bg_mad": 665.1968879438473,
  "summary_bg_mean": 10294.421875,
  "summary_bg_median": 461.59259033203125,
  "summary_bg_n": 193662.0,
  "summary_bg_p05": 7.613670015335084,
  "summary_bg_p95": 57647.4583984375,
  "summary_bg_stdv": 29740.982421875,
  "summary_fg_k": 1.4830480742581917,
  "summary_fg_mad": 84837.32515336957,
  "summary_fg_mean": 484452.375,
  "summary_fg_median": 467859.15625,
  "summary_fg_n": 37711.0,
  "summary_fg_p05": 344447.6875,
  "summary_fg_p95": 678748.375,
  "summary_fg_stdv": 102594.6328125,
  "tsnr": 44.257850646972656
}