{
  "aor": 0.006600202702702702,
  "aqi": 0.007207730135135135,
  "bids_meta": {
    "ConversionSoftware": "dcm2niix",
    "ConversionSoftwareVersion": "v1.0.20170411 GCC4.3.2",
    "EchoTime": 0.025,
    "ImageType": [
      "ORIGINAL"
    ],
    "Manufacturer": "Philips",
    "ManufacturersModelName": "N/A",
    "PhilipsRescaleIntercept": 0,
    "PhilipsRescaleSlope": 3.29231,
    "PhilipsScaleSlope": 0.000941361,
    "ProtocolName": "WIPANT_DSENSE",
    "RepetitionTime": 2.4,
    "SequenceVariant": "tfl3d1_ns",
    "SliceTiming": [
      0,
      0.06,
      0.11,
      0.17,
      0.22,
      0.28,
      0.33,
      0.39,
      0.45,
      0.5,
      0.56,
      0.61,
      0.67,
      0.73,
      0.78,
      0.84,
      0.89,
      0.95,
      1,
      1.06,
      1.12,
      1.17,
      1.23,
      1.28,
      1.34,
      1.4,
      1.45,
      1.51,
      1.56,
      1.62,
      1.67,
      1.73,
      1.79,
      1.84,
      1.9,
      1.95,
      2.01,
      2.07,
      2.12,
      2.18,
      2.23,
      2.29,
      2.34
    ],
    "TaskName": "ANT",
    "UsePhilipsFloatNotDisplayScaling": 1,
    "dataset": "ds001907",
    "modality": "bold",
    "run_id": 4,
    "session_id": "2",
    "subject_id": "RC4116",
    "task_id": "ANT"
  },
  "dummy_trs": 1,
  "dvars_nstd": 22.742568742653056,
  "dvars_std": 1.1515741800000001,
  "dvars_vstd": 1.0200303904761903,
  "efc": 0.398055049856572,
  "fber": 1316993.875,
  "fd_mean": 0.32264713766545716,
  "fd_num": 89,
  "fd_perc": 60.13513513513514,
  "fwhm_avg": 2.0721399999999996,
  "fwhm_x": 1.97173,
  "fwhm_y": 2.2880266666666667,
  "fwhm_z": 1.9566633333333332,
  "gcor": 0.0218846,
  "gsr_x": -0.016697155311703682,
  "gsr_y": 0.022762957960367203,
  "provenance": {
    "md5sum": "46527d0b4a78c138aa6a390ea72cc6a7",
    "settings": {
      "fd_thres": 0.2,
      "testing": false
    },
    "software": "mriqc",
    "version": "21.0.0rc2",
    "webapi_port": null,
    "webapi_url": "https://mriqc.nimh.nih.gov/api/v1"
  },
  "size_t": 148,
  "size_x": 80,
  "size_y": 80,
  "size_z": 43,
  "snr": 4.544285084602246,
  "spacing_tr": 2.4000020027160645,
  "spacing_x": 3.0,
  "spacing_y": 3.0,
  "spacing_z": 3.0,
  "summary_bg_k": 69.0894203880745,
  "summary_bg_mad": 573.660838554378,
  "summary_bg_mean": 9615.3046875,
  "summary_bg_median": 394.7725830078125,
  "summary_bg_n": 194590.0,
  "summary_bg_p05": 4.2124776363372805,
  "summary_bg_p95": 55166.09296874995,
  "summary_bg_stdv": 29001.861328125,
  "summary_fg_k": 1.6210241758841564,
  "summary_fg_mad": 79561.09134260309,
  "summary_fg_mean": 459888.125,
  "summary_fg_median": 443890.375,
  "summary_fg_n": 37258.0,
  "summary_fg_p05": 328072.5453125,
  "summary_fg_p95": 644717.8312500002,
  "summary_fg_stdv": 97679.703125,
  "tsnr": 63.919532775878906
}