{
  "bids_meta": {
    "ConversionSoftware": "dcm2niix",
    "ConversionSoftwareVersion": "v1.0.20170411 GCC4.3.2",
    "EchoTime": 0.00351,
    "ImageType": [
      "ORIGINAL"
    ],
    "Manufacturer": "Philips",
    "ManufacturersModelName": "N/A",
    "PhilipsRescaleIntercept": 0,
    "PhilipsRescaleSlope": 9.66813,
    "PhilipsScaleSlope": 0.000376944,
    "ProtocolName": "WIPMPRAGE_S2SENSE",
    "RepetitionTime": 0.007639,
    "SequenceVariant": "tfl3d1_ns",
    "UsePhilipsFloatNotDisplayScaling": 1,
    "dataset": "ds001907",
    "modality": "T1w",
    "session_id": "1",
    "subject_id": "RC4204"
  },
  "cjv": 0.4413609967139979,
  "cnr": 2.6557025423402276,
  "efc": 0.7196132249362963,
  "fber": 6563.65600644988,
  "fwhm_avg": 3.1821366666666666,
  "fwhm_x": 3.28515,
  "fwhm_y": 3.37523,
  "fwhm_z": 2.88603,
  "icvs_csf": 0.1844009627623831,
  "icvs_gm": 0.38295134033986383,
  "icvs_wm": 0.43264769689775306,
  "inu_med": 1.489745855331421,
  "inu_range": 0.369393891096115,
  "provenance": {
    "md5sum": "d9247ee4363f1909b90c29d69c98e761",
    "settings": {
      "testing": false
    },
    "software": "mriqc",
    "version": "21.0.0rc2",
    "warnings": {
      "large_rot_frame": true,
      "small_air_mask": false
    },
    "webapi_port": null,
    "webapi_url": "https://mriqc.nimh.nih.gov/api/v1"
  },
  "qi_1": 0.0002842385158470613,
  "qi_2": 1.4549091847580798e-05,
  "rpve_csf": 36.80445051614827,
  "rpve_gm": 17.8643148555633,
  "rpve_wm": 19.329949187214673,
  "size_x": 176,
  "size_y": 256,
  "size_z": 256,
  "snr_csf": 2.080078385229649,
  "snr_gm": 14.808459223619954,
  "snr_total": 11.877739741415573,
  "snr_wm": 18.744681615397113,
  "snrd_csf": 17.519210973689656,
  "snrd_gm": 43.64312831046774,
  "snrd_total": 38.64873227369142,
  "snrd_wm": 54.78385753691686,
  "spacing_x": 1.0,
  "spacing_y": 1.0,
  "spacing_z": 1.0,
  "summary_bg_k": 4.095306126264444,
  "summary_bg_mad": 11.95856643244845,
  "summary_bg_mean": 11.636035083051562,
  "summary_bg_median": 8.065930485725403,
  "summary_bg_n": 430111.0,
  "summary_bg_p05": 0.0,
  "summary_bg_p95": 32.702087730169296,
  "summary_bg_stdv": 11.128264421887476,
  "summary_csf_k": 9.709630007835791,
  "summary_csf_mad": 117.89586689381244,
  "summary_csf_mean": 355.3351358305414,
  "summary_csf_median": 319.78784181177616,
  "summary_csf_n": 8155.0,
  "summary_csf_p05": 193.97686086595058,
  "summary_csf_p95": 596.291445788741,
  "summary_csf_stdv": 153.72893474786676,
  "summary_gm_k": 0.6815142041572844,
  "summary_gm_mad": 46.20946050799374,
  "summary_gm_mean": 793.4588651213345,
  "summary_gm_median": 796.6421452015638,
  "summary_gm_n": 8279.0,
  "summary_gm_p05": 699.2723365336657,
  "summary_gm_p95": 879.8921918615698,
  "summary_gm_stdv": 53.793174529437586,
  "summary_wm_k": 2.6880530507200424,
  "summary_wm_mad": 43.54477994424164,
  "summary_wm_mean": 1006.2265608892176,
  "summary_wm_median": 1000.0000339150429,
  "summary_wm_n": 155255.0,
  "summary_wm_p05": 933.2369245141745,
  "summary_wm_p95": 1101.7008965611458,
  "summary_wm_stdv": 53.348295474922445,
  "tpm_overlap_csf": 0.16890914738178253,
  "tpm_overlap_gm": 0.4025229215621948,
  "tpm_overlap_wm": 0.4839540719985962,
  "wm2max": 0.561072703519038
}