{
  "bids_meta": {
    "ConversionSoftware": "dcm2niix",
    "ConversionSoftwareVersion": "v1.0.20170411 GCC4.3.2",
    "EchoTime": 0.00351,
    "ImageType": [
      "ORIGINAL"
    ],
    "Manufacturer": "Philips",
    "ManufacturersModelName": "N/A",
    "PhilipsRescaleIntercept": 0,
    "PhilipsRescaleSlope": 7.61978,
    "PhilipsScaleSlope": 0.000329682,
    "ProtocolName": "WIPMPRAGE_S2SENSE",
    "RepetitionTime": 0.007638,
    "SequenceVariant": "tfl3d1_ns",
    "UsePhilipsFloatNotDisplayScaling": 1,
    "dataset": "ds001907",
    "modality": "T1w",
    "session_id": "2",
    "subject_id": "RC4101"
  },
  "cjv": 0.43842713125204924,
  "cnr": 2.9068686206336425,
  "efc": 0.768995970792516,
  "fber": 3490.2812875421905,
  "fwhm_avg": 3.2192433333333335,
  "fwhm_x": 3.31442,
  "fwhm_y": 3.34323,
  "fwhm_z": 3.00008,
  "icvs_csf": 0.20660767032133395,
  "icvs_gm": 0.38712091438011415,
  "icvs_wm": 0.4062714152985519,
  "inu_med": 1.6785145998001099,
  "inu_range": 0.46835546493530256,
  "provenance": {
    "md5sum": "ce7771dfaacdcbfb535c8292e1805421",
    "settings": {
      "testing": false
    },
    "software": "mriqc",
    "version": "21.0.0rc2",
    "warnings": {
      "large_rot_frame": true,
      "small_air_mask": true
    },
    "webapi_port": null,
    "webapi_url": "https://mriqc.nimh.nih.gov/api/v1"
  },
  "qi_1": 0.002770630033972946,
  "qi_2": 1.3213986802462823e-05,
  "rpve_csf": 25.12304867051795,
  "rpve_gm": 13.407373150105709,
  "rpve_wm": 15.726146785839418,
  "size_x": 176,
  "size_y": 256,
  "size_z": 256,
  "snr_csf": 2.621513948775222,
  "snr_gm": 13.495478610286886,
  "snr_total": 12.609249779670561,
  "snr_wm": 21.71075677994957,
  "snrd_csf": 29.013794226234005,
  "snrd_gm": 61.410277256104294,
  "snrd_total": 56.270850479558554,
  "snrd_wm": 78.38847995633733,
  "spacing_x": 1.0,
  "spacing_y": 1.0,
  "spacing_z": 1.0,
  "summary_bg_k": 4.510554259483803,
  "summary_bg_mad": 8.357762691920072,
  "summary_bg_mean": 8.049136351454017,
  "summary_bg_median": 5.637225270271301,
  "summary_bg_n": 247500.0,
  "summary_bg_p05": 0.0,
  "summary_bg_p95": 22.743288159370422,
  "summary_bg_stdv": 7.791487567876194,
  "summary_csf_k": 2.518103520040609,
  "summary_csf_mad": 157.03227402620516,
  "summary_csf_mean": 388.9793068419805,
  "summary_csf_median": 370.13729543983936,
  "summary_csf_n": 8678.0,
  "summary_csf_p05": 199.81533744633197,
  "summary_csf_p95": 622.5246182084084,
  "summary_csf_stdv": 141.18405466112486,
  "summary_gm_k": 0.4688412047252286,
  "summary_gm_mad": 53.172662643422534,
  "summary_gm_mean": 782.5278443095964,
  "summary_gm_median": 783.428522258997,
  "summary_gm_n": 12181.0,
  "summary_gm_p05": 682.5416286289692,
  "summary_gm_p95": 877.0744972229004,
  "summary_gm_stdv": 58.04880185528764,
  "summary_wm_k": 1.2811250005582417,
  "summary_wm_mad": 41.78881345960036,
  "summary_wm_mean": 1004.1331442178778,
  "summary_wm_median": 1000.0243242383003,
  "summary_wm_n": 197021.0,
  "summary_wm_p05": 937.0915076434612,
  "summary_wm_p95": 1086.1377999186516,
  "summary_wm_stdv": 46.061120600658015,
  "tpm_overlap_csf": 0.1509377658367157,
  "tpm_overlap_gm": 0.400715172290802,
  "tpm_overlap_wm": 0.4738636910915375,
  "wm2max": 0.596135461629827
}