{
  "aor": 0.006759530201342281,
  "aqi": 0.01515273691275168,
  "bids_meta": {
    "ConversionSoftware": "dcm2niix",
    "ConversionSoftwareVersion": "v1.0.20170411 GCC4.3.2",
    "EchoTime": 0.025,
    "ImageType": [
      "ORIGINAL"
    ],
    "Manufacturer": "Philips",
    "ManufacturersModelName": "N/A",
    "PhilipsRescaleIntercept": 0,
    "PhilipsRescaleSlope": 2.04103,
    "PhilipsScaleSlope": 0.000946719,
    "ProtocolName": "WIPANT_ESENSE",
    "RepetitionTime": 2.4,
    "SequenceVariant": "tfl3d1_ns",
    "SliceTiming": [
      0,
      0.06,
      0.11,
      0.17,
      0.22,
      0.28,
      0.33,
      0.39,
      0.45,
      0.5,
      0.56,
      0.61,
      0.67,
      0.73,
      0.78,
      0.84,
      0.89,
      0.95,
      1,
      1.06,
      1.12,
      1.17,
      1.23,
      1.28,
      1.34,
      1.4,
      1.45,
      1.51,
      1.56,
      1.62,
      1.67,
      1.73,
      1.79,
      1.84,
      1.9,
      1.95,
      2.01,
      2.07,
      2.12,
      2.18,
      2.23,
      2.29,
      2.34
    ],
    "TaskName": "ANT",
    "UsePhilipsFloatNotDisplayScaling": 1,
    "dataset": "ds001907",
    "modality": "bold",
    "run_id": 5,
    "session_id": "1",
    "subject_id": "RC4213",
    "task_id": "ANT"
  },
  "dummy_trs": 0,
  "dvars_nstd": 34.62344686405405,
  "dvars_std": 1.2737336923648654,
  "dvars_vstd": 1.005371169391892,
  "efc": 0.4201917585543145,
  "fber": 930759.125,
  "fd_mean": 0.4102987186486144,
  "fd_num": 100,
  "fd_perc": 67.11409395973155,
  "fwhm_avg": 1.8228000000000002,
  "fwhm_x": 1.7786033333333335,
  "fwhm_y": 1.9593466666666668,
  "fwhm_z": 1.73045,
  "gcor": 0.0203087,
  "gsr_x": -0.022503282874822617,
  "gsr_y": 0.03315362706780434,
  "provenance": {
    "md5sum": "0f0598d8d573846c291f8ae799e2dc17",
    "settings": {
      "fd_thres": 0.2,
      "testing": false
    },
    "software": "mriqc",
    "version": "21.0.0rc2",
    "webapi_port": null,
    "webapi_url": "https://mriqc.nimh.nih.gov/api/v1"
  },
  "size_t": 149,
  "size_x": 80,
  "size_y": 80,
  "size_z": 43,
  "snr": 5.868412123570481,
  "spacing_tr": 2.4000020027160645,
  "spacing_x": 3.0,
  "spacing_y": 3.0,
  "spacing_z": 3.0,
  "summary_bg_k": 74.54962371448576,
  "summary_bg_mad": 634.8192458096757,
  "summary_bg_mean": 11872.2763671875,
  "summary_bg_median": 435.0634765625,
  "summary_bg_n": 192422.0,
  "summary_bg_p05": 5.053834652900696,
  "summary_bg_p95": 60553.26699218698,
  "summary_bg_stdv": 34666.03515625,
  "summary_fg_k": 2.958397782971984,
  "summary_fg_mad": 60984.664686219505,
  "summary_fg_mean": 418617.5625,
  "summary_fg_median": 409520.25,
  "summary_fg_n": 38596.0,
  "summary_fg_p05": 328099.7265625,
  "summary_fg_p95": 535350.609375,
  "summary_fg_stdv": 69782.921875,
  "tsnr": 51.07527160644531
}