{
  "aor": 0.009426778523489932,
  "aqi": 0.015752688255033558,
  "bids_meta": {
    "ConversionSoftware": "dcm2niix",
    "ConversionSoftwareVersion": "v1.0.20170411 GCC4.3.2",
    "EchoTime": 0.025,
    "ImageType": [
      "ORIGINAL"
    ],
    "Manufacturer": "Philips",
    "ManufacturersModelName": "N/A",
    "PhilipsRescaleIntercept": 0,
    "PhilipsRescaleSlope": 2.37143,
    "PhilipsScaleSlope": 0.000936002,
    "ProtocolName": "WIPANT_DSENSE",
    "RepetitionTime": 2.4,
    "SequenceVariant": "tfl3d1_ns",
    "SliceTiming": [
      0,
      0.06,
      0.11,
      0.17,
      0.22,
      0.28,
      0.33,
      0.39,
      0.45,
      0.5,
      0.56,
      0.61,
      0.67,
      0.73,
      0.78,
      0.84,
      0.89,
      0.95,
      1,
      1.06,
      1.12,
      1.17,
      1.23,
      1.28,
      1.34,
      1.4,
      1.45,
      1.51,
      1.56,
      1.62,
      1.67,
      1.73,
      1.79,
      1.84,
      1.9,
      1.95,
      2.01,
      2.07,
      2.12,
      2.18,
      2.23,
      2.29,
      2.34
    ],
    "TaskName": "ANT",
    "UsePhilipsFloatNotDisplayScaling": 1,
    "dataset": "ds001907",
    "modality": "bold",
    "run_id": 4,
    "session_id": "1",
    "subject_id": "RC4213",
    "task_id": "ANT"
  },
  "dummy_trs": 0,
  "dvars_nstd": 37.568270490135134,
  "dvars_std": 1.3655769757432428,
  "dvars_vstd": 1.052410132770271,
  "efc": 0.4215144017908167,
  "fber": 620750.3125,
  "fd_mean": 0.5848244499558145,
  "fd_num": 113,
  "fd_perc": 75.83892617449665,
  "fwhm_avg": 1.8350644444444446,
  "fwhm_x": 1.78896,
  "fwhm_y": 1.9759566666666668,
  "fwhm_z": 1.7402766666666667,
  "gcor": 0.0548583,
  "gsr_x": -0.02327704057097435,
  "gsr_y": 0.03316568210721016,
  "provenance": {
    "md5sum": "00d6b8ddccac30e13bb8efe5be0de80c",
    "settings": {
      "fd_thres": 0.2,
      "testing": false
    },
    "software": "mriqc",
    "version": "21.0.0rc2",
    "webapi_port": null,
    "webapi_url": "https://mriqc.nimh.nih.gov/api/v1"
  },
  "size_t": 149,
  "size_x": 80,
  "size_y": 80,
  "size_z": 43,
  "snr": 5.795891356115551,
  "spacing_tr": 2.4000020027160645,
  "spacing_x": 3.0,
  "spacing_y": 3.0,
  "spacing_z": 3.0,
  "summary_bg_k": 64.67233336316696,
  "summary_bg_mad": 779.1214007098757,
  "summary_bg_mean": 12351.845703125,
  "summary_bg_median": 534.22314453125,
  "summary_bg_n": 192252.0,
  "summary_bg_p05": 5.8570332527160645,
  "summary_bg_p95": 62128.27128906246,
  "summary_bg_stdv": 36502.3046875,
  "summary_fg_k": 3.018090839503806,
  "summary_fg_mad": 62686.59937042528,
  "summary_fg_mean": 424305.59375,
  "summary_fg_median": 415242.4375,
  "summary_fg_n": 39099.0,
  "summary_fg_p05": 330299.69375,
  "summary_fg_p95": 544015.4624999999,
  "summary_fg_stdv": 71643.359375,
  "tsnr": 48.557884216308594
}