{
  "aor": 0.0014822147651006711,
  "aqi": 0.0026891556375838927,
  "bids_meta": {
    "ConversionSoftware": "dcm2niix",
    "ConversionSoftwareVersion": "v1.0.20170411 GCC4.3.2",
    "EchoTime": 0.025,
    "ImageType": [
      "ORIGINAL"
    ],
    "Manufacturer": "Philips",
    "ManufacturersModelName": "N/A",
    "PhilipsRescaleIntercept": 0,
    "PhilipsRescaleSlope": 2.03321,
    "PhilipsScaleSlope": 0.000831178,
    "ProtocolName": "WIPANT_DSENSE",
    "RepetitionTime": 2.4,
    "SequenceVariant": "tfl3d1_ns",
    "SliceTiming": [
      0,
      0.06,
      0.11,
      0.17,
      0.22,
      0.28,
      0.33,
      0.39,
      0.45,
      0.5,
      0.56,
      0.61,
      0.67,
      0.73,
      0.78,
      0.84,
      0.89,
      0.95,
      1,
      1.06,
      1.12,
      1.17,
      1.23,
      1.28,
      1.34,
      1.4,
      1.45,
      1.51,
      1.56,
      1.62,
      1.67,
      1.73,
      1.79,
      1.84,
      1.9,
      1.95,
      2.01,
      2.07,
      2.12,
      2.18,
      2.23,
      2.29,
      2.34
    ],
    "TaskName": "ANT",
    "UsePhilipsFloatNotDisplayScaling": 1,
    "dataset": "ds001907",
    "modality": "bold",
    "run_id": 4,
    "session_id": "1",
    "subject_id": "RC4101",
    "task_id": "ANT"
  },
  "dummy_trs": 0,
  "dvars_nstd": 23.37485892054053,
  "dvars_std": 1.4493818077702694,
  "dvars_vstd": 1.0074966330405404,
  "efc": 0.43893738492425965,
  "fber": 952441.3125,
  "fd_mean": 0.09315133737910242,
  "fd_num": 6,
  "fd_perc": 4.026845637583893,
  "fwhm_avg": 2.0376533333333335,
  "fwhm_x": 1.9518133333333332,
  "fwhm_y": 2.16909,
  "fwhm_z": 1.9920566666666666,
  "gcor": 0.0461972,
  "gsr_x": -0.00924310926347971,
  "gsr_y": 0.01611029915511608,
  "provenance": {
    "md5sum": "96a93e94027d731a28e96cbe1bfe03ed",
    "settings": {
      "fd_thres": 0.2,
      "testing": false
    },
    "software": "mriqc",
    "version": "21.0.0rc2",
    "webapi_port": null,
    "webapi_url": "https://mriqc.nimh.nih.gov/api/v1"
  },
  "size_t": 149,
  "size_x": 80,
  "size_y": 80,
  "size_z": 43,
  "snr": 4.5421704729710335,
  "spacing_tr": 2.4000000953674316,
  "spacing_x": 3.0,
  "spacing_y": 3.0,
  "spacing_z": 3.0,
  "summary_bg_k": 97.33646414295698,
  "summary_bg_mad": 847.0881662137222,
  "summary_bg_mean": 13658.4404296875,
  "summary_bg_median": 573.9536743164062,
  "summary_bg_n": 183587.0,
  "summary_bg_p05": 1.5471476435661315,
  "summary_bg_p95": 82267.76171874988,
  "summary_bg_stdv": 41145.15234375,
  "summary_fg_k": 2.0062511284460927,
  "summary_fg_mad": 96091.96708498258,
  "summary_fg_mean": 576615.875,
  "summary_fg_median": 552393.125,
  "summary_fg_n": 45722.0,
  "summary_fg_p05": 426297.725,
  "summary_fg_p95": 820464.5937499997,
  "summary_fg_stdv": 121613.0234375,
  "tsnr": 105.0933837890625
}