{
  "aor": 0.0030260402684563763,
  "aqi": 0.0028228353020134226,
  "bids_meta": {
    "ConversionSoftware": "dcm2niix",
    "ConversionSoftwareVersion": "v1.0.20170411 GCC4.3.2",
    "EchoTime": 0.025,
    "ImageType": [
      "ORIGINAL"
    ],
    "Manufacturer": "Philips",
    "ManufacturersModelName": "N/A",
    "PhilipsRescaleIntercept": 0,
    "PhilipsRescaleSlope": 2.3453,
    "PhilipsScaleSlope": 0.000821462,
    "ProtocolName": "WIPANT_CSENSE",
    "RepetitionTime": 2.4,
    "SequenceVariant": "tfl3d1_ns",
    "SliceTiming": [
      0,
      0.06,
      0.11,
      0.17,
      0.22,
      0.28,
      0.33,
      0.39,
      0.45,
      0.5,
      0.56,
      0.61,
      0.67,
      0.73,
      0.78,
      0.84,
      0.89,
      0.95,
      1,
      1.06,
      1.12,
      1.17,
      1.23,
      1.28,
      1.34,
      1.4,
      1.45,
      1.51,
      1.56,
      1.62,
      1.67,
      1.73,
      1.79,
      1.84,
      1.9,
      1.95,
      2.01,
      2.07,
      2.12,
      2.18,
      2.23,
      2.29,
      2.34
    ],
    "TaskName": "ANT",
    "UsePhilipsFloatNotDisplayScaling": 1,
    "dataset": "ds001907",
    "modality": "bold",
    "run_id": 3,
    "session_id": "1",
    "subject_id": "RC4101",
    "task_id": "ANT"
  },
  "dummy_trs": 0,
  "dvars_nstd": 23.717437564189193,
  "dvars_std": 1.5027590806081084,
  "dvars_vstd": 1.0372335067567569,
  "efc": 0.43903098096641907,
  "fber": 964789.6875,
  "fd_mean": 0.09042851759641378,
  "fd_num": 4,
  "fd_perc": 2.684563758389262,
  "fwhm_avg": 2.0348611111111112,
  "fwhm_x": 1.9508966666666667,
  "fwhm_y": 2.16593,
  "fwhm_z": 1.9877566666666666,
  "gcor": 0.0280838,
  "gsr_x": -0.009325934574007988,
  "gsr_y": 0.01606089435517788,
  "provenance": {
    "md5sum": "10027b0da70a0a0f03811c487104c6fb",
    "settings": {
      "fd_thres": 0.2,
      "testing": false
    },
    "software": "mriqc",
    "version": "21.0.0rc2",
    "webapi_port": null,
    "webapi_url": "https://mriqc.nimh.nih.gov/api/v1"
  },
  "size_t": 149,
  "size_x": 80,
  "size_y": 80,
  "size_z": 43,
  "snr": 4.5214955522020865,
  "spacing_tr": 2.4000000953674316,
  "spacing_x": 3.0,
  "spacing_y": 3.0,
  "spacing_z": 3.0,
  "summary_bg_k": 96.70455857741712,
  "summary_bg_mad": 847.8995254513314,
  "summary_bg_mean": 13824.34765625,
  "summary_bg_median": 575.0687255859375,
  "summary_bg_n": 183490.0,
  "summary_bg_p05": 1.7215579211711884,
  "summary_bg_p95": 82777.45742187496,
  "summary_bg_stdv": 41661.7109375,
  "summary_fg_k": 2.0203222563350893,
  "summary_fg_mad": 97757.60118049462,
  "summary_fg_mean": 584356.875,
  "summary_fg_median": 559727.0625,
  "summary_fg_n": 45789.0,
  "summary_fg_p05": 431285.8625,
  "summary_fg_p95": 831240.9125,
  "summary_fg_stdv": 123791.109375,
  "tsnr": 103.68732452392578
}