{
  "aor": 0.0016875838926174492,
  "aqi": 0.005593362684563758,
  "bids_meta": {
    "ConversionSoftware": "dcm2niix",
    "ConversionSoftwareVersion": "v1.0.20170411 GCC4.3.2",
    "EchoTime": 0.025,
    "ImageType": [
      "ORIGINAL"
    ],
    "Manufacturer": "Philips",
    "ManufacturersModelName": "N/A",
    "PhilipsRescaleIntercept": 0,
    "PhilipsRescaleSlope": 3.03834,
    "PhilipsScaleSlope": 0.000956668,
    "ProtocolName": "WIPANT_BSENSE",
    "RepetitionTime": 2.4,
    "SequenceVariant": "tfl3d1_ns",
    "SliceTiming": [
      0,
      0.06,
      0.11,
      0.17,
      0.22,
      0.28,
      0.33,
      0.39,
      0.45,
      0.5,
      0.56,
      0.61,
      0.67,
      0.73,
      0.78,
      0.84,
      0.89,
      0.95,
      1,
      1.06,
      1.12,
      1.17,
      1.23,
      1.28,
      1.34,
      1.4,
      1.45,
      1.51,
      1.56,
      1.62,
      1.67,
      1.73,
      1.79,
      1.84,
      1.9,
      1.95,
      2.01,
      2.07,
      2.12,
      2.18,
      2.23,
      2.29,
      2.34
    ],
    "TaskName": "ANT",
    "UsePhilipsFloatNotDisplayScaling": 1,
    "dataset": "ds001907",
    "modality": "bold",
    "run_id": 2,
    "session_id": "2",
    "subject_id": "RC4106",
    "task_id": "ANT"
  },
  "dummy_trs": 0,
  "dvars_nstd": 30.111932431891898,
  "dvars_std": 1.2854921818918916,
  "dvars_vstd": 0.98513399054054,
  "efc": 0.4439420422115081,
  "fber": 473807.3125,
  "fd_mean": 0.25954549174718783,
  "fd_num": 93,
  "fd_perc": 62.41610738255034,
  "fwhm_avg": 2.2319366666666665,
  "fwhm_x": 2.08692,
  "fwhm_y": 2.416166666666667,
  "fwhm_z": 2.1927233333333334,
  "gcor": 0.00946799,
  "gsr_x": -0.02940269373357296,
  "gsr_y": 0.04216533154249191,
  "provenance": {
    "md5sum": "1cccb681a1a925638f22b5a29cc126c4",
    "settings": {
      "fd_thres": 0.2,
      "testing": false
    },
    "software": "mriqc",
    "version": "21.0.0rc2",
    "webapi_port": null,
    "webapi_url": "https://mriqc.nimh.nih.gov/api/v1"
  },
  "size_t": 149,
  "size_x": 80,
  "size_y": 80,
  "size_z": 43,
  "snr": 3.672575705213954,
  "spacing_tr": 2.4000000953674316,
  "spacing_x": 3.0,
  "spacing_y": 3.0,
  "spacing_z": 3.0,
  "summary_bg_k": 36.74537325646836,
  "summary_bg_mad": 833.4665695729277,
  "summary_bg_mean": 13341.5,
  "summary_bg_median": 569.4857177734375,
  "summary_bg_n": 185500.0,
  "summary_bg_p05": 5.687374806404114,
  "summary_bg_p95": 75528.85078125,
  "summary_bg_stdv": 30655.95703125,
  "summary_fg_k": 1.2770157723547149,
  "summary_fg_mad": 82234.57062746366,
  "summary_fg_mean": 419651.40625,
  "summary_fg_median": 393657.5625,
  "summary_fg_n": 44575.0,
  "summary_fg_p05": 290217.39375,
  "summary_fg_p95": 655472.5312499997,
  "summary_fg_stdv": 107187.2109375,
  "tsnr": 68.0213623046875
}