{
  "bids_meta": {
    "ConversionSoftware": "dcm2niix",
    "ConversionSoftwareVersion": "v1.0.20170411 GCC4.3.2",
    "EchoTime": 0.00351,
    "ImageType": [
      "ORIGINAL"
    ],
    "Manufacturer": "Philips",
    "ManufacturersModelName": "N/A",
    "PhilipsRescaleIntercept": 0,
    "PhilipsRescaleSlope": 9.78095,
    "PhilipsScaleSlope": 0.000381159,
    "ProtocolName": "WIPMPRAGE_S2SENSE",
    "RepetitionTime": 0.007647,
    "SequenceVariant": "tfl3d1_ns",
    "UsePhilipsFloatNotDisplayScaling": 1,
    "dataset": "ds001907",
    "modality": "T1w",
    "session_id": "2",
    "subject_id": "RC4204"
  },
  "cjv": 0.4333116001499423,
  "cnr": 2.750919576530246,
  "efc": 0.7247556546372207,
  "fber": 5996.56640625,
  "fwhm_avg": 3.172933333333333,
  "fwhm_x": 3.28532,
  "fwhm_y": 3.36517,
  "fwhm_z": 2.86831,
  "icvs_csf": 0.18606730735984506,
  "icvs_gm": 0.38514676789319374,
  "icvs_wm": 0.4287859247469612,
  "inu_med": 2.451157808303833,
  "inu_range": 0.5265585899353025,
  "provenance": {
    "md5sum": "ac654e67c19f6131d979e558f2991040",
    "settings": {
      "testing": false
    },
    "software": "mriqc",
    "version": "21.0.0rc2",
    "warnings": {
      "large_rot_frame": true,
      "small_air_mask": false
    },
    "webapi_port": null,
    "webapi_url": "https://mriqc.nimh.nih.gov/api/v1"
  },
  "qi_1": 0.0,
  "qi_2": 1.6377073564708974e-05,
  "rpve_csf": 36.444383053581525,
  "rpve_gm": 17.83156856492597,
  "rpve_wm": 19.417972343204468,
  "size_x": 176,
  "size_y": 256,
  "size_z": 256,
  "snr_csf": 2.009591123587038,
  "snr_gm": 14.314562546322577,
  "snr_total": 11.972889140603522,
  "snr_wm": 19.59451375190095,
  "snrd_csf": 15.724812694127802,
  "snrd_gm": 39.68429495570373,
  "snrd_total": 35.228260096143224,
  "snrd_wm": 50.275672638598145,
  "spacing_x": 1.0,
  "spacing_y": 1.0,
  "spacing_z": 1.0,
  "summary_bg_k": 4.788193887545892,
  "summary_bg_mad": 13.030882923756062,
  "summary_bg_mean": 15.354044910412746,
  "summary_bg_median": 8.789196968078613,
  "summary_bg_n": 441484.0,
  "summary_bg_p05": 0.0,
  "summary_bg_p95": 43.717099502682686,
  "summary_bg_stdv": 14.822768548461273,
  "summary_csf_k": 10.374739800528308,
  "summary_csf_mad": 126.64389341525423,
  "summary_csf_mean": 347.51233970099975,
  "summary_csf_median": 312.771813981235,
  "summary_csf_n": 7818.0,
  "summary_csf_p05": 182.2316393248737,
  "summary_csf_p95": 588.3795156784355,
  "summary_csf_stdv": 155.62957377594668,
  "summary_gm_k": 0.7541022574566036,
  "summary_gm_mad": 48.52646505461242,
  "summary_gm_mean": 786.7884022730295,
  "summary_gm_median": 789.3339756280184,
  "summary_gm_n": 8723.0,
  "summary_gm_p05": 690.8400371044875,
  "summary_gm_p95": 873.733155055344,
  "summary_gm_stdv": 55.138864870452146,
  "summary_wm_k": 2.177043761256151,
  "summary_wm_mad": 42.75758459357458,
  "summary_wm_mean": 1005.6424995608237,
  "summary_wm_median": 1000.0000404566526,
  "summary_wm_n": 155190.0,
  "summary_wm_p05": 934.4930568039417,
  "summary_wm_p95": 1098.6747983969742,
  "summary_wm_stdv": 51.03453095370838,
  "tpm_overlap_csf": 0.1683606058359146,
  "tpm_overlap_gm": 0.40538424253463745,
  "tpm_overlap_wm": 0.48639610409736633,
  "wm2max": 0.5273894884237464
}