{
  "aor": 0.0025038255033557047,
  "aqi": 0.014842957315436243,
  "bids_meta": {
    "AcquisitionDateTime": "2013-06-07T09:05:17.120000",
    "BodyPartExamined": "BRAIN",
    "ConversionSoftware": "dcm2niix",
    "ConversionSoftwareVersion": "v1.0.20170411 GCC4.3.2",
    "EchoTime": 0.025001,
    "FlipAngle": 79,
    "ImageType": [
      "ORIGINAL",
      "PRIMARY",
      "M",
      "FFE",
      "M",
      "FFE"
    ],
    "MagneticFieldStrength": 3,
    "Manufacturer": "Philips",
    "ManufacturersModelName": "Achieva",
    "PhilipsRescaleIntercept": 0,
    "PhilipsRescaleSlope": 3.11795,
    "PhilipsScaleSlope": 0.000915451,
    "ProcedureStepDescription": "IBIC-UDALL",
    "ProtocolName": "WIP_ANT_C_SENSE",
    "RepetitionTime": 2.4,
    "ScanningSequence": "GR",
    "SequenceVariant": "SK",
    "SeriesDescription": "ANT_C",
    "SliceTiming": [
      0,
      0.06,
      0.11,
      0.17,
      0.22,
      0.28,
      0.33,
      0.39,
      0.45,
      0.5,
      0.56,
      0.61,
      0.67,
      0.73,
      0.78,
      0.84,
      0.89,
      0.95,
      1,
      1.06,
      1.12,
      1.17,
      1.23,
      1.28,
      1.34,
      1.4,
      1.45,
      1.51,
      1.56,
      1.62,
      1.67,
      1.73,
      1.79,
      1.84,
      1.9,
      1.95,
      2.01,
      2.07,
      2.12,
      2.18,
      2.23,
      2.29,
      2.34
    ],
    "TaskName": "ANT",
    "UsePhilipsFloatNotDisplayScaling": 1,
    "dataset": "ds001907",
    "modality": "bold",
    "run_id": 3,
    "session_id": "1",
    "subject_id": "RC4130",
    "task_id": "ANT"
  },
  "dummy_trs": 0,
  "dvars_nstd": 46.70984933202701,
  "dvars_std": 1.162280974662162,
  "dvars_vstd": 0.9922337355405402,
  "efc": 0.3987591194885207,
  "fber": 1101257.125,
  "fd_mean": 0.9515012568338971,
  "fd_num": 148,
  "fd_perc": 99.32885906040268,
  "fwhm_avg": 2.0951677777777777,
  "fwhm_x": 2.046683333333333,
  "fwhm_y": 2.2077633333333333,
  "fwhm_z": 2.0310566666666667,
  "gcor": 0.0110586,
  "gsr_x": -0.019765835255384445,
  "gsr_y": 0.010189211927354336,
  "provenance": {
    "md5sum": "a8dcd81998c2760b9293fcd13518a78d",
    "settings": {
      "fd_thres": 0.2,
      "testing": false
    },
    "software": "mriqc",
    "version": "21.0.0rc2",
    "webapi_port": null,
    "webapi_url": "https://mriqc.nimh.nih.gov/api/v1"
  },
  "size_t": 149,
  "size_x": 80,
  "size_y": 80,
  "size_z": 43,
  "snr": 4.089532336876785,
  "spacing_tr": 2.4000020027160645,
  "spacing_x": 3.0,
  "spacing_y": 3.0,
  "spacing_z": 3.0,
  "summary_bg_k": 112.12131606016291,
  "summary_bg_mad": 667.4839185425424,
  "summary_bg_mean": 9445.552734375,
  "summary_bg_median": 473.6533203125,
  "summary_bg_n": 192345.0,
  "summary_bg_p05": 11.388183593750002,
  "summary_bg_p95": 50712.33281249998,
  "summary_bg_stdv": 30546.458984375,
  "summary_fg_k": 1.1571859195875849,
  "summary_fg_mad": 103359.35884086174,
  "summary_fg_mean": 516848.28125,
  "summary_fg_median": 492099.1875,
  "summary_fg_n": 38636.0,
  "summary_fg_p05": 366572.2890625,
  "summary_fg_p95": 757630.65625,
  "summary_fg_stdv": 120329.8515625,
  "tsnr": 34.3714599609375
}