{
  "aor": 0.002454362416107383,
  "aqi": 0.011543893691275167,
  "bids_meta": {
    "AcquisitionDateTime": "2013-06-07T09:12:16.070000",
    "BodyPartExamined": "BRAIN",
    "ConversionSoftware": "dcm2niix",
    "ConversionSoftwareVersion": "v1.0.20170411 GCC4.3.2",
    "EchoTime": 0.025001,
    "FlipAngle": 79,
    "ImageType": [
      "ORIGINAL",
      "PRIMARY",
      "M",
      "FFE",
      "M",
      "FFE"
    ],
    "MagneticFieldStrength": 3,
    "Manufacturer": "Philips",
    "ManufacturersModelName": "Achieva",
    "PhilipsRescaleIntercept": 0,
    "PhilipsRescaleSlope": 2.43541,
    "PhilipsScaleSlope": 0.00092592,
    "ProcedureStepDescription": "IBIC-UDALL",
    "ProtocolName": "WIP_ANT_E_SENSE",
    "RepetitionTime": 2.4,
    "ScanningSequence": "GR",
    "SequenceVariant": "SK",
    "SeriesDescription": "ANT_E",
    "SliceTiming": [
      0,
      0.06,
      0.11,
      0.17,
      0.22,
      0.28,
      0.33,
      0.39,
      0.45,
      0.5,
      0.56,
      0.61,
      0.67,
      0.73,
      0.78,
      0.84,
      0.89,
      0.95,
      1,
      1.06,
      1.12,
      1.17,
      1.23,
      1.28,
      1.34,
      1.4,
      1.45,
      1.51,
      1.56,
      1.62,
      1.67,
      1.73,
      1.79,
      1.84,
      1.9,
      1.95,
      2.01,
      2.07,
      2.12,
      2.18,
      2.23,
      2.29,
      2.34
    ],
    "TaskName": "ANT",
    "UsePhilipsFloatNotDisplayScaling": 1,
    "dataset": "ds001907",
    "modality": "bold",
    "run_id": 5,
    "session_id": "1",
    "subject_id": "RC4130",
    "task_id": "ANT"
  },
  "dummy_trs": 0,
  "dvars_nstd": 39.96325579216214,
  "dvars_std": 1.1761909072972976,
  "dvars_vstd": 1.0014683560135134,
  "efc": 0.4006178499406942,
  "fber": 1541216.5,
  "fd_mean": 0.6750481497895816,
  "fd_num": 148,
  "fd_perc": 99.32885906040268,
  "fwhm_avg": 2.0578177777777777,
  "fwhm_x": 2.025583333333333,
  "fwhm_y": 2.19724,
  "fwhm_z": 1.95063,
  "gcor": 0.0127648,
  "gsr_x": -0.02073708176612854,
  "gsr_y": 0.010015007108449936,
  "provenance": {
    "md5sum": "0b86e7e192712ea1d12074a155c6730d",
    "settings": {
      "fd_thres": 0.2,
      "testing": false
    },
    "software": "mriqc",
    "version": "21.0.0rc2",
    "webapi_port": null,
    "webapi_url": "https://mriqc.nimh.nih.gov/api/v1"
  },
  "size_t": 149,
  "size_x": 80,
  "size_y": 80,
  "size_z": 43,
  "snr": 4.090165133744397,
  "spacing_tr": 2.4000020027160645,
  "spacing_x": 3.0,
  "spacing_y": 3.0,
  "spacing_z": 3.0,
  "summary_bg_k": 114.56581216943131,
  "summary_bg_mad": 565.4912341045443,
  "summary_bg_mean": 9322.3876953125,
  "summary_bg_median": 392.005615234375,
  "summary_bg_n": 192083.0,
  "summary_bg_p05": 4.862351417541504,
  "summary_bg_p95": 51006.65976562499,
  "summary_bg_stdv": 30388.40234375,
  "summary_fg_k": 1.2195393952151221,
  "summary_fg_mad": 101134.04240786382,
  "summary_fg_mean": 507594.4375,
  "summary_fg_median": 483213.3125,
  "summary_fg_n": 38841.0,
  "summary_fg_p05": 361445.6875,
  "summary_fg_p95": 744363.125,
  "summary_fg_stdv": 118138.7734375,
  "tsnr": 41.84093475341797
}