{
  "aor": 0.0031328187919463088,
  "aqi": 0.004875333355704697,
  "bids_meta": {
    "AcquisitionDateTime": "2013-06-06T09:21:17.250000",
    "BodyPartExamined": "BRAIN",
    "ConversionSoftware": "dcm2niix",
    "ConversionSoftwareVersion": "v1.0.20170411 GCC4.3.2",
    "EchoTime": 0.025,
    "FlipAngle": 79,
    "ImageType": [
      "ORIGINAL",
      "PRIMARY",
      "M",
      "FFE",
      "M",
      "FFE"
    ],
    "MagneticFieldStrength": 3,
    "Manufacturer": "Philips",
    "ManufacturersModelName": "Achieva",
    "PhilipsRescaleIntercept": 0,
    "PhilipsRescaleSlope": 2.5177,
    "PhilipsScaleSlope": 0.000855211,
    "ProcedureStepDescription": "IBIC-UDALL",
    "ProtocolName": "WIP_ANT_C_SENSE",
    "RepetitionTime": 2.4,
    "ScanningSequence": "GR",
    "SequenceVariant": "SK",
    "SeriesDescription": "ANT_C",
    "SliceTiming": [
      0,
      0.06,
      0.11,
      0.17,
      0.22,
      0.28,
      0.33,
      0.39,
      0.45,
      0.5,
      0.56,
      0.61,
      0.67,
      0.73,
      0.78,
      0.84,
      0.89,
      0.95,
      1,
      1.06,
      1.12,
      1.17,
      1.23,
      1.28,
      1.34,
      1.4,
      1.45,
      1.51,
      1.56,
      1.62,
      1.67,
      1.73,
      1.79,
      1.84,
      1.9,
      1.95,
      2.01,
      2.07,
      2.12,
      2.18,
      2.23,
      2.29,
      2.34
    ],
    "TaskName": "ANT",
    "UsePhilipsFloatNotDisplayScaling": 1,
    "dataset": "ds001907",
    "modality": "bold",
    "run_id": 3,
    "session_id": "1",
    "subject_id": "RC4129",
    "task_id": "ANT"
  },
  "dummy_trs": 0,
  "dvars_nstd": 18.081162485135135,
  "dvars_std": 1.1576237796621618,
  "dvars_vstd": 1.0128583328378384,
  "efc": 0.41702320369634355,
  "fber": 1508059.0,
  "fd_mean": 0.20724876860624805,
  "fd_num": 62,
  "fd_perc": 41.61073825503356,
  "fwhm_avg": 1.8712755555555554,
  "fwhm_x": 1.7618566666666666,
  "fwhm_y": 2.0593766666666666,
  "fwhm_z": 1.7925933333333333,
  "gcor": 0.0773219,
  "gsr_x": -0.015899797901511192,
  "gsr_y": 0.026521407067775726,
  "provenance": {
    "md5sum": "b808bae24f34d582b07975f6f48ac7d1",
    "settings": {
      "fd_thres": 0.2,
      "testing": false
    },
    "software": "mriqc",
    "version": "21.0.0rc2",
    "webapi_port": null,
    "webapi_url": "https://mriqc.nimh.nih.gov/api/v1"
  },
  "size_t": 149,
  "size_x": 80,
  "size_y": 80,
  "size_z": 43,
  "snr": 4.758333293802199,
  "spacing_tr": 2.4000020027160645,
  "spacing_x": 3.0,
  "spacing_y": 3.0,
  "spacing_z": 3.0,
  "summary_bg_k": 61.517941301166104,
  "summary_bg_mad": 650.9097437672758,
  "summary_bg_mean": 13588.9033203125,
  "summary_bg_median": 443.9935302734375,
  "summary_bg_n": 190488.0,
  "summary_bg_p05": 3.335983717441559,
  "summary_bg_p95": 81530.94374999999,
  "summary_bg_stdv": 40763.140625,
  "summary_fg_k": 2.6716566813374527,
  "summary_fg_mad": 94183.97385806419,
  "summary_fg_mean": 553274.75,
  "summary_fg_median": 533145.6875,
  "summary_fg_n": 39953.0,
  "summary_fg_p05": 416547.2375,
  "summary_fg_p95": 754421.9375000003,
  "summary_fg_stdv": 112043.2265625,
  "tsnr": 80.51734924316406
}