{
  "bids_meta": {
    "ConversionSoftware": "dcm2niix",
    "ConversionSoftwareVersion": "v1.0.20170411 GCC4.3.2",
    "EchoTime": 0.00349,
    "ImageType": [
      "ORIGINAL"
    ],
    "Manufacturer": "Philips",
    "ManufacturersModelName": "N/A",
    "PhilipsRescaleIntercept": 0,
    "PhilipsRescaleSlope": 6.34139,
    "PhilipsScaleSlope": 0.000328845,
    "ProtocolName": "WIPMPRAGE_S2SENSE",
    "RepetitionTime": 0.007481,
    "SequenceVariant": "tfl3d1_ns",
    "UsePhilipsFloatNotDisplayScaling": 1,
    "dataset": "ds001907",
    "modality": "T1w",
    "session_id": "1",
    "subject_id": "RC4120"
  },
  "cjv": 0.4885115521706869,
  "cnr": 2.416700968809054,
  "efc": 0.7539338529569514,
  "fber": 3259.1952195563604,
  "fwhm_avg": 3.2516197477468154,
  "fwhm_x": 3.346209601100731,
  "fwhm_y": 3.4067,
  "fwhm_z": 3.001949642139716,
  "icvs_csf": 0.19075464173158643,
  "icvs_gm": 0.3800687519949715,
  "icvs_wm": 0.4291766062734421,
  "inu_med": 2.404881477355957,
  "inu_range": 0.7270383954048159,
  "provenance": {
    "md5sum": "a258909763f9501cc4c82bf0aa801a96",
    "settings": {
      "testing": false
    },
    "software": "mriqc",
    "version": "21.0.0rc2",
    "warnings": {
      "large_rot_frame": true,
      "small_air_mask": false
    },
    "webapi_port": null,
    "webapi_url": "https://mriqc.nimh.nih.gov/api/v1"
  },
  "qi_1": 0.0,
  "qi_2": 5.9344652432158485e-06,
  "rpve_csf": 26.794415632112923,
  "rpve_gm": 13.477089783281734,
  "rpve_wm": 14.690872944013993,
  "size_x": 176,
  "size_y": 256,
  "size_z": 256,
  "snr_csf": 2.8838868227520007,
  "snr_gm": 13.856552145746615,
  "snr_total": 11.944389992252866,
  "snr_wm": 19.09273100825998,
  "snrd_csf": 30.34706120964921,
  "snrd_gm": 58.6027979224557,
  "snrd_total": 54.14778153072976,
  "snrd_wm": 73.49348546008437,
  "spacing_x": 1.0000001192092896,
  "spacing_y": 1.0,
  "spacing_z": 1.0000001192092896,
  "summary_bg_k": 1862.8459591759377,
  "summary_bg_mad": 8.914671975943385,
  "summary_bg_mean": 13.30031716963688,
  "summary_bg_median": 12.025709748268127,
  "summary_bg_n": 491958.0,
  "summary_bg_p05": 0.0,
  "summary_bg_p95": 37.06199340522289,
  "summary_bg_stdv": 31.216238202167187,
  "summary_csf_k": 4.634769489557527,
  "summary_csf_mad": 145.05554616028567,
  "summary_csf_mean": 424.66087557962373,
  "summary_csf_median": 412.9431754723191,
  "summary_csf_n": 5598.0,
  "summary_csf_p05": 219.00268830358982,
  "summary_csf_p95": 646.7680693902075,
  "summary_csf_stdv": 143.17700939875192,
  "summary_gm_k": 0.30812206070976167,
  "summary_gm_mad": 53.2574799942135,
  "summary_gm_mean": 797.9088209014559,
  "summary_gm_median": 797.4289602041245,
  "summary_gm_n": 14285.0,
  "summary_gm_p05": 702.0215405374765,
  "summary_gm_p95": 895.3866596966982,
  "summary_gm_stdv": 57.546858693215725,
  "summary_wm_k": 1.531263224974949,
  "summary_wm_mad": 45.72611918695098,
  "summary_wm_mean": 1006.3757131988209,
  "summary_wm_median": 1000.0518024712801,
  "summary_wm_n": 204559.0,
  "summary_wm_p05": 933.7548939883709,
  "summary_wm_p95": 1103.1515295803547,
  "summary_wm_stdv": 52.37853912184949,
  "tpm_overlap_csf": 0.14099353551864624,
  "tpm_overlap_gm": 0.3956701457500458,
  "tpm_overlap_wm": 0.4705215096473694,
  "wm2max": 0.49176902455421384
}