{
  "aor": 0.01057040268456376,
  "aqi": 0.008042093288590603,
  "bids_meta": {
    "ConversionSoftware": "dcm2niix",
    "ConversionSoftwareVersion": "v1.0.20170411 GCC4.3.2",
    "EchoTime": 0.025,
    "ImageType": [
      "ORIGINAL"
    ],
    "Manufacturer": "Philips",
    "ManufacturersModelName": "N/A",
    "PhilipsRescaleIntercept": 0,
    "PhilipsRescaleSlope": 1.74115,
    "PhilipsScaleSlope": 0.000862502,
    "ProtocolName": "WIPANT_ESENSE",
    "RepetitionTime": 2.4,
    "SequenceVariant": "tfl3d1_ns",
    "SliceTiming": [
      0,
      0.06,
      0.11,
      0.17,
      0.22,
      0.28,
      0.33,
      0.39,
      0.45,
      0.5,
      0.56,
      0.61,
      0.67,
      0.73,
      0.78,
      0.84,
      0.89,
      0.95,
      1,
      1.06,
      1.12,
      1.17,
      1.23,
      1.28,
      1.34,
      1.4,
      1.45,
      1.51,
      1.56,
      1.62,
      1.67,
      1.73,
      1.79,
      1.84,
      1.9,
      1.95,
      2.01,
      2.07,
      2.12,
      2.18,
      2.23,
      2.29,
      2.34
    ],
    "TaskName": "ANT",
    "UsePhilipsFloatNotDisplayScaling": 1,
    "dataset": "ds001907",
    "modality": "bold",
    "run_id": 5,
    "session_id": "1",
    "subject_id": "RC4210",
    "task_id": "ANT"
  },
  "dummy_trs": 0,
  "dvars_nstd": 20.708571376351355,
  "dvars_std": 1.1655984098648648,
  "dvars_vstd": 0.9501126509459462,
  "efc": 0.42132494318860514,
  "fber": 1054897.875,
  "fd_mean": 0.13527011462163935,
  "fd_num": 6,
  "fd_perc": 4.026845637583893,
  "fwhm_avg": 1.9459790368433547,
  "fwhm_x": 1.8590601477448263,
  "fwhm_y": 2.11586,
  "fwhm_z": 1.8630169627852382,
  "gcor": 0.00691255,
  "gsr_x": -0.02351105958223343,
  "gsr_y": 0.018449535593390465,
  "provenance": {
    "md5sum": "031a49f1f677cfe9c34ddf11f3855bc0",
    "settings": {
      "fd_thres": 0.2,
      "testing": false
    },
    "software": "mriqc",
    "version": "21.0.0rc2",
    "webapi_port": null,
    "webapi_url": "https://mriqc.nimh.nih.gov/api/v1"
  },
  "size_t": 149,
  "size_x": 80,
  "size_y": 80,
  "size_z": 43,
  "snr": 4.833424670181261,
  "spacing_tr": 2.4000020027160645,
  "spacing_x": 2.999999761581421,
  "spacing_y": 3.0,
  "spacing_z": 2.999999523162842,
  "summary_bg_k": 108.5539188211913,
  "summary_bg_mad": 731.7494301512118,
  "summary_bg_mean": 11427.396484375,
  "summary_bg_median": 501.1512756347656,
  "summary_bg_n": 188255.0,
  "summary_bg_p05": 4.1828270912170415,
  "summary_bg_p95": 56636.42617187481,
  "summary_bg_stdv": 37549.5234375,
  "summary_fg_k": 3.1442823146045793,
  "summary_fg_mad": 86873.44764389037,
  "summary_fg_mean": 527480.3125,
  "summary_fg_median": 513179.90625,
  "summary_fg_n": 41747.0,
  "summary_fg_p05": 380935.94375000003,
  "summary_fg_p95": 707187.2249999999,
  "summary_fg_stdv": 106171.875,
  "tsnr": 63.93426513671875
}