{
  "bids_meta": {
    "ConversionSoftware": "dcm2niix",
    "ConversionSoftwareVersion": "v1.0.20170411 GCC4.3.2",
    "EchoTime": 0.00351,
    "ImageType": [
      "ORIGINAL"
    ],
    "Manufacturer": "Philips",
    "ManufacturersModelName": "N/A",
    "PhilipsRescaleIntercept": 0,
    "PhilipsRescaleSlope": 7.89231,
    "PhilipsScaleSlope": 0.000323514,
    "ProtocolName": "WIPMPRAGE_S2SENSE",
    "RepetitionTime": 0.007614,
    "SequenceVariant": "tfl3d1_ns",
    "UsePhilipsFloatNotDisplayScaling": 1,
    "dataset": "ds001907",
    "modality": "T1w",
    "session_id": "2",
    "subject_id": "RC4208"
  },
  "cjv": 0.4316692173608147,
  "cnr": 2.6894694195736175,
  "efc": 0.7076268605434842,
  "fber": 8585.707128099173,
  "fwhm_avg": 3.38688,
  "fwhm_x": 3.48071,
  "fwhm_y": 3.49678,
  "fwhm_z": 3.18315,
  "icvs_csf": 0.18287709383363449,
  "icvs_gm": 0.3695865064147717,
  "icvs_wm": 0.4475363997515938,
  "inu_med": 2.88390851020813,
  "inu_range": 0.9500117540359492,
  "provenance": {
    "md5sum": "e3e5584452c0854a3eedf50d66ab358c",
    "settings": {
      "testing": false
    },
    "software": "mriqc",
    "version": "21.0.0rc2",
    "warnings": {
      "large_rot_frame": true,
      "small_air_mask": false
    },
    "webapi_port": null,
    "webapi_url": "https://mriqc.nimh.nih.gov/api/v1"
  },
  "qi_1": 0.0,
  "qi_2": 1.2125978346912132e-05,
  "rpve_csf": 33.63334740817631,
  "rpve_gm": 16.36044016340226,
  "rpve_wm": 16.80702820351381,
  "size_x": 176,
  "size_y": 256,
  "size_z": 256,
  "snr_csf": 1.8436831038123964,
  "snr_gm": 13.810368961882912,
  "snr_total": 11.496663581163679,
  "snr_wm": 18.835938677795724,
  "snrd_csf": 21.320843731928274,
  "snrd_gm": 45.3967595931354,
  "snrd_total": 41.47226033081312,
  "snrd_wm": 57.699177667375686,
  "spacing_x": 1.0,
  "spacing_y": 1.0,
  "spacing_z": 1.0,
  "summary_bg_k": 6.215557477688193,
  "summary_bg_mad": 11.354345452554503,
  "summary_bg_mean": 13.822124942401972,
  "summary_bg_median": 7.658389627933502,
  "summary_bg_n": 554357.0,
  "summary_bg_p05": 0.0,
  "summary_bg_p95": 45.37015673518181,
  "summary_bg_stdv": 14.873011409218423,
  "summary_csf_k": 7.94137323037258,
  "summary_csf_mad": 156.29428550978432,
  "summary_csf_mean": 396.68658371841843,
  "summary_csf_median": 369.5172995477915,
  "summary_csf_n": 10957.0,
  "summary_csf_p05": 174.62288713753225,
  "summary_csf_p95": 654.3397719830267,
  "summary_csf_stdv": 200.41428824855467,
  "summary_gm_k": 0.884538026419551,
  "summary_gm_mad": 48.42800371051655,
  "summary_gm_mean": 784.6195729357058,
  "summary_gm_median": 786.7834980636835,
  "summary_gm_n": 9855.0,
  "summary_gm_p05": 684.7702671334148,
  "summary_gm_p95": 877.0538648977874,
  "summary_gm_stdv": 56.96760030356485,
  "summary_wm_k": 1.6955306513163588,
  "summary_wm_mad": 43.611008670038885,
  "summary_wm_mean": 1008.268038052646,
  "summary_wm_median": 1000.0000274777412,
  "summary_wm_n": 182391.0,
  "summary_wm_p05": 938.2687656283379,
  "summary_wm_p95": 1112.497129663825,
  "summary_wm_stdv": 53.08985674759047,
  "tpm_overlap_csf": 0.16189149022102356,
  "tpm_overlap_gm": 0.3974190950393677,
  "tpm_overlap_wm": 0.46257832646369934,
  "wm2max": 0.5114236543825292
}