{
  "aor": 0.006570604026845638,
  "aqi": 0.008150964899328858,
  "bids_meta": {
    "ConversionSoftware": "dcm2niix",
    "ConversionSoftwareVersion": "v1.0.20170411 GCC4.3.2",
    "EchoTime": 0.025,
    "ImageType": [
      "ORIGINAL"
    ],
    "Manufacturer": "Philips",
    "ManufacturersModelName": "N/A",
    "PhilipsRescaleIntercept": 0,
    "PhilipsRescaleSlope": 2.11111,
    "PhilipsScaleSlope": 0.000923129,
    "ProtocolName": "WIPANT_ESENSE",
    "RepetitionTime": 2.4,
    "SequenceVariant": "tfl3d1_ns",
    "SliceTiming": [
      0,
      0.06,
      0.11,
      0.17,
      0.22,
      0.28,
      0.33,
      0.39,
      0.45,
      0.5,
      0.56,
      0.61,
      0.67,
      0.73,
      0.78,
      0.84,
      0.89,
      0.95,
      1,
      1.06,
      1.12,
      1.17,
      1.23,
      1.28,
      1.34,
      1.4,
      1.45,
      1.51,
      1.56,
      1.62,
      1.67,
      1.73,
      1.79,
      1.84,
      1.9,
      1.95,
      2.01,
      2.07,
      2.12,
      2.18,
      2.23,
      2.29,
      2.34
    ],
    "TaskName": "ANT",
    "UsePhilipsFloatNotDisplayScaling": 1,
    "dataset": "ds001907",
    "modality": "bold",
    "run_id": 5,
    "session_id": "1",
    "subject_id": "RC4215",
    "task_id": "ANT"
  },
  "dummy_trs": 0,
  "dvars_nstd": 24.566854496418934,
  "dvars_std": 1.2640115457432437,
  "dvars_vstd": 1.0045987114864863,
  "efc": 0.3919512800154855,
  "fber": 2346471.0,
  "fd_mean": 0.2795301839907434,
  "fd_num": 72,
  "fd_perc": 48.32214765100671,
  "fwhm_avg": 1.9068777777777777,
  "fwhm_x": 1.8267833333333332,
  "fwhm_y": 2.061383333333333,
  "fwhm_z": 1.8324666666666667,
  "gcor": 0.0196807,
  "gsr_x": -0.019278597086668015,
  "gsr_y": 0.019351907074451447,
  "provenance": {
    "md5sum": "0f898873bbf0e4e73a6f8fa3c6318e6c",
    "settings": {
      "fd_thres": 0.2,
      "testing": false
    },
    "software": "mriqc",
    "version": "21.0.0rc2",
    "webapi_port": null,
    "webapi_url": "https://mriqc.nimh.nih.gov/api/v1"
  },
  "size_t": 149,
  "size_x": 80,
  "size_y": 80,
  "size_z": 43,
  "snr": 5.570767211202844,
  "spacing_tr": 2.4000020027160645,
  "spacing_x": 3.0,
  "spacing_y": 3.0,
  "spacing_z": 3.0,
  "summary_bg_k": 85.59227982987026,
  "summary_bg_mad": 505.9737551957306,
  "summary_bg_mean": 12332.296875,
  "summary_bg_median": 345.7658996582031,
  "summary_bg_n": 197833.0,
  "summary_bg_p05": 3.3855489253997804,
  "summary_bg_p95": 61759.099999999795,
  "summary_bg_stdv": 38215.5625,
  "summary_fg_k": 2.4672175017314117,
  "summary_fg_mad": 80335.63517347394,
  "summary_fg_mean": 527654.125,
  "summary_fg_median": 516197.46875,
  "summary_fg_n": 34303.0,
  "summary_fg_p05": 400081.396875,
  "summary_fg_p95": 684254.5374999999,
  "summary_fg_stdv": 92660.4765625,
  "tsnr": 65.49156188964844
}