{
  "bids_meta": {
    "ConversionSoftware": "dcm2niix",
    "ConversionSoftwareVersion": "v1.0.20170411 GCC4.3.2",
    "EchoTime": 0.00352,
    "ImageType": [
      "ORIGINAL"
    ],
    "Manufacturer": "Philips",
    "ManufacturersModelName": "N/A",
    "PhilipsRescaleIntercept": 0,
    "PhilipsRescaleSlope": 7.31526,
    "PhilipsScaleSlope": 0.000355321,
    "ProtocolName": "WIPMPRAGE_S2SENSE",
    "RepetitionTime": 0.007521,
    "SequenceVariant": "tfl3d1_ns",
    "UsePhilipsFloatNotDisplayScaling": 1,
    "dataset": "ds001907",
    "modality": "T1w",
    "session_id": "1",
    "subject_id": "RC4112"
  },
  "cjv": 0.39973860753246404,
  "cnr": 3.110662678479301,
  "efc": 0.7227336883844891,
  "fber": 9727.400760998811,
  "fwhm_avg": 3.03452,
  "fwhm_x": 3.10796,
  "fwhm_y": 3.179,
  "fwhm_z": 2.8166,
  "icvs_csf": 0.20176550908350008,
  "icvs_gm": 0.38881275225375006,
  "icvs_wm": 0.40942173866274983,
  "inu_med": 3.165618419647217,
  "inu_range": 0.7905614495277407,
  "provenance": {
    "md5sum": "82bbaf72a31ba2073f00a9acea289a93",
    "settings": {
      "testing": false
    },
    "software": "mriqc",
    "version": "21.0.0rc2",
    "warnings": {
      "large_rot_frame": true,
      "small_air_mask": false
    },
    "webapi_port": null,
    "webapi_url": "https://mriqc.nimh.nih.gov/api/v1"
  },
  "qi_1": 0.0,
  "qi_2": 1.3646752933077151e-05,
  "rpve_csf": 34.35555908218477,
  "rpve_gm": 17.92389719743622,
  "rpve_wm": 20.664664992998347,
  "size_x": 176,
  "size_y": 256,
  "size_z": 256,
  "snr_csf": 2.348296175659343,
  "snr_gm": 14.263295452589018,
  "snr_total": 12.981499872264157,
  "snr_wm": 22.332907988544108,
  "snrd_csf": 26.508395097684918,
  "snrd_gm": 51.314779657684376,
  "snrd_total": 47.91939307325365,
  "snrd_wm": 65.93500446439167,
  "spacing_x": 1.0,
  "spacing_y": 1.0,
  "spacing_z": 1.0,
  "summary_bg_k": 5.575557437176487,
  "summary_bg_mad": 9.936093418457167,
  "summary_bg_mean": 10.221931573818477,
  "summary_bg_median": 6.701793167740107,
  "summary_bg_n": 440290.0,
  "summary_bg_p05": 0.0,
  "summary_bg_p95": 27.45424235612154,
  "summary_bg_stdv": 9.973336812436036,
  "summary_csf_k": 8.195162219967434,
  "summary_csf_mad": 156.13371623417004,
  "summary_csf_mean": 417.563905156725,
  "summary_csf_median": 402.0382611695677,
  "summary_csf_n": 4922.0,
  "summary_csf_p05": 194.89507820736617,
  "summary_csf_p95": 652.2046453054993,
  "summary_csf_stdv": 171.1868470071589,
  "summary_gm_k": 0.5323512658689675,
  "summary_gm_mad": 49.09800644361766,
  "summary_gm_mean": 777.1334137229649,
  "summary_gm_median": 778.2630638275295,
  "summary_gm_n": 7098.0,
  "summary_gm_p05": 684.7499395059422,
  "summary_gm_p95": 865.6151603611186,
  "summary_gm_stdv": 54.56019906354707,
  "summary_wm_k": 1.7784785908590246,
  "summary_wm_mad": 39.5387993272399,
  "summary_wm_mean": 1003.1423419698034,
  "summary_wm_median": 999.9999791532755,
  "summary_wm_n": 137623.0,
  "summary_wm_p05": 937.1417811661959,
  "summary_wm_p95": 1079.5433311648667,
  "summary_wm_stdv": 44.77680857978991,
  "tpm_overlap_csf": 0.1314166635274887,
  "tpm_overlap_gm": 0.37973228096961975,
  "tpm_overlap_wm": 0.4349990785121918,
  "wm2max": 0.5485407266326328
}