{
  "bids_meta": {
    "ConversionSoftware": "dcm2niix",
    "ConversionSoftwareVersion": "v1.0.20170411 GCC4.3.2",
    "EchoTime": 0.00351,
    "ImageType": [
      "ORIGINAL"
    ],
    "Manufacturer": "Philips",
    "ManufacturersModelName": "N/A",
    "PhilipsRescaleIntercept": 0,
    "PhilipsRescaleSlope": 9.68352,
    "PhilipsScaleSlope": 0.000339938,
    "ProtocolName": "WIPMPRAGE_S2SENSE",
    "RepetitionTime": 0.007604,
    "SequenceVariant": "tfl3d1_ns",
    "UsePhilipsFloatNotDisplayScaling": 1,
    "dataset": "ds001907",
    "modality": "T1w",
    "session_id": "2",
    "subject_id": "RC4110"
  },
  "cjv": 0.47577431896744493,
  "cnr": 2.648677622981807,
  "efc": 0.726188769198573,
  "fber": 6820.2997962879135,
  "fwhm_avg": 3.463153333333333,
  "fwhm_x": 3.50065,
  "fwhm_y": 3.67225,
  "fwhm_z": 3.21656,
  "icvs_csf": 0.1700730324090879,
  "icvs_gm": 0.39338735084571796,
  "icvs_wm": 0.4365396167451941,
  "inu_med": 2.25492525100708,
  "inu_range": 0.6451323032379146,
  "provenance": {
    "md5sum": "312c0c106348312d15c87f4fb26dba51",
    "settings": {
      "testing": false
    },
    "software": "mriqc",
    "version": "21.0.0rc2",
    "warnings": {
      "large_rot_frame": true,
      "small_air_mask": false
    },
    "webapi_port": null,
    "webapi_url": "https://mriqc.nimh.nih.gov/api/v1"
  },
  "qi_1": 0.0,
  "qi_2": 9.996545113076877e-06,
  "rpve_csf": 31.502156197177293,
  "rpve_gm": 14.249003075936557,
  "rpve_wm": 15.65931993111495,
  "size_x": 176,
  "size_y": 256,
  "size_z": 256,
  "snr_csf": 1.7637148105722675,
  "snr_gm": 12.187752074971586,
  "snr_total": 10.860621220083457,
  "snr_wm": 18.630396774706515,
  "snrd_csf": 16.76098959898363,
  "snrd_gm": 39.1066252906871,
  "snrd_total": 35.3984140172804,
  "snrd_wm": 50.327627162170465,
  "spacing_x": 1.0,
  "spacing_y": 1.0,
  "spacing_z": 1.0,
  "summary_bg_k": 3.3678832195397765,
  "summary_bg_mad": 13.01803876712726,
  "summary_bg_mean": 12.87115270098231,
  "summary_bg_median": 8.780533716082573,
  "summary_bg_n": 591319.0,
  "summary_bg_p05": 0.0,
  "summary_bg_p95": 35.30895473062992,
  "summary_bg_stdv": 11.839750792394115,
  "summary_csf_k": 6.4557963561378795,
  "summary_csf_mad": 167.9188511185298,
  "summary_csf_mean": 371.9753010188062,
  "summary_csf_median": 333.053116645664,
  "summary_csf_n": 9213.0,
  "summary_csf_p05": 175.45187743529678,
  "summary_csf_p95": 628.8730339378117,
  "summary_csf_stdv": 188.82590257051868,
  "summary_gm_k": 0.374014381863359,
  "summary_gm_mad": 60.52003128972992,
  "summary_gm_mean": 781.1873611917634,
  "summary_gm_median": 777.0772338733077,
  "summary_gm_n": 20698.0,
  "summary_gm_p05": 682.0256211483851,
  "summary_gm_p95": 890.7641282616182,
  "summary_gm_stdv": 63.75732432620761,
  "summary_wm_k": 1.8815316334114671,
  "summary_wm_mad": 45.56313568494541,
  "summary_wm_mean": 1006.8591614348171,
  "summary_wm_median": 1000.0467443019152,
  "summary_wm_n": 223880.0,
  "summary_wm_p05": 933.5388718992472,
  "summary_wm_p95": 1106.0203134603798,
  "summary_wm_stdv": 53.67811125812644,
  "tpm_overlap_csf": 0.15937075018882751,
  "tpm_overlap_gm": 0.41549360752105713,
  "tpm_overlap_wm": 0.47157642245292664,
  "wm2max": 0.5391821112006446
}