{
  "aor": 0.028154832214765096,
  "aqi": 0.01541934590604027,
  "bids_meta": {
    "AcquisitionDateTime": "2013-06-26T13:08:23.000000",
    "BodyPartExamined": "BRAIN",
    "ConversionSoftware": "dcm2niix",
    "ConversionSoftwareVersion": "v1.0.20170411 GCC4.3.2",
    "EchoTime": 0.025001,
    "FlipAngle": 79,
    "ImageType": [
      "ORIGINAL",
      "PRIMARY",
      "M",
      "FFE",
      "M",
      "FFE"
    ],
    "MagneticFieldStrength": 3,
    "Manufacturer": "Philips",
    "ManufacturersModelName": "Achieva",
    "PhilipsRescaleIntercept": 0,
    "PhilipsRescaleSlope": 1.85372,
    "PhilipsScaleSlope": 0.0009908,
    "ProcedureStepDescription": "IBIC-UDALL",
    "ProtocolName": "WIP_ANT_D_SENSE",
    "RepetitionTime": 2.4,
    "ScanningSequence": "GR",
    "SequenceVariant": "SK",
    "SeriesDescription": "ANT_D",
    "SliceTiming": [
      0,
      0.06,
      0.11,
      0.17,
      0.22,
      0.28,
      0.33,
      0.39,
      0.45,
      0.5,
      0.56,
      0.61,
      0.67,
      0.73,
      0.78,
      0.84,
      0.89,
      0.95,
      1,
      1.06,
      1.12,
      1.17,
      1.23,
      1.28,
      1.34,
      1.4,
      1.45,
      1.51,
      1.56,
      1.62,
      1.67,
      1.73,
      1.79,
      1.84,
      1.9,
      1.95,
      2.01,
      2.07,
      2.12,
      2.18,
      2.23,
      2.29,
      2.34
    ],
    "TaskName": "ANT",
    "UsePhilipsFloatNotDisplayScaling": 1,
    "dataset": "ds001907",
    "modality": "bold",
    "run_id": 4,
    "session_id": "1",
    "subject_id": "RC4220",
    "task_id": "ANT"
  },
  "dummy_trs": 0,
  "dvars_nstd": 30.914399933175684,
  "dvars_std": 1.3535910056756755,
  "dvars_vstd": 1.155300213918919,
  "efc": 0.3914627153634989,
  "fber": 578296.9375,
  "fd_mean": 0.49886212336960895,
  "fd_num": 66,
  "fd_perc": 44.29530201342282,
  "fwhm_avg": 2.0345766666666667,
  "fwhm_x": 1.9622366666666666,
  "fwhm_y": 2.2160366666666667,
  "fwhm_z": 1.9254566666666666,
  "gcor": 0.03525,
  "gsr_x": -0.02092241309583187,
  "gsr_y": 0.013551751151680946,
  "provenance": {
    "md5sum": "ac6d01ce66d9cde489f6d3c3f852c5cc",
    "settings": {
      "fd_thres": 0.2,
      "testing": false
    },
    "software": "mriqc",
    "version": "21.0.0rc2",
    "webapi_port": null,
    "webapi_url": "https://mriqc.nimh.nih.gov/api/v1"
  },
  "size_t": 149,
  "size_x": 80,
  "size_y": 80,
  "size_z": 43,
  "snr": 5.093684382447242,
  "spacing_tr": 2.4000020027160645,
  "spacing_x": 3.0,
  "spacing_y": 3.0,
  "spacing_z": 3.0,
  "summary_bg_k": 91.6663358176126,
  "summary_bg_mad": 788.1169251186888,
  "summary_bg_mean": 8327.64453125,
  "summary_bg_median": 551.9288940429688,
  "summary_bg_n": 196351.0,
  "summary_bg_p05": 9.620242595672607,
  "summary_bg_p95": 41545.23046875,
  "summary_bg_stdv": 24126.08203125,
  "summary_fg_k": 2.639501712117873,
  "summary_fg_mad": 65912.62596959516,
  "summary_fg_mean": 419492.875,
  "summary_fg_median": 408023.1875,
  "summary_fg_n": 34834.0,
  "summary_fg_p05": 313153.734375,
  "summary_fg_p95": 563776.5499999998,
  "summary_fg_stdv": 80102.59375,
  "tsnr": 39.084693908691406
}