{
  "bids_meta": {
    "ConversionSoftware": "dcm2niix",
    "ConversionSoftwareVersion": "v1.0.20170411 GCC4.3.2",
    "EchoTime": 0.0035,
    "ImageType": [
      "ORIGINAL"
    ],
    "Manufacturer": "Philips",
    "ManufacturersModelName": "N/A",
    "PhilipsRescaleIntercept": 0,
    "PhilipsRescaleSlope": 9.81172,
    "PhilipsScaleSlope": 0.000346957,
    "ProtocolName": "WIPMPRAGE_S2SENSE",
    "RepetitionTime": 0.007547,
    "SequenceVariant": "tfl3d1_ns",
    "UsePhilipsFloatNotDisplayScaling": 1,
    "dataset": "ds001907",
    "modality": "T1w",
    "session_id": "2",
    "subject_id": "RC4111"
  },
  "cjv": 0.38632707297958324,
  "cnr": 3.1968140485808942,
  "efc": 0.7407879765055134,
  "fber": 9386.931654438496,
  "fwhm_avg": 3.21287673238556,
  "fwhm_x": 3.27654,
  "fwhm_y": 3.3077401971566793,
  "fwhm_z": 3.05435,
  "icvs_csf": 0.16971355948188152,
  "icvs_gm": 0.3912842004707033,
  "icvs_wm": 0.4390022400474152,
  "inu_med": 1.6536202430725098,
  "inu_range": 0.47589541673660274,
  "provenance": {
    "md5sum": "bbb307e646237b0fded16ef8b83ff2ab",
    "settings": {
      "testing": false
    },
    "software": "mriqc",
    "version": "21.0.0rc2",
    "warnings": {
      "large_rot_frame": true,
      "small_air_mask": false
    },
    "webapi_port": null,
    "webapi_url": "https://mriqc.nimh.nih.gov/api/v1"
  },
  "qi_1": 0.003909328746227775,
  "qi_2": 1.3328431025344744e-05,
  "rpve_csf": 33.82403417018427,
  "rpve_gm": 15.26645887376246,
  "rpve_wm": 16.64110696399955,
  "size_x": 176,
  "size_y": 256,
  "size_z": 256,
  "snr_csf": 1.9321094786730941,
  "snr_gm": 12.87686131776212,
  "snr_total": 13.281845226113418,
  "snr_wm": 25.036564881905043,
  "snrd_csf": 21.867808382197637,
  "snrd_gm": 49.099283252750965,
  "snrd_total": 44.94869873642125,
  "snrd_wm": 63.87900457431513,
  "spacing_x": 1.0,
  "spacing_y": 0.9999999403953552,
  "spacing_z": 1.0,
  "summary_bg_k": 2.3409885866017515,
  "summary_bg_mad": 10.255895141788534,
  "summary_bg_mean": 9.74406307204783,
  "summary_bg_median": 6.9174961522221565,
  "summary_bg_n": 437395.0,
  "summary_bg_p05": 0.0,
  "summary_bg_p95": 27.78246422111988,
  "summary_bg_stdv": 8.955266876075846,
  "summary_csf_k": 21.382322020928626,
  "summary_csf_mad": 157.6739651473343,
  "summary_csf_mean": 370.74048206819964,
  "summary_csf_median": 342.3316998258233,
  "summary_csf_n": 11526.0,
  "summary_csf_p05": 187.5175735410303,
  "summary_csf_p95": 587.5231945384294,
  "summary_csf_stdv": 177.17259444671308,
  "summary_gm_k": 0.443154726278042,
  "summary_gm_mad": 54.86486994550289,
  "summary_gm_mean": 768.2615391649026,
  "summary_gm_median": 768.6294301822782,
  "summary_gm_n": 11454.0,
  "summary_gm_p05": 667.5468146603555,
  "summary_gm_p95": 866.1689379189164,
  "summary_gm_stdv": 59.68813809521357,
  "summary_wm_k": 1.4857512601102458,
  "summary_wm_mad": 34.51984218455653,
  "summary_wm_mean": 1003.0594996827256,
  "summary_wm_median": 999.9999925419688,
  "summary_wm_n": 198017.0,
  "summary_wm_p05": 944.0976252630353,
  "summary_wm_p95": 1074.7426948696375,
  "summary_wm_stdv": 39.94148047944907,
  "tpm_overlap_csf": 0.1790301501750946,
  "tpm_overlap_gm": 0.4244036376476288,
  "tpm_overlap_wm": 0.48617058992385864,
  "wm2max": 0.6059707596360291
}