{
  "aor": 0.001388255033557047,
  "aqi": 0.004969779865771812,
  "bids_meta": {
    "ConversionSoftware": "dcm2niix",
    "ConversionSoftwareVersion": "v1.0.20170411 GCC4.3.2",
    "EchoTime": 0.025,
    "ImageType": [
      "ORIGINAL"
    ],
    "Manufacturer": "Philips",
    "ManufacturersModelName": "N/A",
    "PhilipsRescaleIntercept": 0,
    "PhilipsRescaleSlope": 2.96459,
    "PhilipsScaleSlope": 0.000917996,
    "ProtocolName": "WIPANT_ASENSE",
    "RepetitionTime": 2.4,
    "SequenceVariant": "tfl3d1_ns",
    "SliceTiming": [
      0,
      0.06,
      0.11,
      0.17,
      0.22,
      0.28,
      0.33,
      0.39,
      0.45,
      0.5,
      0.56,
      0.61,
      0.67,
      0.73,
      0.78,
      0.84,
      0.89,
      0.95,
      1,
      1.06,
      1.12,
      1.17,
      1.23,
      1.28,
      1.34,
      1.4,
      1.45,
      1.51,
      1.56,
      1.62,
      1.67,
      1.73,
      1.79,
      1.84,
      1.9,
      1.95,
      2.01,
      2.07,
      2.12,
      2.18,
      2.23,
      2.29,
      2.34
    ],
    "TaskName": "ANT",
    "UsePhilipsFloatNotDisplayScaling": 1,
    "dataset": "ds001907",
    "modality": "bold",
    "run_id": 1,
    "session_id": "2",
    "subject_id": "RC4111",
    "task_id": "ANT"
  },
  "dummy_trs": 0,
  "dvars_nstd": 18.423448440270256,
  "dvars_std": 1.2176872768918918,
  "dvars_vstd": 0.984265481081081,
  "efc": 0.4076791307013711,
  "fber": 2956755.75,
  "fd_mean": 0.1274707309539101,
  "fd_num": 23,
  "fd_perc": 15.436241610738255,
  "fwhm_avg": 1.9894133333333333,
  "fwhm_x": 1.9220166666666667,
  "fwhm_y": 2.09784,
  "fwhm_z": 1.9483833333333334,
  "gcor": 0.0412528,
  "gsr_x": -0.020179033279418945,
  "gsr_y": 0.018066134303808212,
  "provenance": {
    "md5sum": "b4e905ebc1e59e0c7ea7ed127b3b9c81",
    "settings": {
      "fd_thres": 0.2,
      "testing": false
    },
    "software": "mriqc",
    "version": "21.0.0rc2",
    "webapi_port": null,
    "webapi_url": "https://mriqc.nimh.nih.gov/api/v1"
  },
  "size_t": 149,
  "size_x": 80,
  "size_y": 80,
  "size_z": 43,
  "snr": 5.502245998106656,
  "spacing_tr": 2.4000020027160645,
  "spacing_x": 3.0,
  "spacing_y": 3.0,
  "spacing_z": 3.0,
  "summary_bg_k": 68.48354326274274,
  "summary_bg_mad": 396.5931738828963,
  "summary_bg_mean": 10277.4287109375,
  "summary_bg_median": 269.5046081542969,
  "summary_bg_n": 193260.0,
  "summary_bg_p05": 1.526815724372864,
  "summary_bg_p95": 57707.91015624999,
  "summary_bg_stdv": 31652.169921875,
  "summary_fg_k": 1.6599009594969703,
  "summary_fg_mad": 74270.03150965157,
  "summary_fg_mean": 457311.875,
  "summary_fg_median": 447397.84375,
  "summary_fg_n": 37768.0,
  "summary_fg_p05": 340141.3875,
  "summary_fg_p95": 593922.4500000002,
  "summary_fg_stdv": 81310.78125,
  "tsnr": 84.05564880371094
}