{
  "aor": 0.0010440939597315434,
  "aqi": 0.010251624765100671,
  "bids_meta": {
    "AcquisitionDateTime": "2013-06-28T15:10:39.280000",
    "BodyPartExamined": "BRAIN",
    "ConversionSoftware": "dcm2niix",
    "ConversionSoftwareVersion": "v1.0.20170411 GCC4.3.2",
    "EchoTime": 0.025,
    "FlipAngle": 79,
    "ImageType": [
      "ORIGINAL",
      "PRIMARY",
      "M",
      "FFE",
      "M",
      "FFE"
    ],
    "MagneticFieldStrength": 3,
    "Manufacturer": "Philips",
    "ManufacturersModelName": "Achieva",
    "PhilipsRescaleIntercept": 0,
    "PhilipsRescaleSlope": 2.3707,
    "PhilipsScaleSlope": 0.00089028,
    "ProcedureStepDescription": "IBIC-UDALL",
    "ProtocolName": "WIP_ANT_A_SENSE",
    "RepetitionTime": 2.4,
    "ScanningSequence": "GR",
    "SequenceVariant": "SK",
    "SeriesDescription": "ANT_A",
    "SliceTiming": [
      0,
      0.06,
      0.11,
      0.17,
      0.22,
      0.28,
      0.33,
      0.39,
      0.45,
      0.5,
      0.56,
      0.61,
      0.67,
      0.73,
      0.78,
      0.84,
      0.89,
      0.95,
      1,
      1.06,
      1.12,
      1.17,
      1.23,
      1.28,
      1.34,
      1.4,
      1.45,
      1.51,
      1.56,
      1.62,
      1.67,
      1.73,
      1.79,
      1.84,
      1.9,
      1.95,
      2.01,
      2.07,
      2.12,
      2.18,
      2.23,
      2.29,
      2.34
    ],
    "TaskName": "ANT",
    "UsePhilipsFloatNotDisplayScaling": 1,
    "dataset": "ds001907",
    "modality": "bold",
    "run_id": 1,
    "session_id": "2",
    "subject_id": "RC4131",
    "task_id": "ANT"
  },
  "dummy_trs": 0,
  "dvars_nstd": 20.761590326216215,
  "dvars_std": 1.1381193064864863,
  "dvars_vstd": 0.9111235339864866,
  "efc": 0.43976555569984177,
  "fber": 211235.515625,
  "fd_mean": 0.1326366726594271,
  "fd_num": 17,
  "fd_perc": 11.409395973154362,
  "fwhm_avg": 1.9342778314877485,
  "fwhm_x": 1.8710733333333334,
  "fwhm_y": 2.0274834944632447,
  "fwhm_z": 1.9042766666666668,
  "gcor": 0.0229994,
  "gsr_x": -0.01395511720329523,
  "gsr_y": 0.022616779431700706,
  "provenance": {
    "md5sum": "b6d4b5bb3d0a0b5afc23d0fa7f553d72",
    "settings": {
      "fd_thres": 0.2,
      "testing": false
    },
    "software": "mriqc",
    "version": "21.0.0rc2",
    "webapi_port": null,
    "webapi_url": "https://mriqc.nimh.nih.gov/api/v1"
  },
  "size_t": 149,
  "size_x": 80,
  "size_y": 80,
  "size_z": 43,
  "snr": 4.568074089015894,
  "spacing_tr": 2.4000020027160645,
  "spacing_x": 3.0,
  "spacing_y": 2.999999761581421,
  "spacing_z": 3.0,
  "summary_bg_k": 84.4514822291229,
  "summary_bg_mad": 1637.2087027962527,
  "summary_bg_mean": 14673.09765625,
  "summary_bg_median": 1125.790283203125,
  "summary_bg_n": 185844.0,
  "summary_bg_p05": 8.677918910980225,
  "summary_bg_p95": 76030.668359375,
  "summary_bg_stdv": 41103.83203125,
  "summary_fg_k": 1.9003125138066599,
  "summary_fg_mad": 90287.32457727683,
  "summary_fg_mean": 522313.84375,
  "summary_fg_median": 499786.6875,
  "summary_fg_n": 44175.0,
  "summary_fg_p05": 387939.578125,
  "summary_fg_p95": 735080.5812499999,
  "summary_fg_stdv": 109407.3828125,
  "tsnr": 60.230167388916016
}