{
  "bids_meta": {
    "ConversionSoftware": "dcm2niix",
    "ConversionSoftwareVersion": "v1.0.20170411 GCC4.3.2",
    "EchoTime": 0.0035,
    "ImageType": [
      "ORIGINAL"
    ],
    "Manufacturer": "Philips",
    "ManufacturersModelName": "N/A",
    "PhilipsRescaleIntercept": 0,
    "PhilipsRescaleSlope": 8.13846,
    "PhilipsScaleSlope": 0.000337525,
    "ProtocolName": "WIPMPRAGE_S2SENSE",
    "RepetitionTime": 0.007536,
    "SequenceVariant": "tfl3d1_ns",
    "UsePhilipsFloatNotDisplayScaling": 1,
    "dataset": "ds001907",
    "modality": "T1w",
    "session_id": "1",
    "subject_id": "RC4224"
  },
  "cjv": 0.48092845241281484,
  "cnr": 2.4744800879523186,
  "efc": 0.7193067764628142,
  "fber": 2681.06334015963,
  "fwhm_avg": 3.1067964233164282,
  "fwhm_x": 3.272439609894799,
  "fwhm_y": 3.19628,
  "fwhm_z": 2.8516696600544855,
  "icvs_csf": 0.20546999102848076,
  "icvs_gm": 0.38482708283702755,
  "icvs_wm": 0.40970292613449166,
  "inu_med": 2.4255926609039307,
  "inu_range": 0.6066976070404051,
  "provenance": {
    "md5sum": "b40c6758978bd5471127e0cffa68cd19",
    "settings": {
      "testing": false
    },
    "software": "mriqc",
    "version": "21.0.0rc2",
    "warnings": {
      "large_rot_frame": true,
      "small_air_mask": false
    },
    "webapi_port": null,
    "webapi_url": "https://mriqc.nimh.nih.gov/api/v1"
  },
  "qi_1": 0.0,
  "qi_2": 1.071861537562343e-05,
  "rpve_csf": 30.860070620024437,
  "rpve_gm": 16.150351514532765,
  "rpve_wm": 18.482119951143087,
  "size_x": 176,
  "size_y": 256,
  "size_z": 256,
  "snr_csf": 2.9895796856143546,
  "snr_gm": 14.081159768880221,
  "snr_total": 10.721056542475202,
  "snr_wm": 15.092430172931024,
  "snrd_csf": 23.194397027146234,
  "snrd_gm": 47.44308482825366,
  "snrd_total": 43.814110209208614,
  "snrd_wm": 60.80484877222596,
  "spacing_x": 1.0000001192092896,
  "spacing_y": 1.0,
  "spacing_z": 1.0000001192092896,
  "summary_bg_k": 1778.7606876095524,
  "summary_bg_mad": 10.774935553710193,
  "summary_bg_mean": 14.785779121268503,
  "summary_bg_median": 7.267583590000868,
  "summary_bg_n": 522811.0,
  "summary_bg_p05": 0.0,
  "summary_bg_p95": 43.84938018396497,
  "summary_bg_stdv": 20.648250866546547,
  "summary_csf_k": 0.3786994584920058,
  "summary_csf_mad": 126.26199648844295,
  "summary_csf_mean": 389.9478371666383,
  "summary_csf_median": 381.47497488185763,
  "summary_csf_n": 5657.0,
  "summary_csf_p05": 191.83494133874774,
  "summary_csf_p95": 605.5604280978441,
  "summary_csf_stdv": 127.59026232121046,
  "summary_gm_k": 0.45568279192408756,
  "summary_gm_mad": 51.741385158923784,
  "summary_gm_mean": 780.3313520198082,
  "summary_gm_median": 780.2897213492543,
  "summary_gm_n": 8656.0,
  "summary_gm_p05": 688.5669633559883,
  "summary_gm_p95": 873.1952907657251,
  "summary_gm_stdv": 55.410538667676065,
  "summary_wm_k": 3.2366350655966105,
  "summary_wm_mad": 53.946992772267144,
  "summary_wm_mean": 1009.9517539549819,
  "summary_wm_median": 1000.0487674213946,
  "summary_wm_n": 148236.0,
  "summary_wm_p05": 923.0806673876941,
  "summary_wm_p95": 1129.060570076108,
  "summary_wm_stdv": 66.26138950405947,
  "tpm_overlap_csf": 0.13786330819129944,
  "tpm_overlap_gm": 0.3794829845428467,
  "tpm_overlap_wm": 0.4500500559806824,
  "wm2max": 0.5189056489167848
}