{
  "aor": 0.003976442953020134,
  "aqi": 0.010351989261744967,
  "bids_meta": {
    "ConversionSoftware": "dcm2niix",
    "ConversionSoftwareVersion": "v1.0.20170411 GCC4.3.2",
    "EchoTime": 0.025,
    "ImageType": [
      "ORIGINAL"
    ],
    "Manufacturer": "Philips",
    "ManufacturersModelName": "N/A",
    "PhilipsRescaleIntercept": 0,
    "PhilipsRescaleSlope": 1.7243,
    "PhilipsScaleSlope": 0.000882056,
    "ProtocolName": "WIPANT_ASENSE",
    "RepetitionTime": 2.4,
    "SequenceVariant": "tfl3d1_ns",
    "SliceTiming": [
      0,
      0.06,
      0.11,
      0.17,
      0.22,
      0.28,
      0.33,
      0.39,
      0.45,
      0.5,
      0.56,
      0.61,
      0.67,
      0.73,
      0.78,
      0.84,
      0.89,
      0.95,
      1,
      1.06,
      1.12,
      1.17,
      1.23,
      1.28,
      1.34,
      1.4,
      1.45,
      1.51,
      1.56,
      1.62,
      1.67,
      1.73,
      1.79,
      1.84,
      1.9,
      1.95,
      2.01,
      2.07,
      2.12,
      2.18,
      2.23,
      2.29,
      2.34
    ],
    "TaskName": "ANT",
    "UsePhilipsFloatNotDisplayScaling": 1,
    "dataset": "ds001907",
    "modality": "bold",
    "run_id": 1,
    "session_id": "2",
    "subject_id": "RC4119",
    "task_id": "ANT"
  },
  "dummy_trs": 0,
  "dvars_nstd": 30.02763855087839,
  "dvars_std": 1.2746137590540538,
  "dvars_vstd": 0.9864828897297298,
  "efc": 0.4414069605265328,
  "fber": 241295.0625,
  "fd_mean": 0.310161965783666,
  "fd_num": 124,
  "fd_perc": 83.22147651006712,
  "fwhm_avg": 1.9819211111111112,
  "fwhm_x": 1.8786800000000001,
  "fwhm_y": 2.1364433333333332,
  "fwhm_z": 1.9306400000000001,
  "gcor": 0.0114768,
  "gsr_x": -0.01471991278231144,
  "gsr_y": 0.028176061809062958,
  "provenance": {
    "md5sum": "376cf5265b74652c07007c35278cc804",
    "settings": {
      "fd_thres": 0.2,
      "testing": false
    },
    "software": "mriqc",
    "version": "21.0.0rc2",
    "webapi_port": null,
    "webapi_url": "https://mriqc.nimh.nih.gov/api/v1"
  },
  "size_t": 149,
  "size_x": 80,
  "size_y": 80,
  "size_z": 43,
  "snr": 4.262500995884209,
  "spacing_tr": 2.4000020027160645,
  "spacing_x": 3.0,
  "spacing_y": 3.0,
  "spacing_z": 3.0,
  "summary_bg_k": 72.65982054689174,
  "summary_bg_mad": 1539.9978663606328,
  "summary_bg_mean": 15100.18359375,
  "summary_bg_median": 1076.8017578125,
  "summary_bg_n": 185067.0,
  "summary_bg_p05": 16.68289394378662,
  "summary_bg_p95": 85558.48828124999,
  "summary_bg_stdv": 39943.16796875,
  "summary_fg_k": 1.3108491529315067,
  "summary_fg_mad": 97857.44517364711,
  "summary_fg_mean": 539995.75,
  "summary_fg_median": 513174.5625,
  "summary_fg_n": 45223.0,
  "summary_fg_p05": 390755.996875,
  "summary_fg_p95": 785180.2875000002,
  "summary_fg_stdv": 120391.5,
  "tsnr": 49.29573440551758
}