{
  "aor": 0.0009441610738255033,
  "aqi": 0.008959288389261745,
  "bids_meta": {
    "ConversionSoftware": "dcm2niix",
    "ConversionSoftwareVersion": "v1.0.20170411 GCC4.3.2",
    "EchoTime": 0.025,
    "ImageType": [
      "ORIGINAL"
    ],
    "Manufacturer": "Philips",
    "ManufacturersModelName": "N/A",
    "PhilipsRescaleIntercept": 0,
    "PhilipsRescaleSlope": 2.09377,
    "PhilipsScaleSlope": 0.00086449,
    "ProtocolName": "WIPANT_ASENSE",
    "RepetitionTime": 2.4,
    "SequenceVariant": "tfl3d1_ns",
    "SliceTiming": [
      0,
      0.06,
      0.11,
      0.17,
      0.22,
      0.28,
      0.33,
      0.39,
      0.45,
      0.5,
      0.56,
      0.61,
      0.67,
      0.73,
      0.78,
      0.84,
      0.89,
      0.95,
      1,
      1.06,
      1.12,
      1.17,
      1.23,
      1.28,
      1.34,
      1.4,
      1.45,
      1.51,
      1.56,
      1.62,
      1.67,
      1.73,
      1.79,
      1.84,
      1.9,
      1.95,
      2.01,
      2.07,
      2.12,
      2.18,
      2.23,
      2.29,
      2.34
    ],
    "TaskName": "ANT",
    "UsePhilipsFloatNotDisplayScaling": 1,
    "dataset": "ds001907",
    "modality": "bold",
    "run_id": 1,
    "session_id": "1",
    "subject_id": "RC4208",
    "task_id": "ANT"
  },
  "dummy_trs": 0,
  "dvars_nstd": 39.209266314864884,
  "dvars_std": 1.4939105970945936,
  "dvars_vstd": 0.9576494414189187,
  "efc": 0.40473236019260594,
  "fber": 1304841.625,
  "fd_mean": 0.27873525611789207,
  "fd_num": 83,
  "fd_perc": 55.70469798657718,
  "fwhm_avg": 1.9330266666666667,
  "fwhm_x": 1.8472733333333335,
  "fwhm_y": 2.0732033333333333,
  "fwhm_z": 1.8786033333333334,
  "gcor": 0.0411197,
  "gsr_x": -0.018233465030789375,
  "gsr_y": 0.014291180297732353,
  "provenance": {
    "md5sum": "54c148fb377a3a283abe29e9b321943c",
    "settings": {
      "fd_thres": 0.2,
      "testing": false
    },
    "software": "mriqc",
    "version": "21.0.0rc2",
    "webapi_port": null,
    "webapi_url": "https://mriqc.nimh.nih.gov/api/v1"
  },
  "size_t": 149,
  "size_x": 80,
  "size_y": 80,
  "size_z": 43,
  "snr": 5.440567601559291,
  "spacing_tr": 2.4000020027160645,
  "spacing_x": 3.0,
  "spacing_y": 3.0,
  "spacing_z": 3.0,
  "summary_bg_k": 78.03229580941353,
  "summary_bg_mad": 610.2057575135901,
  "summary_bg_mean": 11357.1005859375,
  "summary_bg_median": 415.36895751953125,
  "summary_bg_n": 194997.0,
  "summary_bg_p05": 2.8055658817291262,
  "summary_bg_p95": 58876.35078124995,
  "summary_bg_stdv": 33294.21484375,
  "summary_fg_k": 3.4183526340271513,
  "summary_fg_mad": 65641.68041416325,
  "summary_fg_mean": 473874.5625,
  "summary_fg_median": 460170.53125,
  "summary_fg_n": 36502.0,
  "summary_fg_p05": 366537.828125,
  "summary_fg_p95": 623839.4218749999,
  "summary_fg_stdv": 84580.1875,
  "tsnr": 67.70549011230469
}