{
  "bids_meta": {
    "ConversionSoftware": "dcm2niix",
    "ConversionSoftwareVersion": "v1.0.20170411 GCC4.3.2",
    "EchoTime": 0.00351,
    "ImageType": [
      "ORIGINAL"
    ],
    "Manufacturer": "Philips",
    "ManufacturersModelName": "N/A",
    "PhilipsRescaleIntercept": 0,
    "PhilipsRescaleSlope": 7.95409,
    "PhilipsScaleSlope": 0.000318685,
    "ProtocolName": "WIPMPRAGE_S2SENSE",
    "RepetitionTime": 0.007574,
    "SequenceVariant": "tfl3d1_ns",
    "UsePhilipsFloatNotDisplayScaling": 1,
    "dataset": "ds001907",
    "modality": "T1w",
    "session_id": "1",
    "subject_id": "RC4113"
  },
  "cjv": 0.5135535630494662,
  "cnr": 2.4563847307988986,
  "efc": 0.76734713844987,
  "fber": 2555.3835969001116,
  "fwhm_avg": 3.3297566666666665,
  "fwhm_x": 3.43426,
  "fwhm_y": 3.46155,
  "fwhm_z": 3.09346,
  "icvs_csf": 0.2120548707652655,
  "icvs_gm": 0.39356326775653705,
  "icvs_wm": 0.3943818614781975,
  "inu_med": 2.9628562927246094,
  "inu_range": 0.6900155425071715,
  "provenance": {
    "md5sum": "a59db73194f01471400efe30403badfd",
    "settings": {
      "testing": false
    },
    "software": "mriqc",
    "version": "21.0.0rc2",
    "warnings": {
      "large_rot_frame": true,
      "small_air_mask": false
    },
    "webapi_port": null,
    "webapi_url": "https://mriqc.nimh.nih.gov/api/v1"
  },
  "qi_1": 0.0,
  "qi_2": 8.055190144531376e-06,
  "rpve_csf": 31.743579030089045,
  "rpve_gm": 16.988165477752737,
  "rpve_wm": 20.43999843109848,
  "size_x": 176,
  "size_y": 256,
  "size_z": 256,
  "snr_csf": 1.8515023671150956,
  "snr_gm": 13.334839633115108,
  "snr_total": 10.925416648024713,
  "snr_wm": 17.589907943843933,
  "snrd_csf": 19.313959477368535,
  "snrd_gm": 50.22734171044935,
  "snrd_total": 44.232772304818674,
  "snrd_wm": 63.15701572663815,
  "spacing_x": 1.0,
  "spacing_y": 1.0,
  "spacing_z": 1.0,
  "summary_bg_k": 5.415088631503943,
  "summary_bg_mad": 10.373892823667129,
  "summary_bg_mean": 12.760047100466155,
  "summary_bg_median": 6.997084379196167,
  "summary_bg_n": 377492.0,
  "summary_bg_p05": 0.0,
  "summary_bg_p95": 35.34985337406397,
  "summary_bg_stdv": 12.553111833294203,
  "summary_csf_k": 56.20010878001341,
  "summary_csf_mad": 111.6274092380015,
  "summary_csf_mean": 336.8322536136295,
  "summary_csf_median": 305.8308964073658,
  "summary_csf_n": 14786.0,
  "summary_csf_p05": 183.52769236266613,
  "summary_csf_p95": 553.5349720604718,
  "summary_csf_stdv": 165.17427131419103,
  "summary_gm_k": 0.37162351087925893,
  "summary_gm_mad": 55.43548977647122,
  "summary_gm_mean": 797.6076119290946,
  "summary_gm_median": 795.335257768631,
  "summary_gm_n": 12060.0,
  "summary_gm_p05": 702.8389043163509,
  "summary_gm_p95": 901.166159003973,
  "summary_gm_stdv": 59.64093343960908,
  "summary_wm_k": 1.4013297305819288,
  "summary_wm_mad": 49.70823644673833,
  "summary_wm_mean": 1010.0052770085605,
  "summary_wm_median": 1000.0728621557355,
  "summary_wm_n": 151561.0,
  "summary_wm_p05": 935.2040590569377,
  "summary_wm_p95": 1118.8046377152205,
  "summary_wm_stdv": 56.854735459727095,
  "tpm_overlap_csf": 0.15872368216514587,
  "tpm_overlap_gm": 0.4028633236885071,
  "tpm_overlap_wm": 0.4666407108306885,
  "wm2max": 0.5183212450891508
}