{
  "bids_meta": {
    "ConversionSoftware": "dcm2niix",
    "ConversionSoftwareVersion": "v1.0.20170411 GCC4.3.2",
    "EchoTime": 0.00351,
    "ImageType": [
      "ORIGINAL"
    ],
    "Manufacturer": "Philips",
    "ManufacturersModelName": "N/A",
    "PhilipsRescaleIntercept": 0,
    "PhilipsRescaleSlope": 6.6398,
    "PhilipsScaleSlope": 0.000343797,
    "ProtocolName": "WIPMPRAGE_S2SENSE",
    "RepetitionTime": 0.007633,
    "SequenceVariant": "tfl3d1_ns",
    "UsePhilipsFloatNotDisplayScaling": 1,
    "dataset": "ds001907",
    "modality": "T1w",
    "session_id": "1",
    "subject_id": "RC4117"
  },
  "cjv": 0.4666650506906489,
  "cnr": 2.6612742629376895,
  "efc": 0.7101376944910127,
  "fber": 11907.1744,
  "fwhm_avg": 3.2264766666666667,
  "fwhm_x": 3.29798,
  "fwhm_y": 3.42132,
  "fwhm_z": 2.96013,
  "icvs_csf": 0.20592023334778006,
  "icvs_gm": 0.378569798545336,
  "icvs_wm": 0.4155099681068839,
  "inu_med": 3.141766309738159,
  "inu_range": 0.8039653539657587,
  "provenance": {
    "md5sum": "f9c608b1110e2fd6d33a94101e316cba",
    "settings": {
      "testing": false
    },
    "software": "mriqc",
    "version": "21.0.0rc2",
    "warnings": {
      "large_rot_frame": true,
      "small_air_mask": false
    },
    "webapi_port": null,
    "webapi_url": "https://mriqc.nimh.nih.gov/api/v1"
  },
  "qi_1": 0.0,
  "qi_2": 7.427029341762732e-06,
  "rpve_csf": 33.942331923452336,
  "rpve_gm": 18.120563050076957,
  "rpve_wm": 20.29417835438982,
  "size_x": 176,
  "size_y": 256,
  "size_z": 256,
  "snr_csf": 1.242824664216806,
  "snr_gm": 14.335826192833826,
  "snr_total": 11.912195074754907,
  "snr_wm": 20.15793436721409,
  "snrd_csf": 26.420170916725212,
  "snrd_gm": 58.947161737600666,
  "snrd_total": 53.15407860131921,
  "snrd_wm": 74.09490314963178,
  "spacing_x": 1.0,
  "spacing_y": 1.0,
  "spacing_z": 1.0,
  "summary_bg_k": 3020.715144774537,
  "summary_bg_mad": 8.8418548926708,
  "summary_bg_mean": 10.510295951681897,
  "summary_bg_median": 5.96374049782753,
  "summary_bg_n": 509239.0,
  "summary_bg_p05": 0.0,
  "summary_bg_p95": 29.759065084159374,
  "summary_bg_stdv": 18.9963402441048,
  "summary_csf_k": 9.21531904291751,
  "summary_csf_mad": 162.601711476216,
  "summary_csf_mean": 424.0539946507372,
  "summary_csf_median": 356.572044365108,
  "summary_csf_n": 9763.0,
  "summary_csf_p05": 188.39456232637167,
  "summary_csf_p95": 1198.1572121970355,
  "summary_csf_stdv": 286.88985080998685,
  "summary_gm_k": 0.27758262588623994,
  "summary_gm_mad": 51.28275837749063,
  "summary_gm_mean": 796.3024344982706,
  "summary_gm_median": 795.5629824101925,
  "summary_gm_n": 10375.0,
  "summary_gm_p05": 703.6617413386703,
  "summary_gm_p95": 890.4639849521219,
  "summary_gm_stdv": 55.49206794228955,
  "summary_wm_k": 1.1137833060217623,
  "summary_wm_mad": 44.12085591442729,
  "summary_wm_mean": 1005.6273387027429,
  "summary_wm_median": 1000.0000066757202,
  "summary_wm_n": 148328.0,
  "summary_wm_p05": 935.0548726543784,
  "summary_wm_p95": 1096.2547783106565,
  "summary_wm_stdv": 49.60809066769979,
  "tpm_overlap_csf": 0.16593700647354126,
  "tpm_overlap_gm": 0.4118511974811554,
  "tpm_overlap_wm": 0.48859673738479614,
  "wm2max": 0.5177705727960475
}