{
  "bids_meta": {
    "ConversionSoftware": "dcm2niix",
    "ConversionSoftwareVersion": "v1.0.20170411 GCC4.3.2",
    "EchoTime": 0.00354,
    "ImageType": [
      "ORIGINAL"
    ],
    "Manufacturer": "Philips",
    "ManufacturersModelName": "N/A",
    "PhilipsRescaleIntercept": 0,
    "PhilipsRescaleSlope": 8.11917,
    "PhilipsScaleSlope": 0.000329114,
    "ProtocolName": "WIPMPRAGE_S2SENSE",
    "RepetitionTime": 0.007649,
    "SequenceVariant": "tfl3d1_ns",
    "UsePhilipsFloatNotDisplayScaling": 1,
    "dataset": "ds001907",
    "modality": "T1w",
    "session_id": "2",
    "subject_id": "RC4210"
  },
  "cjv": 0.4032926341754945,
  "cnr": 2.9926475314821164,
  "efc": 0.7296976340862682,
  "fber": 9236.045671077505,
  "fwhm_avg": 3.3321467331353865,
  "fwhm_x": 3.3454801994061585,
  "fwhm_y": 3.53371,
  "fwhm_z": 3.11725,
  "icvs_csf": 0.1709399996017291,
  "icvs_gm": 0.37174135790951596,
  "icvs_wm": 0.4573186424887549,
  "inu_med": 1.5331294536590576,
  "inu_range": 0.431572651863098,
  "provenance": {
    "md5sum": "7bfa82ca455ede3b835872d952b32d94",
    "settings": {
      "testing": false
    },
    "software": "mriqc",
    "version": "21.0.0rc2",
    "warnings": {
      "large_rot_frame": true,
      "small_air_mask": false
    },
    "webapi_port": null,
    "webapi_url": "https://mriqc.nimh.nih.gov/api/v1"
  },
  "qi_1": 0.0,
  "qi_2": 1.2006226533967584e-05,
  "rpve_csf": 31.320295850227872,
  "rpve_gm": 14.834405576183961,
  "rpve_wm": 15.155821596119907,
  "size_x": 176,
  "size_y": 256,
  "size_z": 256,
  "snr_csf": 1.4166343672890689,
  "snr_gm": 12.402671370935241,
  "snr_total": 12.845099999979288,
  "snr_wm": 24.71599426171355,
  "snrd_csf": 20.9010550988644,
  "snrd_gm": 47.25648058339625,
  "snrd_total": 43.05987507238547,
  "snrd_wm": 61.02208953489578,
  "spacing_x": 0.9999999403953552,
  "spacing_y": 1.0,
  "spacing_z": 1.0,
  "summary_bg_k": 5.198720436863667,
  "summary_bg_mad": 10.73605312213925,
  "summary_bg_mean": 12.099990514021398,
  "summary_bg_median": 7.241357788443565,
  "summary_bg_n": 505351.0,
  "summary_bg_p05": 0.0,
  "summary_bg_p95": 36.45866225659847,
  "summary_bg_stdv": 12.112014010211334,
  "summary_csf_k": 5.527619740933613,
  "summary_csf_mad": 161.9276881769611,
  "summary_csf_mean": 406.4223943219937,
  "summary_csf_median": 342.51622339338064,
  "summary_csf_n": 10610.0,
  "summary_csf_p05": 191.80152890086174,
  "summary_csf_p95": 1127.3282836720346,
  "summary_csf_stdv": 241.77027589015017,
  "summary_gm_k": 0.6245142911690662,
  "summary_gm_mad": 56.90108154733802,
  "summary_gm_mean": 775.6523912264739,
  "summary_gm_median": 774.415989227593,
  "summary_gm_n": 12816.0,
  "summary_gm_p05": 673.8240842968225,
  "summary_gm_p95": 879.0693513527513,
  "summary_gm_stdv": 62.43701478654207,
  "summary_wm_k": 2.2473124018705724,
  "summary_wm_mad": 34.07529903983327,
  "summary_wm_mean": 1004.3583461976627,
  "summary_wm_median": 1000.0000264197588,
  "summary_wm_n": 254170.0,
  "summary_wm_p05": 947.5474086999893,
  "summary_wm_p95": 1078.080753877759,
  "summary_wm_stdv": 40.45955216859347,
  "tpm_overlap_csf": 0.18377916514873505,
  "tpm_overlap_gm": 0.41158708930015564,
  "tpm_overlap_wm": 0.49749818444252014,
  "wm2max": 0.5354229246039657
}