{
  "aor": 0.0008380536912751678,
  "aqi": 0.00869097644295302,
  "bids_meta": {
    "ConversionSoftware": "dcm2niix",
    "ConversionSoftwareVersion": "v1.0.20170411 GCC4.3.2",
    "EchoTime": 0.025,
    "ImageType": [
      "ORIGINAL"
    ],
    "Manufacturer": "Philips",
    "ManufacturersModelName": "N/A",
    "PhilipsRescaleIntercept": 0,
    "PhilipsRescaleSlope": 1.92479,
    "PhilipsScaleSlope": 0.000891431,
    "ProtocolName": "WIPANT_ESENSE",
    "RepetitionTime": 2.4,
    "SequenceVariant": "tfl3d1_ns",
    "SliceTiming": [
      0,
      0.06,
      0.11,
      0.17,
      0.22,
      0.28,
      0.33,
      0.39,
      0.45,
      0.5,
      0.56,
      0.61,
      0.67,
      0.73,
      0.78,
      0.84,
      0.89,
      0.95,
      1,
      1.06,
      1.12,
      1.17,
      1.23,
      1.28,
      1.34,
      1.4,
      1.45,
      1.51,
      1.56,
      1.62,
      1.67,
      1.73,
      1.79,
      1.84,
      1.9,
      1.95,
      2.01,
      2.07,
      2.12,
      2.18,
      2.23,
      2.29,
      2.34
    ],
    "TaskName": "ANT",
    "UsePhilipsFloatNotDisplayScaling": 1,
    "dataset": "ds001907",
    "modality": "bold",
    "run_id": 5,
    "session_id": "1",
    "subject_id": "RC4118",
    "task_id": "ANT"
  },
  "dummy_trs": 0,
  "dvars_nstd": 22.31781364101351,
  "dvars_std": 1.1200350964189192,
  "dvars_vstd": 0.925426323716216,
  "efc": 0.471081884799227,
  "fber": 233961.390625,
  "fd_mean": 0.14110390202223175,
  "fd_num": 22,
  "fd_perc": 14.765100671140939,
  "fwhm_avg": 2.0059555555555555,
  "fwhm_x": 1.8882899999999998,
  "fwhm_y": 2.14094,
  "fwhm_z": 1.9886366666666666,
  "gcor": 0.00607517,
  "gsr_x": -0.009159750305116177,
  "gsr_y": 0.018249299377202988,
  "provenance": {
    "md5sum": "44e04d2b9252ef6d147140ae8ceb10b8",
    "settings": {
      "fd_thres": 0.2,
      "testing": false
    },
    "software": "mriqc",
    "version": "21.0.0rc2",
    "webapi_port": null,
    "webapi_url": "https://mriqc.nimh.nih.gov/api/v1"
  },
  "size_t": 149,
  "size_x": 80,
  "size_y": 80,
  "size_z": 43,
  "snr": 4.179083775329498,
  "spacing_tr": 2.4000020027160645,
  "spacing_x": 3.0,
  "spacing_y": 3.0,
  "spacing_z": 3.0,
  "summary_bg_k": 74.45963143067031,
  "summary_bg_mad": 1381.9108944087664,
  "summary_bg_mean": 14474.4638671875,
  "summary_bg_median": 940.6404418945312,
  "summary_bg_n": 176253.0,
  "summary_bg_p05": 2.473811197280884,
  "summary_bg_p95": 74836.64062499999,
  "summary_bg_stdv": 37373.52734375,
  "summary_fg_k": 2.062414432963096,
  "summary_fg_mad": 85381.44016756113,
  "summary_fg_mean": 490963.6875,
  "summary_fg_median": 466940.84375,
  "summary_fg_n": 51881.0,
  "summary_fg_p05": 358249.28125,
  "summary_fg_p95": 719985.375,
  "summary_fg_stdv": 111731.75,
  "tsnr": 58.501564025878906
}