{
  "aor": 0.002020469798657718,
  "aqi": 0.0055439914765100665,
  "bids_meta": {
    "AcquisitionDateTime": "2013-08-21T17:31:22.920000",
    "BodyPartExamined": "BRAIN",
    "ConversionSoftware": "dcm2niix",
    "ConversionSoftwareVersion": "v1.0.20170411 GCC4.3.2",
    "EchoTime": 0.025,
    "FlipAngle": 79,
    "ImageType": [
      "ORIGINAL",
      "PRIMARY",
      "M",
      "FFE",
      "M",
      "FFE"
    ],
    "MagneticFieldStrength": 3,
    "Manufacturer": "Philips",
    "ManufacturersModelName": "Achieva",
    "PhilipsRescaleIntercept": 0,
    "PhilipsRescaleSlope": 2.79927,
    "PhilipsScaleSlope": 0.000934802,
    "ProcedureStepDescription": "UDALL_2",
    "ProtocolName": "WIP_ANT_B_SENSE",
    "RepetitionTime": 2.4,
    "ScanningSequence": "GR",
    "SequenceVariant": "SK",
    "SeriesDescription": "ANT_B",
    "SliceTiming": [
      0,
      0.06,
      0.11,
      0.17,
      0.22,
      0.28,
      0.33,
      0.39,
      0.45,
      0.5,
      0.56,
      0.61,
      0.67,
      0.73,
      0.78,
      0.84,
      0.89,
      0.95,
      1,
      1.06,
      1.12,
      1.17,
      1.23,
      1.28,
      1.34,
      1.4,
      1.45,
      1.51,
      1.56,
      1.62,
      1.67,
      1.73,
      1.79,
      1.84,
      1.9,
      1.95,
      2.01,
      2.07,
      2.12,
      2.18,
      2.23,
      2.29,
      2.34
    ],
    "TaskName": "ANT",
    "UsePhilipsFloatNotDisplayScaling": 1,
    "dataset": "ds001907",
    "modality": "bold",
    "run_id": 2,
    "session_id": "2",
    "subject_id": "RC4227",
    "task_id": "ANT"
  },
  "dummy_trs": 0,
  "dvars_nstd": 27.376552994054066,
  "dvars_std": 1.1697231767567564,
  "dvars_vstd": 0.9918011045270273,
  "efc": 0.42597777001804993,
  "fber": 1236500.625,
  "fd_mean": 0.321520997096553,
  "fd_num": 118,
  "fd_perc": 79.19463087248322,
  "fwhm_avg": 2.087857777777778,
  "fwhm_x": 2.01213,
  "fwhm_y": 2.2057533333333335,
  "fwhm_z": 2.04569,
  "gcor": 0.023424,
  "gsr_x": -0.008159749209880829,
  "gsr_y": 0.022748220711946487,
  "provenance": {
    "md5sum": "24583e499b8c858b92f75d2a50318350",
    "settings": {
      "fd_thres": 0.2,
      "testing": false
    },
    "software": "mriqc",
    "version": "21.0.0rc2",
    "webapi_port": null,
    "webapi_url": "https://mriqc.nimh.nih.gov/api/v1"
  },
  "size_t": 149,
  "size_x": 80,
  "size_y": 80,
  "size_z": 43,
  "snr": 4.380409817197804,
  "spacing_tr": 2.4000020027160645,
  "spacing_x": 3.0,
  "spacing_y": 3.0,
  "spacing_z": 3.0,
  "summary_bg_k": 193.72683848276156,
  "summary_bg_mad": 510.1341964666309,
  "summary_bg_mean": 7995.814453125,
  "summary_bg_median": 350.2062072753906,
  "summary_bg_n": 185746.0,
  "summary_bg_p05": 4.167919993400574,
  "summary_bg_p95": 41659.037109375,
  "summary_bg_stdv": 25992.099609375,
  "summary_fg_k": 1.585483521900449,
  "summary_fg_mad": 67171.47108140473,
  "summary_fg_mean": 406971.5625,
  "summary_fg_median": 387859.25,
  "summary_fg_n": 44236.0,
  "summary_fg_p05": 298499.3125,
  "summary_fg_p95": 593083.984375,
  "summary_fg_stdv": 88543.0546875,
  "tsnr": 69.57329559326172
}