{
  "aor": 0.002046174496644295,
  "aqi": 0.0055022050335570465,
  "bids_meta": {
    "AcquisitionDateTime": "2013-08-21T17:06:25.560000",
    "BodyPartExamined": "BRAIN",
    "ConversionSoftware": "dcm2niix",
    "ConversionSoftwareVersion": "v1.0.20170411 GCC4.3.2",
    "EchoTime": 0.025,
    "FlipAngle": 79,
    "ImageType": [
      "ORIGINAL",
      "PRIMARY",
      "M",
      "FFE",
      "M",
      "FFE"
    ],
    "MagneticFieldStrength": 3,
    "Manufacturer": "Philips",
    "ManufacturersModelName": "Achieva",
    "PhilipsRescaleIntercept": 0,
    "PhilipsRescaleSlope": 2.25421,
    "PhilipsScaleSlope": 0.000927305,
    "ProcedureStepDescription": "UDALL_2",
    "ProtocolName": "WIP_ANT_F_SENSE",
    "RepetitionTime": 2.4,
    "ScanningSequence": "GR",
    "SequenceVariant": "SK",
    "SeriesDescription": "ANT_F",
    "SliceTiming": [
      0,
      0.06,
      0.11,
      0.17,
      0.22,
      0.28,
      0.33,
      0.39,
      0.45,
      0.5,
      0.56,
      0.61,
      0.67,
      0.73,
      0.78,
      0.84,
      0.89,
      0.95,
      1,
      1.06,
      1.12,
      1.17,
      1.23,
      1.28,
      1.34,
      1.4,
      1.45,
      1.51,
      1.56,
      1.62,
      1.67,
      1.73,
      1.79,
      1.84,
      1.9,
      1.95,
      2.01,
      2.07,
      2.12,
      2.18,
      2.23,
      2.29,
      2.34
    ],
    "TaskName": "ANT",
    "UsePhilipsFloatNotDisplayScaling": 1,
    "dataset": "ds001907",
    "modality": "bold",
    "run_id": 6,
    "session_id": "2",
    "subject_id": "RC4227",
    "task_id": "ANT"
  },
  "dummy_trs": 0,
  "dvars_nstd": 30.711094766148648,
  "dvars_std": 1.2724968291891892,
  "dvars_vstd": 0.9942875308783785,
  "efc": 0.42725118151344,
  "fber": 478137.3125,
  "fd_mean": 0.3956925397421644,
  "fd_num": 123,
  "fd_perc": 82.5503355704698,
  "fwhm_avg": 2.1186322222222222,
  "fwhm_x": 2.0353733333333333,
  "fwhm_y": 2.2341333333333333,
  "fwhm_z": 2.08639,
  "gcor": 0.00853997,
  "gsr_x": -0.008314560167491436,
  "gsr_y": 0.02278115414083004,
  "provenance": {
    "md5sum": "2d7545b52ffd73b36d0a887afbe124bf",
    "settings": {
      "fd_thres": 0.2,
      "testing": false
    },
    "software": "mriqc",
    "version": "21.0.0rc2",
    "webapi_port": null,
    "webapi_url": "https://mriqc.nimh.nih.gov/api/v1"
  },
  "size_t": 149,
  "size_x": 80,
  "size_y": 80,
  "size_z": 43,
  "snr": 4.0251148442215205,
  "spacing_tr": 2.4000020027160645,
  "spacing_x": 3.0,
  "spacing_y": 3.0,
  "spacing_z": 3.0,
  "summary_bg_k": 196.79709649180106,
  "summary_bg_mad": 831.0167441531777,
  "summary_bg_mean": 8237.7626953125,
  "summary_bg_median": 574.6453247070312,
  "summary_bg_n": 185030.0,
  "summary_bg_p05": 6.076126837730409,
  "summary_bg_p95": 41584.50468749997,
  "summary_bg_stdv": 26652.375,
  "summary_fg_k": 1.7431015372068375,
  "summary_fg_mad": 72387.61317100239,
  "summary_fg_mean": 415911.25,
  "summary_fg_median": 392825.875,
  "summary_fg_n": 44814.0,
  "summary_fg_p05": 299923.103125,
  "summary_fg_p95": 624214.9781249999,
  "summary_fg_stdv": 97592.6171875,
  "tsnr": 71.22430419921875
}