{
  "aor": 0.0013203355704697985,
  "aqi": 0.002761531275167785,
  "bids_meta": {
    "ConversionSoftware": "dcm2niix",
    "ConversionSoftwareVersion": "v1.0.20170411 GCC4.3.2",
    "EchoTime": 0.025,
    "ImageType": [
      "ORIGINAL"
    ],
    "Manufacturer": "Philips",
    "ManufacturersModelName": "N/A",
    "PhilipsRescaleIntercept": 0,
    "PhilipsRescaleSlope": 2.08034,
    "PhilipsScaleSlope": 0.000887629,
    "ProtocolName": "WIPANT_DSENSE",
    "RepetitionTime": 2.4,
    "SequenceVariant": "tfl3d1_ns",
    "SliceTiming": [
      0,
      0.06,
      0.11,
      0.17,
      0.22,
      0.28,
      0.33,
      0.39,
      0.45,
      0.5,
      0.56,
      0.61,
      0.67,
      0.73,
      0.78,
      0.84,
      0.89,
      0.95,
      1,
      1.06,
      1.12,
      1.17,
      1.23,
      1.28,
      1.34,
      1.4,
      1.45,
      1.51,
      1.56,
      1.62,
      1.67,
      1.73,
      1.79,
      1.84,
      1.9,
      1.95,
      2.01,
      2.07,
      2.12,
      2.18,
      2.23,
      2.29,
      2.34
    ],
    "TaskName": "ANT",
    "UsePhilipsFloatNotDisplayScaling": 1,
    "dataset": "ds001907",
    "modality": "bold",
    "run_id": 4,
    "session_id": "2",
    "subject_id": "RC4112",
    "task_id": "ANT"
  },
  "dummy_trs": 0,
  "dvars_nstd": 19.056235931891877,
  "dvars_std": 1.1765051468243244,
  "dvars_vstd": 0.9963340756756761,
  "efc": 0.3854120043347204,
  "fber": 1549403.875,
  "fd_mean": 0.18495240669110874,
  "fd_num": 53,
  "fd_perc": 35.57046979865772,
  "fwhm_avg": 2.047648888888889,
  "fwhm_x": 1.9606233333333334,
  "fwhm_y": 2.1446533333333333,
  "fwhm_z": 2.03767,
  "gcor": 0.0343464,
  "gsr_x": -0.01583760231733322,
  "gsr_y": 0.012597750872373581,
  "provenance": {
    "md5sum": "f0fc4ba6fa692cf6caf83cb0883d7d2f",
    "settings": {
      "fd_thres": 0.2,
      "testing": false
    },
    "software": "mriqc",
    "version": "21.0.0rc2",
    "webapi_port": null,
    "webapi_url": "https://mriqc.nimh.nih.gov/api/v1"
  },
  "size_t": 149,
  "size_x": 80,
  "size_y": 80,
  "size_z": 43,
  "snr": 4.232171315928216,
  "spacing_tr": 2.4000020027160645,
  "spacing_x": 3.0,
  "spacing_y": 3.0,
  "spacing_z": 3.0,
  "summary_bg_k": 150.71407059616016,
  "summary_bg_mad": 700.0935074399225,
  "summary_bg_mean": 9619.5771484375,
  "summary_bg_median": 476.704345703125,
  "summary_bg_n": 195423.0,
  "summary_bg_p05": 2.1735597133636473,
  "summary_bg_p95": 50883.034374999974,
  "summary_bg_stdv": 32103.173828125,
  "summary_fg_k": 1.5589712665525832,
  "summary_fg_mad": 98990.94090101396,
  "summary_fg_mean": 603231.8125,
  "summary_fg_median": 570061.5625,
  "summary_fg_n": 36271.0,
  "summary_fg_p05": 443553.15625,
  "summary_fg_p95": 888753.03125,
  "summary_fg_stdv": 134695.328125,
  "tsnr": 95.97795867919922
}