{
  "aor": 0.0028591275167785236,
  "aqi": 0.00298640677852349,
  "bids_meta": {
    "AcquisitionDateTime": "2013-07-03T11:16:16.540000",
    "BodyPartExamined": "BRAIN",
    "ConversionSoftware": "dcm2niix",
    "ConversionSoftwareVersion": "v1.0.20170411 GCC4.3.2",
    "EchoTime": 0.025001,
    "FlipAngle": 79,
    "ImageType": [
      "ORIGINAL",
      "PRIMARY",
      "M",
      "FFE",
      "M",
      "FFE"
    ],
    "MagneticFieldStrength": 3,
    "Manufacturer": "Philips",
    "ManufacturersModelName": "Achieva",
    "PhilipsRescaleIntercept": 0,
    "PhilipsRescaleSlope": 2.72552,
    "PhilipsScaleSlope": 0.000945834,
    "ProcedureStepDescription": "IBIC-UDALL_S2",
    "ProtocolName": "WIP_ANT_C_SENSE",
    "RepetitionTime": 2.4,
    "ScanningSequence": "GR",
    "SequenceVariant": "SK",
    "SeriesDescription": "ANT_C",
    "SliceTiming": [
      0,
      0.06,
      0.11,
      0.17,
      0.22,
      0.28,
      0.33,
      0.39,
      0.45,
      0.5,
      0.56,
      0.61,
      0.67,
      0.73,
      0.78,
      0.84,
      0.89,
      0.95,
      1,
      1.06,
      1.12,
      1.17,
      1.23,
      1.28,
      1.34,
      1.4,
      1.45,
      1.51,
      1.56,
      1.62,
      1.67,
      1.73,
      1.79,
      1.84,
      1.9,
      1.95,
      2.01,
      2.07,
      2.12,
      2.18,
      2.23,
      2.29,
      2.34
    ],
    "TaskName": "ANT",
    "UsePhilipsFloatNotDisplayScaling": 1,
    "dataset": "ds001907",
    "modality": "bold",
    "run_id": 3,
    "session_id": "2",
    "subject_id": "RC4221",
    "task_id": "ANT"
  },
  "dummy_trs": 0,
  "dvars_nstd": 20.08517611999999,
  "dvars_std": 1.3896131396621618,
  "dvars_vstd": 1.017798754256757,
  "efc": 0.3802621784342457,
  "fber": 14412835.0,
  "fd_mean": 0.10917002189498926,
  "fd_num": 13,
  "fd_perc": 8.724832214765101,
  "fwhm_avg": 1.944651111111111,
  "fwhm_x": 1.87679,
  "fwhm_y": 2.0638033333333334,
  "fwhm_z": 1.8933600000000002,
  "gcor": 0.0363653,
  "gsr_x": -0.018213119357824326,
  "gsr_y": 0.008467667736113071,
  "provenance": {
    "md5sum": "152b06ce21a59d9f7d9891c35a52ca6f",
    "settings": {
      "fd_thres": 0.2,
      "testing": false
    },
    "software": "mriqc",
    "version": "21.0.0rc2",
    "webapi_port": null,
    "webapi_url": "https://mriqc.nimh.nih.gov/api/v1"
  },
  "size_t": 149,
  "size_x": 80,
  "size_y": 80,
  "size_z": 43,
  "snr": 5.522272119915355,
  "spacing_tr": 2.4000020027160645,
  "spacing_x": 3.0,
  "spacing_y": 3.0,
  "spacing_z": 3.0,
  "summary_bg_k": 93.71400422251968,
  "summary_bg_mad": 194.86548475439048,
  "summary_bg_mean": 8863.40234375,
  "summary_bg_median": 132.42942810058594,
  "summary_bg_n": 198431.0,
  "summary_bg_p05": 0.7876625061035156,
  "summary_bg_p95": 49474.416015625,
  "summary_bg_stdv": 27900.578125,
  "summary_fg_k": 1.4066375522327856,
  "summary_fg_mad": 79760.40867835344,
  "summary_fg_mean": 505676.46875,
  "summary_fg_median": 494812.125,
  "summary_fg_n": 33448.0,
  "summary_fg_p05": 377492.240625,
  "summary_fg_p95": 664005.2281249999,
  "summary_fg_stdv": 89601.65625,
  "tsnr": 103.08745574951172
}