{
  "bids_meta": {
    "ConversionSoftware": "dcm2niix",
    "ConversionSoftwareVersion": "v1.0.20170411 GCC4.3.2",
    "EchoTime": 0.00351,
    "ImageType": [
      "ORIGINAL"
    ],
    "Manufacturer": "Philips",
    "ManufacturersModelName": "N/A",
    "PhilipsRescaleIntercept": 0,
    "PhilipsRescaleSlope": 7.54554,
    "PhilipsScaleSlope": 0.000369093,
    "ProtocolName": "WIPMPRAGE_S2SENSE",
    "RepetitionTime": 0.007555,
    "SequenceVariant": "tfl3d1_ns",
    "UsePhilipsFloatNotDisplayScaling": 1,
    "dataset": "ds001907",
    "modality": "T1w",
    "session_id": "2",
    "subject_id": "RC4117"
  },
  "cjv": 0.5041830878728728,
  "cnr": 2.401351751674554,
  "efc": 0.7290920339077397,
  "fber": 2817.8865985033303,
  "fwhm_avg": 3.4230765291762517,
  "fwhm_x": 3.4600595875287548,
  "fwhm_y": 3.62491,
  "fwhm_z": 3.18426,
  "icvs_csf": 0.21455277314226787,
  "icvs_gm": 0.3666338368864062,
  "icvs_wm": 0.4188133899713259,
  "inu_med": 1.5484064817428589,
  "inu_range": 0.46041978597640965,
  "provenance": {
    "md5sum": "5e56e225726070e226068f8062b0545d",
    "settings": {
      "testing": false
    },
    "software": "mriqc",
    "version": "21.0.0rc2",
    "warnings": {
      "large_rot_frame": true,
      "small_air_mask": false
    },
    "webapi_port": null,
    "webapi_url": "https://mriqc.nimh.nih.gov/api/v1"
  },
  "qi_1": 2.65931389701457e-05,
  "qi_2": 8.292896345846587e-06,
  "rpve_csf": 32.13557066907188,
  "rpve_gm": 17.9947602581362,
  "rpve_wm": 19.561782084936286,
  "size_x": 176,
  "size_y": 256,
  "size_z": 256,
  "snr_csf": 1.1000063184310949,
  "snr_gm": 13.07011109272556,
  "snr_total": 10.831854346506512,
  "snr_wm": 18.325445628362885,
  "snrd_csf": 21.08787088450096,
  "snrd_gm": 55.54160184206217,
  "snrd_total": 48.894401600599146,
  "snrd_wm": 70.05373207523431,
  "spacing_x": 1.0000001192092896,
  "spacing_y": 1.0,
  "spacing_z": 1.0,
  "summary_bg_k": 1616.7651376742995,
  "summary_bg_mad": 9.351912838703749,
  "summary_bg_mean": 14.831575460000163,
  "summary_bg_median": 12.115913413465023,
  "summary_bg_n": 485507.0,
  "summary_bg_p05": 0.0,
  "summary_bg_p95": 43.84211967140436,
  "summary_bg_stdv": 28.014860256460686,
  "summary_csf_k": 17.736228084758288,
  "summary_csf_mad": 115.64890233208894,
  "summary_csf_mean": 375.1474743684765,
  "summary_csf_median": 301.02424047887325,
  "summary_csf_n": 15755.0,
  "summary_csf_p05": 175.72446170859038,
  "summary_csf_p95": 806.3764908280187,
  "summary_csf_stdv": 273.6481436436671,
  "summary_gm_k": 0.37288756978354254,
  "summary_gm_mad": 56.38925662149092,
  "summary_gm_mean": 792.1582479221402,
  "summary_gm_median": 792.8428906388581,
  "summary_gm_n": 11013.0,
  "summary_gm_p05": 691.4814088344574,
  "summary_gm_p95": 893.9795410603284,
  "summary_gm_stdv": 60.658007298055935,
  "summary_wm_k": 1.090730144679303,
  "summary_wm_mad": 48.05586894343808,
  "summary_wm_mean": 1006.7644877734282,
  "summary_wm_median": 1000.0000287443399,
  "summary_wm_n": 155615.0,
  "summary_wm_p05": 929.865127902478,
  "summary_wm_p95": 1108.7309836558998,
  "summary_wm_stdv": 54.56875843354614,
  "tpm_overlap_csf": 0.17695921659469604,
  "tpm_overlap_gm": 0.41368186473846436,
  "tpm_overlap_wm": 0.49239179491996765,
  "wm2max": 0.5446999591781194
}