{
  "bids_meta": {
    "ConversionSoftware": "dcm2niix",
    "ConversionSoftwareVersion": "v1.0.20170411 GCC4.3.2",
    "EchoTime": 0.00351,
    "ImageType": [
      "ORIGINAL"
    ],
    "Manufacturer": "Philips",
    "ManufacturersModelName": "N/A",
    "PhilipsRescaleIntercept": 0,
    "PhilipsRescaleSlope": 10.1941,
    "PhilipsScaleSlope": 0.000328038,
    "ProtocolName": "WIPMPRAGE_S2SENSE",
    "RepetitionTime": 0.007604,
    "SequenceVariant": "tfl3d1_ns",
    "UsePhilipsFloatNotDisplayScaling": 1,
    "dataset": "ds001907",
    "modality": "T1w",
    "session_id": "2",
    "subject_id": "RC4217"
  },
  "cjv": 0.40289707908822353,
  "cnr": 3.078421482071221,
  "efc": 0.7560691024445357,
  "fber": 6803.655907598592,
  "fwhm_avg": 3.3434968659546094,
  "fwhm_x": 3.402520202806008,
  "fwhm_y": 3.5441502112478145,
  "fwhm_z": 3.0838201838100066,
  "icvs_csf": 0.193771141593856,
  "icvs_gm": 0.3929779744459339,
  "icvs_wm": 0.4132508839602101,
  "inu_med": 2.4068543910980225,
  "inu_range": 0.5698490500450135,
  "provenance": {
    "md5sum": "f90029ca21d0d814427ed701fb79cb27",
    "settings": {
      "testing": false
    },
    "software": "mriqc",
    "version": "21.0.0rc2",
    "warnings": {
      "large_rot_frame": true,
      "small_air_mask": false
    },
    "webapi_port": null,
    "webapi_url": "https://mriqc.nimh.nih.gov/api/v1"
  },
  "qi_1": 0.0,
  "qi_2": 1.1254240563915252e-05,
  "rpve_csf": 28.215530575450973,
  "rpve_gm": 14.26643055297759,
  "rpve_wm": 16.58696445641783,
  "size_x": 176,
  "size_y": 256,
  "size_z": 256,
  "snr_csf": 2.800222281512017,
  "snr_gm": 13.345365508677418,
  "snr_total": 11.913689072003365,
  "snr_wm": 19.595479425820663,
  "snrd_csf": 20.252022187134408,
  "snrd_gm": 43.50152941760119,
  "snrd_total": 40.46417172502261,
  "snrd_wm": 57.63896357033222,
  "spacing_x": 0.9999999403953552,
  "spacing_y": 0.9999999403953552,
  "spacing_z": 0.9999999403953552,
  "summary_bg_k": 1192.4206985781682,
  "summary_bg_mad": 11.366761699654539,
  "summary_bg_mean": 13.814449789473496,
  "summary_bg_median": 7.666764259338379,
  "summary_bg_n": 460367.0,
  "summary_bg_p05": 0.0,
  "summary_bg_p95": 38.67565155029297,
  "summary_bg_stdv": 23.36616429755031,
  "summary_csf_k": 5.486864920310513,
  "summary_csf_mad": 117.14280528688563,
  "summary_csf_mean": 372.49482490229565,
  "summary_csf_median": 351.3770842552185,
  "summary_csf_n": 7642.0,
  "summary_csf_p05": 205.49125695228577,
  "summary_csf_p95": 587.2082178592682,
  "summary_csf_stdv": 125.47364398842416,
  "summary_gm_k": 0.5271745435169293,
  "summary_gm_mad": 52.41742337929864,
  "summary_gm_mean": 753.7369346490824,
  "summary_gm_median": 754.7611999511719,
  "summary_gm_n": 13429.0,
  "summary_gm_p05": 657.3102779388428,
  "summary_gm_p95": 845.6001482009887,
  "summary_gm_stdv": 56.5539472878046,
  "summary_wm_k": 1.2261232386655108,
  "summary_wm_mad": 46.40824362725197,
  "summary_wm_mean": 1005.6548042379109,
  "summary_wm_median": 1000.0488233566284,
  "summary_wm_n": 192963.0,
  "summary_wm_p05": 932.80592918396,
  "summary_wm_p95": 1096.6402864456177,
  "summary_wm_stdv": 51.034537625993885,
  "tpm_overlap_csf": 0.15523211658000946,
  "tpm_overlap_gm": 0.3990696668624878,
  "tpm_overlap_wm": 0.47313281893730164,
  "wm2max": 0.5894424776213913
}