{
  "aor": 0.008081543624161072,
  "aqi": 0.005326598523489933,
  "bids_meta": {
    "AcquisitionDateTime": "2013-06-05T12:57:54.680000",
    "BodyPartExamined": "BRAIN",
    "ConversionSoftware": "dcm2niix",
    "ConversionSoftwareVersion": "v1.0.20170411 GCC4.3.2",
    "EchoTime": 0.025,
    "FlipAngle": 79,
    "ImageType": [
      "ORIGINAL",
      "PRIMARY",
      "M",
      "FFE",
      "M",
      "FFE"
    ],
    "MagneticFieldStrength": 3,
    "Manufacturer": "Philips",
    "ManufacturersModelName": "Achieva",
    "PhilipsRescaleIntercept": 0,
    "PhilipsRescaleSlope": 2.83565,
    "PhilipsScaleSlope": 0.000949201,
    "ProcedureStepDescription": "IBIC-UDALL",
    "ProtocolName": "WIP_ANT_F_SENSE",
    "RepetitionTime": 2.4,
    "ScanningSequence": "GR",
    "SequenceVariant": "SK",
    "SeriesDescription": "ANT_F",
    "SliceTiming": [
      0,
      0.06,
      0.11,
      0.17,
      0.22,
      0.28,
      0.33,
      0.39,
      0.45,
      0.5,
      0.56,
      0.61,
      0.67,
      0.73,
      0.78,
      0.84,
      0.89,
      0.95,
      1,
      1.06,
      1.12,
      1.17,
      1.23,
      1.28,
      1.34,
      1.4,
      1.45,
      1.51,
      1.56,
      1.62,
      1.67,
      1.73,
      1.79,
      1.84,
      1.9,
      1.95,
      2.01,
      2.07,
      2.12,
      2.18,
      2.23,
      2.29,
      2.34
    ],
    "TaskName": "ANT",
    "UsePhilipsFloatNotDisplayScaling": 1,
    "dataset": "ds001907",
    "modality": "bold",
    "run_id": 6,
    "session_id": "1",
    "subject_id": "RC4218",
    "task_id": "ANT"
  },
  "dummy_trs": 0,
  "dvars_nstd": 31.58203613445946,
  "dvars_std": 1.3355421741216216,
  "dvars_vstd": 1.053553641824324,
  "efc": 0.40402368321280974,
  "fber": 1012736.0625,
  "fd_mean": 0.38218394608206646,
  "fd_num": 107,
  "fd_perc": 71.81208053691275,
  "fwhm_avg": 2.0128533333333336,
  "fwhm_x": 1.9342666666666668,
  "fwhm_y": 2.1306933333333333,
  "fwhm_z": 1.9736,
  "gcor": 0.0254705,
  "gsr_x": -0.012081803753972054,
  "gsr_y": 0.013654537498950958,
  "provenance": {
    "md5sum": "b212c8133c8b2ddb9916effb93213d55",
    "settings": {
      "fd_thres": 0.2,
      "testing": false
    },
    "software": "mriqc",
    "version": "21.0.0rc2",
    "webapi_port": null,
    "webapi_url": "https://mriqc.nimh.nih.gov/api/v1"
  },
  "size_t": 149,
  "size_x": 80,
  "size_y": 80,
  "size_z": 43,
  "snr": 4.4882303460891935,
  "spacing_tr": 2.4000020027160645,
  "spacing_x": 3.0,
  "spacing_y": 3.0,
  "spacing_z": 3.0,
  "summary_bg_k": 156.9530125079899,
  "summary_bg_mad": 697.5171669636024,
  "summary_bg_mean": 7120.0478515625,
  "summary_bg_median": 476.80084228515625,
  "summary_bg_n": 189546.0,
  "summary_bg_p05": 3.401610851287842,
  "summary_bg_p95": 34939.896484375,
  "summary_bg_stdv": 25375.3828125,
  "summary_fg_k": 1.3854488633337798,
  "summary_fg_mad": 91452.07077953064,
  "summary_fg_mean": 471697.125,
  "summary_fg_median": 455103.75,
  "summary_fg_n": 40322.0,
  "summary_fg_p05": 338928.4625,
  "summary_fg_p95": 657765.7562499997,
  "summary_fg_stdv": 101398.1171875,
  "tsnr": 66.0733871459961
}