{
  "bids_meta": {
    "ConversionSoftware": "dcm2niix",
    "ConversionSoftwareVersion": "v1.0.20170411 GCC4.3.2",
    "EchoTime": 0.00352,
    "ImageType": [
      "ORIGINAL"
    ],
    "Manufacturer": "Philips",
    "ManufacturersModelName": "N/A",
    "PhilipsRescaleIntercept": 0,
    "PhilipsRescaleSlope": 8.56654,
    "PhilipsScaleSlope": 0.000349082,
    "ProtocolName": "WIPMPRAGE_S2SENSE",
    "RepetitionTime": 0.007628,
    "SequenceVariant": "tfl3d1_ns",
    "UsePhilipsFloatNotDisplayScaling": 1,
    "dataset": "ds001907",
    "modality": "T1w",
    "session_id": "1",
    "subject_id": "RC4219"
  },
  "cjv": 0.5192411710600197,
  "cnr": 2.383787990511381,
  "efc": 0.7352694822682793,
  "fber": 8168.089513617823,
  "fwhm_avg": 3.165513333333333,
  "fwhm_x": 3.27319,
  "fwhm_y": 3.31589,
  "fwhm_z": 2.90746,
  "icvs_csf": 0.18706696458789226,
  "icvs_gm": 0.39459033799915016,
  "icvs_wm": 0.41834269741295754,
  "inu_med": 3.339005947113037,
  "inu_range": 0.7682717919349664,
  "provenance": {
    "md5sum": "21ee4b2e65c00c001f6c86dd459b9a68",
    "settings": {
      "testing": false
    },
    "software": "mriqc",
    "version": "21.0.0rc2",
    "warnings": {
      "large_rot_frame": true,
      "small_air_mask": false
    },
    "webapi_port": null,
    "webapi_url": "https://mriqc.nimh.nih.gov/api/v1"
  },
  "qi_1": 0.0,
  "qi_2": 7.0149461258726115e-06,
  "rpve_csf": 33.396385433436485,
  "rpve_gm": 16.10868271303856,
  "rpve_wm": 18.03223454873521,
  "size_x": 176,
  "size_y": 256,
  "size_z": 256,
  "snr_csf": 2.001612348359212,
  "snr_gm": 13.769893428217605,
  "snr_total": 10.614779869992079,
  "snr_wm": 16.072833833399418,
  "snrd_csf": 24.20025516924609,
  "snrd_gm": 46.29152438290813,
  "snrd_total": 43.00514082581662,
  "snrd_wm": 58.523642925295626,
  "spacing_x": 1.0,
  "spacing_y": 1.0,
  "spacing_z": 1.0,
  "summary_bg_k": 13.88958407977055,
  "summary_bg_mad": 11.194937311512184,
  "summary_bg_mean": 17.65661968782788,
  "summary_bg_median": 7.550870470702648,
  "summary_bg_n": 504745.0,
  "summary_bg_p05": 0.0,
  "summary_bg_p95": 60.406963765621185,
  "summary_bg_stdv": 22.74962530890225,
  "summary_csf_k": 9.013873809920094,
  "summary_csf_mad": 156.00217837990357,
  "summary_csf_mean": 443.41395873786314,
  "summary_csf_median": 413.5327373370528,
  "summary_csf_n": 7317.0,
  "summary_csf_p05": 215.59206142649055,
  "summary_csf_p95": 676.5874131508172,
  "summary_csf_stdv": 206.58569495610803,
  "summary_gm_k": 0.5727633048132637,
  "summary_gm_mad": 53.06691063249283,
  "summary_gm_mean": 790.5380406599762,
  "summary_gm_median": 791.0272292457521,
  "summary_gm_n": 12044.0,
  "summary_gm_p05": 695.170399568975,
  "summary_gm_p95": 884.2780279776082,
  "summary_gm_stdv": 57.44375536597437,
  "summary_wm_k": 0.9476092918216938,
  "summary_wm_mad": 55.46582577067401,
  "summary_wm_mean": 1009.831771985322,
  "summary_wm_median": 1000.0490527302027,
  "summary_wm_n": 154325.0,
  "summary_wm_p05": 925.3738856725395,
  "summary_wm_p95": 1127.0311588667328,
  "summary_wm_stdv": 62.219632394392406,
  "tpm_overlap_csf": 0.14202484488487244,
  "tpm_overlap_gm": 0.39614513516426086,
  "tpm_overlap_wm": 0.4486097991466522,
  "wm2max": 0.5436106920141373
}