{
  "aor": 0.002441610738255034,
  "aqi": 0.004558188255033558,
  "bids_meta": {
    "ConversionSoftware": "dcm2niix",
    "ConversionSoftwareVersion": "v1.0.20170411 GCC4.3.2",
    "EchoTime": 0.025,
    "ImageType": [
      "ORIGINAL"
    ],
    "Manufacturer": "Philips",
    "ManufacturersModelName": "N/A",
    "PhilipsRescaleIntercept": 0,
    "PhilipsRescaleSlope": 3.17094,
    "PhilipsScaleSlope": 0.000953962,
    "ProtocolName": "WIPANT_ESENSE",
    "RepetitionTime": 2.4,
    "SequenceVariant": "tfl3d1_ns",
    "SliceTiming": [
      0,
      0.06,
      0.11,
      0.17,
      0.22,
      0.28,
      0.33,
      0.39,
      0.45,
      0.5,
      0.56,
      0.61,
      0.67,
      0.73,
      0.78,
      0.84,
      0.89,
      0.95,
      1,
      1.06,
      1.12,
      1.17,
      1.23,
      1.28,
      1.34,
      1.4,
      1.45,
      1.51,
      1.56,
      1.62,
      1.67,
      1.73,
      1.79,
      1.84,
      1.9,
      1.95,
      2.01,
      2.07,
      2.12,
      2.18,
      2.23,
      2.29,
      2.34
    ],
    "TaskName": "ANT",
    "UsePhilipsFloatNotDisplayScaling": 1,
    "dataset": "ds001907",
    "modality": "bold",
    "run_id": 5,
    "session_id": "1",
    "subject_id": "RC4106",
    "task_id": "ANT"
  },
  "dummy_trs": 0,
  "dvars_nstd": 28.58364426094594,
  "dvars_std": 1.3380117079729732,
  "dvars_vstd": 1.0151102085135137,
  "efc": 0.45127976384303303,
  "fber": 227613.125,
  "fd_mean": 0.23795295605997827,
  "fd_num": 74,
  "fd_perc": 49.66442953020134,
  "fwhm_avg": 2.2133977777777774,
  "fwhm_x": 2.06406,
  "fwhm_y": 2.40916,
  "fwhm_z": 2.1669733333333334,
  "gcor": 0.0321401,
  "gsr_x": -0.030265623703598976,
  "gsr_y": 0.03894596919417381,
  "provenance": {
    "md5sum": "1d6cfa1a255502d561bf737f4f7938ba",
    "settings": {
      "fd_thres": 0.2,
      "testing": false
    },
    "software": "mriqc",
    "version": "21.0.0rc2",
    "webapi_port": null,
    "webapi_url": "https://mriqc.nimh.nih.gov/api/v1"
  },
  "size_t": 149,
  "size_x": 80,
  "size_y": 80,
  "size_z": 43,
  "snr": 3.7070893029926797,
  "spacing_tr": 2.4000000953674316,
  "spacing_x": 3.0,
  "spacing_y": 3.0,
  "spacing_z": 3.0,
  "summary_bg_k": 47.01137252414953,
  "summary_bg_mad": 1217.4428026554997,
  "summary_bg_mean": 13381.458984375,
  "summary_bg_median": 830.91796875,
  "summary_bg_n": 183674.0,
  "summary_bg_p05": 5.844191217422484,
  "summary_bg_p95": 73159.699609375,
  "summary_bg_stdv": 29891.478515625,
  "summary_fg_k": 1.3340103247232653,
  "summary_fg_mad": 79178.27881665301,
  "summary_fg_mean": 421927.03125,
  "summary_fg_median": 394807.375,
  "summary_fg_n": 46169.0,
  "summary_fg_p05": 296987.14375,
  "summary_fg_p95": 659326.0,
  "summary_fg_stdv": 106499.484375,
  "tsnr": 70.39225006103516
}