{
  "aor": 0.0019363087248322147,
  "aqi": 0.008279462617449666,
  "bids_meta": {
    "ConversionSoftware": "dcm2niix",
    "ConversionSoftwareVersion": "v1.0.20170411 GCC4.3.2",
    "EchoTime": 0.025,
    "ImageType": [
      "ORIGINAL"
    ],
    "Manufacturer": "Philips",
    "ManufacturersModelName": "N/A",
    "PhilipsRescaleIntercept": 0,
    "PhilipsRescaleSlope": 1.99853,
    "PhilipsScaleSlope": 0.000957765,
    "ProtocolName": "WIPANT_CSENSE",
    "RepetitionTime": 2.4,
    "SequenceVariant": "tfl3d1_ns",
    "SliceTiming": [
      0,
      0.06,
      0.11,
      0.17,
      0.22,
      0.28,
      0.33,
      0.39,
      0.45,
      0.5,
      0.56,
      0.61,
      0.67,
      0.73,
      0.78,
      0.84,
      0.89,
      0.95,
      1,
      1.06,
      1.12,
      1.17,
      1.23,
      1.28,
      1.34,
      1.4,
      1.45,
      1.51,
      1.56,
      1.62,
      1.67,
      1.73,
      1.79,
      1.84,
      1.9,
      1.95,
      2.01,
      2.07,
      2.12,
      2.18,
      2.23,
      2.29,
      2.34
    ],
    "TaskName": "ANT",
    "UsePhilipsFloatNotDisplayScaling": 1,
    "dataset": "ds001907",
    "modality": "bold",
    "run_id": 3,
    "session_id": "1",
    "subject_id": "RC4106",
    "task_id": "ANT"
  },
  "dummy_trs": 0,
  "dvars_nstd": 30.000963043851353,
  "dvars_std": 1.2080789879729728,
  "dvars_vstd": 0.9550528004054052,
  "efc": 0.4510215294273887,
  "fber": 209391.75,
  "fd_mean": 0.3550056309552089,
  "fd_num": 113,
  "fd_perc": 75.83892617449665,
  "fwhm_avg": 2.2077955555555557,
  "fwhm_x": 2.0745533333333332,
  "fwhm_y": 2.4005666666666667,
  "fwhm_z": 2.1482666666666668,
  "gcor": 0.0200934,
  "gsr_x": -0.029932621866464615,
  "gsr_y": 0.03951859101653099,
  "provenance": {
    "md5sum": "7b82d426668677733d24b187c61560e2",
    "settings": {
      "fd_thres": 0.2,
      "testing": false
    },
    "software": "mriqc",
    "version": "21.0.0rc2",
    "webapi_port": null,
    "webapi_url": "https://mriqc.nimh.nih.gov/api/v1"
  },
  "size_t": 149,
  "size_x": 80,
  "size_y": 80,
  "size_z": 43,
  "snr": 3.7232119627495814,
  "spacing_tr": 2.4000000953674316,
  "spacing_x": 3.0,
  "spacing_y": 3.0,
  "spacing_z": 3.0,
  "summary_bg_k": 45.99811444784232,
  "summary_bg_mad": 1263.9312395639508,
  "summary_bg_mean": 13439.70703125,
  "summary_bg_median": 870.7444458007812,
  "summary_bg_n": 183798.0,
  "summary_bg_p05": 11.489641857147218,
  "summary_bg_p95": 73227.292578125,
  "summary_bg_stdv": 29785.099609375,
  "summary_fg_k": 1.3280249843432976,
  "summary_fg_mad": 79882.74652703982,
  "summary_fg_mean": 422223.78125,
  "summary_fg_median": 396009.8125,
  "summary_fg_n": 45994.0,
  "summary_fg_p05": 296292.871875,
  "summary_fg_p95": 657485.1906249999,
  "summary_fg_stdv": 106361.2578125,
  "tsnr": 56.4840087890625
}