{
  "bids_meta": {
    "ConversionSoftware": "dcm2niix",
    "ConversionSoftwareVersion": "v1.0.20170411 GCC4.3.2",
    "EchoTime": 0.00351,
    "ImageType": [
      "ORIGINAL"
    ],
    "Manufacturer": "Philips",
    "ManufacturersModelName": "N/A",
    "PhilipsRescaleIntercept": 0,
    "PhilipsRescaleSlope": 8.74481,
    "PhilipsScaleSlope": 0.00035766,
    "ProtocolName": "WIPMPRAGE_S2SENSE",
    "RepetitionTime": 0.007606,
    "SequenceVariant": "tfl3d1_ns",
    "UsePhilipsFloatNotDisplayScaling": 1,
    "dataset": "ds001907",
    "modality": "T1w",
    "session_id": "1",
    "subject_id": "RC4103"
  },
  "cjv": 0.3724426426559164,
  "cnr": 3.3640905633878133,
  "efc": 0.7357663718418164,
  "fber": 10593.808720773985,
  "fwhm_avg": 3.3890700000000002,
  "fwhm_x": 3.41965,
  "fwhm_y": 3.56478,
  "fwhm_z": 3.18278,
  "icvs_csf": 0.1806665866903427,
  "icvs_gm": 0.3988652298950744,
  "icvs_wm": 0.4204681834145829,
  "inu_med": 3.0928359031677246,
  "inu_range": 0.9654819130897523,
  "provenance": {
    "md5sum": "17c8a0e04cf3b7ceb728326f4e3522e8",
    "settings": {
      "testing": false
    },
    "software": "mriqc",
    "version": "21.0.0rc2",
    "warnings": {
      "large_rot_frame": true,
      "small_air_mask": false
    },
    "webapi_port": null,
    "webapi_url": "https://mriqc.nimh.nih.gov/api/v1"
  },
  "qi_1": 0.0,
  "qi_2": 1.2729084416753064e-05,
  "rpve_csf": 31.354145412872892,
  "rpve_gm": 14.947890516016173,
  "rpve_wm": 17.28439060664063,
  "size_x": 176,
  "size_y": 256,
  "size_z": 256,
  "snr_csf": 1.304898432966275,
  "snr_gm": 12.33327658724386,
  "snr_total": 13.88624548790785,
  "snr_wm": 28.02056144351341,
  "snrd_csf": 20.111054924189645,
  "snrd_gm": 53.730070997888596,
  "snrd_total": 48.22030776660382,
  "snrd_wm": 70.81979737773321,
  "spacing_x": 1.0,
  "spacing_y": 1.0,
  "spacing_z": 1.0,
  "summary_bg_k": 3.398510061231148,
  "summary_bg_mad": 9.251221141287939,
  "summary_bg_mean": 9.918853991896663,
  "summary_bg_median": 6.239853836596012,
  "summary_bg_n": 382510.0,
  "summary_bg_p05": 0.0,
  "summary_bg_p95": 26.329139359295368,
  "summary_bg_stdv": 9.377728524294024,
  "summary_csf_k": 11.013468835722964,
  "summary_csf_mad": 97.77713401361237,
  "summary_csf_mean": 346.15976018849454,
  "summary_csf_median": 283.9894453436136,
  "summary_csf_n": 13117.0,
  "summary_csf_p05": 180.39772555232048,
  "summary_csf_p95": 625.1014550775268,
  "summary_csf_stdv": 217.62507542289583,
  "summary_gm_k": 0.09743542822994877,
  "summary_gm_mad": 58.666280408167424,
  "summary_gm_mean": 758.3492622327838,
  "summary_gm_median": 758.7256421148777,
  "summary_gm_n": 15656.0,
  "summary_gm_p05": 655.8695148490369,
  "summary_gm_p95": 860.9222726337612,
  "summary_gm_stdv": 61.516613627776344,
  "summary_wm_k": 2.0248010265890493,
  "summary_wm_mad": 31.213469704345485,
  "summary_wm_mean": 1001.5670157228582,
  "summary_wm_median": 1000.0507209822536,
  "summary_wm_n": 199652.0,
  "summary_wm_p05": 947.3924422636628,
  "summary_wm_p95": 1061.0009030308565,
  "summary_wm_stdv": 35.689799382161084,
  "tpm_overlap_csf": 0.18366585671901703,
  "tpm_overlap_gm": 0.4162542521953583,
  "tpm_overlap_wm": 0.49180808663368225,
  "wm2max": 0.5879563350035791
}