{
  "aor": 0.002400805369127517,
  "aqi": 0.013467299932885908,
  "bids_meta": {
    "ConversionSoftware": "dcm2niix",
    "ConversionSoftwareVersion": "v1.0.20170411 GCC4.3.2",
    "EchoTime": 0.025,
    "ImageType": [
      "ORIGINAL"
    ],
    "Manufacturer": "Philips",
    "ManufacturersModelName": "N/A",
    "PhilipsRescaleIntercept": 0,
    "PhilipsRescaleSlope": 2.6862,
    "PhilipsScaleSlope": 0.000924754,
    "ProtocolName": "WIPANT_FSENSE",
    "RepetitionTime": 2.4,
    "SequenceVariant": "tfl3d1_ns",
    "SliceTiming": [
      0,
      0.06,
      0.11,
      0.17,
      0.22,
      0.28,
      0.33,
      0.39,
      0.45,
      0.5,
      0.56,
      0.61,
      0.67,
      0.73,
      0.78,
      0.84,
      0.89,
      0.95,
      1,
      1.06,
      1.12,
      1.17,
      1.23,
      1.28,
      1.34,
      1.4,
      1.45,
      1.51,
      1.56,
      1.62,
      1.67,
      1.73,
      1.79,
      1.84,
      1.9,
      1.95,
      2.01,
      2.07,
      2.12,
      2.18,
      2.23,
      2.29,
      2.34
    ],
    "TaskName": "ANT",
    "UsePhilipsFloatNotDisplayScaling": 1,
    "dataset": "ds001907",
    "modality": "bold",
    "run_id": 6,
    "session_id": "2",
    "subject_id": "RC4110",
    "task_id": "ANT"
  },
  "dummy_trs": 0,
  "dvars_nstd": 30.79528585635135,
  "dvars_std": 1.2056386103378378,
  "dvars_vstd": 0.9751706407432429,
  "efc": 0.42627583569895616,
  "fber": 423814.25,
  "fd_mean": 0.46823014953226877,
  "fd_num": 120,
  "fd_perc": 80.53691275167785,
  "fwhm_avg": 2.034272222222222,
  "fwhm_x": 1.9748400000000002,
  "fwhm_y": 2.1888633333333334,
  "fwhm_z": 1.9391133333333332,
  "gcor": 0.0219111,
  "gsr_x": -0.014965019188821316,
  "gsr_y": 0.02546687051653862,
  "provenance": {
    "md5sum": "bbc0cb10472dc08a3d195c8cbad8259d",
    "settings": {
      "fd_thres": 0.2,
      "testing": false
    },
    "software": "mriqc",
    "version": "21.0.0rc2",
    "webapi_port": null,
    "webapi_url": "https://mriqc.nimh.nih.gov/api/v1"
  },
  "size_t": 149,
  "size_x": 80,
  "size_y": 80,
  "size_z": 43,
  "snr": 4.589343949317693,
  "spacing_tr": 2.4000020027160645,
  "spacing_x": 3.0,
  "spacing_y": 3.0,
  "spacing_z": 3.0,
  "summary_bg_k": 92.28166891847923,
  "summary_bg_mad": 929.6589982087514,
  "summary_bg_mean": 9783.607421875,
  "summary_bg_median": 650.915771484375,
  "summary_bg_n": 187577.0,
  "summary_bg_p05": 12.23486080169678,
  "summary_bg_p95": 52214.31874999962,
  "summary_bg_stdv": 27746.0078125,
  "summary_fg_k": 1.8671455266779216,
  "summary_fg_mad": 74184.11007795723,
  "summary_fg_mean": 427721.59375,
  "summary_fg_median": 410517.1875,
  "summary_fg_n": 43254.0,
  "summary_fg_p05": 313434.8140625,
  "summary_fg_p95": 601499.278125,
  "summary_fg_stdv": 89449.046875,
  "tsnr": 48.43131637573242
}