{
  "aor": 0.0025381208053691273,
  "aqi": 0.006115425369127517,
  "bids_meta": {
    "ConversionSoftware": "dcm2niix",
    "ConversionSoftwareVersion": "v1.0.20170411 GCC4.3.2",
    "EchoTime": 0.025,
    "ImageType": [
      "ORIGINAL"
    ],
    "Manufacturer": "Philips",
    "ManufacturersModelName": "N/A",
    "PhilipsRescaleIntercept": 0,
    "PhilipsRescaleSlope": 2.19487,
    "PhilipsScaleSlope": 0.000885581,
    "ProtocolName": "WIPANT_ASENSE",
    "RepetitionTime": 2.4,
    "SequenceVariant": "tfl3d1_ns",
    "SliceTiming": [
      0,
      0.06,
      0.11,
      0.17,
      0.22,
      0.28,
      0.33,
      0.39,
      0.45,
      0.5,
      0.56,
      0.61,
      0.67,
      0.73,
      0.78,
      0.84,
      0.89,
      0.95,
      1,
      1.06,
      1.12,
      1.17,
      1.23,
      1.28,
      1.34,
      1.4,
      1.45,
      1.51,
      1.56,
      1.62,
      1.67,
      1.73,
      1.79,
      1.84,
      1.9,
      1.95,
      2.01,
      2.07,
      2.12,
      2.18,
      2.23,
      2.29,
      2.34
    ],
    "TaskName": "ANT",
    "UsePhilipsFloatNotDisplayScaling": 1,
    "dataset": "ds001907",
    "modality": "bold",
    "run_id": 1,
    "session_id": "2",
    "subject_id": "RC4110",
    "task_id": "ANT"
  },
  "dummy_trs": 0,
  "dvars_nstd": 23.688738526621627,
  "dvars_std": 1.2706372014864864,
  "dvars_vstd": 0.9798290814189186,
  "efc": 0.4308013288100681,
  "fber": 410316.71875,
  "fd_mean": 0.22248724885561108,
  "fd_num": 66,
  "fd_perc": 44.29530201342282,
  "fwhm_avg": 2.015712222222222,
  "fwhm_x": 1.9662300000000001,
  "fwhm_y": 2.148426666666667,
  "fwhm_z": 1.93248,
  "gcor": 0.0167158,
  "gsr_x": -0.017211629077792168,
  "gsr_y": 0.021603899076581,
  "provenance": {
    "md5sum": "e7763bce8c288f68132636b8e2603d1e",
    "settings": {
      "fd_thres": 0.2,
      "testing": false
    },
    "software": "mriqc",
    "version": "21.0.0rc2",
    "webapi_port": null,
    "webapi_url": "https://mriqc.nimh.nih.gov/api/v1"
  },
  "size_t": 149,
  "size_x": 80,
  "size_y": 80,
  "size_z": 43,
  "snr": 4.607623002733084,
  "spacing_tr": 2.4000020027160645,
  "spacing_x": 3.0,
  "spacing_y": 3.0,
  "spacing_z": 3.0,
  "summary_bg_k": 87.88494871764567,
  "summary_bg_mad": 1017.54021586671,
  "summary_bg_mean": 10450.2470703125,
  "summary_bg_median": 703.830810546875,
  "summary_bg_n": 186111.0,
  "summary_bg_p05": 8.654227256774902,
  "summary_bg_p95": 54139.25,
  "summary_bg_stdv": 30104.91015625,
  "summary_fg_k": 1.7134542914426465,
  "summary_fg_mad": 81456.59827896251,
  "summary_fg_mean": 456254.75,
  "summary_fg_median": 439290.0,
  "summary_fg_n": 44084.0,
  "summary_fg_p05": 330652.8453125,
  "summary_fg_p95": 635268.98125,
  "summary_fg_stdv": 95338.75,
  "tsnr": 67.5875244140625
}