{
  "aor": 0.008238993288590605,
  "aqi": 0.006400789932885907,
  "bids_meta": {
    "ConversionSoftware": "dcm2niix",
    "ConversionSoftwareVersion": "v1.0.20170411 GCC4.3.2",
    "EchoTime": 0.025,
    "ImageType": [
      "ORIGINAL"
    ],
    "Manufacturer": "Philips",
    "ManufacturersModelName": "N/A",
    "PhilipsRescaleIntercept": 0,
    "PhilipsRescaleSlope": 1.57411,
    "PhilipsScaleSlope": 0.000861432,
    "ProtocolName": "WIPANT_CSENSE",
    "RepetitionTime": 2.4,
    "SequenceVariant": "tfl3d1_ns",
    "SliceTiming": [
      0,
      0.06,
      0.11,
      0.17,
      0.22,
      0.28,
      0.33,
      0.39,
      0.45,
      0.5,
      0.56,
      0.61,
      0.67,
      0.73,
      0.78,
      0.84,
      0.89,
      0.95,
      1,
      1.06,
      1.12,
      1.17,
      1.23,
      1.28,
      1.34,
      1.4,
      1.45,
      1.51,
      1.56,
      1.62,
      1.67,
      1.73,
      1.79,
      1.84,
      1.9,
      1.95,
      2.01,
      2.07,
      2.12,
      2.18,
      2.23,
      2.29,
      2.34
    ],
    "TaskName": "ANT",
    "UsePhilipsFloatNotDisplayScaling": 1,
    "dataset": "ds001907",
    "modality": "bold",
    "run_id": 3,
    "session_id": "1",
    "subject_id": "RC4115",
    "task_id": "ANT"
  },
  "dummy_trs": 0,
  "dvars_nstd": 29.588200620472968,
  "dvars_std": 1.501606279189189,
  "dvars_vstd": 1.0322497209459458,
  "efc": 0.4298693069277629,
  "fber": 725746.1875,
  "fd_mean": 0.2347954458593942,
  "fd_num": 46,
  "fd_perc": 30.87248322147651,
  "fwhm_avg": 2.2136811111111108,
  "fwhm_x": 2.0985566666666666,
  "fwhm_y": 2.36925,
  "fwhm_z": 2.1732366666666665,
  "gcor": 0.00873082,
  "gsr_x": -0.014461764134466648,
  "gsr_y": 0.023897938430309296,
  "provenance": {
    "md5sum": "3f0d3a414eff758b053af8c2a219f781",
    "settings": {
      "fd_thres": 0.2,
      "testing": false
    },
    "software": "mriqc",
    "version": "21.0.0rc2",
    "webapi_port": null,
    "webapi_url": "https://mriqc.nimh.nih.gov/api/v1"
  },
  "size_t": 149,
  "size_x": 80,
  "size_y": 80,
  "size_z": 43,
  "snr": 4.433076746886118,
  "spacing_tr": 2.4000020027160645,
  "spacing_x": 3.0,
  "spacing_y": 3.0,
  "spacing_z": 3.0,
  "summary_bg_k": 53.49569870035476,
  "summary_bg_mad": 1044.909725902637,
  "summary_bg_mean": 17606.2265625,
  "summary_bg_median": 711.080078125,
  "summary_bg_n": 188372.0,
  "summary_bg_p05": 4.124618458747865,
  "summary_bg_p95": 100723.05546874994,
  "summary_bg_stdv": 46636.23046875,
  "summary_fg_k": 2.073949370904147,
  "summary_fg_mad": 93183.77333640485,
  "summary_fg_mean": 610016.25,
  "summary_fg_median": 584467.625,
  "summary_fg_n": 41070.0,
  "summary_fg_p05": 446674.6234375,
  "summary_fg_p95": 901964.2374999996,
  "summary_fg_stdv": 131840.828125,
  "tsnr": 71.13699340820312
}