{
  "aor": 0.01499395973154362,
  "aqi": 0.010169776174496643,
  "bids_meta": {
    "ConversionSoftware": "dcm2niix",
    "ConversionSoftwareVersion": "v1.0.20170411 GCC4.3.2",
    "EchoTime": 0.025,
    "ImageType": [
      "ORIGINAL"
    ],
    "Manufacturer": "Philips",
    "ManufacturersModelName": "N/A",
    "PhilipsRescaleIntercept": 0,
    "PhilipsRescaleSlope": 1.93187,
    "PhilipsScaleSlope": 0.000866219,
    "ProtocolName": "WIPANT_BSENSE",
    "RepetitionTime": 2.4,
    "SequenceVariant": "tfl3d1_ns",
    "SliceTiming": [
      0,
      0.06,
      0.11,
      0.17,
      0.22,
      0.28,
      0.33,
      0.39,
      0.45,
      0.5,
      0.56,
      0.61,
      0.67,
      0.73,
      0.78,
      0.84,
      0.89,
      0.95,
      1,
      1.06,
      1.12,
      1.17,
      1.23,
      1.28,
      1.34,
      1.4,
      1.45,
      1.51,
      1.56,
      1.62,
      1.67,
      1.73,
      1.79,
      1.84,
      1.9,
      1.95,
      2.01,
      2.07,
      2.12,
      2.18,
      2.23,
      2.29,
      2.34
    ],
    "TaskName": "ANT",
    "UsePhilipsFloatNotDisplayScaling": 1,
    "dataset": "ds001907",
    "modality": "bold",
    "run_id": 2,
    "session_id": "1",
    "subject_id": "RC4115",
    "task_id": "ANT"
  },
  "dummy_trs": 0,
  "dvars_nstd": 34.02105916493243,
  "dvars_std": 1.4594203805405406,
  "dvars_vstd": 1.0329708697972972,
  "efc": 0.4282512360885575,
  "fber": 679183.6875,
  "fd_mean": 0.29740838749896287,
  "fd_num": 44,
  "fd_perc": 29.530201342281877,
  "fwhm_avg": 2.2073866666666664,
  "fwhm_x": 2.0818166666666666,
  "fwhm_y": 2.373013333333333,
  "fwhm_z": 2.16733,
  "gcor": 0.00830522,
  "gsr_x": -0.012506322003901005,
  "gsr_y": 0.02449440024793148,
  "provenance": {
    "md5sum": "2d469b606f8ebd15bbcf1ae5a7c0da69",
    "settings": {
      "fd_thres": 0.2,
      "testing": false
    },
    "software": "mriqc",
    "version": "21.0.0rc2",
    "webapi_port": null,
    "webapi_url": "https://mriqc.nimh.nih.gov/api/v1"
  },
  "size_t": 149,
  "size_x": 80,
  "size_y": 80,
  "size_z": 43,
  "snr": 4.45431305772339,
  "spacing_tr": 2.4000020027160645,
  "spacing_x": 3.0,
  "spacing_y": 3.0,
  "spacing_z": 3.0,
  "summary_bg_k": 57.99994520527608,
  "summary_bg_mad": 1057.7256675879394,
  "summary_bg_mean": 16752.693359375,
  "summary_bg_median": 726.4420166015625,
  "summary_bg_n": 188734.0,
  "summary_bg_p05": 8.137343645095825,
  "summary_bg_p95": 95500.15078125006,
  "summary_bg_stdv": 44919.5078125,
  "summary_fg_k": 2.0093691437469126,
  "summary_fg_mad": 90759.07007067758,
  "summary_fg_mean": 600402.4375,
  "summary_fg_median": 573932.8125,
  "summary_fg_n": 41005.0,
  "summary_fg_p05": 443718.425,
  "summary_fg_p95": 892178.15,
  "summary_fg_stdv": 128847.2109375,
  "tsnr": 54.5252685546875
}