{
  "aor": 0.003149261744966443,
  "aqi": 0.007725181006711408,
  "bids_meta": {
    "ConversionSoftware": "dcm2niix",
    "ConversionSoftwareVersion": "v1.0.20170411 GCC4.3.2",
    "EchoTime": 0.025,
    "ImageType": [
      "ORIGINAL"
    ],
    "Manufacturer": "Philips",
    "ManufacturersModelName": "N/A",
    "PhilipsRescaleIntercept": 0,
    "PhilipsRescaleSlope": 2.71819,
    "PhilipsScaleSlope": 0.00100674,
    "ProtocolName": "WIPANT_ESENSE",
    "RepetitionTime": 2.4,
    "SequenceVariant": "tfl3d1_ns",
    "SliceTiming": [
      0,
      0.06,
      0.11,
      0.17,
      0.22,
      0.28,
      0.33,
      0.39,
      0.45,
      0.5,
      0.56,
      0.61,
      0.67,
      0.73,
      0.78,
      0.84,
      0.89,
      0.95,
      1,
      1.06,
      1.12,
      1.17,
      1.23,
      1.28,
      1.34,
      1.4,
      1.45,
      1.51,
      1.56,
      1.62,
      1.67,
      1.73,
      1.79,
      1.84,
      1.9,
      1.95,
      2.01,
      2.07,
      2.12,
      2.18,
      2.23,
      2.29,
      2.34
    ],
    "TaskName": "ANT",
    "UsePhilipsFloatNotDisplayScaling": 1,
    "dataset": "ds001907",
    "modality": "bold",
    "run_id": 5,
    "session_id": "1",
    "subject_id": "RC4204",
    "task_id": "ANT"
  },
  "dummy_trs": 0,
  "dvars_nstd": 23.031553055810804,
  "dvars_std": 1.2260477904729732,
  "dvars_vstd": 0.9740171532432431,
  "efc": 0.39421850387278035,
  "fber": 4704613.0,
  "fd_mean": 0.2714111688968571,
  "fd_num": 95,
  "fd_perc": 63.758389261744966,
  "fwhm_avg": 1.9124155555555555,
  "fwhm_x": 1.8730533333333332,
  "fwhm_y": 2.0468100000000002,
  "fwhm_z": 1.8173833333333331,
  "gcor": 0.0246821,
  "gsr_x": -0.019818171858787537,
  "gsr_y": 0.010668893344700336,
  "provenance": {
    "md5sum": "f19be703fb0e56294f02fd25fb4252c2",
    "settings": {
      "fd_thres": 0.2,
      "testing": false
    },
    "software": "mriqc",
    "version": "21.0.0rc2",
    "webapi_port": null,
    "webapi_url": "https://mriqc.nimh.nih.gov/api/v1"
  },
  "size_t": 149,
  "size_x": 80,
  "size_y": 80,
  "size_z": 43,
  "snr": 4.633370355433184,
  "spacing_tr": 2.4000020027160645,
  "spacing_x": 3.0,
  "spacing_y": 3.0,
  "spacing_z": 3.0,
  "summary_bg_k": 100.726194204164,
  "summary_bg_mad": 254.86475201442846,
  "summary_bg_mean": 7778.60205078125,
  "summary_bg_median": 173.02664184570312,
  "summary_bg_n": 194683.0,
  "summary_bg_p05": 0.7028514504432678,
  "summary_bg_p95": 40593.99765624994,
  "summary_bg_stdv": 24534.330078125,
  "summary_fg_k": 1.9991165459209865,
  "summary_fg_mad": 65352.480318916,
  "summary_fg_mean": 390264.5,
  "summary_fg_median": 375776.21875,
  "summary_fg_n": 36292.0,
  "summary_fg_p05": 284876.9578125,
  "summary_fg_p95": 546943.50625,
  "summary_fg_stdv": 81101.015625,
  "tsnr": 62.27839279174805
}