{
  "aor": 0.0065587919463087245,
  "aqi": 0.011374566912751679,
  "bids_meta": {
    "ConversionSoftware": "dcm2niix",
    "ConversionSoftwareVersion": "v1.0.20170411 GCC4.3.2",
    "EchoTime": 0.025,
    "ImageType": [
      "ORIGINAL"
    ],
    "Manufacturer": "Philips",
    "ManufacturersModelName": "N/A",
    "PhilipsRescaleIntercept": 0,
    "PhilipsRescaleSlope": 3.17827,
    "PhilipsScaleSlope": 0.000924108,
    "ProtocolName": "WIPANT_CSENSE",
    "RepetitionTime": 2.4,
    "SequenceVariant": "tfl3d1_ns",
    "SliceTiming": [
      0,
      0.06,
      0.11,
      0.17,
      0.22,
      0.28,
      0.33,
      0.39,
      0.45,
      0.5,
      0.56,
      0.61,
      0.67,
      0.73,
      0.78,
      0.84,
      0.89,
      0.95,
      1,
      1.06,
      1.12,
      1.17,
      1.23,
      1.28,
      1.34,
      1.4,
      1.45,
      1.51,
      1.56,
      1.62,
      1.67,
      1.73,
      1.79,
      1.84,
      1.9,
      1.95,
      2.01,
      2.07,
      2.12,
      2.18,
      2.23,
      2.29,
      2.34
    ],
    "TaskName": "ANT",
    "UsePhilipsFloatNotDisplayScaling": 1,
    "dataset": "ds001907",
    "modality": "bold",
    "run_id": 3,
    "session_id": "2",
    "subject_id": "RC4116",
    "task_id": "ANT"
  },
  "dummy_trs": 0,
  "dvars_nstd": 28.82887681716216,
  "dvars_std": 1.179141949391892,
  "dvars_vstd": 1.0233121264189187,
  "efc": 0.3965296833147813,
  "fber": 1196071.625,
  "fd_mean": 0.44177582836285667,
  "fd_num": 112,
  "fd_perc": 75.16778523489933,
  "fwhm_avg": 2.080594444444444,
  "fwhm_x": 1.9645566666666667,
  "fwhm_y": 2.30257,
  "fwhm_z": 1.9746566666666665,
  "gcor": 0.0307631,
  "gsr_x": -0.016667349264025688,
  "gsr_y": 0.023143228143453598,
  "provenance": {
    "md5sum": "3b28a5a55e0452f5b934b06b679e6194",
    "settings": {
      "fd_thres": 0.2,
      "testing": false
    },
    "software": "mriqc",
    "version": "21.0.0rc2",
    "webapi_port": null,
    "webapi_url": "https://mriqc.nimh.nih.gov/api/v1"
  },
  "size_t": 149,
  "size_x": 80,
  "size_y": 80,
  "size_z": 43,
  "snr": 4.561736644732439,
  "spacing_tr": 2.4000020027160645,
  "spacing_x": 3.0,
  "spacing_y": 3.0,
  "spacing_z": 3.0,
  "summary_bg_k": 67.74733450154555,
  "summary_bg_mad": 605.9012205091018,
  "summary_bg_mean": 9639.7216796875,
  "summary_bg_median": 421.8463439941406,
  "summary_bg_n": 194977.0,
  "summary_bg_p05": 7.5278904914855955,
  "summary_bg_p95": 55369.02265624999,
  "summary_bg_stdv": 28894.78125,
  "summary_fg_k": 1.6277679244179488,
  "summary_fg_mad": 81295.85176655297,
  "summary_fg_mean": 469569.375,
  "summary_fg_median": 454034.46875,
  "summary_fg_n": 36979.0,
  "summary_fg_p05": 334224.159375,
  "summary_fg_p95": 657453.19375,
  "summary_fg_stdv": 99529.7109375,
  "tsnr": 49.92751693725586
}