{
  "aor": 0.007495436241610738,
  "aqi": 0.008910132751677851,
  "bids_meta": {
    "ConversionSoftware": "dcm2niix",
    "ConversionSoftwareVersion": "v1.0.20170411 GCC4.3.2",
    "EchoTime": 0.025,
    "ImageType": [
      "ORIGINAL"
    ],
    "Manufacturer": "Philips",
    "ManufacturersModelName": "N/A",
    "PhilipsRescaleIntercept": 0,
    "PhilipsRescaleSlope": 3.14994,
    "PhilipsScaleSlope": 0.000947765,
    "ProtocolName": "WIPANT_ESENSE",
    "RepetitionTime": 2.4,
    "SequenceVariant": "tfl3d1_ns",
    "SliceTiming": [
      0,
      0.06,
      0.11,
      0.17,
      0.22,
      0.28,
      0.33,
      0.39,
      0.45,
      0.5,
      0.56,
      0.61,
      0.67,
      0.73,
      0.78,
      0.84,
      0.89,
      0.95,
      1,
      1.06,
      1.12,
      1.17,
      1.23,
      1.28,
      1.34,
      1.4,
      1.45,
      1.51,
      1.56,
      1.62,
      1.67,
      1.73,
      1.79,
      1.84,
      1.9,
      1.95,
      2.01,
      2.07,
      2.12,
      2.18,
      2.23,
      2.29,
      2.34
    ],
    "TaskName": "ANT",
    "UsePhilipsFloatNotDisplayScaling": 1,
    "dataset": "ds001907",
    "modality": "bold",
    "run_id": 5,
    "session_id": "2",
    "subject_id": "RC4116",
    "task_id": "ANT"
  },
  "dummy_trs": 0,
  "dvars_nstd": 25.093263052905396,
  "dvars_std": 1.1628194910810807,
  "dvars_vstd": 1.027090686554054,
  "efc": 0.3983654141837485,
  "fber": 539515.25,
  "fd_mean": 0.38676598318885863,
  "fd_num": 110,
  "fd_perc": 73.8255033557047,
  "fwhm_avg": 2.1028533333333335,
  "fwhm_x": 2.002936666666667,
  "fwhm_y": 2.3429066666666665,
  "fwhm_z": 1.9627166666666669,
  "gcor": 0.0289681,
  "gsr_x": -0.017098654061555862,
  "gsr_y": 0.022396234795451164,
  "provenance": {
    "md5sum": "c4a70f2e33409fccbc1273c2a85da7ce",
    "settings": {
      "fd_thres": 0.2,
      "testing": false
    },
    "software": "mriqc",
    "version": "21.0.0rc2",
    "webapi_port": null,
    "webapi_url": "https://mriqc.nimh.nih.gov/api/v1"
  },
  "size_t": 149,
  "size_x": 80,
  "size_y": 80,
  "size_z": 43,
  "snr": 4.511346440109664,
  "spacing_tr": 2.4000020027160645,
  "spacing_x": 3.0,
  "spacing_y": 3.0,
  "spacing_z": 3.0,
  "summary_bg_k": 69.11752770283627,
  "summary_bg_mad": 921.884148108901,
  "summary_bg_mean": 9823.560546875,
  "summary_bg_median": 639.3773193359375,
  "summary_bg_n": 194538.0,
  "summary_bg_p05": 8.115701293945312,
  "summary_bg_p95": 55399.10800781249,
  "summary_bg_stdv": 28571.87109375,
  "summary_fg_k": 1.5135336670944275,
  "summary_fg_mad": 84269.25684708529,
  "summary_fg_mean": 472488.59375,
  "summary_fg_median": 456657.40625,
  "summary_fg_n": 37061.0,
  "summary_fg_p05": 333881.84375,
  "summary_fg_p95": 663645.5,
  "summary_fg_stdv": 101222.828125,
  "tsnr": 53.67161560058594
}