{
  "aor": 0.0032279194630872475,
  "aqi": 0.005623687449664429,
  "bids_meta": {
    "ConversionSoftware": "dcm2niix",
    "ConversionSoftwareVersion": "v1.0.20170411 GCC4.3.2",
    "EchoTime": 0.025,
    "ImageType": [
      "ORIGINAL"
    ],
    "Manufacturer": "Philips",
    "ManufacturersModelName": "N/A",
    "PhilipsRescaleIntercept": 0,
    "PhilipsRescaleSlope": 3.07155,
    "PhilipsScaleSlope": 0.000954491,
    "ProtocolName": "WIPANT_ASENSE",
    "RepetitionTime": 2.4,
    "SequenceVariant": "tfl3d1_ns",
    "SliceTiming": [
      0,
      0.06,
      0.11,
      0.17,
      0.22,
      0.28,
      0.33,
      0.39,
      0.45,
      0.5,
      0.56,
      0.61,
      0.67,
      0.73,
      0.78,
      0.84,
      0.89,
      0.95,
      1,
      1.06,
      1.12,
      1.17,
      1.23,
      1.28,
      1.34,
      1.4,
      1.45,
      1.51,
      1.56,
      1.62,
      1.67,
      1.73,
      1.79,
      1.84,
      1.9,
      1.95,
      2.01,
      2.07,
      2.12,
      2.18,
      2.23,
      2.29,
      2.34
    ],
    "TaskName": "ANT",
    "UsePhilipsFloatNotDisplayScaling": 1,
    "dataset": "ds001907",
    "modality": "bold",
    "run_id": 1,
    "session_id": "2",
    "subject_id": "RC4106",
    "task_id": "ANT"
  },
  "dummy_trs": 0,
  "dvars_nstd": 29.28007325587837,
  "dvars_std": 1.2526082241216219,
  "dvars_vstd": 1.062483824729729,
  "efc": 0.44541052286979504,
  "fber": 370132.25,
  "fd_mean": 0.23372118418299903,
  "fd_num": 77,
  "fd_perc": 51.67785234899329,
  "fwhm_avg": 2.206541111111111,
  "fwhm_x": 2.085323333333333,
  "fwhm_y": 2.4238233333333334,
  "fwhm_z": 2.1104766666666666,
  "gcor": 0.0122724,
  "gsr_x": -0.02978275716304779,
  "gsr_y": 0.0415339432656765,
  "provenance": {
    "md5sum": "eac3368db450983d379717ded47f92b3",
    "settings": {
      "fd_thres": 0.2,
      "testing": false
    },
    "software": "mriqc",
    "version": "21.0.0rc2",
    "webapi_port": null,
    "webapi_url": "https://mriqc.nimh.nih.gov/api/v1"
  },
  "size_t": 149,
  "size_x": 80,
  "size_y": 80,
  "size_z": 43,
  "snr": 3.690496234285104,
  "spacing_tr": 2.4000000953674316,
  "spacing_x": 3.0,
  "spacing_y": 3.0,
  "spacing_z": 3.0,
  "summary_bg_k": 36.134622390745555,
  "summary_bg_mad": 939.1937898074347,
  "summary_bg_mean": 13439.0556640625,
  "summary_bg_median": 639.7991943359375,
  "summary_bg_n": 185220.0,
  "summary_bg_p05": 3.5733452796936036,
  "summary_bg_p95": 75385.40859374995,
  "summary_bg_stdv": 30545.142578125,
  "summary_fg_k": 1.2477350997206598,
  "summary_fg_mad": 81501.67865266895,
  "summary_fg_mean": 417404.59375,
  "summary_fg_median": 391893.9375,
  "summary_fg_n": 44730.0,
  "summary_fg_p05": 289305.4875,
  "summary_fg_p95": 649212.0812499998,
  "summary_fg_stdv": 106188.8515625,
  "tsnr": 67.17713928222656
}