{
  "aor": 0.0034713422818791946,
  "aqi": 0.0074037385906040275,
  "bids_meta": {
    "ConversionSoftware": "dcm2niix",
    "ConversionSoftwareVersion": "v1.0.20170411 GCC4.3.2",
    "EchoTime": 0.025,
    "ImageType": [
      "ORIGINAL"
    ],
    "Manufacturer": "Philips",
    "ManufacturersModelName": "N/A",
    "PhilipsRescaleIntercept": 0,
    "PhilipsRescaleSlope": 2.49035,
    "PhilipsScaleSlope": 0.000956416,
    "ProtocolName": "WIPANT_ESENSE",
    "RepetitionTime": 2.4,
    "SequenceVariant": "tfl3d1_ns",
    "SliceTiming": [
      0,
      0.06,
      0.11,
      0.17,
      0.22,
      0.28,
      0.33,
      0.39,
      0.45,
      0.5,
      0.56,
      0.61,
      0.67,
      0.73,
      0.78,
      0.84,
      0.89,
      0.95,
      1,
      1.06,
      1.12,
      1.17,
      1.23,
      1.28,
      1.34,
      1.4,
      1.45,
      1.51,
      1.56,
      1.62,
      1.67,
      1.73,
      1.79,
      1.84,
      1.9,
      1.95,
      2.01,
      2.07,
      2.12,
      2.18,
      2.23,
      2.29,
      2.34
    ],
    "TaskName": "ANT",
    "UsePhilipsFloatNotDisplayScaling": 1,
    "dataset": "ds001907",
    "modality": "bold",
    "run_id": 5,
    "session_id": "2",
    "subject_id": "RC4106",
    "task_id": "ANT"
  },
  "dummy_trs": 0,
  "dvars_nstd": 30.28232762628378,
  "dvars_std": 1.2468922075,
  "dvars_vstd": 0.9855292774324319,
  "efc": 0.445506162493661,
  "fber": 368671.4375,
  "fd_mean": 0.25820350088872085,
  "fd_num": 88,
  "fd_perc": 59.060402684563755,
  "fwhm_avg": 2.2232322222222223,
  "fwhm_x": 2.10007,
  "fwhm_y": 2.4487033333333335,
  "fwhm_z": 2.1209233333333333,
  "gcor": 0.0142464,
  "gsr_x": -0.029761433601379395,
  "gsr_y": 0.04209771007299423,
  "provenance": {
    "md5sum": "adf368c59acaa360fe1b2144a1e2812c",
    "settings": {
      "fd_thres": 0.2,
      "testing": false
    },
    "software": "mriqc",
    "version": "21.0.0rc2",
    "webapi_port": null,
    "webapi_url": "https://mriqc.nimh.nih.gov/api/v1"
  },
  "size_t": 149,
  "size_x": 80,
  "size_y": 80,
  "size_z": 43,
  "snr": 3.6766537283807397,
  "spacing_tr": 2.4000000953674316,
  "spacing_x": 3.0,
  "spacing_y": 3.0,
  "spacing_z": 3.0,
  "summary_bg_k": 37.63044721672328,
  "summary_bg_mad": 937.6094578369905,
  "summary_bg_mean": 13333.4404296875,
  "summary_bg_median": 638.237548828125,
  "summary_bg_n": 184941.0,
  "summary_bg_p05": 3.562899112701416,
  "summary_bg_p95": 74861.6875,
  "summary_bg_stdv": 30420.134765625,
  "summary_fg_k": 1.2676312129390999,
  "summary_fg_mad": 81663.39812278438,
  "summary_fg_mean": 418244.8125,
  "summary_fg_median": 392423.8125,
  "summary_fg_n": 44971.0,
  "summary_fg_p05": 289940.0,
  "summary_fg_p95": 652140.0,
  "summary_fg_stdv": 106732.7734375,
  "tsnr": 62.0767822265625
}