{
  "bids_meta": {
    "ConversionSoftware": "dcm2niix",
    "ConversionSoftwareVersion": "v1.0.20170411 GCC4.3.2",
    "EchoTime": 0.00351,
    "ImageType": [
      "ORIGINAL"
    ],
    "Manufacturer": "Philips",
    "ManufacturersModelName": "N/A",
    "PhilipsRescaleIntercept": 0,
    "PhilipsRescaleSlope": 8.16215,
    "PhilipsScaleSlope": 0.000360531,
    "ProtocolName": "WIPMPRAGE_S2SENSE",
    "RepetitionTime": 0.007643,
    "SequenceVariant": "tfl3d1_ns",
    "UsePhilipsFloatNotDisplayScaling": 1,
    "dataset": "ds001907",
    "modality": "T1w",
    "session_id": "2",
    "subject_id": "RC4115"
  },
  "cjv": 0.5067471438179647,
  "cnr": 2.55000430246628,
  "efc": 0.7636504479807971,
  "fber": 7969.736607836033,
  "fwhm_avg": 3.1485133333333333,
  "fwhm_x": 3.24084,
  "fwhm_y": 3.31662,
  "fwhm_z": 2.88808,
  "icvs_csf": 0.190248152453985,
  "icvs_gm": 0.3976848981140899,
  "icvs_wm": 0.4120669494319251,
  "inu_med": 2.6573362350463867,
  "inu_range": 0.5627659797668456,
  "provenance": {
    "md5sum": "bc52efec22c3216edc66c1b0000c4a61",
    "settings": {
      "testing": false
    },
    "software": "mriqc",
    "version": "21.0.0rc2",
    "warnings": {
      "large_rot_frame": true,
      "small_air_mask": false
    },
    "webapi_port": null,
    "webapi_url": "https://mriqc.nimh.nih.gov/api/v1"
  },
  "qi_1": 0.0,
  "qi_2": 1.3427745213069019e-05,
  "rpve_csf": 30.44832605144686,
  "rpve_gm": 14.834955303490473,
  "rpve_wm": 17.10556224653555,
  "size_x": 176,
  "size_y": 256,
  "size_z": 256,
  "snr_csf": 3.1769482680402166,
  "snr_gm": 13.35995224138223,
  "snr_total": 11.911796052319135,
  "snr_wm": 19.198487647534957,
  "snrd_csf": 22.968156711521026,
  "snrd_gm": 44.11354699000155,
  "snrd_total": 40.84058195099478,
  "snrd_wm": 55.44004215146177,
  "spacing_x": 1.0,
  "spacing_y": 1.0,
  "spacing_z": 1.0,
  "summary_bg_k": 4.106524742180781,
  "summary_bg_mad": 11.81702529820104,
  "summary_bg_mean": 12.609497811490389,
  "summary_bg_median": 7.970462441444397,
  "summary_bg_n": 371134.0,
  "summary_bg_p05": 0.0,
  "summary_bg_p95": 39.61788684129715,
  "summary_bg_stdv": 12.602878148698526,
  "summary_csf_k": -0.433558855823188,
  "summary_csf_mad": 148.06037579510715,
  "summary_csf_mean": 415.6917494490096,
  "summary_csf_median": 414.288227930665,
  "summary_csf_n": 5898.0,
  "summary_csf_p05": 209.97773057594895,
  "summary_csf_p95": 628.4533816054463,
  "summary_csf_stdv": 130.3934060028265,
  "summary_gm_k": 0.16750579490870132,
  "summary_gm_mad": 56.00053532860713,
  "summary_gm_mean": 791.5811875762543,
  "summary_gm_median": 795.6982982903719,
  "summary_gm_n": 17322.0,
  "summary_gm_p05": 686.1103003546596,
  "summary_gm_p95": 884.4869056344032,
  "summary_gm_stdv": 59.55674958487632,
  "summary_wm_k": 1.0184786601861697,
  "summary_wm_mad": 47.52877086849977,
  "summary_wm_mean": 1005.7660585410048,
  "summary_wm_median": 1000.0000046938658,
  "summary_wm_n": 159075.0,
  "summary_wm_p05": 931.3719788193703,
  "summary_wm_p95": 1100.0410296022892,
  "summary_wm_stdv": 52.08727269962061,
  "tpm_overlap_csf": 0.1257951259613037,
  "tpm_overlap_gm": 0.3678595721721649,
  "tpm_overlap_wm": 0.40233901143074036,
  "wm2max": 0.5099674228159837
}