{
  "bids_meta": {
    "ConversionSoftware": "dcm2niix",
    "ConversionSoftwareVersion": "v1.0.20170411 GCC4.3.2",
    "EchoTime": 0.00351,
    "ImageType": [
      "ORIGINAL"
    ],
    "Manufacturer": "Philips",
    "ManufacturersModelName": "N/A",
    "PhilipsRescaleIntercept": 0,
    "PhilipsRescaleSlope": 8.74457,
    "PhilipsScaleSlope": 0.00033174,
    "ProtocolName": "WIPMPRAGE_S2SENSE",
    "RepetitionTime": 0.007647,
    "SequenceVariant": "tfl3d1_ns",
    "UsePhilipsFloatNotDisplayScaling": 1,
    "dataset": "ds001907",
    "modality": "T1w",
    "session_id": "1",
    "subject_id": "RC4208"
  },
  "cjv": 0.5179948100445648,
  "cnr": 2.354329514547576,
  "efc": 0.7023702943739898,
  "fber": 6373.5306097610455,
  "fwhm_avg": 3.3757867299244837,
  "fwhm_x": 3.45708,
  "fwhm_y": 3.48641,
  "fwhm_z": 3.183870189773452,
  "icvs_csf": 0.18541258953865034,
  "icvs_gm": 0.36888810769112934,
  "icvs_wm": 0.4456993027702203,
  "inu_med": 2.562577724456787,
  "inu_range": 0.7410708189010617,
  "provenance": {
    "md5sum": "8b49e579338e37d6010c6e54119bd676",
    "settings": {
      "testing": false
    },
    "software": "mriqc",
    "version": "21.0.0rc2",
    "warnings": {
      "large_rot_frame": true,
      "small_air_mask": false
    },
    "webapi_port": null,
    "webapi_url": "https://mriqc.nimh.nih.gov/api/v1"
  },
  "qi_1": 0.0,
  "qi_2": 1.2951443889156558e-05,
  "rpve_csf": 33.42958064600741,
  "rpve_gm": 16.52900290587602,
  "rpve_wm": 17.02653643948256,
  "size_x": 176,
  "size_y": 256,
  "size_z": 256,
  "snr_csf": 2.1775221833497156,
  "snr_gm": 13.302513009220029,
  "snr_total": 10.966174495190067,
  "snr_wm": 17.418488293000458,
  "snrd_csf": 16.817038559380652,
  "snrd_gm": 39.906829668828415,
  "snrd_total": 35.53426745623554,
  "snrd_wm": 49.87893414049755,
  "spacing_x": 1.0,
  "spacing_y": 1.0,
  "spacing_z": 0.9999999403953552,
  "summary_bg_k": 5.564786220266493,
  "summary_bg_mad": 13.134530237952243,
  "summary_bg_mean": 16.436160890686107,
  "summary_bg_median": 8.85910601913929,
  "summary_bg_n": 529608.0,
  "summary_bg_p05": 0.0,
  "summary_bg_p95": 52.30279899761081,
  "summary_bg_stdv": 17.26964958152618,
  "summary_csf_k": 9.75079343297827,
  "summary_csf_mad": 122.50475318090072,
  "summary_csf_mean": 366.86561187132526,
  "summary_csf_median": 337.157130997628,
  "summary_csf_n": 15251.0,
  "summary_csf_p05": 194.4744138624519,
  "summary_csf_p95": 606.1956871878356,
  "summary_csf_stdv": 154.83014583596716,
  "summary_gm_k": 0.4713720891804738,
  "summary_gm_mad": 55.99014492460411,
  "summary_gm_mean": 799.1107428242317,
  "summary_gm_median": 800.07381506823,
  "summary_gm_n": 9646.0,
  "summary_gm_p05": 696.5472107548267,
  "summary_gm_p95": 896.7431305879727,
  "summary_gm_stdv": 60.14144407501253,
  "summary_wm_k": 2.1774233741978053,
  "summary_wm_mad": 47.57057425925011,
  "summary_wm_mean": 1009.9127480181206,
  "summary_wm_median": 999.9999864809215,
  "summary_wm_n": 185432.0,
  "summary_wm_p05": 935.48752213642,
  "summary_wm_p95": 1118.2917674928904,
  "summary_wm_stdv": 57.4101077688204,
  "tpm_overlap_csf": 0.16954080760478973,
  "tpm_overlap_gm": 0.39952149987220764,
  "tpm_overlap_wm": 0.46897733211517334,
  "wm2max": 0.4958628930230311
}