{
  "aor": 0.0018466442953020135,
  "aqi": 0.00345958932885906,
  "bids_meta": {
    "ConversionSoftware": "dcm2niix",
    "ConversionSoftwareVersion": "v1.0.20170411 GCC4.3.2",
    "EchoTime": 0.025,
    "ImageType": [
      "ORIGINAL"
    ],
    "Manufacturer": "Philips",
    "ManufacturersModelName": "N/A",
    "PhilipsRescaleIntercept": 0,
    "PhilipsRescaleSlope": 2.58974,
    "PhilipsScaleSlope": 0.000946052,
    "ProtocolName": "WIPANT_BSENSE",
    "RepetitionTime": 2.4,
    "SequenceVariant": "tfl3d1_ns",
    "SliceTiming": [
      0,
      0.06,
      0.11,
      0.17,
      0.22,
      0.28,
      0.33,
      0.39,
      0.45,
      0.5,
      0.56,
      0.61,
      0.67,
      0.73,
      0.78,
      0.84,
      0.89,
      0.95,
      1,
      1.06,
      1.12,
      1.17,
      1.23,
      1.28,
      1.34,
      1.4,
      1.45,
      1.51,
      1.56,
      1.62,
      1.67,
      1.73,
      1.79,
      1.84,
      1.9,
      1.95,
      2.01,
      2.07,
      2.12,
      2.18,
      2.23,
      2.29,
      2.34
    ],
    "TaskName": "ANT",
    "UsePhilipsFloatNotDisplayScaling": 1,
    "dataset": "ds001907",
    "modality": "bold",
    "run_id": 2,
    "session_id": "1",
    "subject_id": "RC4111",
    "task_id": "ANT"
  },
  "dummy_trs": 0,
  "dvars_nstd": 17.57197417472974,
  "dvars_std": 1.2024949783108112,
  "dvars_vstd": 1.0063114776351347,
  "efc": 0.40925528953757695,
  "fber": 1575401.875,
  "fd_mean": 0.08515726878486868,
  "fd_num": 5,
  "fd_perc": 3.3557046979865772,
  "fwhm_avg": 2.0719988888888885,
  "fwhm_x": 1.9984933333333332,
  "fwhm_y": 2.1671066666666667,
  "fwhm_z": 2.0503966666666664,
  "gcor": 0.0297025,
  "gsr_x": -0.02123657986521721,
  "gsr_y": 0.019761303439736366,
  "provenance": {
    "md5sum": "266926c80e887c05d696ec014812ba77",
    "settings": {
      "fd_thres": 0.2,
      "testing": false
    },
    "software": "mriqc",
    "version": "21.0.0rc2",
    "webapi_port": null,
    "webapi_url": "https://mriqc.nimh.nih.gov/api/v1"
  },
  "size_t": 149,
  "size_x": 80,
  "size_y": 80,
  "size_z": 43,
  "snr": 5.219748487047802,
  "spacing_tr": 2.4000020027160645,
  "spacing_x": 3.0,
  "spacing_y": 3.0,
  "spacing_z": 3.0,
  "summary_bg_k": 65.64201864801662,
  "summary_bg_mad": 535.638647411918,
  "summary_bg_mean": 10481.0703125,
  "summary_bg_median": 362.65667724609375,
  "summary_bg_n": 193112.0,
  "summary_bg_p05": 0.8003007382154466,
  "summary_bg_p95": 60466.1337890622,
  "summary_bg_stdv": 31714.37109375,
  "summary_fg_k": 1.4857848415202515,
  "summary_fg_mad": 75533.8804039486,
  "summary_fg_mean": 444629.4375,
  "summary_fg_median": 435091.625,
  "summary_fg_n": 37704.0,
  "summary_fg_p05": 320658.1796875,
  "summary_fg_p95": 585376.9593749999,
  "summary_fg_stdv": 83353.796875,
  "tsnr": 96.78331756591797
}