{
  "aor": 0.003658255033557047,
  "aqi": 0.003503720671140939,
  "bids_meta": {
    "ConversionSoftware": "dcm2niix",
    "ConversionSoftwareVersion": "v1.0.20170411 GCC4.3.2",
    "EchoTime": 0.025,
    "ImageType": [
      "ORIGINAL"
    ],
    "Manufacturer": "Philips",
    "ManufacturersModelName": "N/A",
    "PhilipsRescaleIntercept": 0,
    "PhilipsRescaleSlope": 2.62906,
    "PhilipsScaleSlope": 0.000953399,
    "ProtocolName": "WIPANT_ASENSE",
    "RepetitionTime": 2.4,
    "SequenceVariant": "tfl3d1_ns",
    "SliceTiming": [
      0,
      0.06,
      0.11,
      0.17,
      0.22,
      0.28,
      0.33,
      0.39,
      0.45,
      0.5,
      0.56,
      0.61,
      0.67,
      0.73,
      0.78,
      0.84,
      0.89,
      0.95,
      1,
      1.06,
      1.12,
      1.17,
      1.23,
      1.28,
      1.34,
      1.4,
      1.45,
      1.51,
      1.56,
      1.62,
      1.67,
      1.73,
      1.79,
      1.84,
      1.9,
      1.95,
      2.01,
      2.07,
      2.12,
      2.18,
      2.23,
      2.29,
      2.34
    ],
    "TaskName": "ANT",
    "UsePhilipsFloatNotDisplayScaling": 1,
    "dataset": "ds001907",
    "modality": "bold",
    "run_id": 1,
    "session_id": "1",
    "subject_id": "RC4111",
    "task_id": "ANT"
  },
  "dummy_trs": 0,
  "dvars_nstd": 18.25267440527027,
  "dvars_std": 1.248093969932433,
  "dvars_vstd": 1.0283678596621622,
  "efc": 0.4077635492038666,
  "fber": 3592848.5,
  "fd_mean": 0.08349111729159496,
  "fd_num": 3,
  "fd_perc": 2.0134228187919465,
  "fwhm_avg": 2.051793333333334,
  "fwhm_x": 1.9796766666666665,
  "fwhm_y": 2.1385333333333336,
  "fwhm_z": 2.03717,
  "gcor": 0.0395841,
  "gsr_x": -0.020978521555662155,
  "gsr_y": 0.019161026924848557,
  "provenance": {
    "md5sum": "4216ce6023a60e8a2a1be66bfeaeca08",
    "settings": {
      "fd_thres": 0.2,
      "testing": false
    },
    "software": "mriqc",
    "version": "21.0.0rc2",
    "webapi_port": null,
    "webapi_url": "https://mriqc.nimh.nih.gov/api/v1"
  },
  "size_t": 149,
  "size_x": 80,
  "size_y": 80,
  "size_z": 43,
  "snr": 5.272646494419716,
  "spacing_tr": 2.4000020027160645,
  "spacing_x": 3.0,
  "spacing_y": 3.0,
  "spacing_z": 3.0,
  "summary_bg_k": 68.1220462355364,
  "summary_bg_mad": 350.17603166391154,
  "summary_bg_mean": 10133.5009765625,
  "summary_bg_median": 237.2672119140625,
  "summary_bg_n": 193136.0,
  "summary_bg_p05": 0.9880085736513138,
  "summary_bg_p95": 58377.8408203125,
  "summary_bg_stdv": 31244.587890625,
  "summary_fg_k": 1.4902453927846233,
  "summary_fg_mad": 74654.04864990417,
  "summary_fg_mean": 443017.9375,
  "summary_fg_median": 433442.875,
  "summary_fg_n": 37674.0,
  "summary_fg_p05": 322212.5890625,
  "summary_fg_p95": 581447.278125,
  "summary_fg_stdv": 82204.8515625,
  "tsnr": 95.66598510742188
}