{
  "aor": 0.0011314765100671142,
  "aqi": 0.0036365928187919463,
  "bids_meta": {
    "ConversionSoftware": "dcm2niix",
    "ConversionSoftwareVersion": "v1.0.20170411 GCC4.3.2",
    "EchoTime": 0.025,
    "ImageType": [
      "ORIGINAL"
    ],
    "Manufacturer": "Philips",
    "ManufacturersModelName": "N/A",
    "PhilipsRescaleIntercept": 0,
    "PhilipsRescaleSlope": 2.49231,
    "PhilipsScaleSlope": 0.00095271,
    "ProtocolName": "WIPANT_DSENSE",
    "RepetitionTime": 2.4,
    "SequenceVariant": "tfl3d1_ns",
    "SliceTiming": [
      0,
      0.06,
      0.11,
      0.17,
      0.22,
      0.28,
      0.33,
      0.39,
      0.45,
      0.5,
      0.56,
      0.61,
      0.67,
      0.73,
      0.78,
      0.84,
      0.89,
      0.95,
      1,
      1.06,
      1.12,
      1.17,
      1.23,
      1.28,
      1.34,
      1.4,
      1.45,
      1.51,
      1.56,
      1.62,
      1.67,
      1.73,
      1.79,
      1.84,
      1.9,
      1.95,
      2.01,
      2.07,
      2.12,
      2.18,
      2.23,
      2.29,
      2.34
    ],
    "TaskName": "ANT",
    "UsePhilipsFloatNotDisplayScaling": 1,
    "dataset": "ds001907",
    "modality": "bold",
    "run_id": 4,
    "session_id": "1",
    "subject_id": "RC4111",
    "task_id": "ANT"
  },
  "dummy_trs": 0,
  "dvars_nstd": 18.75966613358109,
  "dvars_std": 1.213341689594594,
  "dvars_vstd": 0.9936547368918919,
  "efc": 0.4092799611421795,
  "fber": 1836711.25,
  "fd_mean": 0.09907324339962244,
  "fd_num": 8,
  "fd_perc": 5.369127516778524,
  "fwhm_avg": 2.0491766666666664,
  "fwhm_x": 1.9790333333333334,
  "fwhm_y": 2.14285,
  "fwhm_z": 2.0256466666666664,
  "gcor": 0.0317661,
  "gsr_x": -0.021496791392564774,
  "gsr_y": 0.019280849024653435,
  "provenance": {
    "md5sum": "38d7392fb895103a2588efa663435702",
    "settings": {
      "fd_thres": 0.2,
      "testing": false
    },
    "software": "mriqc",
    "version": "21.0.0rc2",
    "webapi_port": null,
    "webapi_url": "https://mriqc.nimh.nih.gov/api/v1"
  },
  "size_t": 149,
  "size_x": 80,
  "size_y": 80,
  "size_z": 43,
  "snr": 5.25562442964592,
  "spacing_tr": 2.4000020027160645,
  "spacing_x": 3.0,
  "spacing_y": 3.0,
  "spacing_z": 3.0,
  "summary_bg_k": 65.90244762575044,
  "summary_bg_mad": 485.52860031659213,
  "summary_bg_mean": 10561.4345703125,
  "summary_bg_median": 328.81939697265625,
  "summary_bg_n": 193245.0,
  "summary_bg_p05": 0.8181676745414734,
  "summary_bg_p95": 61456.56718749996,
  "summary_bg_stdv": 31939.80078125,
  "summary_fg_k": 1.515530137127456,
  "summary_fg_mad": 74725.74636656472,
  "summary_fg_mean": 442211.34375,
  "summary_fg_median": 432479.34375,
  "summary_fg_n": 37591.0,
  "summary_fg_p05": 320195.984375,
  "summary_fg_p95": 580331.0625,
  "summary_fg_stdv": 82287.765625,
  "tsnr": 95.6445541381836
}