{
  "aor": 0.0007154362416107382,
  "aqi": 0.003154626241610738,
  "bids_meta": {
    "ConversionSoftware": "dcm2niix",
    "ConversionSoftwareVersion": "v1.0.20170411 GCC4.3.2",
    "EchoTime": 0.025,
    "ImageType": [
      "ORIGINAL"
    ],
    "Manufacturer": "Philips",
    "ManufacturersModelName": "N/A",
    "PhilipsRescaleIntercept": 0,
    "PhilipsRescaleSlope": 2.45641,
    "PhilipsScaleSlope": 0.000950902,
    "ProtocolName": "WIPANT_CSENSE",
    "RepetitionTime": 2.4,
    "SequenceVariant": "tfl3d1_ns",
    "SliceTiming": [
      0,
      0.06,
      0.11,
      0.17,
      0.22,
      0.28,
      0.33,
      0.39,
      0.45,
      0.5,
      0.56,
      0.61,
      0.67,
      0.73,
      0.78,
      0.84,
      0.89,
      0.95,
      1,
      1.06,
      1.12,
      1.17,
      1.23,
      1.28,
      1.34,
      1.4,
      1.45,
      1.51,
      1.56,
      1.62,
      1.67,
      1.73,
      1.79,
      1.84,
      1.9,
      1.95,
      2.01,
      2.07,
      2.12,
      2.18,
      2.23,
      2.29,
      2.34
    ],
    "TaskName": "ANT",
    "UsePhilipsFloatNotDisplayScaling": 1,
    "dataset": "ds001907",
    "modality": "bold",
    "run_id": 3,
    "session_id": "1",
    "subject_id": "RC4111",
    "task_id": "ANT"
  },
  "dummy_trs": 0,
  "dvars_nstd": 17.096659273581086,
  "dvars_std": 1.1879851831756763,
  "dvars_vstd": 0.9934749000675677,
  "efc": 0.40936062688554126,
  "fber": 3720575.5,
  "fd_mean": 0.07874327800283831,
  "fd_num": 6,
  "fd_perc": 4.026845637583893,
  "fwhm_avg": 2.059102222222222,
  "fwhm_x": 1.9829066666666666,
  "fwhm_y": 2.14944,
  "fwhm_z": 2.04496,
  "gcor": 0.0195401,
  "gsr_x": -0.021461667492985725,
  "gsr_y": 0.019722068682312965,
  "provenance": {
    "md5sum": "25672e46b7233d86058885ee89c67567",
    "settings": {
      "fd_thres": 0.2,
      "testing": false
    },
    "software": "mriqc",
    "version": "21.0.0rc2",
    "webapi_port": null,
    "webapi_url": "https://mriqc.nimh.nih.gov/api/v1"
  },
  "size_t": 149,
  "size_x": 80,
  "size_y": 80,
  "size_z": 43,
  "snr": 5.268527994804556,
  "spacing_tr": 2.4000020027160645,
  "spacing_x": 3.0,
  "spacing_y": 3.0,
  "spacing_z": 3.0,
  "summary_bg_k": 64.88155004524323,
  "summary_bg_mad": 346.4956325092738,
  "summary_bg_mean": 10268.783203125,
  "summary_bg_median": 234.51510620117188,
  "summary_bg_n": 192928.0,
  "summary_bg_p05": 0.7409824371337891,
  "summary_bg_p95": 59302.01718749996,
  "summary_bg_stdv": 31320.494140625,
  "summary_fg_k": 1.4844511301673977,
  "summary_fg_mad": 74452.92439270002,
  "summary_fg_mean": 441781.6875,
  "summary_fg_median": 432492.34375,
  "summary_fg_n": 37850.0,
  "summary_fg_p05": 319903.6859375,
  "summary_fg_p95": 580365.2281249999,
  "summary_fg_stdv": 82088.703125,
  "tsnr": 101.7176513671875
}