{
  "bids_meta": {
    "ConversionSoftware": "dcm2niix",
    "ConversionSoftwareVersion": "v1.0.20170411 GCC4.3.2",
    "EchoTime": 0.00352,
    "ImageType": [
      "ORIGINAL"
    ],
    "Manufacturer": "Philips",
    "ManufacturersModelName": "N/A",
    "PhilipsRescaleIntercept": 0,
    "PhilipsRescaleSlope": 9.0525,
    "PhilipsScaleSlope": 0.000336648,
    "ProtocolName": "WIPMPRAGE_S2SENSE",
    "RepetitionTime": 0.007576,
    "SequenceVariant": "tfl3d1_ns",
    "UsePhilipsFloatNotDisplayScaling": 1,
    "dataset": "ds001907",
    "modality": "T1w",
    "session_id": "1",
    "subject_id": "RC4114"
  },
  "cjv": 0.48799585577104626,
  "cnr": 2.629051747981506,
  "efc": 0.7776829754883415,
  "fber": 1596.0880210232958,
  "fwhm_avg": 3.32826,
  "fwhm_x": 3.27644,
  "fwhm_y": 3.47221,
  "fwhm_z": 3.23613,
  "icvs_csf": 0.21809357352738407,
  "icvs_gm": 0.3686342008196725,
  "icvs_wm": 0.41327222565294336,
  "inu_med": 1.4279606342315674,
  "inu_range": 0.31210678815841675,
  "provenance": {
    "md5sum": "be5aa97372dc1f66e2c94eb7ba3ee4df",
    "settings": {
      "testing": false
    },
    "software": "mriqc",
    "version": "21.0.0rc2",
    "warnings": {
      "large_rot_frame": true,
      "small_air_mask": false
    },
    "webapi_port": null,
    "webapi_url": "https://mriqc.nimh.nih.gov/api/v1"
  },
  "qi_1": 0.0,
  "qi_2": 9.150027042566195e-06,
  "rpve_csf": 23.254406069546206,
  "rpve_gm": 13.141470593002712,
  "rpve_wm": 14.676615970557588,
  "size_x": 176,
  "size_y": 256,
  "size_z": 256,
  "snr_csf": 2.193185637814846,
  "snr_gm": 12.482660624861467,
  "snr_total": 10.816615298924392,
  "snr_wm": 17.773999634096864,
  "snrd_csf": 15.140438439278158,
  "snrd_gm": 37.18430293379517,
  "snrd_total": 33.419038358630395,
  "snrd_wm": 47.93237370281787,
  "spacing_x": 1.0,
  "spacing_y": 1.0,
  "spacing_z": 1.0,
  "summary_bg_k": 3.9930168806628776,
  "summary_bg_mad": 13.668685765827801,
  "summary_bg_mean": 16.964037651825326,
  "summary_bg_median": 9.385006204247475,
  "summary_bg_n": 333942.0,
  "summary_bg_p05": 0.0,
  "summary_bg_p95": 46.096942238509655,
  "summary_bg_stdv": 15.720569994518684,
  "summary_csf_k": 10.98376081983603,
  "summary_csf_mad": 124.32774657660137,
  "summary_csf_mean": 343.6627800871798,
  "summary_csf_median": 315.8882676512003,
  "summary_csf_n": 17840.0,
  "summary_csf_p05": 175.3864438857883,
  "summary_csf_p95": 576.6810282915831,
  "summary_csf_stdv": 144.02766857032816,
  "summary_gm_k": 0.1561548609452892,
  "summary_gm_mad": 59.09455762232139,
  "summary_gm_mean": 774.7895600380336,
  "summary_gm_median": 775.8087775781751,
  "summary_gm_n": 13683.0,
  "summary_gm_p05": 670.2053754128516,
  "summary_gm_p95": 878.6021984741092,
  "summary_gm_stdv": 62.14864370726169,
  "summary_wm_k": 1.058325925393782,
  "summary_wm_mad": 50.336776922060466,
  "summary_wm_mean": 1009.2138435521588,
  "summary_wm_median": 1000.0552199408412,
  "summary_wm_n": 211313.0,
  "summary_wm_p05": 933.4768818095326,
  "summary_wm_p95": 1116.2084731981158,
  "summary_wm_stdv": 56.26493047353657,
  "tpm_overlap_csf": 0.16818448901176453,
  "tpm_overlap_gm": 0.4000716507434845,
  "tpm_overlap_wm": 0.47755590081214905,
  "wm2max": 0.48520373032340003
}