{
  "aor": 0.006565369127516778,
  "aqi": 0.00665787879194631,
  "bids_meta": {
    "ConversionSoftware": "dcm2niix",
    "ConversionSoftwareVersion": "v1.0.20170411 GCC4.3.2",
    "EchoTime": 0.025,
    "ImageType": [
      "ORIGINAL"
    ],
    "Manufacturer": "Philips",
    "ManufacturersModelName": "N/A",
    "PhilipsRescaleIntercept": 0,
    "PhilipsRescaleSlope": 1.95531,
    "PhilipsScaleSlope": 0.000862287,
    "ProtocolName": "WIPANT_ESENSE",
    "RepetitionTime": 2.4,
    "SequenceVariant": "tfl3d1_ns",
    "SliceTiming": [
      0,
      0.06,
      0.11,
      0.17,
      0.22,
      0.28,
      0.33,
      0.39,
      0.45,
      0.5,
      0.56,
      0.61,
      0.67,
      0.73,
      0.78,
      0.84,
      0.89,
      0.95,
      1,
      1.06,
      1.12,
      1.17,
      1.23,
      1.28,
      1.34,
      1.4,
      1.45,
      1.51,
      1.56,
      1.62,
      1.67,
      1.73,
      1.79,
      1.84,
      1.9,
      1.95,
      2.01,
      2.07,
      2.12,
      2.18,
      2.23,
      2.29,
      2.34
    ],
    "TaskName": "ANT",
    "UsePhilipsFloatNotDisplayScaling": 1,
    "dataset": "ds001907",
    "modality": "bold",
    "run_id": 5,
    "session_id": "2",
    "subject_id": "RC4214",
    "task_id": "ANT"
  },
  "dummy_trs": 0,
  "dvars_nstd": 22.29915379148647,
  "dvars_std": 1.2345539247972974,
  "dvars_vstd": 1.0207775318243244,
  "efc": 0.41194122470852584,
  "fber": 819209.75,
  "fd_mean": 0.22839302897084782,
  "fd_num": 46,
  "fd_perc": 30.87248322147651,
  "fwhm_avg": 1.9893233333333333,
  "fwhm_x": 1.9000199999999998,
  "fwhm_y": 2.1491433333333334,
  "fwhm_z": 1.9188066666666668,
  "gcor": 0.0607363,
  "gsr_x": -0.01543046161532402,
  "gsr_y": 0.018541771918535233,
  "provenance": {
    "md5sum": "f1bd4939eaa53526350c340adf572e7a",
    "settings": {
      "fd_thres": 0.2,
      "testing": false
    },
    "software": "mriqc",
    "version": "21.0.0rc2",
    "webapi_port": null,
    "webapi_url": "https://mriqc.nimh.nih.gov/api/v1"
  },
  "size_t": 149,
  "size_x": 80,
  "size_y": 80,
  "size_z": 43,
  "snr": 4.481470608483226,
  "spacing_tr": 2.4000020027160645,
  "spacing_x": 3.0,
  "spacing_y": 3.0,
  "spacing_z": 3.0,
  "summary_bg_k": 107.72013657842459,
  "summary_bg_mad": 907.9328345945169,
  "summary_bg_mean": 11712.6279296875,
  "summary_bg_median": 626.4884033203125,
  "summary_bg_n": 190510.0,
  "summary_bg_p05": 7.626353144645692,
  "summary_bg_p95": 69524.5906249999,
  "summary_bg_stdv": 33860.2734375,
  "summary_fg_k": 3.0272238781614114,
  "summary_fg_mad": 100770.78169867028,
  "summary_fg_mean": 578168.75,
  "summary_fg_median": 556090.0,
  "summary_fg_n": 40534.0,
  "summary_fg_p05": 425418.7125,
  "summary_fg_p95": 810960.1843749998,
  "summary_fg_stdv": 124084.96875,
  "tsnr": 67.64583587646484
}