{
  "aor": 0.006770067114093959,
  "aqi": 0.00460410053691275,
  "bids_meta": {
    "ConversionSoftware": "dcm2niix",
    "ConversionSoftwareVersion": "v1.0.20170411 GCC4.3.2",
    "EchoTime": 0.025,
    "ImageType": [
      "ORIGINAL"
    ],
    "Manufacturer": "Philips",
    "ManufacturersModelName": "N/A",
    "PhilipsRescaleIntercept": 0,
    "PhilipsRescaleSlope": 2.05934,
    "PhilipsScaleSlope": 0.000866931,
    "ProtocolName": "WIPANT_BSENSE",
    "RepetitionTime": 2.4,
    "SequenceVariant": "tfl3d1_ns",
    "SliceTiming": [
      0,
      0.06,
      0.11,
      0.17,
      0.22,
      0.28,
      0.33,
      0.39,
      0.45,
      0.5,
      0.56,
      0.61,
      0.67,
      0.73,
      0.78,
      0.84,
      0.89,
      0.95,
      1,
      1.06,
      1.12,
      1.17,
      1.23,
      1.28,
      1.34,
      1.4,
      1.45,
      1.51,
      1.56,
      1.62,
      1.67,
      1.73,
      1.79,
      1.84,
      1.9,
      1.95,
      2.01,
      2.07,
      2.12,
      2.18,
      2.23,
      2.29,
      2.34
    ],
    "TaskName": "ANT",
    "UsePhilipsFloatNotDisplayScaling": 1,
    "dataset": "ds001907",
    "modality": "bold",
    "run_id": 2,
    "session_id": "2",
    "subject_id": "RC4214",
    "task_id": "ANT"
  },
  "dummy_trs": 0,
  "dvars_nstd": 21.732091761891887,
  "dvars_std": 1.3043818933108111,
  "dvars_vstd": 1.0306092593918923,
  "efc": 0.4095559561406552,
  "fber": 1136219.375,
  "fd_mean": 0.15952978988040434,
  "fd_num": 23,
  "fd_perc": 15.436241610738255,
  "fwhm_avg": 1.9899977777777778,
  "fwhm_x": 1.89754,
  "fwhm_y": 2.153913333333333,
  "fwhm_z": 1.9185400000000001,
  "gcor": 0.0533094,
  "gsr_x": -0.014612425118684769,
  "gsr_y": 0.01853056065738201,
  "provenance": {
    "md5sum": "87337a649f3d054475506f8d473b9612",
    "settings": {
      "fd_thres": 0.2,
      "testing": false
    },
    "software": "mriqc",
    "version": "21.0.0rc2",
    "webapi_port": null,
    "webapi_url": "https://mriqc.nimh.nih.gov/api/v1"
  },
  "size_t": 149,
  "size_x": 80,
  "size_y": 80,
  "size_z": 43,
  "snr": 4.4705425689064064,
  "spacing_tr": 2.4000020027160645,
  "spacing_x": 3.0,
  "spacing_y": 3.0,
  "spacing_z": 3.0,
  "summary_bg_k": 114.63128075102946,
  "summary_bg_mad": 776.604244789528,
  "summary_bg_mean": 10854.1767578125,
  "summary_bg_median": 529.2716064453125,
  "summary_bg_n": 190437.0,
  "summary_bg_p05": 2.9652020931243896,
  "summary_bg_p95": 63064.00312499998,
  "summary_bg_stdv": 32250.451171875,
  "summary_fg_k": 3.0180721304281803,
  "summary_fg_mad": 100056.83923348084,
  "summary_fg_mean": 572868.25,
  "summary_fg_median": 551151.8125,
  "summary_fg_n": 40499.0,
  "summary_fg_p05": 422546.675,
  "summary_fg_p95": 802375.6562499999,
  "summary_fg_stdv": 123283.6953125,
  "tsnr": 81.76599884033203
}