{
  "bids_meta": {
    "ConversionSoftware": "dcm2niix",
    "ConversionSoftwareVersion": "v1.0.20170411 GCC4.3.2",
    "EchoTime": 0.00352,
    "ImageType": [
      "ORIGINAL"
    ],
    "Manufacturer": "Philips",
    "ManufacturersModelName": "N/A",
    "PhilipsRescaleIntercept": 0,
    "PhilipsRescaleSlope": 8.67033,
    "PhilipsScaleSlope": 0.000319653,
    "ProtocolName": "WIPMPRAGE_S2SENSE",
    "RepetitionTime": 0.007629,
    "SequenceVariant": "tfl3d1_ns",
    "UsePhilipsFloatNotDisplayScaling": 1,
    "dataset": "ds001907",
    "modality": "T1w",
    "session_id": "2",
    "subject_id": "RC4114"
  },
  "cjv": 0.40721102251765995,
  "cnr": 3.0391159651320185,
  "efc": 0.7702409682068747,
  "fber": 8772.998418367346,
  "fwhm_avg": 3.1003067882931306,
  "fwhm_x": 3.1713401890266053,
  "fwhm_y": 3.17926,
  "fwhm_z": 2.950320175852786,
  "icvs_csf": 0.20256811536314762,
  "icvs_gm": 0.38666219233735455,
  "icvs_wm": 0.41076969229949784,
  "inu_med": 1.680008888244629,
  "inu_range": 0.43205399513244624,
  "provenance": {
    "md5sum": "c81f46a0d36f9495b630451299021c7c",
    "settings": {
      "testing": false
    },
    "software": "mriqc",
    "version": "21.0.0rc2",
    "warnings": {
      "large_rot_frame": true,
      "small_air_mask": false
    },
    "webapi_port": null,
    "webapi_url": "https://mriqc.nimh.nih.gov/api/v1"
  },
  "qi_1": 0.0,
  "qi_2": 8.933630728450836e-06,
  "rpve_csf": 25.58441050620608,
  "rpve_gm": 13.478121853478385,
  "rpve_wm": 15.664836420619007,
  "size_x": 176,
  "size_y": 256,
  "size_z": 256,
  "snr_csf": 2.4451378445876912,
  "snr_gm": 13.992566465768162,
  "snr_total": 13.099978604659087,
  "snr_wm": 22.86223150362141,
  "snrd_csf": 24.275347157243438,
  "snrd_gm": 47.1059570256295,
  "snrd_total": 43.86966192737921,
  "snrd_wm": 60.22768159926471,
  "spacing_x": 0.9999999403953552,
  "spacing_y": 1.0,
  "spacing_z": 0.9999999403953552,
  "summary_bg_k": 2.2933366110524087,
  "summary_bg_mad": 10.878228073488634,
  "summary_bg_mean": 11.399708001355988,
  "summary_bg_median": 7.337253335863352,
  "summary_bg_n": 415000.0,
  "summary_bg_p05": 0.0,
  "summary_bg_p95": 29.6091996319592,
  "summary_bg_stdv": 10.093360454869758,
  "summary_csf_k": 7.434846510674882,
  "summary_csf_mad": 156.22987126818782,
  "summary_csf_mean": 417.91976446208486,
  "summary_csf_median": 403.0805981531739,
  "summary_csf_n": 7007.0,
  "summary_csf_p05": 209.27303557097912,
  "summary_csf_p95": 636.4885138459504,
  "summary_csf_stdv": 164.83808277331025,
  "summary_gm_k": 0.5180629063053597,
  "summary_gm_mad": 49.530655483543995,
  "summary_gm_mean": 782.1170149683176,
  "summary_gm_median": 782.1720205061138,
  "summary_gm_n": 12114.0,
  "summary_gm_p05": 688.8666155850515,
  "summary_gm_p95": 877.8867504587397,
  "summary_gm_stdv": 55.896803345446095,
  "summary_wm_k": 1.1144918444911074,
  "summary_wm_mad": 39.192481286044156,
  "summary_wm_mean": 1003.4088068419372,
  "summary_wm_median": 1000.0520185008645,
  "summary_wm_n": 199250.0,
  "summary_wm_p05": 938.4399053826928,
  "summary_wm_p95": 1081.0740287415683,
  "summary_wm_stdv": 43.742427715268406,
  "tpm_overlap_csf": 0.15080395340919495,
  "tpm_overlap_gm": 0.39598318934440613,
  "tpm_overlap_wm": 0.4686715006828308,
  "wm2max": 0.5679749379359262
}