{
  "aor": 0.0025306711409395976,
  "aqi": 0.00489385322147651,
  "bids_meta": {
    "AcquisitionDateTime": "2013-06-14T11:02:55.260000",
    "BodyPartExamined": "BRAIN",
    "ConversionSoftware": "dcm2niix",
    "ConversionSoftwareVersion": "v1.0.20170411 GCC4.3.2",
    "EchoTime": 0.025,
    "FlipAngle": 79,
    "ImageType": [
      "ORIGINAL",
      "PRIMARY",
      "M",
      "FFE",
      "M",
      "FFE"
    ],
    "MagneticFieldStrength": 3,
    "Manufacturer": "Philips",
    "ManufacturersModelName": "Achieva",
    "PhilipsRescaleIntercept": 0,
    "PhilipsRescaleSlope": 2.26471,
    "PhilipsScaleSlope": 0.000908926,
    "ProcedureStepDescription": "IBIC-UDALL_2",
    "ProtocolName": "WIP_ANT_F_SENSE",
    "RepetitionTime": 2.4,
    "ScanningSequence": "GR",
    "SequenceVariant": "SK",
    "SeriesDescription": "ANT_F",
    "SliceTiming": [
      0,
      0.06,
      0.11,
      0.17,
      0.22,
      0.28,
      0.33,
      0.39,
      0.45,
      0.5,
      0.56,
      0.61,
      0.67,
      0.73,
      0.78,
      0.84,
      0.89,
      0.95,
      1,
      1.06,
      1.12,
      1.17,
      1.23,
      1.28,
      1.34,
      1.4,
      1.45,
      1.51,
      1.56,
      1.62,
      1.67,
      1.73,
      1.79,
      1.84,
      1.9,
      1.95,
      2.01,
      2.07,
      2.12,
      2.18,
      2.23,
      2.29,
      2.34
    ],
    "TaskName": "ANT",
    "UsePhilipsFloatNotDisplayScaling": 1,
    "dataset": "ds001907",
    "modality": "bold",
    "run_id": 6,
    "session_id": "2",
    "subject_id": "RC4217",
    "task_id": "ANT"
  },
  "dummy_trs": 0,
  "dvars_nstd": 27.9744442345946,
  "dvars_std": 1.291292269054054,
  "dvars_vstd": 0.9813126333108105,
  "efc": 0.4345523416104334,
  "fber": 510505.78125,
  "fd_mean": 0.19236152691692648,
  "fd_num": 42,
  "fd_perc": 28.187919463087248,
  "fwhm_avg": 2.1088299999999998,
  "fwhm_x": 2.0390333333333333,
  "fwhm_y": 2.2601166666666668,
  "fwhm_z": 2.02734,
  "gcor": 0.0391854,
  "gsr_x": -0.009148874320089817,
  "gsr_y": 0.021030154079198837,
  "provenance": {
    "md5sum": "d5abcc9c5daea123446ae28a5ee2294f",
    "settings": {
      "fd_thres": 0.2,
      "testing": false
    },
    "software": "mriqc",
    "version": "21.0.0rc2",
    "webapi_port": null,
    "webapi_url": "https://mriqc.nimh.nih.gov/api/v1"
  },
  "size_t": 149,
  "size_x": 80,
  "size_y": 80,
  "size_z": 43,
  "snr": 4.071562676535584,
  "spacing_tr": 2.4000020027160645,
  "spacing_x": 3.0,
  "spacing_y": 3.0,
  "spacing_z": 3.0,
  "summary_bg_k": 63.53792404629975,
  "summary_bg_mad": 986.5374879821125,
  "summary_bg_mean": 12226.4111328125,
  "summary_bg_median": 673.9644775390625,
  "summary_bg_n": 184433.0,
  "summary_bg_p05": 4.311496257781982,
  "summary_bg_p95": 70980.34999999999,
  "summary_bg_stdv": 34435.421875,
  "summary_fg_k": 1.92627389716339,
  "summary_fg_mad": 93889.14450751855,
  "summary_fg_mean": 494960.96875,
  "summary_fg_median": 472046.5,
  "summary_fg_n": 44528.0,
  "summary_fg_p05": 350544.609375,
  "summary_fg_p95": 725328.4593750001,
  "summary_fg_stdv": 115936.125,
  "tsnr": 71.70989227294922
}