{
  "aor": 0.0008883892617449664,
  "aqi": 0.007004381342281879,
  "bids_meta": {
    "ConversionSoftware": "dcm2niix",
    "ConversionSoftwareVersion": "v1.0.20170411 GCC4.3.2",
    "EchoTime": 0.025,
    "ImageType": [
      "ORIGINAL"
    ],
    "Manufacturer": "Philips",
    "ManufacturersModelName": "N/A",
    "PhilipsRescaleIntercept": 0,
    "PhilipsRescaleSlope": 2.42002,
    "PhilipsScaleSlope": 0.00086379,
    "ProtocolName": "WIPANT_CSENSE",
    "RepetitionTime": 2.4,
    "SequenceVariant": "tfl3d1_ns",
    "SliceTiming": [
      0,
      0.06,
      0.11,
      0.17,
      0.22,
      0.28,
      0.33,
      0.39,
      0.45,
      0.5,
      0.56,
      0.61,
      0.67,
      0.73,
      0.78,
      0.84,
      0.89,
      0.95,
      1,
      1.06,
      1.12,
      1.17,
      1.23,
      1.28,
      1.34,
      1.4,
      1.45,
      1.51,
      1.56,
      1.62,
      1.67,
      1.73,
      1.79,
      1.84,
      1.9,
      1.95,
      2.01,
      2.07,
      2.12,
      2.18,
      2.23,
      2.29,
      2.34
    ],
    "TaskName": "ANT",
    "UsePhilipsFloatNotDisplayScaling": 1,
    "dataset": "ds001907",
    "modality": "bold",
    "run_id": 3,
    "session_id": "2",
    "subject_id": "RC4114",
    "task_id": "ANT"
  },
  "dummy_trs": 0,
  "dvars_nstd": 32.271880613783786,
  "dvars_std": 1.2502818858108107,
  "dvars_vstd": 0.9745394512162162,
  "efc": 0.43312740782051123,
  "fber": 533521.8125,
  "fd_mean": 0.2880610227679773,
  "fd_num": 108,
  "fd_perc": 72.48322147651007,
  "fwhm_avg": 1.9244855555555558,
  "fwhm_x": 1.8246133333333334,
  "fwhm_y": 2.0706,
  "fwhm_z": 1.8782433333333335,
  "gcor": 0.0240781,
  "gsr_x": -0.01115751825273037,
  "gsr_y": 0.01733565144240856,
  "provenance": {
    "md5sum": "fd40ef931d56606ccd5ce394904df297",
    "settings": {
      "fd_thres": 0.2,
      "testing": false
    },
    "software": "mriqc",
    "version": "21.0.0rc2",
    "webapi_port": null,
    "webapi_url": "https://mriqc.nimh.nih.gov/api/v1"
  },
  "size_t": 149,
  "size_x": 80,
  "size_y": 80,
  "size_z": 43,
  "snr": 5.121025475521602,
  "spacing_tr": 2.4000020027160645,
  "spacing_x": 3.0,
  "spacing_y": 3.0,
  "spacing_z": 3.0,
  "summary_bg_k": 84.00162320999483,
  "summary_bg_mad": 1013.7004978799396,
  "summary_bg_mean": 12788.3125,
  "summary_bg_median": 693.1160888671875,
  "summary_bg_n": 186665.0,
  "summary_bg_p05": 3.5062692642211917,
  "summary_bg_p95": 74533.32343749993,
  "summary_bg_stdv": 34908.4140625,
  "summary_fg_k": 2.491001600970879,
  "summary_fg_mad": 78805.49702133752,
  "summary_fg_mean": 517192.3125,
  "summary_fg_median": 501437.8125,
  "summary_fg_n": 42919.0,
  "summary_fg_p05": 391046.14375,
  "summary_fg_p95": 695873.6437499999,
  "summary_fg_stdv": 97916.3203125,
  "tsnr": 70.1240234375
}