{
  "bids_meta": {
    "ConversionSoftware": "dcm2niix",
    "ConversionSoftwareVersion": "v1.0.20170411 GCC4.3.2",
    "EchoTime": 0.00351,
    "ImageType": [
      "ORIGINAL"
    ],
    "Manufacturer": "Philips",
    "ManufacturersModelName": "N/A",
    "PhilipsRescaleIntercept": 0,
    "PhilipsRescaleSlope": 9.00244,
    "PhilipsScaleSlope": 0.000337637,
    "ProtocolName": "WIPMPRAGE_S2SENSE",
    "RepetitionTime": 0.007592,
    "SequenceVariant": "tfl3d1_ns",
    "UsePhilipsFloatNotDisplayScaling": 1,
    "dataset": "ds001907",
    "modality": "T1w",
    "session_id": "1",
    "subject_id": "RC4212"
  },
  "cjv": 0.4423033096595761,
  "cnr": 2.808011137930194,
  "efc": 0.7678297638634386,
  "fber": 8449.12418901384,
  "fwhm_avg": 3.1178866666666667,
  "fwhm_x": 3.20818,
  "fwhm_y": 3.23643,
  "fwhm_z": 2.90905,
  "icvs_csf": 0.17869348315872696,
  "icvs_gm": 0.4066885376396944,
  "icvs_wm": 0.4146179792015786,
  "inu_med": 1.6788431406021118,
  "inu_range": 0.42600954771041843,
  "provenance": {
    "md5sum": "ce3ecfcf40681cf26d3b95a36028dbfd",
    "settings": {
      "testing": false
    },
    "software": "mriqc",
    "version": "21.0.0rc2",
    "warnings": {
      "large_rot_frame": true,
      "small_air_mask": false
    },
    "webapi_port": null,
    "webapi_url": "https://mriqc.nimh.nih.gov/api/v1"
  },
  "qi_1": 0.0,
  "qi_2": 1.194840822753394e-05,
  "rpve_csf": 32.25587375540532,
  "rpve_gm": 14.856904415459,
  "rpve_wm": 17.42526463781479,
  "size_x": 176,
  "size_y": 256,
  "size_z": 256,
  "snr_csf": 2.5206522378634117,
  "snr_gm": 14.485545004889104,
  "snr_total": 11.622231665199417,
  "snr_wm": 17.86049775284574,
  "snrd_csf": 22.531147646915063,
  "snrd_gm": 44.70489011088101,
  "snrd_total": 41.5266915976562,
  "snrd_wm": 57.34403703517254,
  "spacing_x": 1.0,
  "spacing_y": 1.0,
  "spacing_z": 1.0,
  "summary_bg_k": 4.023287138814601,
  "summary_bg_mad": 11.425311538255809,
  "summary_bg_mean": 12.428448235275571,
  "summary_bg_median": 7.706255525350571,
  "summary_bg_n": 386908.0,
  "summary_bg_p05": 0.0,
  "summary_bg_p95": 31.84496768563986,
  "summary_bg_stdv": 11.407846657902613,
  "summary_csf_k": 15.366236546582012,
  "summary_csf_mad": 152.26747914035775,
  "summary_csf_mean": 404.07270587366685,
  "summary_csf_median": 392.934036327526,
  "summary_csf_n": 4718.0,
  "summary_csf_p05": 207.6467550398782,
  "summary_csf_p95": 618.8689823292193,
  "summary_csf_stdv": 155.86933659702092,
  "summary_gm_k": 0.6183358201579519,
  "summary_gm_mad": 47.71747760095073,
  "summary_gm_mean": 779.3222400814656,
  "summary_gm_median": 779.635071862489,
  "summary_gm_n": 13234.0,
  "summary_gm_p05": 690.2000100357458,
  "summary_gm_p95": 871.393343075551,
  "summary_gm_stdv": 53.8195570330482,
  "summary_wm_k": 1.271265780637707,
  "summary_wm_mad": 49.77571387071005,
  "summary_wm_mean": 1007.1506114836338,
  "summary_wm_median": 1000.0566453449428,
  "summary_wm_n": 164834.0,
  "summary_wm_p05": 928.8304453790188,
  "summary_wm_p95": 1109.984113868326,
  "summary_wm_stdv": 55.992482720948104,
  "tpm_overlap_csf": 0.15858107805252075,
  "tpm_overlap_gm": 0.4178033173084259,
  "tpm_overlap_wm": 0.4779949188232422,
  "wm2max": 0.528919923279789
}