{
  "bids_meta": {
    "ConversionSoftware": "dcm2niix",
    "ConversionSoftwareVersion": "v1.0.20170411 GCC4.3.2",
    "EchoTime": 0.00351,
    "ImageType": [
      "ORIGINAL"
    ],
    "Manufacturer": "Philips",
    "ManufacturersModelName": "N/A",
    "PhilipsRescaleIntercept": 0,
    "PhilipsRescaleSlope": 7.01221,
    "PhilipsScaleSlope": 0.000285039,
    "ProtocolName": "WIPMPRAGE_S2SENSE",
    "RepetitionTime": 0.007633,
    "SequenceVariant": "tfl3d1_ns",
    "UsePhilipsFloatNotDisplayScaling": 1,
    "dataset": "ds001907",
    "modality": "T1w",
    "session_id": "1",
    "subject_id": "RC4201"
  },
  "cjv": 0.39264944070141267,
  "cnr": 3.1908425518546806,
  "efc": 0.7436642161535695,
  "fber": 10105.540166204986,
  "fwhm_avg": 3.383043333333333,
  "fwhm_x": 3.42484,
  "fwhm_y": 3.55881,
  "fwhm_z": 3.16548,
  "icvs_csf": 0.19893164648818154,
  "icvs_gm": 0.3978336236031167,
  "icvs_wm": 0.4032347299087018,
  "inu_med": 2.0011584758758545,
  "inu_range": 0.6049185991287231,
  "provenance": {
    "md5sum": "bb7fa98a884bdfe84d19331f1d6b030f",
    "settings": {
      "testing": false
    },
    "software": "mriqc",
    "version": "21.0.0rc2",
    "warnings": {
      "large_rot_frame": true,
      "small_air_mask": false
    },
    "webapi_port": null,
    "webapi_url": "https://mriqc.nimh.nih.gov/api/v1"
  },
  "qi_1": 0.0,
  "qi_2": 7.687653131212797e-06,
  "rpve_csf": 27.464050047338837,
  "rpve_gm": 13.92441807092209,
  "rpve_wm": 16.550638601725293,
  "size_x": 176,
  "size_y": 256,
  "size_z": 256,
  "snr_csf": 2.3262689874248648,
  "snr_gm": 13.415055166514653,
  "snr_total": 12.237188980260681,
  "snr_wm": 20.970242786842526,
  "snrd_csf": 21.284671912125383,
  "snrd_gm": 52.69354290205577,
  "snrd_total": 47.7363742278067,
  "snrd_wm": 69.23090786923898,
  "spacing_x": 1.0,
  "spacing_y": 1.0,
  "spacing_z": 1.0,
  "summary_bg_k": 6.242577070413612,
  "summary_bg_mad": 9.463061786488248,
  "summary_bg_mean": 10.527371229138671,
  "summary_bg_median": 6.382738180458546,
  "summary_bg_n": 470719.0,
  "summary_bg_p05": 0.0,
  "summary_bg_p95": 31.91369090229273,
  "summary_bg_stdv": 10.55755493003642,
  "summary_csf_k": 28.37830300432167,
  "summary_csf_mad": 81.35720819091446,
  "summary_csf_mean": 337.0685113294958,
  "summary_csf_median": 307.44463642686605,
  "summary_csf_n": 22620.0,
  "summary_csf_p05": 203.79574650526047,
  "summary_csf_p95": 541.8069206874817,
  "summary_csf_stdv": 132.15919661708168,
  "summary_gm_k": 0.4319420284626645,
  "summary_gm_mad": 51.92122396126296,
  "summary_gm_mean": 760.2906430512909,
  "summary_gm_median": 761.1274069175124,
  "summary_gm_n": 14430.0,
  "summary_gm_p05": 665.3496193449944,
  "summary_gm_p95": 854.7785565033555,
  "summary_gm_stdv": 56.73484185658403,
  "summary_wm_k": 1.7498419614032628,
  "summary_wm_mad": 41.871954807470125,
  "summary_wm_mean": 1003.426528423594,
  "summary_wm_median": 999.9999712109566,
  "summary_wm_n": 182664.0,
  "summary_wm_p05": 932.6705560684204,
  "summary_wm_p95": 1086.985960572958,
  "summary_wm_stdv": 47.6864881396836,
  "tpm_overlap_csf": 0.1704929620027542,
  "tpm_overlap_gm": 0.40435054898262024,
  "tpm_overlap_wm": 0.4586462080478668,
  "wm2max": 0.5064387215654541
}