{
  "bids_meta": {
    "ConversionSoftware": "dcm2niix",
    "ConversionSoftwareVersion": "v1.0.20170411 GCC4.3.2",
    "EchoTime": 0.00351,
    "ImageType": [
      "ORIGINAL"
    ],
    "Manufacturer": "Philips",
    "ManufacturersModelName": "N/A",
    "PhilipsRescaleIntercept": 0,
    "PhilipsRescaleSlope": 8.81343,
    "PhilipsScaleSlope": 0.000349896,
    "ProtocolName": "WIPMPRAGE_S2SENSE",
    "RepetitionTime": 0.007617,
    "SequenceVariant": "tfl3d1_ns",
    "UsePhilipsFloatNotDisplayScaling": 1,
    "dataset": "ds001907",
    "modality": "T1w",
    "session_id": "1",
    "subject_id": "RC4225"
  },
  "cjv": 0.5121508436414252,
  "cnr": 2.413633020996481,
  "efc": 0.7427107088930064,
  "fber": 1758.0244865470615,
  "fwhm_avg": 3.2125500000000002,
  "fwhm_x": 3.33334,
  "fwhm_y": 3.34844,
  "fwhm_z": 2.95587,
  "icvs_csf": 0.20831284239434053,
  "icvs_gm": 0.36698543152478624,
  "icvs_wm": 0.42470172608087325,
  "inu_med": 1.3968995809555054,
  "inu_range": 0.40252437591552725,
  "provenance": {
    "md5sum": "5b10d645c13b5a64515dc35efb9bacf3",
    "settings": {
      "testing": false
    },
    "software": "mriqc",
    "version": "21.0.0rc2",
    "warnings": {
      "large_rot_frame": true,
      "small_air_mask": false
    },
    "webapi_port": null,
    "webapi_url": "https://mriqc.nimh.nih.gov/api/v1"
  },
  "qi_1": 0.0,
  "qi_2": 1.0805530454321675e-05,
  "rpve_csf": 27.97148301032457,
  "rpve_gm": 15.314192129458371,
  "rpve_wm": 16.365596730876156,
  "size_x": 176,
  "size_y": 256,
  "size_z": 256,
  "snr_csf": 2.8423991221813543,
  "snr_gm": 13.504082166101183,
  "snr_total": 10.999958226754925,
  "snr_wm": 16.653393391982238,
  "snrd_csf": 19.51883453099536,
  "snrd_gm": 41.02754880437193,
  "snrd_total": 37.49999207106059,
  "snrd_wm": 51.95359287781447,
  "spacing_x": 1.0,
  "spacing_y": 1.0,
  "spacing_z": 1.0,
  "summary_bg_k": 1653.2357981311736,
  "summary_bg_mad": 12.610713174624795,
  "summary_bg_mean": 15.560604746805701,
  "summary_bg_median": 8.505796778947115,
  "summary_bg_n": 641081.0,
  "summary_bg_p05": 0.0,
  "summary_bg_p95": 43.12493143975735,
  "summary_bg_stdv": 23.808753330100725,
  "summary_csf_k": 8.093973360568938,
  "summary_csf_mad": 121.68936598443672,
  "summary_csf_mean": 393.70700646996556,
  "summary_csf_median": 375.7178386114538,
  "summary_csf_n": 10121.0,
  "summary_csf_p05": 219.0919883698225,
  "summary_csf_p95": 606.6746008321643,
  "summary_csf_stdv": 132.176819898686,
  "summary_gm_k": 0.18488313500958942,
  "summary_gm_mad": 55.82449462652378,
  "summary_gm_mean": 789.4216402183604,
  "summary_gm_median": 789.7388512529433,
  "summary_gm_n": 11365.0,
  "summary_gm_p05": 692.2201620675623,
  "summary_gm_p95": 886.2823535464704,
  "summary_gm_stdv": 58.47891744400503,
  "summary_wm_k": 1.715058887358925,
  "summary_wm_mad": 51.888666947819225,
  "summary_wm_mean": 1008.2796472280504,
  "summary_wm_median": 1000.0541575960815,
  "summary_wm_n": 191962.0,
  "summary_wm_p05": 926.5900784097612,
  "summary_wm_p95": 1121.248217433691,
  "summary_wm_stdv": 60.05091750555314,
  "tpm_overlap_csf": 0.14546822011470795,
  "tpm_overlap_gm": 0.37648987770080566,
  "tpm_overlap_wm": 0.4667249321937561,
  "wm2max": 0.507882789929839
}