{
  "aor": 0.001196778523489933,
  "aqi": 0.0028792806040268456,
  "bids_meta": {
    "ConversionSoftware": "dcm2niix",
    "ConversionSoftwareVersion": "v1.0.20170411 GCC4.3.2",
    "EchoTime": 0.025,
    "ImageType": [
      "ORIGINAL"
    ],
    "Manufacturer": "Philips",
    "ManufacturersModelName": "N/A",
    "PhilipsRescaleIntercept": 0,
    "PhilipsRescaleSlope": 2.61123,
    "PhilipsScaleSlope": 0.000794987,
    "ProtocolName": "WIPANT_BSENSE",
    "RepetitionTime": 2.4,
    "SequenceVariant": "tfl3d1_ns",
    "SliceTiming": [
      0,
      0.06,
      0.11,
      0.17,
      0.22,
      0.28,
      0.33,
      0.39,
      0.45,
      0.5,
      0.56,
      0.61,
      0.67,
      0.73,
      0.78,
      0.84,
      0.89,
      0.95,
      1,
      1.06,
      1.12,
      1.17,
      1.23,
      1.28,
      1.34,
      1.4,
      1.45,
      1.51,
      1.56,
      1.62,
      1.67,
      1.73,
      1.79,
      1.84,
      1.9,
      1.95,
      2.01,
      2.07,
      2.12,
      2.18,
      2.23,
      2.29,
      2.34
    ],
    "TaskName": "ANT",
    "UsePhilipsFloatNotDisplayScaling": 1,
    "dataset": "ds001907",
    "modality": "bold",
    "run_id": 2,
    "session_id": "2",
    "subject_id": "RC4109",
    "task_id": "ANT"
  },
  "dummy_trs": 0,
  "dvars_nstd": 18.166410645945955,
  "dvars_std": 1.200220617635135,
  "dvars_vstd": 0.9928247381081079,
  "efc": 0.44135297281344915,
  "fber": 421437.15625,
  "fd_mean": 0.21400002695689765,
  "fd_num": 77,
  "fd_perc": 51.67785234899329,
  "fwhm_avg": 2.0678544444444444,
  "fwhm_x": 1.9160066666666669,
  "fwhm_y": 2.2774633333333334,
  "fwhm_z": 2.0100933333333333,
  "gcor": 0.0197293,
  "gsr_x": -0.00971245113760233,
  "gsr_y": 0.02523866668343544,
  "provenance": {
    "md5sum": "4961c7d9cdee4127a9eea4e08fa5cb7d",
    "settings": {
      "fd_thres": 0.2,
      "testing": false
    },
    "software": "mriqc",
    "version": "21.0.0rc2",
    "webapi_port": null,
    "webapi_url": "https://mriqc.nimh.nih.gov/api/v1"
  },
  "size_t": 149,
  "size_x": 80,
  "size_y": 80,
  "size_z": 43,
  "snr": 4.2463046237783635,
  "spacing_tr": 2.4000020027160645,
  "spacing_x": 3.0,
  "spacing_y": 3.0,
  "spacing_z": 3.0,
  "summary_bg_k": 38.31777883607055,
  "summary_bg_mad": 1294.5969144528171,
  "summary_bg_mean": 17742.72265625,
  "summary_bg_median": 884.6788940429688,
  "summary_bg_n": 185832.0,
  "summary_bg_p05": 4.793006157875062,
  "summary_bg_p95": 107822.44492187469,
  "summary_bg_stdv": 45698.1328125,
  "summary_fg_k": 1.79156996339092,
  "summary_fg_mad": 98138.46779103292,
  "summary_fg_mean": 590968.625,
  "summary_fg_median": 560265.5625,
  "summary_fg_n": 44192.0,
  "summary_fg_p05": 437577.065625,
  "summary_fg_p95": 871543.4406249999,
  "summary_fg_stdv": 131940.421875,
  "tsnr": 94.1375503540039
}