{
  "aor": 0.0014291946308724831,
  "aqi": 0.0023186612751677853,
  "bids_meta": {
    "ConversionSoftware": "dcm2niix",
    "ConversionSoftwareVersion": "v1.0.20170411 GCC4.3.2",
    "EchoTime": 0.025,
    "ImageType": [
      "ORIGINAL"
    ],
    "Manufacturer": "Philips",
    "ManufacturersModelName": "N/A",
    "PhilipsRescaleIntercept": 0,
    "PhilipsRescaleSlope": 2.3956,
    "PhilipsScaleSlope": 0.000847254,
    "ProtocolName": "WIPANT_FSENSE",
    "RepetitionTime": 2.4,
    "SequenceVariant": "tfl3d1_ns",
    "SliceTiming": [
      0,
      0.06,
      0.11,
      0.17,
      0.22,
      0.28,
      0.33,
      0.39,
      0.45,
      0.5,
      0.56,
      0.61,
      0.67,
      0.73,
      0.78,
      0.84,
      0.89,
      0.95,
      1,
      1.06,
      1.12,
      1.17,
      1.23,
      1.28,
      1.34,
      1.4,
      1.45,
      1.51,
      1.56,
      1.62,
      1.67,
      1.73,
      1.79,
      1.84,
      1.9,
      1.95,
      2.01,
      2.07,
      2.12,
      2.18,
      2.23,
      2.29,
      2.34
    ],
    "TaskName": "ANT",
    "UsePhilipsFloatNotDisplayScaling": 1,
    "dataset": "ds001907",
    "modality": "bold",
    "run_id": 6,
    "session_id": "1",
    "subject_id": "RC4107",
    "task_id": "ANT"
  },
  "dummy_trs": 0,
  "dvars_nstd": 19.03554902844595,
  "dvars_std": 1.4013230453378374,
  "dvars_vstd": 1.0052561064189187,
  "efc": 0.38720478283181925,
  "fber": 11317858.0,
  "fd_mean": 0.06707905926137908,
  "fd_num": 2,
  "fd_perc": 1.342281879194631,
  "fwhm_avg": 2.1070788888888887,
  "fwhm_x": 2.0311833333333333,
  "fwhm_y": 2.23655,
  "fwhm_z": 2.0535033333333335,
  "gcor": 0.0369634,
  "gsr_x": -0.0245857834815979,
  "gsr_y": 0.010772854089736938,
  "provenance": {
    "md5sum": "f89d71ca4aaa95433e87c4ea5ef6d33f",
    "settings": {
      "fd_thres": 0.2,
      "testing": false
    },
    "software": "mriqc",
    "version": "21.0.0rc2",
    "webapi_port": null,
    "webapi_url": "https://mriqc.nimh.nih.gov/api/v1"
  },
  "size_t": 149,
  "size_x": 80,
  "size_y": 80,
  "size_z": 43,
  "snr": 5.066973580701122,
  "spacing_tr": 2.4000020027160645,
  "spacing_x": 3.0,
  "spacing_y": 3.0,
  "spacing_z": 3.0,
  "summary_bg_k": 37.833034979180766,
  "summary_bg_mad": 263.85567720770644,
  "summary_bg_mean": 11985.9228515625,
  "summary_bg_median": 178.6886749267578,
  "summary_bg_n": 197753.0,
  "summary_bg_p05": 0.5640047550201416,
  "summary_bg_p95": 73687.10781249999,
  "summary_bg_stdv": 36981.390625,
  "summary_fg_k": 2.6949190052961285,
  "summary_fg_mad": 95815.83242178589,
  "summary_fg_mean": 575918.75,
  "summary_fg_median": 562399.3125,
  "summary_fg_n": 34478.0,
  "summary_fg_p05": 423293.8859375,
  "summary_fg_p95": 765632.3249999998,
  "summary_fg_stdv": 110991.53125,
  "tsnr": 108.7663803100586
}