{
  "aor": 0.0013583892617449666,
  "aqi": 0.0024145442953020135,
  "bids_meta": {
    "ConversionSoftware": "dcm2niix",
    "ConversionSoftwareVersion": "v1.0.20170411 GCC4.3.2",
    "EchoTime": 0.025,
    "ImageType": [
      "ORIGINAL"
    ],
    "Manufacturer": "Philips",
    "ManufacturersModelName": "N/A",
    "PhilipsRescaleIntercept": 0,
    "PhilipsRescaleSlope": 1.68498,
    "PhilipsScaleSlope": 0.000855029,
    "ProtocolName": "WIPANT_DSENSE",
    "RepetitionTime": 2.4,
    "SequenceVariant": "tfl3d1_ns",
    "SliceTiming": [
      0,
      0.06,
      0.11,
      0.17,
      0.22,
      0.28,
      0.33,
      0.39,
      0.45,
      0.5,
      0.56,
      0.61,
      0.67,
      0.73,
      0.78,
      0.84,
      0.89,
      0.95,
      1,
      1.06,
      1.12,
      1.17,
      1.23,
      1.28,
      1.34,
      1.4,
      1.45,
      1.51,
      1.56,
      1.62,
      1.67,
      1.73,
      1.79,
      1.84,
      1.9,
      1.95,
      2.01,
      2.07,
      2.12,
      2.18,
      2.23,
      2.29,
      2.34
    ],
    "TaskName": "ANT",
    "UsePhilipsFloatNotDisplayScaling": 1,
    "dataset": "ds001907",
    "modality": "bold",
    "run_id": 4,
    "session_id": "1",
    "subject_id": "RC4107",
    "task_id": "ANT"
  },
  "dummy_trs": 0,
  "dvars_nstd": 18.347545804459443,
  "dvars_std": 1.3688653587162165,
  "dvars_vstd": 0.995004584054054,
  "efc": 0.38484165925844127,
  "fber": 10024789.0,
  "fd_mean": 0.0652260348646956,
  "fd_num": 1,
  "fd_perc": 0.6711409395973155,
  "fwhm_avg": 2.1222677777777776,
  "fwhm_x": 2.0494666666666665,
  "fwhm_y": 2.2584133333333334,
  "fwhm_z": 2.0589233333333334,
  "gcor": 0.0297697,
  "gsr_x": -0.0241850558668375,
  "gsr_y": 0.01113701518625021,
  "provenance": {
    "md5sum": "bfc94bc1c7c7ff308a7b63433f7d620b",
    "settings": {
      "fd_thres": 0.2,
      "testing": false
    },
    "software": "mriqc",
    "version": "21.0.0rc2",
    "webapi_port": null,
    "webapi_url": "https://mriqc.nimh.nih.gov/api/v1"
  },
  "size_t": 149,
  "size_x": 80,
  "size_y": 80,
  "size_z": 43,
  "snr": 4.993060717367955,
  "spacing_tr": 2.4000020027160645,
  "spacing_x": 3.0,
  "spacing_y": 3.0,
  "spacing_z": 3.0,
  "summary_bg_k": 39.66896507204365,
  "summary_bg_mad": 279.46050295352387,
  "summary_bg_mean": 11644.767578125,
  "summary_bg_median": 189.13499450683594,
  "summary_bg_n": 198027.0,
  "summary_bg_p05": 0.5194564819335938,
  "summary_bg_p95": 70921.60703125,
  "summary_bg_stdv": 36155.5625,
  "summary_fg_k": 2.6594910918044476,
  "summary_fg_mad": 97610.56873860626,
  "summary_fg_mean": 578104.75,
  "summary_fg_median": 564170.875,
  "summary_fg_n": 34150.0,
  "summary_fg_p05": 423707.078125,
  "summary_fg_p95": 771336.10625,
  "summary_fg_stdv": 112989.3359375,
  "tsnr": 108.00178527832031
}