{
  "aor": 0.000744496644295302,
  "aqi": 0.002723167382550336,
  "bids_meta": {
    "ConversionSoftware": "dcm2niix",
    "ConversionSoftwareVersion": "v1.0.20170411 GCC4.3.2",
    "EchoTime": 0.025,
    "ImageType": [
      "ORIGINAL"
    ],
    "Manufacturer": "Philips",
    "ManufacturersModelName": "N/A",
    "PhilipsRescaleIntercept": 0,
    "PhilipsRescaleSlope": 2.71673,
    "PhilipsScaleSlope": 0.000937662,
    "ProtocolName": "WIPANT_ESENSE",
    "RepetitionTime": 2.4,
    "SequenceVariant": "tfl3d1_ns",
    "SliceTiming": [
      0,
      0.06,
      0.11,
      0.17,
      0.22,
      0.28,
      0.33,
      0.39,
      0.45,
      0.5,
      0.56,
      0.61,
      0.67,
      0.73,
      0.78,
      0.84,
      0.89,
      0.95,
      1,
      1.06,
      1.12,
      1.17,
      1.23,
      1.28,
      1.34,
      1.4,
      1.45,
      1.51,
      1.56,
      1.62,
      1.67,
      1.73,
      1.79,
      1.84,
      1.9,
      1.95,
      2.01,
      2.07,
      2.12,
      2.18,
      2.23,
      2.29,
      2.34
    ],
    "TaskName": "ANT",
    "UsePhilipsFloatNotDisplayScaling": 1,
    "dataset": "ds001907",
    "modality": "bold",
    "run_id": 5,
    "session_id": "2",
    "subject_id": "RC4123",
    "task_id": "ANT"
  },
  "dummy_trs": 0,
  "dvars_nstd": 24.17283794074325,
  "dvars_std": 1.3155918260135133,
  "dvars_vstd": 0.9810530443918916,
  "efc": 0.42601990495723563,
  "fber": 896530.125,
  "fd_mean": 0.1286490006145399,
  "fd_num": 18,
  "fd_perc": 12.080536912751677,
  "fwhm_avg": 2.1556044444444447,
  "fwhm_x": 2.1176766666666667,
  "fwhm_y": 2.2609866666666667,
  "fwhm_z": 2.08815,
  "gcor": 0.0601953,
  "gsr_x": -0.005413040518760681,
  "gsr_y": 0.021330352872610092,
  "provenance": {
    "md5sum": "51b953f48330fb7ecf6fa6eb2eec1bfb",
    "settings": {
      "fd_thres": 0.2,
      "testing": false
    },
    "software": "mriqc",
    "version": "21.0.0rc2",
    "webapi_port": null,
    "webapi_url": "https://mriqc.nimh.nih.gov/api/v1"
  },
  "size_t": 149,
  "size_x": 80,
  "size_y": 80,
  "size_z": 43,
  "snr": 3.975464977384583,
  "spacing_tr": 2.4000020027160645,
  "spacing_x": 3.0,
  "spacing_y": 3.0,
  "spacing_z": 3.0,
  "summary_bg_k": 27.17221856031144,
  "summary_bg_mad": 742.5229811517131,
  "summary_bg_mean": 11114.337890625,
  "summary_bg_median": 504.093017578125,
  "summary_bg_n": 187149.0,
  "summary_bg_p05": 2.2650210857391357,
  "summary_bg_p95": 67863.89062500003,
  "summary_bg_stdv": 28720.3828125,
  "summary_fg_k": 0.9341693547533185,
  "summary_fg_mad": 86285.22521369827,
  "summary_fg_mean": 486513.9375,
  "summary_fg_median": 456065.28125,
  "summary_fg_n": 42927.0,
  "summary_fg_p05": 350073.465625,
  "summary_fg_p95": 731153.2187499999,
  "summary_fg_stdv": 114718.6484375,
  "tsnr": 89.62570190429688
}