{
  "aor": 0.005243959731543624,
  "aqi": 0.005423841140939597,
  "bids_meta": {
    "ConversionSoftware": "dcm2niix",
    "ConversionSoftwareVersion": "v1.0.20170411 GCC4.3.2",
    "EchoTime": 0.025,
    "ImageType": [
      "ORIGINAL"
    ],
    "Manufacturer": "Philips",
    "ManufacturersModelName": "N/A",
    "PhilipsRescaleIntercept": 0,
    "PhilipsRescaleSlope": 2.52527,
    "PhilipsScaleSlope": 0.000930479,
    "ProtocolName": "WIPANT_BSENSE",
    "RepetitionTime": 2.4,
    "SequenceVariant": "tfl3d1_ns",
    "SliceTiming": [
      0,
      0.06,
      0.11,
      0.17,
      0.22,
      0.28,
      0.33,
      0.39,
      0.45,
      0.5,
      0.56,
      0.61,
      0.67,
      0.73,
      0.78,
      0.84,
      0.89,
      0.95,
      1,
      1.06,
      1.12,
      1.17,
      1.23,
      1.28,
      1.34,
      1.4,
      1.45,
      1.51,
      1.56,
      1.62,
      1.67,
      1.73,
      1.79,
      1.84,
      1.9,
      1.95,
      2.01,
      2.07,
      2.12,
      2.18,
      2.23,
      2.29,
      2.34
    ],
    "TaskName": "ANT",
    "UsePhilipsFloatNotDisplayScaling": 1,
    "dataset": "ds001907",
    "modality": "bold",
    "run_id": 2,
    "session_id": "2",
    "subject_id": "RC4123",
    "task_id": "ANT"
  },
  "dummy_trs": 0,
  "dvars_nstd": 24.392142399256763,
  "dvars_std": 1.302229023918919,
  "dvars_vstd": 0.9872437287837839,
  "efc": 0.42756039400365464,
  "fber": 531908.9375,
  "fd_mean": 0.13256848284987904,
  "fd_num": 25,
  "fd_perc": 16.778523489932887,
  "fwhm_avg": 2.150552222222222,
  "fwhm_x": 2.1111999999999997,
  "fwhm_y": 2.2538066666666667,
  "fwhm_z": 2.08665,
  "gcor": 0.0256803,
  "gsr_x": -0.005969501566141844,
  "gsr_y": 0.021333467215299606,
  "provenance": {
    "md5sum": "5a63412d154a105d1b9d73b54e669529",
    "settings": {
      "fd_thres": 0.2,
      "testing": false
    },
    "software": "mriqc",
    "version": "21.0.0rc2",
    "webapi_port": null,
    "webapi_url": "https://mriqc.nimh.nih.gov/api/v1"
  },
  "size_t": 149,
  "size_x": 80,
  "size_y": 80,
  "size_z": 43,
  "snr": 3.9855334250694066,
  "spacing_tr": 2.4000020027160645,
  "spacing_x": 3.0,
  "spacing_y": 3.0,
  "spacing_z": 3.0,
  "summary_bg_k": 25.747895213924302,
  "summary_bg_mad": 956.0408599135455,
  "summary_bg_mean": 12092.8779296875,
  "summary_bg_median": 656.8663330078125,
  "summary_bg_n": 187495.0,
  "summary_bg_p05": 7.110572671890259,
  "summary_bg_p95": 73795.61171874999,
  "summary_bg_stdv": 30751.88671875,
  "summary_fg_k": 0.956900977859767,
  "summary_fg_mad": 87962.14098546677,
  "summary_fg_mean": 498007.3125,
  "summary_fg_median": 466634.96875,
  "summary_fg_n": 42599.0,
  "summary_fg_p05": 360145.621875,
  "summary_fg_p95": 749593.7874999999,
  "summary_fg_stdv": 117080.8125,
  "tsnr": 75.52625274658203
}