{
  "aor": 0.003644630872483222,
  "aqi": 0.030718814093959733,
  "bids_meta": {
    "AcquisitionDateTime": "2013-06-20T09:16:52.290000",
    "BodyPartExamined": "BRAIN",
    "ConversionSoftware": "dcm2niix",
    "ConversionSoftwareVersion": "v1.0.20170411 GCC4.3.2",
    "EchoTime": 0.025,
    "FlipAngle": 79,
    "ImageType": [
      "ORIGINAL",
      "PRIMARY",
      "M",
      "FFE",
      "M",
      "FFE"
    ],
    "MagneticFieldStrength": 3,
    "Manufacturer": "Philips",
    "ManufacturersModelName": "Achieva",
    "PhilipsRescaleIntercept": 0,
    "PhilipsRescaleSlope": 2.92991,
    "PhilipsScaleSlope": 0.000969539,
    "ProcedureStepDescription": "IBIC-UDALL_2",
    "ProtocolName": "WIP_ANT_C_SENSE",
    "RepetitionTime": 2.4,
    "ScanningSequence": "GR",
    "SequenceVariant": "SK",
    "SeriesDescription": "ANT_C",
    "SliceTiming": [
      0,
      0.06,
      0.11,
      0.17,
      0.22,
      0.28,
      0.33,
      0.39,
      0.45,
      0.5,
      0.56,
      0.61,
      0.67,
      0.73,
      0.78,
      0.84,
      0.89,
      0.95,
      1,
      1.06,
      1.12,
      1.17,
      1.23,
      1.28,
      1.34,
      1.4,
      1.45,
      1.51,
      1.56,
      1.62,
      1.67,
      1.73,
      1.79,
      1.84,
      1.9,
      1.95,
      2.01,
      2.07,
      2.12,
      2.18,
      2.23,
      2.29,
      2.34
    ],
    "TaskName": "ANT",
    "UsePhilipsFloatNotDisplayScaling": 1,
    "dataset": "ds001907",
    "modality": "bold",
    "run_id": 3,
    "session_id": "2",
    "subject_id": "RC4130",
    "task_id": "ANT"
  },
  "dummy_trs": 0,
  "dvars_nstd": 70.02687093398647,
  "dvars_std": 1.2075319503378372,
  "dvars_vstd": 1.007291814391892,
  "efc": 0.3991460623956458,
  "fber": 891118.625,
  "fd_mean": 1.338852468596739,
  "fd_num": 147,
  "fd_perc": 98.65771812080537,
  "fwhm_avg": 1.9920722222222222,
  "fwhm_x": 1.9459333333333333,
  "fwhm_y": 2.1137566666666667,
  "fwhm_z": 1.9165266666666667,
  "gcor": 0.00542047,
  "gsr_x": -0.01747593842446804,
  "gsr_y": 0.012207984924316406,
  "provenance": {
    "md5sum": "30b088a49a9e411175d9c4d3e0438e17",
    "settings": {
      "fd_thres": 0.2,
      "testing": false
    },
    "software": "mriqc",
    "version": "21.0.0rc2",
    "webapi_port": null,
    "webapi_url": "https://mriqc.nimh.nih.gov/api/v1"
  },
  "size_t": 149,
  "size_x": 80,
  "size_y": 80,
  "size_z": 43,
  "snr": 4.320111469219609,
  "spacing_tr": 2.4000020027160645,
  "spacing_x": 3.0,
  "spacing_y": 3.0,
  "spacing_z": 3.0,
  "summary_bg_k": 140.61598335872114,
  "summary_bg_mad": 681.3186869013394,
  "summary_bg_mean": 8380.330078125,
  "summary_bg_median": 485.3998107910156,
  "summary_bg_n": 192185.0,
  "summary_bg_p05": 11.795387840270998,
  "summary_bg_p95": 44275.398437499985,
  "summary_bg_stdv": 27344.88671875,
  "summary_fg_k": 1.1543209592730923,
  "summary_fg_mad": 85538.61916838239,
  "summary_fg_mean": 473802.8125,
  "summary_fg_median": 450737.1875,
  "summary_fg_n": 38748.0,
  "summary_fg_p05": 345740.55625,
  "summary_fg_p95": 689339.4218750001,
  "summary_fg_stdv": 104333.2734375,
  "tsnr": 25.61522674560547
}