{
  "aor": 0.004209395973154362,
  "aqi": 0.009064126711409395,
  "bids_meta": {
    "AcquisitionDateTime": "2013-06-14T11:10:5.450000",
    "BodyPartExamined": "BRAIN",
    "ConversionSoftware": "dcm2niix",
    "ConversionSoftwareVersion": "v1.0.20170411 GCC4.3.2",
    "EchoTime": 0.025,
    "FlipAngle": 79,
    "ImageType": [
      "ORIGINAL",
      "PRIMARY",
      "M",
      "FFE",
      "M",
      "FFE"
    ],
    "MagneticFieldStrength": 3,
    "Manufacturer": "Philips",
    "ManufacturersModelName": "Achieva",
    "PhilipsRescaleIntercept": 0,
    "PhilipsRescaleSlope": 2.10794,
    "PhilipsScaleSlope": 0.000918351,
    "ProcedureStepDescription": "IBIC-UDALL_2",
    "ProtocolName": "WIP_ANT_C_SENSE",
    "RepetitionTime": 2.4,
    "ScanningSequence": "GR",
    "SequenceVariant": "SK",
    "SeriesDescription": "ANT_C",
    "SliceTiming": [
      0,
      0.06,
      0.11,
      0.17,
      0.22,
      0.28,
      0.33,
      0.39,
      0.45,
      0.5,
      0.56,
      0.61,
      0.67,
      0.73,
      0.78,
      0.84,
      0.89,
      0.95,
      1,
      1.06,
      1.12,
      1.17,
      1.23,
      1.28,
      1.34,
      1.4,
      1.45,
      1.51,
      1.56,
      1.62,
      1.67,
      1.73,
      1.79,
      1.84,
      1.9,
      1.95,
      2.01,
      2.07,
      2.12,
      2.18,
      2.23,
      2.29,
      2.34
    ],
    "TaskName": "ANT",
    "UsePhilipsFloatNotDisplayScaling": 1,
    "dataset": "ds001907",
    "modality": "bold",
    "run_id": 3,
    "session_id": "2",
    "subject_id": "RC4217",
    "task_id": "ANT"
  },
  "dummy_trs": 0,
  "dvars_nstd": 27.63064963128381,
  "dvars_std": 1.1724144985810812,
  "dvars_vstd": 0.9306387621621621,
  "efc": 0.43495024554671174,
  "fber": 324659.5625,
  "fd_mean": 0.21444694180527263,
  "fd_num": 58,
  "fd_perc": 38.92617449664429,
  "fwhm_avg": 2.1333644444444446,
  "fwhm_x": 2.05406,
  "fwhm_y": 2.2869266666666666,
  "fwhm_z": 2.0591066666666666,
  "gcor": 0.016084,
  "gsr_x": -0.008433550596237183,
  "gsr_y": 0.022166190668940544,
  "provenance": {
    "md5sum": "07c4ab1664a106e56542d496cce94437",
    "settings": {
      "fd_thres": 0.2,
      "testing": false
    },
    "software": "mriqc",
    "version": "21.0.0rc2",
    "webapi_port": null,
    "webapi_url": "https://mriqc.nimh.nih.gov/api/v1"
  },
  "size_t": 149,
  "size_x": 80,
  "size_y": 80,
  "size_z": 43,
  "snr": 4.0896797249544425,
  "spacing_tr": 2.4000020027160645,
  "spacing_x": 3.0,
  "spacing_y": 3.0,
  "spacing_z": 3.0,
  "summary_bg_k": 65.46721111878546,
  "summary_bg_mad": 1206.3622267779874,
  "summary_bg_mean": 12195.11328125,
  "summary_bg_median": 840.1954345703125,
  "summary_bg_n": 184699.0,
  "summary_bg_p05": 10.53700475692749,
  "summary_bg_p95": 70450.71718750008,
  "summary_bg_stdv": 34220.7421875,
  "summary_fg_k": 1.8719739972259362,
  "summary_fg_mad": 92665.14054784385,
  "summary_fg_mean": 490440.3125,
  "summary_fg_median": 467002.21875,
  "summary_fg_n": 44583.0,
  "summary_fg_p05": 347450.7,
  "summary_fg_p95": 718765.74375,
  "summary_fg_stdv": 114189.1328125,
  "tsnr": 57.07959747314453
}