{
  "bids_meta": {
    "ConversionSoftware": "dcm2niix",
    "ConversionSoftwareVersion": "v1.0.20170411 GCC4.3.2",
    "EchoTime": 0.00352,
    "ImageType": [
      "ORIGINAL"
    ],
    "Manufacturer": "Philips",
    "ManufacturersModelName": "N/A",
    "PhilipsRescaleIntercept": 0,
    "PhilipsRescaleSlope": 6.28474,
    "PhilipsScaleSlope": 0.000286944,
    "ProtocolName": "WIPMPRAGE_S2SENSE",
    "RepetitionTime": 0.007639,
    "SequenceVariant": "tfl3d1_ns",
    "UsePhilipsFloatNotDisplayScaling": 1,
    "dataset": "ds001907",
    "modality": "T1w",
    "session_id": "1",
    "subject_id": "RC4211"
  },
  "cjv": 0.49797028748859906,
  "cnr": 2.5827869574351947,
  "efc": 0.7284816485530515,
  "fber": 2972.306959772161,
  "fwhm_avg": 3.261816666666667,
  "fwhm_x": 3.2546,
  "fwhm_y": 3.42787,
  "fwhm_z": 3.10298,
  "icvs_csf": 0.2016117921754898,
  "icvs_gm": 0.40286613191268256,
  "icvs_wm": 0.39552207591182764,
  "inu_med": 2.2949306964874268,
  "inu_range": 0.5801692962646481,
  "provenance": {
    "md5sum": "d6529daf130eb65bdf4f83e33928bae9",
    "settings": {
      "testing": false
    },
    "software": "mriqc",
    "version": "21.0.0rc2",
    "warnings": {
      "large_rot_frame": true,
      "small_air_mask": false
    },
    "webapi_port": null,
    "webapi_url": "https://mriqc.nimh.nih.gov/api/v1"
  },
  "qi_1": 0.0,
  "qi_2": 5.064020651732439e-06,
  "rpve_csf": 24.807037346771644,
  "rpve_gm": 12.539323373127768,
  "rpve_wm": 15.218429230185716,
  "size_x": 176,
  "size_y": 256,
  "size_z": 256,
  "snr_csf": 2.366080643338174,
  "snr_gm": 13.2750344160542,
  "snr_total": 10.529616724183084,
  "snr_wm": 15.947735113156881,
  "snrd_csf": 23.512814849173154,
  "snrd_gm": 50.161446911168774,
  "snrd_total": 46.19096224079241,
  "snrd_wm": 64.8986249620353,
  "spacing_x": 1.0,
  "spacing_y": 1.0,
  "spacing_z": 1.0,
  "summary_bg_k": 6.425603878437393,
  "summary_bg_mad": 10.095367960661246,
  "summary_bg_mean": 17.761071449741312,
  "summary_bg_median": 12.722494136542082,
  "summary_bg_n": 708692.0,
  "summary_bg_p05": 0.0,
  "summary_bg_p95": 59.13271922618151,
  "summary_bg_stdv": 20.21411325829489,
  "summary_csf_k": 28.372026012638564,
  "summary_csf_mad": 139.2983666852644,
  "summary_csf_mean": 379.93729519849194,
  "summary_csf_median": 362.3222978040576,
  "summary_csf_n": 10077.0,
  "summary_csf_p05": 192.2112024948001,
  "summary_csf_p95": 597.6107903048395,
  "summary_csf_stdv": 153.12424819137593,
  "summary_gm_k": 0.15642033004489786,
  "summary_gm_mad": 56.49863823598136,
  "summary_gm_mean": 772.9627565797456,
  "summary_gm_median": 772.966181319207,
  "summary_gm_n": 8389.0,
  "summary_gm_p05": 675.9885217882693,
  "summary_gm_p95": 868.7134024500847,
  "summary_gm_stdv": 58.22358613169838,
  "summary_wm_k": 1.3092854630799629,
  "summary_wm_mad": 56.58719409528541,
  "summary_wm_mean": 1008.4959348629975,
  "summary_wm_median": 1000.0597151555121,
  "summary_wm_n": 193175.0,
  "summary_wm_p05": 921.455009598285,
  "summary_wm_p95": 1124.1189654916525,
  "summary_wm_stdv": 62.708410916977535,
  "tpm_overlap_csf": 0.14382721483707428,
  "tpm_overlap_gm": 0.39562395215034485,
  "tpm_overlap_wm": 0.45725175738334656,
  "wm2max": 0.47694060675117506
}