{
  "aor": 0.0007163087248322147,
  "aqi": 0.008637841409395974,
  "bids_meta": {
    "ConversionSoftware": "dcm2niix",
    "ConversionSoftwareVersion": "v1.0.20170411 GCC4.3.2",
    "EchoTime": 0.025,
    "ImageType": [
      "ORIGINAL"
    ],
    "Manufacturer": "Philips",
    "ManufacturersModelName": "N/A",
    "PhilipsRescaleIntercept": 0,
    "PhilipsRescaleSlope": 1.54017,
    "PhilipsScaleSlope": 0.000861528,
    "ProtocolName": "WIPANT_BSENSE",
    "RepetitionTime": 2.4,
    "SequenceVariant": "tfl3d1_ns",
    "SliceTiming": [
      0,
      0.06,
      0.11,
      0.17,
      0.22,
      0.28,
      0.33,
      0.39,
      0.45,
      0.5,
      0.56,
      0.61,
      0.67,
      0.73,
      0.78,
      0.84,
      0.89,
      0.95,
      1,
      1.06,
      1.12,
      1.17,
      1.23,
      1.28,
      1.34,
      1.4,
      1.45,
      1.51,
      1.56,
      1.62,
      1.67,
      1.73,
      1.79,
      1.84,
      1.9,
      1.95,
      2.01,
      2.07,
      2.12,
      2.18,
      2.23,
      2.29,
      2.34
    ],
    "TaskName": "ANT",
    "UsePhilipsFloatNotDisplayScaling": 1,
    "dataset": "ds001907",
    "modality": "bold",
    "run_id": 2,
    "session_id": "1",
    "subject_id": "RC4208",
    "task_id": "ANT"
  },
  "dummy_trs": 0,
  "dvars_nstd": 41.6882340452027,
  "dvars_std": 1.556753441756757,
  "dvars_vstd": 0.9604084960135137,
  "efc": 0.4051389957961759,
  "fber": 844916.0625,
  "fd_mean": 0.29648114381596413,
  "fd_num": 109,
  "fd_perc": 73.15436241610739,
  "fwhm_avg": 1.922392222222222,
  "fwhm_x": 1.8471766666666667,
  "fwhm_y": 2.074053333333333,
  "fwhm_z": 1.8459466666666666,
  "gcor": 0.0401315,
  "gsr_x": -0.01915983483195305,
  "gsr_y": 0.013416985981166363,
  "provenance": {
    "md5sum": "b473a5285a676708c616afa888f0552b",
    "settings": {
      "fd_thres": 0.2,
      "testing": false
    },
    "software": "mriqc",
    "version": "21.0.0rc2",
    "webapi_port": null,
    "webapi_url": "https://mriqc.nimh.nih.gov/api/v1"
  },
  "size_t": 149,
  "size_x": 80,
  "size_y": 80,
  "size_z": 43,
  "snr": 5.348249087361158,
  "spacing_tr": 2.4000020027160645,
  "spacing_x": 3.0,
  "spacing_y": 3.0,
  "spacing_z": 3.0,
  "summary_bg_k": 76.87181140197458,
  "summary_bg_mad": 756.5379337759498,
  "summary_bg_mean": 11649.1904296875,
  "summary_bg_median": 516.8804931640625,
  "summary_bg_n": 195114.0,
  "summary_bg_p05": 4.587227487564087,
  "summary_bg_p95": 60328.0306640625,
  "summary_bg_stdv": 33529.640625,
  "summary_fg_k": 3.2661600810368716,
  "summary_fg_mad": 68899.00381953939,
  "summary_fg_mean": 481366.21875,
  "summary_fg_median": 466915.0,
  "summary_fg_n": 36364.0,
  "summary_fg_p05": 370483.946875,
  "summary_fg_p95": 637483.1281249999,
  "summary_fg_stdv": 87301.203125,
  "tsnr": 68.1647720336914
}