{
  "aor": 0.006319463087248321,
  "aqi": 0.005746031543624161,
  "bids_meta": {
    "ConversionSoftware": "dcm2niix",
    "ConversionSoftwareVersion": "v1.0.20170411 GCC4.3.2",
    "EchoTime": 0.025,
    "ImageType": [
      "ORIGINAL"
    ],
    "Manufacturer": "Philips",
    "ManufacturersModelName": "N/A",
    "PhilipsRescaleIntercept": 0,
    "PhilipsRescaleSlope": 2.56068,
    "PhilipsScaleSlope": 0.000867381,
    "ProtocolName": "WIPANT_ESENSE",
    "RepetitionTime": 2.4,
    "SequenceVariant": "tfl3d1_ns",
    "SliceTiming": [
      0,
      0.06,
      0.11,
      0.17,
      0.22,
      0.28,
      0.33,
      0.39,
      0.45,
      0.5,
      0.56,
      0.61,
      0.67,
      0.73,
      0.78,
      0.84,
      0.89,
      0.95,
      1,
      1.06,
      1.12,
      1.17,
      1.23,
      1.28,
      1.34,
      1.4,
      1.45,
      1.51,
      1.56,
      1.62,
      1.67,
      1.73,
      1.79,
      1.84,
      1.9,
      1.95,
      2.01,
      2.07,
      2.12,
      2.18,
      2.23,
      2.29,
      2.34
    ],
    "TaskName": "ANT",
    "UsePhilipsFloatNotDisplayScaling": 1,
    "dataset": "ds001907",
    "modality": "bold",
    "run_id": 5,
    "session_id": "2",
    "subject_id": "RC4211",
    "task_id": "ANT"
  },
  "dummy_trs": 0,
  "dvars_nstd": 29.480401838378402,
  "dvars_std": 1.4112762114189192,
  "dvars_vstd": 1.0189062633783779,
  "efc": 0.4555612904544154,
  "fber": 389307.875,
  "fd_mean": 0.2703713305433011,
  "fd_num": 43,
  "fd_perc": 28.859060402684563,
  "fwhm_avg": 2.092916666666667,
  "fwhm_x": 1.9673666666666667,
  "fwhm_y": 2.222656666666667,
  "fwhm_z": 2.0887266666666666,
  "gcor": 0.0183744,
  "gsr_x": -0.022646786645054817,
  "gsr_y": 0.03678376227617264,
  "provenance": {
    "md5sum": "55fd7b0780e53a5c29fd003786d5c1e4",
    "settings": {
      "fd_thres": 0.2,
      "testing": false
    },
    "software": "mriqc",
    "version": "21.0.0rc2",
    "webapi_port": null,
    "webapi_url": "https://mriqc.nimh.nih.gov/api/v1"
  },
  "size_t": 149,
  "size_x": 80,
  "size_y": 80,
  "size_z": 43,
  "snr": 4.200044680166902,
  "spacing_tr": 2.4000020027160645,
  "spacing_x": 3.0,
  "spacing_y": 3.0,
  "spacing_z": 3.0,
  "summary_bg_k": 131.81534402825852,
  "summary_bg_mad": 1123.5116278025796,
  "summary_bg_mean": 11762.1103515625,
  "summary_bg_median": 775.9359130859375,
  "summary_bg_n": 177790.0,
  "summary_bg_p05": 6.978460359573366,
  "summary_bg_p95": 59564.98300781241,
  "summary_bg_stdv": 37088.69140625,
  "summary_fg_k": 1.29845637937113,
  "summary_fg_mad": 94502.84916334122,
  "summary_fg_mean": 512790.34375,
  "summary_fg_median": 487978.75,
  "summary_fg_n": 50540.0,
  "summary_fg_p05": 369352.4484375,
  "summary_fg_p95": 752403.7406249997,
  "summary_fg_stdv": 116183.03125,
  "tsnr": 69.86756134033203
}