{
  "aor": 0.0013471140939597317,
  "aqi": 0.00919954953020134,
  "bids_meta": {
    "ConversionSoftware": "dcm2niix",
    "ConversionSoftwareVersion": "v1.0.20170411 GCC4.3.2",
    "EchoTime": 0.025,
    "ImageType": [
      "ORIGINAL"
    ],
    "Manufacturer": "Philips",
    "ManufacturersModelName": "N/A",
    "PhilipsRescaleIntercept": 0,
    "PhilipsRescaleSlope": 1.57827,
    "PhilipsScaleSlope": 0.000855403,
    "ProtocolName": "WIPANT_DSENSE",
    "RepetitionTime": 2.4,
    "SequenceVariant": "tfl3d1_ns",
    "SliceTiming": [
      0,
      0.06,
      0.11,
      0.17,
      0.22,
      0.28,
      0.33,
      0.39,
      0.45,
      0.5,
      0.56,
      0.61,
      0.67,
      0.73,
      0.78,
      0.84,
      0.89,
      0.95,
      1,
      1.06,
      1.12,
      1.17,
      1.23,
      1.28,
      1.34,
      1.4,
      1.45,
      1.51,
      1.56,
      1.62,
      1.67,
      1.73,
      1.79,
      1.84,
      1.9,
      1.95,
      2.01,
      2.07,
      2.12,
      2.18,
      2.23,
      2.29,
      2.34
    ],
    "TaskName": "ANT",
    "UsePhilipsFloatNotDisplayScaling": 1,
    "dataset": "ds001907",
    "modality": "bold",
    "run_id": 4,
    "session_id": "2",
    "subject_id": "RC4208",
    "task_id": "ANT"
  },
  "dummy_trs": 0,
  "dvars_nstd": 42.92286622837836,
  "dvars_std": 1.529740604189189,
  "dvars_vstd": 0.9735658733108113,
  "efc": 0.40277884470528014,
  "fber": 1213205.875,
  "fd_mean": 0.4608000427615739,
  "fd_num": 141,
  "fd_perc": 94.63087248322148,
  "fwhm_avg": 1.9439966666666668,
  "fwhm_x": 1.8702033333333334,
  "fwhm_y": 2.0750333333333333,
  "fwhm_z": 1.8867533333333333,
  "gcor": 0.0239784,
  "gsr_x": -0.01687942072749138,
  "gsr_y": 0.01402992196381092,
  "provenance": {
    "md5sum": "86cb354a446a4d3b03ce2bb2e950b68d",
    "settings": {
      "fd_thres": 0.2,
      "testing": false
    },
    "software": "mriqc",
    "version": "21.0.0rc2",
    "webapi_port": null,
    "webapi_url": "https://mriqc.nimh.nih.gov/api/v1"
  },
  "size_t": 149,
  "size_x": 80,
  "size_y": 80,
  "size_z": 43,
  "snr": 5.40799757284184,
  "spacing_tr": 2.4000020027160645,
  "spacing_x": 3.0,
  "spacing_y": 3.0,
  "spacing_z": 3.0,
  "summary_bg_k": 86.4852517272033,
  "summary_bg_mad": 682.6014487200706,
  "summary_bg_mean": 11759.5673828125,
  "summary_bg_median": 464.4007568359375,
  "summary_bg_n": 194692.0,
  "summary_bg_p05": 2.750118684768677,
  "summary_bg_p95": 59861.222656249905,
  "summary_bg_stdv": 35765.84765625,
  "summary_fg_k": 3.2285344646563594,
  "summary_fg_mad": 73291.7457020345,
  "summary_fg_mean": 519541.6875,
  "summary_fg_median": 504245.21875,
  "summary_fg_n": 36513.0,
  "summary_fg_p05": 400111.1625,
  "summary_fg_p95": 685255.7000000003,
  "summary_fg_stdv": 93239.375,
  "tsnr": 70.17237854003906
}