{
  "aor": 0.0013434228187919465,
  "aqi": 0.0033243478523489935,
  "bids_meta": {
    "ConversionSoftware": "dcm2niix",
    "ConversionSoftwareVersion": "v1.0.20170411 GCC4.3.2",
    "EchoTime": 0.025,
    "ImageType": [
      "ORIGINAL"
    ],
    "Manufacturer": "Philips",
    "ManufacturersModelName": "N/A",
    "PhilipsRescaleIntercept": 0,
    "PhilipsRescaleSlope": 3.1409,
    "PhilipsScaleSlope": 0.000928337,
    "ProtocolName": "WIPANT_CSENSE",
    "RepetitionTime": 2.4,
    "SequenceVariant": "tfl3d1_ns",
    "SliceTiming": [
      0,
      0.06,
      0.11,
      0.17,
      0.22,
      0.28,
      0.33,
      0.39,
      0.45,
      0.5,
      0.56,
      0.61,
      0.67,
      0.73,
      0.78,
      0.84,
      0.89,
      0.95,
      1,
      1.06,
      1.12,
      1.17,
      1.23,
      1.28,
      1.34,
      1.4,
      1.45,
      1.51,
      1.56,
      1.62,
      1.67,
      1.73,
      1.79,
      1.84,
      1.9,
      1.95,
      2.01,
      2.07,
      2.12,
      2.18,
      2.23,
      2.29,
      2.34
    ],
    "TaskName": "ANT",
    "UsePhilipsFloatNotDisplayScaling": 1,
    "dataset": "ds001907",
    "modality": "bold",
    "run_id": 3,
    "session_id": "2",
    "subject_id": "RC4103",
    "task_id": "ANT"
  },
  "dummy_trs": 0,
  "dvars_nstd": 16.534644854932427,
  "dvars_std": 1.158170017027027,
  "dvars_vstd": 0.9552052870270266,
  "efc": 0.4140727918965377,
  "fber": 7183197.5,
  "fd_mean": 0.12874858544584902,
  "fd_num": 14,
  "fd_perc": 9.395973154362416,
  "fwhm_avg": 2.1942722222222226,
  "fwhm_x": 2.1053833333333336,
  "fwhm_y": 2.3685933333333336,
  "fwhm_z": 2.1088400000000003,
  "gcor": 0.0202789,
  "gsr_x": -0.022736024111509323,
  "gsr_y": 0.01826118677854538,
  "provenance": {
    "md5sum": "166005332d1019e976dca9fc9209f10a",
    "settings": {
      "fd_thres": 0.2,
      "testing": false
    },
    "software": "mriqc",
    "version": "21.0.0rc2",
    "webapi_port": null,
    "webapi_url": "https://mriqc.nimh.nih.gov/api/v1"
  },
  "size_t": 149,
  "size_x": 80,
  "size_y": 80,
  "size_z": 43,
  "snr": 3.9208520545361347,
  "spacing_tr": 2.4000020027160645,
  "spacing_x": 3.0,
  "spacing_y": 3.0,
  "spacing_z": 3.0,
  "summary_bg_k": 105.19842401578371,
  "summary_bg_mad": 251.35692087025654,
  "summary_bg_mean": 8816.095703125,
  "summary_bg_median": 170.40997314453125,
  "summary_bg_n": 187334.0,
  "summary_bg_p05": 0.36575705409049986,
  "summary_bg_p95": 47048.18164062502,
  "summary_bg_stdv": 32123.0703125,
  "summary_fg_k": 1.5475639488064266,
  "summary_fg_mad": 102019.13276665201,
  "summary_fg_mean": 480759.84375,
  "summary_fg_median": 460521.5,
  "summary_fg_n": 42256.0,
  "summary_fg_p05": 327579.0078125,
  "summary_fg_p95": 704727.4375,
  "summary_fg_stdv": 117453.0546875,
  "tsnr": 84.7567138671875
}