{
  "bids_meta": {
    "ConversionSoftware": "dcm2niix",
    "ConversionSoftwareVersion": "v1.0.20170411 GCC4.3.2",
    "EchoTime": 0.00353,
    "ImageType": [
      "ORIGINAL"
    ],
    "Manufacturer": "Philips",
    "ManufacturersModelName": "N/A",
    "PhilipsRescaleIntercept": 0,
    "PhilipsRescaleSlope": 8.17216,
    "PhilipsScaleSlope": 0.000306852,
    "ProtocolName": "WIPMPRAGE_S2SENSE",
    "RepetitionTime": 0.007536,
    "SequenceVariant": "tfl3d1_ns",
    "UsePhilipsFloatNotDisplayScaling": 1,
    "dataset": "ds001907",
    "modality": "T1w",
    "session_id": "1",
    "subject_id": "RC4131"
  },
  "cjv": 0.4831238263751013,
  "cnr": 2.5433154494765153,
  "efc": 0.7777126157803683,
  "fber": 2841.0990234525184,
  "fwhm_avg": 3.223616799256412,
  "fwhm_x": 3.319650197866571,
  "fwhm_y": 3.3538101999026657,
  "fwhm_z": 2.99739,
  "icvs_csf": 0.19386797737433753,
  "icvs_gm": 0.36873695944207846,
  "icvs_wm": 0.437395063183584,
  "inu_med": 2.891247034072876,
  "inu_range": 0.861211860179901,
  "provenance": {
    "md5sum": "4c61c0f4e15d49c0a8aee2457ba40b71",
    "settings": {
      "testing": false
    },
    "software": "mriqc",
    "version": "21.0.0rc2",
    "warnings": {
      "large_rot_frame": true,
      "small_air_mask": false
    },
    "webapi_port": null,
    "webapi_url": "https://mriqc.nimh.nih.gov/api/v1"
  },
  "qi_1": 0.0,
  "qi_2": 7.534510869575447e-06,
  "rpve_csf": 28.374561996528165,
  "rpve_gm": 14.63117585087786,
  "rpve_wm": 15.583399691553382,
  "size_x": 176,
  "size_y": 256,
  "size_z": 256,
  "snr_csf": 2.5698723860651933,
  "snr_gm": 13.79789941950459,
  "snr_total": 11.857473058434723,
  "snr_wm": 19.204647369734385,
  "snrd_csf": 28.60138844571775,
  "snrd_gm": 54.37262294922542,
  "snrd_total": 50.52835973610778,
  "snrd_wm": 68.61106781338017,
  "spacing_x": 0.9999999403953552,
  "spacing_y": 0.9999999403953552,
  "spacing_z": 1.0,
  "summary_bg_k": 1964.7689780725618,
  "summary_bg_mad": 9.549040837971344,
  "summary_bg_mean": 13.090911565986552,
  "summary_bg_median": 12.830343432724476,
  "summary_bg_n": 417594.0,
  "summary_bg_p05": 0.0,
  "summary_bg_p95": 33.583807311952114,
  "summary_bg_stdv": 25.458629263112986,
  "summary_csf_k": 7.480359904574495,
  "summary_csf_mad": 165.25145672378184,
  "summary_csf_mean": 430.0150882119643,
  "summary_csf_median": 416.8839277513325,
  "summary_csf_n": 5742.0,
  "summary_csf_p05": 206.63242539949715,
  "summary_csf_p95": 666.7152505014092,
  "summary_csf_stdv": 162.20557376643458,
  "summary_gm_k": 0.27697231602417594,
  "summary_gm_mad": 54.944877837533525,
  "summary_gm_mean": 793.6037950447753,
  "summary_gm_median": 792.5165122747421,
  "summary_gm_n": 12517.0,
  "summary_gm_p05": 701.9884715601802,
  "summary_gm_p95": 892.245596088469,
  "summary_gm_stdv": 57.43518125056256,
  "summary_wm_k": 1.602667416657991,
  "summary_wm_mad": 45.32005096116558,
  "summary_wm_mean": 1006.9040082149317,
  "summary_wm_median": 1000.0511510670185,
  "summary_wm_n": 196237.0,
  "summary_wm_p05": 935.1837972179055,
  "summary_wm_p95": 1102.8472492471337,
  "summary_wm_stdv": 52.073260380192686,
  "tpm_overlap_csf": 0.15139874815940857,
  "tpm_overlap_gm": 0.38909876346588135,
  "tpm_overlap_wm": 0.46143853664398193,
  "wm2max": 0.5651558482826357
}