{
  "bids_meta": {
    "ConversionSoftware": "dcm2niix",
    "ConversionSoftwareVersion": "v1.0.20170411 GCC4.3.2",
    "EchoTime": 0.00351,
    "ImageType": [
      "ORIGINAL"
    ],
    "Manufacturer": "Philips",
    "ManufacturersModelName": "N/A",
    "PhilipsRescaleIntercept": 0,
    "PhilipsRescaleSlope": 8.4757,
    "PhilipsScaleSlope": 0.00034845,
    "ProtocolName": "WIPMPRAGE_S2SENSE",
    "RepetitionTime": 0.007626,
    "SequenceVariant": "tfl3d1_ns",
    "UsePhilipsFloatNotDisplayScaling": 1,
    "dataset": "ds001907",
    "modality": "T1w",
    "session_id": "2",
    "subject_id": "RC4103"
  },
  "cjv": 0.3454091190066815,
  "cnr": 3.550132065908713,
  "efc": 0.7308421265291913,
  "fber": 10614.10805272864,
  "fwhm_avg": 3.500350135357587,
  "fwhm_x": 3.5308302104538805,
  "fwhm_y": 3.68828,
  "fwhm_z": 3.2819401956188794,
  "icvs_csf": 0.18229669648221042,
  "icvs_gm": 0.39422006134830717,
  "icvs_wm": 0.4234832421694824,
  "inu_med": 1.5300137996673584,
  "inu_range": 0.510643482208252,
  "provenance": {
    "md5sum": "6d0d4e3b1cd490faf00583927074c0c6",
    "settings": {
      "testing": false
    },
    "software": "mriqc",
    "version": "21.0.0rc2",
    "warnings": {
      "large_rot_frame": true,
      "small_air_mask": false
    },
    "webapi_port": null,
    "webapi_url": "https://mriqc.nimh.nih.gov/api/v1"
  },
  "qi_1": 0.00460335488535024,
  "qi_2": 1.4401491845404058e-05,
  "rpve_csf": 31.210742260350614,
  "rpve_gm": 15.018415045371643,
  "rpve_wm": 17.030404335746873,
  "size_x": 176,
  "size_y": 256,
  "size_z": 256,
  "snr_csf": 1.39099000277551,
  "snr_gm": 13.050674870003514,
  "snr_total": 14.146514574740982,
  "snr_wm": 27.99787885144392,
  "snrd_csf": 21.329060560326653,
  "snrd_gm": 53.80379235258841,
  "snrd_total": 48.75257317642909,
  "snrd_wm": 71.12486661637222,
  "spacing_x": 0.9999999403953552,
  "spacing_y": 1.0,
  "spacing_z": 0.9999999403953552,
  "summary_bg_k": 4.031279170454528,
  "summary_bg_mad": 9.211073301331883,
  "summary_bg_mean": 8.5494163193492,
  "summary_bg_median": 6.212774530053139,
  "summary_bg_n": 346462.0,
  "summary_bg_p05": 0.0,
  "summary_bg_p95": 25.261860072612762,
  "summary_bg_stdv": 8.385643219651774,
  "summary_csf_k": 9.191282128915992,
  "summary_csf_mad": 106.68858869269944,
  "summary_csf_mean": 352.11169555967297,
  "summary_csf_median": 299.8818978741765,
  "summary_csf_n": 15134.0,
  "summary_csf_p05": 170.48161381930115,
  "summary_csf_p95": 719.4855012997954,
  "summary_csf_stdv": 215.5817004841111,
  "summary_gm_k": 0.30610560320799607,
  "summary_gm_mad": 53.89619749870225,
  "summary_gm_mean": 756.7841536313974,
  "summary_gm_median": 756.4694805890322,
  "summary_gm_n": 15711.0,
  "summary_gm_p05": 660.0687848851085,
  "summary_gm_p95": 853.3836287334561,
  "summary_gm_stdv": 57.96216772110089,
  "summary_wm_k": 2.291707588224252,
  "summary_wm_mad": 30.22145537709717,
  "summary_wm_mean": 1001.4769224201102,
  "summary_wm_median": 999.9999731183052,
  "summary_wm_n": 199464.0,
  "summary_wm_p05": 947.6791694313288,
  "summary_wm_p95": 1060.998123049736,
  "summary_wm_stdv": 35.71690097321977,
  "tpm_overlap_csf": 0.18250247836112976,
  "tpm_overlap_gm": 0.41331470012664795,
  "tpm_overlap_wm": 0.4910367429256439,
  "wm2max": 0.5858882779702103
}