{
  "bids_meta": {
    "ConversionSoftware": "dcm2niix",
    "ConversionSoftwareVersion": "v1.0.20170411 GCC4.3.2",
    "EchoTime": 0.00351,
    "ImageType": [
      "ORIGINAL"
    ],
    "Manufacturer": "Philips",
    "ManufacturersModelName": "N/A",
    "PhilipsRescaleIntercept": 0,
    "PhilipsRescaleSlope": 7.31868,
    "PhilipsScaleSlope": 0.000339412,
    "ProtocolName": "WIPMPRAGE_S2SENSE",
    "RepetitionTime": 0.007619,
    "SequenceVariant": "tfl3d1_ns",
    "UsePhilipsFloatNotDisplayScaling": 1,
    "dataset": "ds001907",
    "modality": "T1w",
    "session_id": "1",
    "subject_id": "RC4118"
  },
  "cjv": 0.45551998157294143,
  "cnr": 2.8261617343672216,
  "efc": 0.762200797950399,
  "fber": 2145.7706495484144,
  "fwhm_avg": 3.3001199999999997,
  "fwhm_x": 3.31732,
  "fwhm_y": 3.51916,
  "fwhm_z": 3.06388,
  "icvs_csf": 0.19184685099476112,
  "icvs_gm": 0.3718854051173321,
  "icvs_wm": 0.4362677438879068,
  "inu_med": 2.759843349456787,
  "inu_range": 0.7770082950592041,
  "provenance": {
    "md5sum": "11abc20db239c4216f1cff5019eff5fe",
    "settings": {
      "testing": false
    },
    "software": "mriqc",
    "version": "21.0.0rc2",
    "warnings": {
      "large_rot_frame": true,
      "small_air_mask": false
    },
    "webapi_port": null,
    "webapi_url": "https://mriqc.nimh.nih.gov/api/v1"
  },
  "qi_1": 0.0,
  "qi_2": 9.091173501633243e-06,
  "rpve_csf": 25.853613931467045,
  "rpve_gm": 13.308099851588425,
  "rpve_wm": 14.208678127235158,
  "size_x": 176,
  "size_y": 256,
  "size_z": 256,
  "snr_csf": 2.1251508170488114,
  "snr_gm": 13.250386186728427,
  "snr_total": 12.173453563764236,
  "snr_wm": 21.14482368751547,
  "snrd_csf": 27.04257579714097,
  "snrd_gm": 48.07424624468314,
  "snrd_total": 45.519340709601416,
  "snrd_wm": 61.441200086980146,
  "spacing_x": 1.0,
  "spacing_y": 1.0,
  "spacing_z": 1.0,
  "summary_bg_k": 4.5246547697176975,
  "summary_bg_mad": 10.66338253419865,
  "summary_bg_mean": 14.827493985003397,
  "summary_bg_median": 14.278914704918861,
  "summary_bg_n": 442389.0,
  "summary_bg_p05": 0.0,
  "summary_bg_p95": 44.158865846693516,
  "summary_bg_stdv": 14.232990088512368,
  "summary_csf_k": 9.452593157916048,
  "summary_csf_mad": 147.56239653942544,
  "summary_csf_mean": 461.1411854442629,
  "summary_csf_median": 440.1607669964433,
  "summary_csf_n": 8412.0,
  "summary_csf_p05": 222.90972400456667,
  "summary_csf_p95": 706.1848806794733,
  "summary_csf_stdv": 207.1074673936126,
  "summary_gm_k": 0.3808524303024243,
  "summary_gm_mad": 55.12027883486508,
  "summary_gm_mean": 784.3010634918526,
  "summary_gm_median": 782.4845258295536,
  "summary_gm_n": 12625.0,
  "summary_gm_p05": 690.0417743325233,
  "summary_gm_p95": 885.2821347311138,
  "summary_gm_stdv": 59.051375914870256,
  "summary_wm_k": 1.0112024701908977,
  "summary_wm_mad": 43.98645295356943,
  "summary_wm_mean": 1005.0298703552892,
  "summary_wm_median": 1000.0528780370951,
  "summary_wm_n": 232309.0,
  "summary_wm_p05": 937.2785382047296,
  "summary_wm_p95": 1090.1158104166389,
  "summary_wm_stdv": 47.29529743989605,
  "tpm_overlap_csf": 0.14683346450328827,
  "tpm_overlap_gm": 0.38506513833999634,
  "tpm_overlap_wm": 0.4676801264286041,
  "wm2max": 0.4763024422275149
}