{
  "aor": 0.0008802013422818791,
  "aqi": 0.0029659586577181207,
  "bids_meta": {
    "ConversionSoftware": "dcm2niix",
    "ConversionSoftwareVersion": "v1.0.20170411 GCC4.3.2",
    "EchoTime": 0.025,
    "ImageType": [
      "ORIGINAL"
    ],
    "Manufacturer": "Philips",
    "ManufacturersModelName": "N/A",
    "PhilipsRescaleIntercept": 0,
    "PhilipsRescaleSlope": 2.26374,
    "PhilipsScaleSlope": 0.000926737,
    "ProtocolName": "WIPANT_CSENSE",
    "RepetitionTime": 2.4,
    "SequenceVariant": "tfl3d1_ns",
    "SliceTiming": [
      0,
      0.06,
      0.11,
      0.17,
      0.22,
      0.28,
      0.33,
      0.39,
      0.45,
      0.5,
      0.56,
      0.61,
      0.67,
      0.73,
      0.78,
      0.84,
      0.89,
      0.95,
      1,
      1.06,
      1.12,
      1.17,
      1.23,
      1.28,
      1.34,
      1.4,
      1.45,
      1.51,
      1.56,
      1.62,
      1.67,
      1.73,
      1.79,
      1.84,
      1.9,
      1.95,
      2.01,
      2.07,
      2.12,
      2.18,
      2.23,
      2.29,
      2.34
    ],
    "TaskName": "ANT",
    "UsePhilipsFloatNotDisplayScaling": 1,
    "dataset": "ds001907",
    "modality": "bold",
    "run_id": 3,
    "session_id": "1",
    "subject_id": "RC4117",
    "task_id": "ANT"
  },
  "dummy_trs": 0,
  "dvars_nstd": 19.381060355337834,
  "dvars_std": 1.3150225339189197,
  "dvars_vstd": 0.98174752527027,
  "efc": 0.3888271266145929,
  "fber": 887978.6875,
  "fd_mean": 0.07691275691639744,
  "fd_num": 6,
  "fd_perc": 4.026845637583893,
  "fwhm_avg": 1.9218377777777775,
  "fwhm_x": 1.8287066666666665,
  "fwhm_y": 2.0500333333333334,
  "fwhm_z": 1.8867733333333332,
  "gcor": 0.0358682,
  "gsr_x": -0.015239773318171501,
  "gsr_y": 0.012931400910019875,
  "provenance": {
    "md5sum": "a116d5fbaa8e82b0a2f972474e2f6f82",
    "settings": {
      "fd_thres": 0.2,
      "testing": false
    },
    "software": "mriqc",
    "version": "21.0.0rc2",
    "webapi_port": null,
    "webapi_url": "https://mriqc.nimh.nih.gov/api/v1"
  },
  "size_t": 149,
  "size_x": 80,
  "size_y": 80,
  "size_z": 43,
  "snr": 4.564718665473628,
  "spacing_tr": 2.4000020027160645,
  "spacing_x": 3.0,
  "spacing_y": 3.0,
  "spacing_z": 3.0,
  "summary_bg_k": 140.73304821899876,
  "summary_bg_mad": 877.9267108081613,
  "summary_bg_mean": 10453.4482421875,
  "summary_bg_median": 602.0671997070312,
  "summary_bg_n": 195565.0,
  "summary_bg_p05": 3.8013485431671143,
  "summary_bg_p95": 54733.87968749997,
  "summary_bg_stdv": 35771.27734375,
  "summary_fg_k": 1.590336570177299,
  "summary_fg_mad": 92658.93215105386,
  "summary_fg_mean": 571916.875,
  "summary_fg_median": 544626.875,
  "summary_fg_n": 36611.0,
  "summary_fg_p05": 430356.3125,
  "summary_fg_p95": 823291.0625,
  "summary_fg_stdv": 119310.625,
  "tsnr": 107.60317993164062
}