{
  "aor": 0.0009412080536912754,
  "aqi": 0.0039156987919463085,
  "bids_meta": {
    "ConversionSoftware": "dcm2niix",
    "ConversionSoftwareVersion": "v1.0.20170411 GCC4.3.2",
    "EchoTime": 0.025,
    "ImageType": [
      "ORIGINAL"
    ],
    "Manufacturer": "Philips",
    "ManufacturersModelName": "N/A",
    "PhilipsRescaleIntercept": 0,
    "PhilipsRescaleSlope": 2.10672,
    "PhilipsScaleSlope": 0.000935446,
    "ProtocolName": "WIPANT_ASENSE",
    "RepetitionTime": 2.4,
    "SequenceVariant": "tfl3d1_ns",
    "SliceTiming": [
      0,
      0.06,
      0.11,
      0.17,
      0.22,
      0.28,
      0.33,
      0.39,
      0.45,
      0.5,
      0.56,
      0.61,
      0.67,
      0.73,
      0.78,
      0.84,
      0.89,
      0.95,
      1,
      1.06,
      1.12,
      1.17,
      1.23,
      1.28,
      1.34,
      1.4,
      1.45,
      1.51,
      1.56,
      1.62,
      1.67,
      1.73,
      1.79,
      1.84,
      1.9,
      1.95,
      2.01,
      2.07,
      2.12,
      2.18,
      2.23,
      2.29,
      2.34
    ],
    "TaskName": "ANT",
    "UsePhilipsFloatNotDisplayScaling": 1,
    "dataset": "ds001907",
    "modality": "bold",
    "run_id": 1,
    "session_id": "1",
    "subject_id": "RC4117",
    "task_id": "ANT"
  },
  "dummy_trs": 0,
  "dvars_nstd": 16.109370050945934,
  "dvars_std": 1.1549561354054054,
  "dvars_vstd": 0.9634852277702703,
  "efc": 0.38890214464123835,
  "fber": 853385.1875,
  "fd_mean": 0.09416551643073907,
  "fd_num": 12,
  "fd_perc": 8.053691275167786,
  "fwhm_avg": 1.9260433333333333,
  "fwhm_x": 1.83912,
  "fwhm_y": 2.0615366666666666,
  "fwhm_z": 1.8774733333333333,
  "gcor": 0.0261349,
  "gsr_x": -0.015158740803599358,
  "gsr_y": 0.012685335241258144,
  "provenance": {
    "md5sum": "9dcf532320e6d3c47c59a0912b875a0b",
    "settings": {
      "fd_thres": 0.2,
      "testing": false
    },
    "software": "mriqc",
    "version": "21.0.0rc2",
    "webapi_port": null,
    "webapi_url": "https://mriqc.nimh.nih.gov/api/v1"
  },
  "size_t": 149,
  "size_x": 80,
  "size_y": 80,
  "size_z": 43,
  "snr": 4.548938881093849,
  "spacing_tr": 2.4000020027160645,
  "spacing_x": 3.0,
  "spacing_y": 3.0,
  "spacing_z": 3.0,
  "summary_bg_k": 140.29131631232886,
  "summary_bg_mad": 877.6778666041664,
  "summary_bg_mean": 10230.6513671875,
  "summary_bg_median": 607.043701171875,
  "summary_bg_n": 195392.0,
  "summary_bg_p05": 5.635915970802311,
  "summary_bg_p95": 53040.362499999894,
  "summary_bg_stdv": 35093.66796875,
  "summary_fg_k": 1.6460645481414318,
  "summary_fg_mad": 90538.48665935555,
  "summary_fg_mean": 566235.6875,
  "summary_fg_median": 538902.625,
  "summary_fg_n": 36629.0,
  "summary_fg_p05": 426708.7375,
  "summary_fg_p95": 814856.8375,
  "summary_fg_stdv": 118466.1484375,
  "tsnr": 97.03036499023438
}