{
  "aor": 0.002790738255033557,
  "aqi": 0.005013916375838925,
  "bids_meta": {
    "ConversionSoftware": "dcm2niix",
    "ConversionSoftwareVersion": "v1.0.20170411 GCC4.3.2",
    "EchoTime": 0.025,
    "ImageType": [
      "ORIGINAL"
    ],
    "Manufacturer": "Philips",
    "ManufacturersModelName": "N/A",
    "PhilipsRescaleIntercept": 0,
    "PhilipsRescaleSlope": 2.24225,
    "PhilipsScaleSlope": 0.000899829,
    "ProtocolName": "WIPANT_DSENSE",
    "RepetitionTime": 2.4,
    "SequenceVariant": "tfl3d1_ns",
    "SliceTiming": [
      0,
      0.06,
      0.11,
      0.17,
      0.22,
      0.28,
      0.33,
      0.39,
      0.45,
      0.5,
      0.56,
      0.61,
      0.67,
      0.73,
      0.78,
      0.84,
      0.89,
      0.95,
      1,
      1.06,
      1.12,
      1.17,
      1.23,
      1.28,
      1.34,
      1.4,
      1.45,
      1.51,
      1.56,
      1.62,
      1.67,
      1.73,
      1.79,
      1.84,
      1.9,
      1.95,
      2.01,
      2.07,
      2.12,
      2.18,
      2.23,
      2.29,
      2.34
    ],
    "TaskName": "ANT",
    "UsePhilipsFloatNotDisplayScaling": 1,
    "dataset": "ds001907",
    "modality": "bold",
    "run_id": 4,
    "session_id": "2",
    "subject_id": "RC4215",
    "task_id": "ANT"
  },
  "dummy_trs": 0,
  "dvars_nstd": 21.087457663310804,
  "dvars_std": 1.2561028809459467,
  "dvars_vstd": 1.0116318779729732,
  "efc": 0.3886858222285936,
  "fber": 1781298.875,
  "fd_mean": 0.24840861058128216,
  "fd_num": 84,
  "fd_perc": 56.375838926174495,
  "fwhm_avg": 1.9374255555555555,
  "fwhm_x": 1.8518800000000002,
  "fwhm_y": 2.1086899999999997,
  "fwhm_z": 1.8517066666666666,
  "gcor": 0.0355988,
  "gsr_x": -0.01679764688014984,
  "gsr_y": 0.027400577440857887,
  "provenance": {
    "md5sum": "7676c3a165a44c464ba45bfce3b94ba3",
    "settings": {
      "fd_thres": 0.2,
      "testing": false
    },
    "software": "mriqc",
    "version": "21.0.0rc2",
    "webapi_port": null,
    "webapi_url": "https://mriqc.nimh.nih.gov/api/v1"
  },
  "size_t": 149,
  "size_x": 80,
  "size_y": 80,
  "size_z": 43,
  "snr": 5.571941874711201,
  "spacing_tr": 2.4000020027160645,
  "spacing_x": 3.0,
  "spacing_y": 3.0,
  "spacing_z": 3.0,
  "summary_bg_k": 87.93353999316881,
  "summary_bg_mad": 606.9797266104489,
  "summary_bg_mean": 12348.7548828125,
  "summary_bg_median": 414.4132385253906,
  "summary_bg_n": 198577.0,
  "summary_bg_p05": 3.404746770858765,
  "summary_bg_p95": 61023.415624999936,
  "summary_bg_stdv": 40735.734375,
  "summary_fg_k": 2.2587991636770264,
  "summary_fg_mad": 81592.18688497678,
  "summary_fg_mean": 532983.9375,
  "summary_fg_median": 521093.59375,
  "summary_fg_n": 34123.0,
  "summary_fg_p05": 404737.546875,
  "summary_fg_p95": 692992.7062499999,
  "summary_fg_stdv": 93519.6328125,
  "tsnr": 80.37090301513672
}