{
  "bids_meta": {
    "ConversionSoftware": "dcm2niix",
    "ConversionSoftwareVersion": "v1.0.20170411 GCC4.3.2",
    "EchoTime": 0.00351,
    "ImageType": [
      "ORIGINAL"
    ],
    "Manufacturer": "Philips",
    "ManufacturersModelName": "N/A",
    "PhilipsRescaleIntercept": 0,
    "PhilipsRescaleSlope": 7.81783,
    "PhilipsScaleSlope": 0.000325012,
    "ProtocolName": "WIPMPRAGE_S2SENSE",
    "RepetitionTime": 0.007632,
    "SequenceVariant": "tfl3d1_ns",
    "UsePhilipsFloatNotDisplayScaling": 1,
    "dataset": "ds001907",
    "modality": "T1w",
    "session_id": "1",
    "subject_id": "RC4123"
  },
  "cjv": 0.48398284418892834,
  "cnr": 2.6262537888929405,
  "efc": 0.7754130280296471,
  "fber": 2278.175100054083,
  "fwhm_avg": 3.6530500000000004,
  "fwhm_x": 3.69971,
  "fwhm_y": 3.8649,
  "fwhm_z": 3.39454,
  "icvs_csf": 0.24779556289076984,
  "icvs_gm": 0.34959975838890783,
  "icvs_wm": 0.40260467872032235,
  "inu_med": 3.0087475776672363,
  "inu_range": 0.7643011569976808,
  "provenance": {
    "md5sum": "356ce56f521a9f84dce9a7d0df35cc25",
    "settings": {
      "testing": false
    },
    "software": "mriqc",
    "version": "21.0.0rc2",
    "warnings": {
      "large_rot_frame": true,
      "small_air_mask": true
    },
    "webapi_port": null,
    "webapi_url": "https://mriqc.nimh.nih.gov/api/v1"
  },
  "qi_1": 0.0,
  "qi_2": 8.135015740015373e-06,
  "rpve_csf": 24.111034899207418,
  "rpve_gm": 15.448164212841347,
  "rpve_wm": 16.85678366438442,
  "size_x": 176,
  "size_y": 256,
  "size_z": 256,
  "snr_csf": 3.02250647043557,
  "snr_gm": 14.195609049083137,
  "snr_total": 11.767200403665813,
  "snr_wm": 18.08348569147873,
  "snrd_csf": 20.51541195270046,
  "snrd_gm": 51.01737454460463,
  "snrd_total": 45.44831258316078,
  "snrd_wm": 64.81215125217726,
  "spacing_x": 1.0,
  "spacing_y": 1.0,
  "spacing_z": 1.0,
  "summary_bg_k": 1808.867940624335,
  "summary_bg_mad": 10.108233911536017,
  "summary_bg_mean": 11.125601999068135,
  "summary_bg_median": 6.879881076514721,
  "summary_bg_n": 269232.0,
  "summary_bg_p05": 0.0,
  "summary_bg_p95": 27.643486127257347,
  "summary_bg_stdv": 20.873876126637732,
  "summary_csf_k": 23.056590762451258,
  "summary_csf_mad": 88.309207172601,
  "summary_csf_mean": 337.6184243563281,
  "summary_csf_median": 316.5365104302764,
  "summary_csf_n": 32066.0,
  "summary_csf_p05": 207.5275839138776,
  "summary_csf_p95": 521.9102577008307,
  "summary_csf_stdv": 104.72486255524612,
  "summary_gm_k": 0.2203627764758993,
  "summary_gm_mad": 52.83849544666554,
  "summary_gm_mean": 786.5424695081946,
  "summary_gm_median": 787.1575646102428,
  "summary_gm_n": 9401.0,
  "summary_gm_p05": 693.8143132477999,
  "summary_gm_p95": 878.0215795487165,
  "summary_gm_stdv": 55.447828631083574,
  "summary_wm_k": 1.696556409923974,
  "summary_wm_mad": 50.17359741544241,
  "summary_wm_mean": 1006.8227603811516,
  "summary_wm_median": 1000.0000116080046,
  "summary_wm_n": 176038.0,
  "summary_wm_p05": 929.3417735248804,
  "summary_wm_p95": 1104.7477505207062,
  "summary_wm_stdv": 55.29891683323584,
  "tpm_overlap_csf": 0.15142692625522614,
  "tpm_overlap_gm": 0.3658248484134674,
  "tpm_overlap_wm": 0.44776347279548645,
  "wm2max": 0.5463134298072041
}