{
  "bids_meta": {
    "ConversionSoftware": "dcm2niix",
    "ConversionSoftwareVersion": "v1.0.20170411 GCC4.3.2",
    "EchoTime": 0.00351,
    "ImageType": [
      "ORIGINAL"
    ],
    "Manufacturer": "Philips",
    "ManufacturersModelName": "N/A",
    "PhilipsRescaleIntercept": 0,
    "PhilipsRescaleSlope": 9.12332,
    "PhilipsScaleSlope": 0.000348393,
    "ProtocolName": "WIPMPRAGE_S2SENSE",
    "RepetitionTime": 0.007571,
    "SequenceVariant": "tfl3d1_ns",
    "UsePhilipsFloatNotDisplayScaling": 1,
    "dataset": "ds001907",
    "modality": "T1w",
    "session_id": "1",
    "subject_id": "RC4126"
  },
  "cjv": 0.4475717589258283,
  "cnr": 2.7066818288178713,
  "efc": 0.74621688016726,
  "fber": 7923.525023892158,
  "fwhm_avg": 3.1098033333333333,
  "fwhm_x": 3.21645,
  "fwhm_y": 3.25854,
  "fwhm_z": 2.85442,
  "icvs_csf": 0.21178243218012502,
  "icvs_gm": 0.3844674448697553,
  "icvs_wm": 0.40375012295011964,
  "inu_med": 2.5991621017456055,
  "inu_range": 0.7704447984695437,
  "provenance": {
    "md5sum": "ab0c17dc88c1adb1baeb4febc167db5f",
    "settings": {
      "testing": false
    },
    "software": "mriqc",
    "version": "21.0.0rc2",
    "warnings": {
      "large_rot_frame": true,
      "small_air_mask": true
    },
    "webapi_port": null,
    "webapi_url": "https://mriqc.nimh.nih.gov/api/v1"
  },
  "qi_1": 0.0008466134451913771,
  "qi_2": 1.5272169326301494e-05,
  "rpve_csf": 28.621518478675956,
  "rpve_gm": 15.115111296479796,
  "rpve_wm": 17.12482956288774,
  "size_x": 176,
  "size_y": 256,
  "size_z": 256,
  "snr_csf": 2.769151534632436,
  "snr_gm": 13.366830295632777,
  "snr_total": 10.964812786671843,
  "snr_wm": 16.758456529750315,
  "snrd_csf": 21.402495983210724,
  "snrd_gm": 48.741590942015804,
  "snrd_total": 44.39107360571185,
  "snrd_wm": 63.02913389190903,
  "spacing_x": 1.0,
  "spacing_y": 1.0,
  "spacing_z": 1.0,
  "summary_bg_k": 3.329510066247834,
  "summary_bg_mad": 10.394183244569549,
  "summary_bg_mean": 10.72879244203423,
  "summary_bg_median": 7.010770060122013,
  "summary_bg_n": 271059.0,
  "summary_bg_p05": 0.0,
  "summary_bg_p95": 28.805120464414358,
  "summary_bg_stdv": 10.31747375726094,
  "summary_csf_k": 0.5899180464440668,
  "summary_csf_mad": 114.93857703777631,
  "summary_csf_mean": 365.50269932801785,
  "summary_csf_median": 339.56512378156185,
  "summary_csf_n": 13594.0,
  "summary_csf_p05": 203.7009722577408,
  "summary_csf_p95": 598.7781862182542,
  "summary_csf_stdv": 122.6197374117155,
  "summary_gm_k": 0.3759290407740168,
  "summary_gm_mad": 53.32667925474812,
  "summary_gm_mean": 769.2504901576466,
  "summary_gm_median": 773.3184192404151,
  "summary_gm_n": 13239.0,
  "summary_gm_p05": 665.2509549513459,
  "summary_gm_p95": 859.2308340858667,
  "summary_gm_stdv": 57.851352602855684,
  "summary_wm_k": 3.575871962120715,
  "summary_wm_mad": 48.12958763246335,
  "summary_wm_mean": 1005.1442567343619,
  "summary_wm_median": 999.9999845176935,
  "summary_wm_n": 133778.0,
  "summary_wm_p05": 920.6969985477626,
  "summary_wm_p95": 1106.0251810066402,
  "summary_wm_stdv": 59.671142458746836,
  "tpm_overlap_csf": 0.1273507922887802,
  "tpm_overlap_gm": 0.34210851788520813,
  "tpm_overlap_wm": 0.3741641938686371,
  "wm2max": 0.5737939075936452
}