{
  "bids_meta": {
    "ConversionSoftware": "dcm2niix",
    "ConversionSoftwareVersion": "v1.0.20170411 GCC4.3.2",
    "EchoTime": 0.00351,
    "ImageType": [
      "ORIGINAL"
    ],
    "Manufacturer": "Philips",
    "ManufacturersModelName": "N/A",
    "PhilipsRescaleIntercept": 0,
    "PhilipsRescaleSlope": 7.8105,
    "PhilipsScaleSlope": 0.000328913,
    "ProtocolName": "WIPMPRAGE_S2SENSE",
    "RepetitionTime": 0.007617,
    "SequenceVariant": "tfl3d1_ns",
    "UsePhilipsFloatNotDisplayScaling": 1,
    "dataset": "ds001907",
    "modality": "T1w",
    "session_id": "2",
    "subject_id": "RC4116"
  },
  "cjv": 0.439512176866793,
  "cnr": 2.859195402714248,
  "efc": 0.7498122982222015,
  "fber": 2711.8712661535205,
  "fwhm_avg": 3.215723214487646,
  "fwhm_x": 3.24653,
  "fwhm_y": 3.40979,
  "fwhm_z": 2.990849643462939,
  "icvs_csf": 0.19476140667120845,
  "icvs_gm": 0.3906690773731078,
  "icvs_wm": 0.41456951595568375,
  "inu_med": 1.4624123573303223,
  "inu_range": 0.33058631420135476,
  "provenance": {
    "md5sum": "3df5410f9024904142c18978c75f2742",
    "settings": {
      "testing": false
    },
    "software": "mriqc",
    "version": "21.0.0rc2",
    "warnings": {
      "large_rot_frame": true,
      "small_air_mask": false
    },
    "webapi_port": null,
    "webapi_url": "https://mriqc.nimh.nih.gov/api/v1"
  },
  "qi_1": 0.0,
  "qi_2": 7.1056514084127815e-06,
  "rpve_csf": 31.66008297930486,
  "rpve_gm": 15.897854758768503,
  "rpve_wm": 18.047303300691897,
  "size_x": 176,
  "size_y": 256,
  "size_z": 256,
  "snr_csf": 2.502730001151502,
  "snr_gm": 12.70060517885288,
  "snr_total": 11.645448614126098,
  "snr_wm": 19.73301066237391,
  "snrd_csf": 20.664014108182887,
  "snrd_gm": 47.415049031987984,
  "snrd_total": 43.28567165819362,
  "snrd_wm": 61.777951834410004,
  "spacing_x": 1.0,
  "spacing_y": 1.0,
  "spacing_z": 1.0000001192092896,
  "summary_bg_k": 99.99208495117118,
  "summary_bg_mad": 10.605283807768645,
  "summary_bg_mean": 16.928979588705374,
  "summary_bg_median": 13.529999032616615,
  "summary_bg_n": 453884.0,
  "summary_bg_p05": 0.0,
  "summary_bg_p95": 55.83897141739726,
  "summary_bg_stdv": 19.807811950140508,
  "summary_csf_k": 10.341412477704047,
  "summary_csf_mad": 118.96004395225759,
  "summary_csf_mean": 357.474662003201,
  "summary_csf_median": 334.50704575516284,
  "summary_csf_n": 13314.0,
  "summary_csf_p05": 195.38926676753908,
  "summary_csf_p95": 577.4287517471238,
  "summary_csf_stdv": 133.65184543914893,
  "summary_gm_k": 0.29906631355473223,
  "summary_gm_mad": 56.808148148590185,
  "summary_gm_mean": 769.8897048119601,
  "summary_gm_median": 767.5501910224557,
  "summary_gm_n": 11185.0,
  "summary_gm_p05": 673.195083014667,
  "summary_gm_p95": 873.4612490236759,
  "summary_gm_stdv": 60.431441483348856,
  "summary_wm_k": 1.4256624961518751,
  "summary_wm_mad": 45.3807493169635,
  "summary_wm_mean": 1004.0443754823926,
  "summary_wm_median": 1000.0554612837732,
  "summary_wm_n": 170567.0,
  "summary_wm_p05": 929.1893188096583,
  "summary_wm_p95": 1092.9910284094512,
  "summary_wm_stdv": 50.679166338482986,
  "tpm_overlap_csf": 0.16785216331481934,
  "tpm_overlap_gm": 0.39834338426589966,
  "tpm_overlap_wm": 0.4619746208190918,
  "wm2max": 0.5315041848402687
}