{
  "aor": 0.0009067114093959731,
  "aqi": 0.0027446583221476515,
  "bids_meta": {
    "ConversionSoftware": "dcm2niix",
    "ConversionSoftwareVersion": "v1.0.20170411 GCC4.3.2",
    "EchoTime": 0.025,
    "ImageType": [
      "ORIGINAL"
    ],
    "Manufacturer": "Philips",
    "ManufacturersModelName": "N/A",
    "PhilipsRescaleIntercept": 0,
    "PhilipsRescaleSlope": 2.01368,
    "PhilipsScaleSlope": 0.000871285,
    "ProtocolName": "WIPANT_ESENSE",
    "RepetitionTime": 2.4,
    "SequenceVariant": "tfl3d1_ns",
    "SliceTiming": [
      0,
      0.06,
      0.11,
      0.17,
      0.22,
      0.28,
      0.33,
      0.39,
      0.45,
      0.5,
      0.56,
      0.61,
      0.67,
      0.73,
      0.78,
      0.84,
      0.89,
      0.95,
      1,
      1.06,
      1.12,
      1.17,
      1.23,
      1.28,
      1.34,
      1.4,
      1.45,
      1.51,
      1.56,
      1.62,
      1.67,
      1.73,
      1.79,
      1.84,
      1.9,
      1.95,
      2.01,
      2.07,
      2.12,
      2.18,
      2.23,
      2.29,
      2.34
    ],
    "TaskName": "ANT",
    "UsePhilipsFloatNotDisplayScaling": 1,
    "dataset": "ds001907",
    "modality": "bold",
    "run_id": 5,
    "session_id": "2",
    "subject_id": "RC4101",
    "task_id": "ANT"
  },
  "dummy_trs": 0,
  "dvars_nstd": 15.672148730000007,
  "dvars_std": 1.182385996283784,
  "dvars_vstd": 0.9840938843918915,
  "efc": 0.43529497920258914,
  "fber": 434623.78125,
  "fd_mean": 0.10794634421375422,
  "fd_num": 3,
  "fd_perc": 2.0134228187919465,
  "fwhm_avg": 2.0273799999999995,
  "fwhm_x": 1.9409366666666665,
  "fwhm_y": 2.1710966666666667,
  "fwhm_z": 1.9701066666666665,
  "gcor": 0.0399433,
  "gsr_x": -0.00738851074129343,
  "gsr_y": 0.017175797373056412,
  "provenance": {
    "md5sum": "30d01103fc932e8c04b1bc421719d184",
    "settings": {
      "fd_thres": 0.2,
      "testing": false
    },
    "software": "mriqc",
    "version": "21.0.0rc2",
    "webapi_port": null,
    "webapi_url": "https://mriqc.nimh.nih.gov/api/v1"
  },
  "size_t": 149,
  "size_x": 80,
  "size_y": 80,
  "size_z": 43,
  "snr": 4.47143229879259,
  "spacing_tr": 2.4000020027160645,
  "spacing_x": 3.0,
  "spacing_y": 3.0,
  "spacing_z": 3.0,
  "summary_bg_k": 117.23579098720802,
  "summary_bg_mad": 1313.2100257071622,
  "summary_bg_mean": 13287.75390625,
  "summary_bg_median": 896.8895874023438,
  "summary_bg_n": 184221.0,
  "summary_bg_p05": 4.319242477416992,
  "summary_bg_p95": 75881.3359375,
  "summary_bg_stdv": 40601.171875,
  "summary_fg_k": 2.061250192678166,
  "summary_fg_mad": 99711.30025393039,
  "summary_fg_mean": 601179.5625,
  "summary_fg_median": 575071.1875,
  "summary_fg_n": 45475.0,
  "summary_fg_p05": 442967.92812500003,
  "summary_fg_p95": 858277.725,
  "summary_fg_stdv": 128608.6484375,
  "tsnr": 105.76806640625
}