{
  "aor": 0.0023506040268456378,
  "aqi": 0.003759609865771812,
  "bids_meta": {
    "ConversionSoftware": "dcm2niix",
    "ConversionSoftwareVersion": "v1.0.20170411 GCC4.3.2",
    "EchoTime": 0.025,
    "ImageType": [
      "ORIGINAL"
    ],
    "Manufacturer": "Philips",
    "ManufacturersModelName": "N/A",
    "PhilipsRescaleIntercept": 0,
    "PhilipsRescaleSlope": 1.99805,
    "PhilipsScaleSlope": 0.000815798,
    "ProtocolName": "WIPANT_DSENSE",
    "RepetitionTime": 2.4,
    "SequenceVariant": "tfl3d1_ns",
    "SliceTiming": [
      0,
      0.06,
      0.11,
      0.17,
      0.22,
      0.28,
      0.33,
      0.39,
      0.45,
      0.5,
      0.56,
      0.61,
      0.67,
      0.73,
      0.78,
      0.84,
      0.89,
      0.95,
      1,
      1.06,
      1.12,
      1.17,
      1.23,
      1.28,
      1.34,
      1.4,
      1.45,
      1.51,
      1.56,
      1.62,
      1.67,
      1.73,
      1.79,
      1.84,
      1.9,
      1.95,
      2.01,
      2.07,
      2.12,
      2.18,
      2.23,
      2.29,
      2.34
    ],
    "TaskName": "ANT",
    "UsePhilipsFloatNotDisplayScaling": 1,
    "dataset": "ds001907",
    "modality": "bold",
    "run_id": 4,
    "session_id": "2",
    "subject_id": "RC4113",
    "task_id": "ANT"
  },
  "dummy_trs": 0,
  "dvars_nstd": 21.20054154763513,
  "dvars_std": 1.30552231222973,
  "dvars_vstd": 0.9964259983783779,
  "efc": 0.41944618563570757,
  "fber": 616813.25,
  "fd_mean": 0.1497931603059992,
  "fd_num": 23,
  "fd_perc": 15.436241610738255,
  "fwhm_avg": 1.9785288888888888,
  "fwhm_x": 1.9290466666666666,
  "fwhm_y": 2.05767,
  "fwhm_z": 1.94887,
  "gcor": 0.0137956,
  "gsr_x": -0.003856129013001919,
  "gsr_y": 0.005910744424909353,
  "provenance": {
    "md5sum": "887a13b98b21ad5eaeb62379273e2e4b",
    "settings": {
      "fd_thres": 0.2,
      "testing": false
    },
    "software": "mriqc",
    "version": "21.0.0rc2",
    "webapi_port": null,
    "webapi_url": "https://mriqc.nimh.nih.gov/api/v1"
  },
  "size_t": 149,
  "size_x": 80,
  "size_y": 80,
  "size_z": 43,
  "snr": 4.317275339210414,
  "spacing_tr": 2.4000020027160645,
  "spacing_x": 3.0,
  "spacing_y": 3.0,
  "spacing_z": 3.0,
  "summary_bg_k": 39.858525577282,
  "summary_bg_mad": 1151.335110678534,
  "summary_bg_mean": 20796.669921875,
  "summary_bg_median": 791.9429321289062,
  "summary_bg_n": 193407.0,
  "summary_bg_p05": 7.9405658721923835,
  "summary_bg_p95": 135642.72343749975,
  "summary_bg_stdv": 56064.609375,
  "summary_fg_k": 1.546018568648008,
  "summary_fg_mad": 108073.82540477256,
  "summary_fg_mean": 638024.9375,
  "summary_fg_median": 604627.4375,
  "summary_fg_n": 37781.0,
  "summary_fg_p05": 470472.59375,
  "summary_fg_p95": 930340.1875,
  "summary_fg_stdv": 140046.53125,
  "tsnr": 86.67893981933594
}