{
  "aor": 0.0015182550335570467,
  "aqi": 0.0058708728187919475,
  "bids_meta": {
    "ConversionSoftware": "dcm2niix",
    "ConversionSoftwareVersion": "v1.0.20170411 GCC4.3.2",
    "EchoTime": 0.025,
    "ImageType": [
      "ORIGINAL"
    ],
    "Manufacturer": "Philips",
    "ManufacturersModelName": "N/A",
    "PhilipsRescaleIntercept": 0,
    "PhilipsRescaleSlope": 2.62784,
    "PhilipsScaleSlope": 0.000821425,
    "ProtocolName": "WIPANT_ASENSE",
    "RepetitionTime": 2.4,
    "SequenceVariant": "tfl3d1_ns",
    "SliceTiming": [
      0,
      0.06,
      0.11,
      0.17,
      0.22,
      0.28,
      0.33,
      0.39,
      0.45,
      0.5,
      0.56,
      0.61,
      0.67,
      0.73,
      0.78,
      0.84,
      0.89,
      0.95,
      1,
      1.06,
      1.12,
      1.17,
      1.23,
      1.28,
      1.34,
      1.4,
      1.45,
      1.51,
      1.56,
      1.62,
      1.67,
      1.73,
      1.79,
      1.84,
      1.9,
      1.95,
      2.01,
      2.07,
      2.12,
      2.18,
      2.23,
      2.29,
      2.34
    ],
    "TaskName": "ANT",
    "UsePhilipsFloatNotDisplayScaling": 1,
    "dataset": "ds001907",
    "modality": "bold",
    "run_id": 1,
    "session_id": "2",
    "subject_id": "RC4113",
    "task_id": "ANT"
  },
  "dummy_trs": 0,
  "dvars_nstd": 21.3878222929054,
  "dvars_std": 1.2850398591216199,
  "dvars_vstd": 0.9498817584459462,
  "efc": 0.4213905235833695,
  "fber": 479389.625,
  "fd_mean": 0.13416630038162042,
  "fd_num": 19,
  "fd_perc": 12.751677852348994,
  "fwhm_avg": 1.9901577777777775,
  "fwhm_x": 1.9356200000000001,
  "fwhm_y": 2.0734366666666664,
  "fwhm_z": 1.9614166666666666,
  "gcor": 0.00668278,
  "gsr_x": -0.0038776479195803404,
  "gsr_y": 0.006371826399117708,
  "provenance": {
    "md5sum": "3f77bbafd3745099a6c76668d172fa39",
    "settings": {
      "fd_thres": 0.2,
      "testing": false
    },
    "software": "mriqc",
    "version": "21.0.0rc2",
    "webapi_port": null,
    "webapi_url": "https://mriqc.nimh.nih.gov/api/v1"
  },
  "size_t": 149,
  "size_x": 80,
  "size_y": 80,
  "size_z": 43,
  "snr": 4.322495471706693,
  "spacing_tr": 2.4000020027160645,
  "spacing_x": 3.0,
  "spacing_y": 3.0,
  "spacing_z": 3.0,
  "summary_bg_k": 39.91853607586556,
  "summary_bg_mad": 1287.000612713363,
  "summary_bg_mean": 20462.00390625,
  "summary_bg_median": 885.3784790039062,
  "summary_bg_n": 192762.0,
  "summary_bg_p05": 7.132183170318604,
  "summary_bg_p95": 131919.97578124967,
  "summary_bg_stdv": 55315.5859375,
  "summary_fg_k": 1.4374724139228912,
  "summary_fg_mad": 107519.98081352207,
  "summary_fg_mean": 629234.375,
  "summary_fg_median": 596736.875,
  "summary_fg_n": 38264.0,
  "summary_fg_p05": 463798.84375,
  "summary_fg_p95": 918400.5624999998,
  "summary_fg_stdv": 138051.984375,
  "tsnr": 72.05829620361328
}