{
  "aor": 0.0016753691275167785,
  "aqi": 0.004583041476510067,
  "bids_meta": {
    "AcquisitionDateTime": "2013-08-06T18:59:14.600000",
    "BodyPartExamined": "BRAIN",
    "ConversionSoftware": "dcm2niix",
    "ConversionSoftwareVersion": "v1.0.20170411 GCC4.3.2",
    "EchoTime": 0.025001,
    "FlipAngle": 79,
    "ImageType": [
      "ORIGINAL",
      "PRIMARY",
      "M",
      "FFE",
      "M",
      "FFE"
    ],
    "MagneticFieldStrength": 3,
    "Manufacturer": "Philips",
    "ManufacturersModelName": "Achieva",
    "PhilipsRescaleIntercept": 0,
    "PhilipsRescaleSlope": 2.63248,
    "PhilipsScaleSlope": 0.000978646,
    "ProcedureStepDescription": "UDALL",
    "ProtocolName": "WIP_ANT_E_SENSE",
    "RepetitionTime": 2.4,
    "ScanningSequence": "GR",
    "SequenceVariant": "SK",
    "SeriesDescription": "ANT_E",
    "SliceTiming": [
      0,
      0.06,
      0.11,
      0.17,
      0.22,
      0.28,
      0.33,
      0.39,
      0.45,
      0.5,
      0.56,
      0.61,
      0.67,
      0.73,
      0.78,
      0.84,
      0.89,
      0.95,
      1,
      1.06,
      1.12,
      1.17,
      1.23,
      1.28,
      1.34,
      1.4,
      1.45,
      1.51,
      1.56,
      1.62,
      1.67,
      1.73,
      1.79,
      1.84,
      1.9,
      1.95,
      2.01,
      2.07,
      2.12,
      2.18,
      2.23,
      2.29,
      2.34
    ],
    "TaskName": "ANT",
    "UsePhilipsFloatNotDisplayScaling": 1,
    "dataset": "ds001907",
    "modality": "bold",
    "run_id": 5,
    "session_id": "1",
    "subject_id": "RC4226",
    "task_id": "ANT"
  },
  "dummy_trs": 0,
  "dvars_nstd": 31.99600330554054,
  "dvars_std": 1.3188637935810814,
  "dvars_vstd": 0.9805917637162156,
  "efc": 0.4176518465853055,
  "fber": 5256244.5,
  "fd_mean": 0.23004501598155824,
  "fd_num": 82,
  "fd_perc": 55.033557046979865,
  "fwhm_avg": 2.153544499175464,
  "fwhm_x": 2.083903333333333,
  "fwhm_y": 2.310703333333333,
  "fwhm_z": 2.066026830859727,
  "gcor": 0.026128,
  "gsr_x": -0.013135801069438457,
  "gsr_y": 0.010181723162531853,
  "provenance": {
    "md5sum": "da6190cb0f1f3390692527e5ff1688c8",
    "settings": {
      "fd_thres": 0.2,
      "testing": false
    },
    "software": "mriqc",
    "version": "21.0.0rc2",
    "webapi_port": null,
    "webapi_url": "https://mriqc.nimh.nih.gov/api/v1"
  },
  "size_t": 149,
  "size_x": 80,
  "size_y": 80,
  "size_z": 43,
  "snr": 4.7622661000539015,
  "spacing_tr": 2.4000020027160645,
  "spacing_x": 3.0,
  "spacing_y": 3.0,
  "spacing_z": 2.999999761581421,
  "summary_bg_k": 74.32167807917658,
  "summary_bg_mad": 258.99790445920416,
  "summary_bg_mean": 7792.67138671875,
  "summary_bg_median": 175.5782470703125,
  "summary_bg_n": 187542.0,
  "summary_bg_p05": 0.8441680222749711,
  "summary_bg_p95": 43165.15937499994,
  "summary_bg_stdv": 23579.103515625,
  "summary_fg_k": 2.397404247831936,
  "summary_fg_mad": 68108.47568350026,
  "summary_fg_mean": 418215.0625,
  "summary_fg_median": 404969.1875,
  "summary_fg_n": 41604.0,
  "summary_fg_p05": 306811.796875,
  "summary_fg_p95": 577406.14375,
  "summary_fg_stdv": 85036.0546875,
  "tsnr": 84.79771423339844
}