{
  "aor": 0.0025695973154362417,
  "aqi": 0.005165513489932887,
  "bids_meta": {
    "AcquisitionDateTime": "2013-08-06T18:52:22.870000",
    "BodyPartExamined": "BRAIN",
    "ConversionSoftware": "dcm2niix",
    "ConversionSoftwareVersion": "v1.0.20170411 GCC4.3.2",
    "EchoTime": 0.025001,
    "FlipAngle": 79,
    "ImageType": [
      "ORIGINAL",
      "PRIMARY",
      "M",
      "FFE",
      "M",
      "FFE"
    ],
    "MagneticFieldStrength": 3,
    "Manufacturer": "Philips",
    "ManufacturersModelName": "Achieva",
    "PhilipsRescaleIntercept": 0,
    "PhilipsRescaleSlope": 1.8315,
    "PhilipsScaleSlope": 0.000994662,
    "ProcedureStepDescription": "UDALL",
    "ProtocolName": "WIP_ANT_B_SENSE",
    "RepetitionTime": 2.4,
    "ScanningSequence": "GR",
    "SequenceVariant": "SK",
    "SeriesDescription": "ANT_B",
    "SliceTiming": [
      0,
      0.06,
      0.11,
      0.17,
      0.22,
      0.28,
      0.33,
      0.39,
      0.45,
      0.5,
      0.56,
      0.61,
      0.67,
      0.73,
      0.78,
      0.84,
      0.89,
      0.95,
      1,
      1.06,
      1.12,
      1.17,
      1.23,
      1.28,
      1.34,
      1.4,
      1.45,
      1.51,
      1.56,
      1.62,
      1.67,
      1.73,
      1.79,
      1.84,
      1.9,
      1.95,
      2.01,
      2.07,
      2.12,
      2.18,
      2.23,
      2.29,
      2.34
    ],
    "TaskName": "ANT",
    "UsePhilipsFloatNotDisplayScaling": 1,
    "dataset": "ds001907",
    "modality": "bold",
    "run_id": 2,
    "session_id": "1",
    "subject_id": "RC4226",
    "task_id": "ANT"
  },
  "dummy_trs": 0,
  "dvars_nstd": 34.134352773648644,
  "dvars_std": 1.3442885754729728,
  "dvars_vstd": 0.9955683781756761,
  "efc": 0.4178140326607425,
  "fber": 1465722.0,
  "fd_mean": 0.2770693520129745,
  "fd_num": 112,
  "fd_perc": 75.16778523489933,
  "fwhm_avg": 2.157552276758269,
  "fwhm_x": 2.08928,
  "fwhm_y": 2.32471,
  "fwhm_z": 2.058666830274807,
  "gcor": 0.0248481,
  "gsr_x": -0.012625603936612606,
  "gsr_y": 0.01059503573924303,
  "provenance": {
    "md5sum": "7118ce7da607bcc97c84e1d6c8791010",
    "settings": {
      "fd_thres": 0.2,
      "testing": false
    },
    "software": "mriqc",
    "version": "21.0.0rc2",
    "webapi_port": null,
    "webapi_url": "https://mriqc.nimh.nih.gov/api/v1"
  },
  "size_t": 149,
  "size_x": 80,
  "size_y": 80,
  "size_z": 43,
  "snr": 4.763594282495579,
  "spacing_tr": 2.4000020027160645,
  "spacing_x": 3.0,
  "spacing_y": 3.0,
  "spacing_z": 2.999999761581421,
  "summary_bg_k": 75.14176514234983,
  "summary_bg_mad": 482.4572635353097,
  "summary_bg_mean": 7700.00927734375,
  "summary_bg_median": 328.1318054199219,
  "summary_bg_n": 187574.0,
  "summary_bg_p05": 1.8669338881969453,
  "summary_bg_p95": 41743.32968750002,
  "summary_bg_stdv": 23248.23046875,
  "summary_fg_k": 2.4473966781188237,
  "summary_fg_mad": 66860.42576909417,
  "summary_fg_mean": 410284.28125,
  "summary_fg_median": 397245.625,
  "summary_fg_n": 41628.0,
  "summary_fg_p05": 301578.5,
  "summary_fg_p95": 565655.846875,
  "summary_fg_stdv": 83390.9921875,
  "tsnr": 78.88908386230469
}