{
  "aor": 0.0012057718120805367,
  "aqi": 0.0021520210738255035,
  "bids_meta": {
    "ConversionSoftware": "dcm2niix",
    "ConversionSoftwareVersion": "v1.0.20170411 GCC4.3.2",
    "EchoTime": 0.025,
    "ImageType": [
      "ORIGINAL"
    ],
    "Manufacturer": "Philips",
    "ManufacturersModelName": "N/A",
    "PhilipsRescaleIntercept": 0,
    "PhilipsRescaleSlope": 2.23687,
    "PhilipsScaleSlope": 0.000930128,
    "ProtocolName": "WIPANT_ESENSE",
    "RepetitionTime": 2.4,
    "SequenceVariant": "tfl3d1_ns",
    "SliceTiming": [
      0,
      0.06,
      0.11,
      0.17,
      0.22,
      0.28,
      0.33,
      0.39,
      0.45,
      0.5,
      0.56,
      0.61,
      0.67,
      0.73,
      0.78,
      0.84,
      0.89,
      0.95,
      1,
      1.06,
      1.12,
      1.17,
      1.23,
      1.28,
      1.34,
      1.4,
      1.45,
      1.51,
      1.56,
      1.62,
      1.67,
      1.73,
      1.79,
      1.84,
      1.9,
      1.95,
      2.01,
      2.07,
      2.12,
      2.18,
      2.23,
      2.29,
      2.34
    ],
    "TaskName": "ANT",
    "UsePhilipsFloatNotDisplayScaling": 1,
    "dataset": "ds001907",
    "modality": "bold",
    "run_id": 5,
    "session_id": "1",
    "subject_id": "RC4112",
    "task_id": "ANT"
  },
  "dummy_trs": 0,
  "dvars_nstd": 17.041597405202705,
  "dvars_std": 1.1807346950675672,
  "dvars_vstd": 1.0059013865540543,
  "efc": 0.3849739347289008,
  "fber": 1430068.25,
  "fd_mean": 0.150650935567905,
  "fd_num": 30,
  "fd_perc": 20.13422818791946,
  "fwhm_avg": 2.06312,
  "fwhm_x": 1.9848166666666665,
  "fwhm_y": 2.1627300000000003,
  "fwhm_z": 2.0418133333333333,
  "gcor": 0.0233015,
  "gsr_x": -0.01730487309396267,
  "gsr_y": 0.013944047503173351,
  "provenance": {
    "md5sum": "3cb89affb711a8d6cb955306dbab15ff",
    "settings": {
      "fd_thres": 0.2,
      "testing": false
    },
    "software": "mriqc",
    "version": "21.0.0rc2",
    "webapi_port": null,
    "webapi_url": "https://mriqc.nimh.nih.gov/api/v1"
  },
  "size_t": 149,
  "size_x": 80,
  "size_y": 80,
  "size_z": 43,
  "snr": 4.068869690073916,
  "spacing_tr": 2.4000020027160645,
  "spacing_x": 3.0,
  "spacing_y": 3.0,
  "spacing_z": 3.0,
  "summary_bg_k": 145.47937134088198,
  "summary_bg_mad": 621.2339430725629,
  "summary_bg_mean": 8426.6435546875,
  "summary_bg_median": 422.4651184082031,
  "summary_bg_n": 195620.0,
  "summary_bg_p05": 1.6442610025405884,
  "summary_bg_p95": 43858.008398437494,
  "summary_bg_stdv": 28224.625,
  "summary_fg_k": 1.731279890545654,
  "summary_fg_mad": 86288.86222226554,
  "summary_fg_mean": 516271.34375,
  "summary_fg_median": 487239.375,
  "summary_fg_n": 36056.0,
  "summary_fg_p05": 375403.1953125,
  "summary_fg_p95": 772570.828125,
  "summary_fg_stdv": 119746.4296875,
  "tsnr": 105.61830139160156
}