{
  "bids_meta": {
    "ConversionSoftware": "dcm2niix",
    "ConversionSoftwareVersion": "v1.0.20170411 GCC4.3.2",
    "EchoTime": 0.00351,
    "ImageType": [
      "ORIGINAL"
    ],
    "Manufacturer": "Philips",
    "ManufacturersModelName": "N/A",
    "PhilipsRescaleIntercept": 0,
    "PhilipsRescaleSlope": 8.17363,
    "PhilipsScaleSlope": 0.000369093,
    "ProtocolName": "WIPMPRAGE_S2SENSE",
    "RepetitionTime": 0.007609,
    "SequenceVariant": "tfl3d1_ns",
    "UsePhilipsFloatNotDisplayScaling": 1,
    "dataset": "ds001907",
    "modality": "T1w",
    "session_id": "1",
    "subject_id": "RC4220"
  },
  "cjv": 0.3982856613604175,
  "cnr": 2.882238893188623,
  "efc": 0.7074929058629635,
  "fber": 8731.513445032871,
  "fwhm_avg": 3.323453333333333,
  "fwhm_x": 3.41841,
  "fwhm_y": 3.4524,
  "fwhm_z": 3.09955,
  "icvs_csf": 0.18572754704869798,
  "icvs_gm": 0.3901354088665669,
  "icvs_wm": 0.4241370440847351,
  "inu_med": 2.158950090408325,
  "inu_range": 0.5671975612640381,
  "provenance": {
    "md5sum": "4bbce49083e9f1bde9f17032f12d2a98",
    "settings": {
      "testing": false
    },
    "software": "mriqc",
    "version": "21.0.0rc2",
    "warnings": {
      "large_rot_frame": true,
      "small_air_mask": false
    },
    "webapi_port": null,
    "webapi_url": "https://mriqc.nimh.nih.gov/api/v1"
  },
  "qi_1": 0.0,
  "qi_2": 1.2423900878288351e-05,
  "rpve_csf": 34.620522632416005,
  "rpve_gm": 16.935634314503073,
  "rpve_wm": 18.91120305800408,
  "size_x": 176,
  "size_y": 256,
  "size_z": 256,
  "snr_csf": 2.151784795137145,
  "snr_gm": 14.328767671284776,
  "snr_total": 12.199827495288105,
  "snr_wm": 20.118930019442395,
  "snrd_csf": 18.57983600243845,
  "snrd_gm": 44.81403061976815,
  "snrd_total": 40.37839751825491,
  "snrd_wm": 57.74132593255813,
  "spacing_x": 1.0,
  "spacing_y": 1.0,
  "spacing_z": 1.0,
  "summary_bg_k": 2344.693970116618,
  "summary_bg_mad": 11.34605721017125,
  "summary_bg_mean": 13.170502035150273,
  "summary_bg_median": 7.652799293398857,
  "summary_bg_n": 471973.0,
  "summary_bg_p05": 0.0,
  "summary_bg_p95": 38.3153575360775,
  "summary_bg_stdv": 25.091665661485624,
  "summary_csf_k": 9.043098057702473,
  "summary_csf_mad": 133.33520922825406,
  "summary_csf_mean": 354.90852347795357,
  "summary_csf_median": 321.7770978063345,
  "summary_csf_n": 10574.0,
  "summary_csf_p05": 193.0662586838007,
  "summary_csf_p95": 588.035447987169,
  "summary_csf_stdv": 149.53255673510668,
  "summary_gm_k": 0.8695976646509322,
  "summary_gm_mad": 48.58244630932387,
  "summary_gm_mean": 775.0210189453868,
  "summary_gm_median": 776.1171149164438,
  "summary_gm_n": 10625.0,
  "summary_gm_p05": 684.7457730174065,
  "summary_gm_p95": 863.4617489993572,
  "summary_gm_stdv": 54.162410104113256,
  "summary_wm_k": 1.9336984904043328,
  "summary_wm_mad": 40.58690263772668,
  "summary_wm_mean": 1006.6697915346025,
  "summary_wm_median": 1000.0000150501728,
  "summary_wm_n": 173527.0,
  "summary_wm_p05": 939.2912313938141,
  "summary_wm_p95": 1101.2840432822704,
  "summary_wm_stdv": 49.7042900732608,
  "tpm_overlap_csf": 0.17232514917850494,
  "tpm_overlap_gm": 0.4024241268634796,
  "tpm_overlap_wm": 0.46892648935317993,
  "wm2max": 0.5164730224415088
}