{
  "aor": 0.014066040268456375,
  "aqi": 0.004618240604026846,
  "bids_meta": {
    "ConversionSoftware": "dcm2niix",
    "ConversionSoftwareVersion": "v1.0.20170411 GCC4.3.2",
    "EchoTime": 0.025,
    "ImageType": [
      "ORIGINAL"
    ],
    "Manufacturer": "Philips",
    "ManufacturersModelName": "N/A",
    "PhilipsRescaleIntercept": 0,
    "PhilipsRescaleSlope": 1.88645,
    "PhilipsScaleSlope": 0.000887878,
    "ProtocolName": "WIPANT_BSENSE",
    "RepetitionTime": 2.4,
    "SequenceVariant": "tfl3d1_ns",
    "SliceTiming": [
      0,
      0.06,
      0.11,
      0.17,
      0.22,
      0.28,
      0.33,
      0.39,
      0.45,
      0.5,
      0.56,
      0.61,
      0.67,
      0.73,
      0.78,
      0.84,
      0.89,
      0.95,
      1,
      1.06,
      1.12,
      1.17,
      1.23,
      1.28,
      1.34,
      1.4,
      1.45,
      1.51,
      1.56,
      1.62,
      1.67,
      1.73,
      1.79,
      1.84,
      1.9,
      1.95,
      2.01,
      2.07,
      2.12,
      2.18,
      2.23,
      2.29,
      2.34
    ],
    "TaskName": "ANT",
    "UsePhilipsFloatNotDisplayScaling": 1,
    "dataset": "ds001907",
    "modality": "bold",
    "run_id": 2,
    "session_id": "2",
    "subject_id": "RC4210",
    "task_id": "ANT"
  },
  "dummy_trs": 0,
  "dvars_nstd": 14.486946750202701,
  "dvars_std": 1.0330396164864866,
  "dvars_vstd": 0.9569416285810811,
  "efc": 0.4177367852722354,
  "fber": 604908.4375,
  "fd_mean": 0.11013462047646409,
  "fd_num": 4,
  "fd_perc": 2.684563758389262,
  "fwhm_avg": 2.100914444444444,
  "fwhm_x": 2.01184,
  "fwhm_y": 2.2723666666666666,
  "fwhm_z": 2.0185366666666664,
  "gcor": 0.0125187,
  "gsr_x": -0.022458281368017197,
  "gsr_y": 0.018351813778281212,
  "provenance": {
    "md5sum": "4f28f1c5edbd1c74ead17c327cc899de",
    "settings": {
      "fd_thres": 0.2,
      "testing": false
    },
    "software": "mriqc",
    "version": "21.0.0rc2",
    "webapi_port": null,
    "webapi_url": "https://mriqc.nimh.nih.gov/api/v1"
  },
  "size_t": 149,
  "size_x": 80,
  "size_y": 80,
  "size_z": 43,
  "snr": 4.491410202330343,
  "spacing_tr": 2.4000020027160645,
  "spacing_x": 3.0,
  "spacing_y": 3.0,
  "spacing_z": 3.0,
  "summary_bg_k": 87.81305987210845,
  "summary_bg_mad": 925.6884530639363,
  "summary_bg_mean": 10703.267578125,
  "summary_bg_median": 638.4862670898438,
  "summary_bg_n": 189173.0,
  "summary_bg_p05": 7.789046669006348,
  "summary_bg_p95": 53734.09296874993,
  "summary_bg_stdv": 33561.0546875,
  "summary_fg_k": 1.9971203252441105,
  "summary_fg_mad": 95766.04941916764,
  "summary_fg_mean": 498837.40625,
  "summary_fg_median": 484865.03125,
  "summary_fg_n": 41365.0,
  "summary_fg_p05": 345704.89375,
  "summary_fg_p95": 683919.6749999997,
  "summary_fg_stdv": 107952.546875,
  "tsnr": 73.34671783447266
}