{
  "aor": 0.007154362416107381,
  "aqi": 0.00853897389261745,
  "bids_meta": {
    "ConversionSoftware": "dcm2niix",
    "ConversionSoftwareVersion": "v1.0.20170411 GCC4.3.2",
    "EchoTime": 0.025,
    "ImageType": [
      "ORIGINAL"
    ],
    "Manufacturer": "Philips",
    "ManufacturersModelName": "N/A",
    "PhilipsRescaleIntercept": 0,
    "PhilipsRescaleSlope": 2.31697,
    "PhilipsScaleSlope": 0.000890848,
    "ProtocolName": "WIPANT_ASENSE",
    "RepetitionTime": 2.4,
    "SequenceVariant": "tfl3d1_ns",
    "SliceTiming": [
      0,
      0.06,
      0.11,
      0.17,
      0.22,
      0.28,
      0.33,
      0.39,
      0.45,
      0.5,
      0.56,
      0.61,
      0.67,
      0.73,
      0.78,
      0.84,
      0.89,
      0.95,
      1,
      1.06,
      1.12,
      1.17,
      1.23,
      1.28,
      1.34,
      1.4,
      1.45,
      1.51,
      1.56,
      1.62,
      1.67,
      1.73,
      1.79,
      1.84,
      1.9,
      1.95,
      2.01,
      2.07,
      2.12,
      2.18,
      2.23,
      2.29,
      2.34
    ],
    "TaskName": "ANT",
    "UsePhilipsFloatNotDisplayScaling": 1,
    "dataset": "ds001907",
    "modality": "bold",
    "run_id": 1,
    "session_id": "2",
    "subject_id": "RC4210",
    "task_id": "ANT"
  },
  "dummy_trs": 0,
  "dvars_nstd": 17.999348105675676,
  "dvars_std": 1.0503179616891891,
  "dvars_vstd": 0.9824177656756755,
  "efc": 0.4181993407025024,
  "fber": 429396.8125,
  "fd_mean": 0.21083106886411856,
  "fd_num": 32,
  "fd_perc": 21.476510067114095,
  "fwhm_avg": 2.0737077777777775,
  "fwhm_x": 1.99606,
  "fwhm_y": 2.2598966666666667,
  "fwhm_z": 1.9651666666666667,
  "gcor": 0.0143361,
  "gsr_x": -0.022015651687979698,
  "gsr_y": 0.01828349381685257,
  "provenance": {
    "md5sum": "ffd2098c234c187a5883462319213e9d",
    "settings": {
      "fd_thres": 0.2,
      "testing": false
    },
    "software": "mriqc",
    "version": "21.0.0rc2",
    "webapi_port": null,
    "webapi_url": "https://mriqc.nimh.nih.gov/api/v1"
  },
  "size_t": 149,
  "size_x": 80,
  "size_y": 80,
  "size_z": 43,
  "snr": 4.549964870169752,
  "spacing_tr": 2.4000020027160645,
  "spacing_x": 3.0,
  "spacing_y": 3.0,
  "spacing_z": 3.0,
  "summary_bg_k": 94.3274728655647,
  "summary_bg_mad": 1071.1137518625424,
  "summary_bg_mean": 10637.212890625,
  "summary_bg_median": 745.1875,
  "summary_bg_n": 189164.0,
  "summary_bg_p05": 10.141979598999024,
  "summary_bg_p95": 54085.082812500004,
  "summary_bg_stdv": 32951.984375,
  "summary_fg_k": 2.1054530505812963,
  "summary_fg_mad": 92755.06963866008,
  "summary_fg_mean": 496200.5625,
  "summary_fg_median": 481918.34375,
  "summary_fg_n": 41341.0,
  "summary_fg_p05": 345854.0,
  "summary_fg_p95": 679221.125,
  "summary_fg_stdv": 105915.65625,
  "tsnr": 58.3679084777832
}