{
  "aor": 0.001186711409395973,
  "aqi": 0.004434321073825503,
  "bids_meta": {
    "ConversionSoftware": "dcm2niix",
    "ConversionSoftwareVersion": "v1.0.20170411 GCC4.3.2",
    "EchoTime": 0.025,
    "ImageType": [
      "ORIGINAL"
    ],
    "Manufacturer": "Philips",
    "ManufacturersModelName": "N/A",
    "PhilipsRescaleIntercept": 0,
    "PhilipsRescaleSlope": 2.37705,
    "PhilipsScaleSlope": 0.000893905,
    "ProtocolName": "WIPANT_ESENSE",
    "RepetitionTime": 2.4,
    "SequenceVariant": "tfl3d1_ns",
    "SliceTiming": [
      0,
      0.06,
      0.11,
      0.17,
      0.22,
      0.28,
      0.33,
      0.39,
      0.45,
      0.5,
      0.56,
      0.61,
      0.67,
      0.73,
      0.78,
      0.84,
      0.89,
      0.95,
      1,
      1.06,
      1.12,
      1.17,
      1.23,
      1.28,
      1.34,
      1.4,
      1.45,
      1.51,
      1.56,
      1.62,
      1.67,
      1.73,
      1.79,
      1.84,
      1.9,
      1.95,
      2.01,
      2.07,
      2.12,
      2.18,
      2.23,
      2.29,
      2.34
    ],
    "TaskName": "ANT",
    "UsePhilipsFloatNotDisplayScaling": 1,
    "dataset": "ds001907",
    "modality": "bold",
    "run_id": 5,
    "session_id": "1",
    "subject_id": "RC4212",
    "task_id": "ANT"
  },
  "dummy_trs": 0,
  "dvars_nstd": 19.168513059999988,
  "dvars_std": 1.184908754459459,
  "dvars_vstd": 0.9805959898648642,
  "efc": 0.42465282310762403,
  "fber": 832700.0625,
  "fd_mean": 0.20200445604727718,
  "fd_num": 65,
  "fd_perc": 43.624161073825505,
  "fwhm_avg": 1.9345532835471226,
  "fwhm_x": 1.8364333333333331,
  "fwhm_y": 2.08786,
  "fwhm_z": 1.879366517308035,
  "gcor": 0.03338,
  "gsr_x": -0.009298850782215595,
  "gsr_y": 0.01202318910509348,
  "provenance": {
    "md5sum": "71199c116b3ed0ed9f1788cea5ec48b2",
    "settings": {
      "fd_thres": 0.2,
      "testing": false
    },
    "software": "mriqc",
    "version": "21.0.0rc2",
    "webapi_port": null,
    "webapi_url": "https://mriqc.nimh.nih.gov/api/v1"
  },
  "size_t": 149,
  "size_x": 80,
  "size_y": 80,
  "size_z": 43,
  "snr": 5.03926713389492,
  "spacing_tr": 2.4000020027160645,
  "spacing_x": 3.0,
  "spacing_y": 3.0,
  "spacing_z": 3.000000238418579,
  "summary_bg_k": 61.16881763871132,
  "summary_bg_mad": 777.7934784740323,
  "summary_bg_mean": 12931.0,
  "summary_bg_median": 528.3408203125,
  "summary_bg_n": 189430.0,
  "summary_bg_p05": 1.7022455990314485,
  "summary_bg_p95": 74015.85507812492,
  "summary_bg_stdv": 37135.3359375,
  "summary_fg_k": 2.2655850440392156,
  "summary_fg_mad": 73268.30205445438,
  "summary_fg_mean": 490751.03125,
  "summary_fg_median": 473586.375,
  "summary_fg_n": 40733.0,
  "summary_fg_p05": 372619.45625,
  "summary_fg_p95": 675542.1875,
  "summary_fg_stdv": 93978.0625,
  "tsnr": 89.74881744384766
}