{
  "bids_meta": {
    "ConversionSoftware": "dcm2niix",
    "ConversionSoftwareVersion": "v1.0.20170411 GCC4.3.2",
    "EchoTime": 0.00355,
    "ImageType": [
      "ORIGINAL"
    ],
    "Manufacturer": "Philips",
    "ManufacturersModelName": "N/A",
    "PhilipsRescaleIntercept": 0,
    "PhilipsRescaleSlope": 7.26886,
    "PhilipsScaleSlope": 0.000314057,
    "ProtocolName": "WIPMPRAGE_S2SENSE",
    "RepetitionTime": 0.007523,
    "SequenceVariant": "tfl3d1_ns",
    "UsePhilipsFloatNotDisplayScaling": 1,
    "dataset": "ds001907",
    "modality": "T1w",
    "session_id": "1",
    "subject_id": "RC4115"
  },
  "cjv": 0.5252890106116807,
  "cnr": 2.4514083864977088,
  "efc": 0.7478297407147536,
  "fber": 2514.4146579430667,
  "fwhm_avg": 3.0847067310549856,
  "fwhm_x": 3.18335,
  "fwhm_y": 3.240770193164956,
  "fwhm_z": 2.83,
  "icvs_csf": 0.19069283324221495,
  "icvs_gm": 0.3953673024511481,
  "icvs_wm": 0.413939864306637,
  "inu_med": 1.8935644626617432,
  "inu_range": 0.45931586623191833,
  "provenance": {
    "md5sum": "a8dbff822988cde4574b710ebd3b2623",
    "settings": {
      "testing": false
    },
    "software": "mriqc",
    "version": "21.0.0rc2",
    "warnings": {
      "large_rot_frame": true,
      "small_air_mask": false
    },
    "webapi_port": null,
    "webapi_url": "https://mriqc.nimh.nih.gov/api/v1"
  },
  "qi_1": 0.0,
  "qi_2": 1.15326669718243e-05,
  "rpve_csf": 30.272527542171474,
  "rpve_gm": 14.777322851414384,
  "rpve_wm": 16.97027929780449,
  "size_x": 176,
  "size_y": 256,
  "size_z": 256,
  "snr_csf": 3.3124386304443427,
  "snr_gm": 12.858856100281608,
  "snr_total": 11.097552380125999,
  "snr_wm": 17.121362409652047,
  "snrd_csf": 26.087695661397145,
  "snrd_gm": 48.065549303799344,
  "snrd_total": 45.0000567927301,
  "snrd_wm": 60.8469254129938,
  "spacing_x": 1.0,
  "spacing_y": 0.9999999403953552,
  "spacing_z": 1.0,
  "summary_bg_k": 3.863810000514542,
  "summary_bg_mad": 10.768135599844273,
  "summary_bg_mean": 12.74041333490495,
  "summary_bg_median": 7.262997090816498,
  "summary_bg_n": 405817.0,
  "summary_bg_p05": 0.0,
  "summary_bg_p95": 36.47881245613098,
  "summary_bg_stdv": 12.555580033075483,
  "summary_csf_k": -0.47925382740681544,
  "summary_csf_mad": 141.76695816035578,
  "summary_csf_mean": 428.2375450063883,
  "summary_csf_median": 428.7898733615875,
  "summary_csf_n": 4657.0,
  "summary_csf_p05": 215.3123678922653,
  "summary_csf_p95": 638.7942463874816,
  "summary_csf_stdv": 129.43449874500234,
  "summary_gm_k": 0.19848824476154325,
  "summary_gm_mad": 57.888849277358304,
  "summary_gm_mean": 786.937800712776,
  "summary_gm_median": 790.0284128785133,
  "summary_gm_n": 16429.0,
  "summary_gm_p05": 679.8492931008338,
  "summary_gm_p95": 884.065112054348,
  "summary_gm_stdv": 61.43659767524382,
  "summary_wm_k": 1.7516764078606162,
  "summary_wm_mad": 52.464299764654804,
  "summary_wm_mean": 1007.265173790345,
  "summary_wm_median": 1000.1092385053635,
  "summary_wm_n": 160621.0,
  "summary_wm_p05": 926.7693505883217,
  "summary_wm_p95": 1112.603779911995,
  "summary_wm_stdv": 58.412765369575816,
  "tpm_overlap_csf": 0.12288901209831238,
  "tpm_overlap_gm": 0.368149071931839,
  "tpm_overlap_wm": 0.4030304551124573,
  "wm2max": 0.4818205735332807
}