{
  "bids_meta": {
    "ConversionSoftware": "dcm2niix",
    "ConversionSoftwareVersion": "v1.0.20170411 GCC4.3.2",
    "EchoTime": 0.00352,
    "ImageType": [
      "ORIGINAL"
    ],
    "Manufacturer": "Philips",
    "ManufacturersModelName": "N/A",
    "PhilipsRescaleIntercept": 0,
    "PhilipsRescaleSlope": 8.03712,
    "PhilipsScaleSlope": 0.000319908,
    "ProtocolName": "WIPMPRAGE_S2SENSE",
    "RepetitionTime": 0.007632,
    "SequenceVariant": "tfl3d1_ns",
    "UsePhilipsFloatNotDisplayScaling": 1,
    "dataset": "ds001907",
    "modality": "T1w",
    "session_id": "2",
    "subject_id": "RC4125"
  },
  "cjv": 0.46751103207953926,
  "cnr": 2.6810528115928887,
  "efc": 0.7599376028162654,
  "fber": 2133.825905203494,
  "fwhm_avg": 3.0287901171050535,
  "fwhm_x": 3.102820184942495,
  "fwhm_y": 3.19228,
  "fwhm_z": 2.7912701663726667,
  "icvs_csf": 0.21344608132295623,
  "icvs_gm": 0.37755646273428445,
  "icvs_wm": 0.4089974559427593,
  "inu_med": 2.190687894821167,
  "inu_range": 0.4481998920440673,
  "provenance": {
    "md5sum": "7b0d2478fcc669b9ce035c66ed8e0ba1",
    "settings": {
      "testing": false
    },
    "software": "mriqc",
    "version": "21.0.0rc2",
    "warnings": {
      "large_rot_frame": true,
      "small_air_mask": false
    },
    "webapi_port": null,
    "webapi_url": "https://mriqc.nimh.nih.gov/api/v1"
  },
  "qi_1": 0.0,
  "qi_2": 9.466589825988609e-06,
  "rpve_csf": 26.941144248898585,
  "rpve_gm": 14.747105623360328,
  "rpve_wm": 16.664001642105447,
  "size_x": 176,
  "size_y": 256,
  "size_z": 256,
  "snr_csf": 2.302165256215846,
  "snr_gm": 15.432813095897568,
  "snr_total": 12.081602342943848,
  "snr_wm": 18.509828676718126,
  "snrd_csf": 24.56408447931405,
  "snrd_gm": 43.52162165363753,
  "snrd_total": 41.01761928097583,
  "snrd_wm": 54.967151709975916,
  "spacing_x": 0.9999999403953552,
  "spacing_y": 1.0,
  "spacing_z": 0.9999999403953552,
  "summary_bg_k": 550.1248780599369,
  "summary_bg_mad": 11.919242509987658,
  "summary_bg_mean": 16.98911920417335,
  "summary_bg_median": 8.039406903088093,
  "summary_bg_n": 427696.0,
  "summary_bg_p05": 0.0,
  "summary_bg_p95": 55.06761375814676,
  "summary_bg_stdv": 21.93870562569145,
  "summary_csf_k": 9.470557851775418,
  "summary_csf_mad": 130.76718083211892,
  "summary_csf_mean": 464.78472247654156,
  "summary_csf_median": 446.90737680345774,
  "summary_csf_n": 8551.0,
  "summary_csf_p05": 237.76662092283368,
  "summary_csf_p95": 677.9590017870069,
  "summary_csf_stdv": 194.11345165377557,
  "summary_gm_k": 0.6649795828970668,
  "summary_gm_mad": 47.74586739549969,
  "summary_gm_mean": 792.129326422807,
  "summary_gm_median": 791.811874113977,
  "summary_gm_n": 10833.0,
  "summary_gm_p05": 707.8860425129533,
  "summary_gm_p95": 877.1318225190043,
  "summary_gm_stdv": 51.30466636656724,
  "summary_wm_k": 0.907852178284954,
  "summary_wm_mad": 49.60609599532435,
  "summary_wm_mean": 1006.7974916584519,
  "summary_wm_median": 1000.0464540719986,
  "summary_wm_n": 160026.0,
  "summary_wm_p05": 930.5729666724801,
  "summary_wm_p95": 1105.104772893712,
  "summary_wm_stdv": 54.02769236257533,
  "tpm_overlap_csf": 0.13001099228858948,
  "tpm_overlap_gm": 0.37220048904418945,
  "tpm_overlap_wm": 0.40893638134002686,
  "wm2max": 0.5203975527773076
}