{
  "bids_meta": {
    "ConversionSoftware": "dcm2niix",
    "ConversionSoftwareVersion": "v1.0.20170411 GCC4.3.2",
    "EchoTime": 0.0035,
    "ImageType": [
      "ORIGINAL"
    ],
    "Manufacturer": "Philips",
    "ManufacturersModelName": "N/A",
    "PhilipsRescaleIntercept": 0,
    "PhilipsRescaleSlope": 7.66764,
    "PhilipsScaleSlope": 0.000326985,
    "ProtocolName": "WIPMPRAGE_S2SENSE",
    "RepetitionTime": 0.007521,
    "SequenceVariant": "tfl3d1_ns",
    "UsePhilipsFloatNotDisplayScaling": 1,
    "dataset": "ds001907",
    "modality": "T1w",
    "session_id": "2",
    "subject_id": "RC4212"
  },
  "cjv": 0.47924674563855796,
  "cnr": 2.592157565380505,
  "efc": 0.7677393521916411,
  "fber": 11136.11188271605,
  "fwhm_avg": 3.1047266666666666,
  "fwhm_x": 3.21471,
  "fwhm_y": 3.18711,
  "fwhm_z": 2.91236,
  "icvs_csf": 0.17648924080863065,
  "icvs_gm": 0.4150406314385621,
  "icvs_wm": 0.4084701277528072,
  "inu_med": 1.531490683555603,
  "inu_range": 0.4098334312438965,
  "provenance": {
    "md5sum": "63673bce46912e82dbb8cc94363d22cc",
    "settings": {
      "testing": false
    },
    "software": "mriqc",
    "version": "21.0.0rc2",
    "warnings": {
      "large_rot_frame": true,
      "small_air_mask": false
    },
    "webapi_port": null,
    "webapi_url": "https://mriqc.nimh.nih.gov/api/v1"
  },
  "qi_1": 0.0,
  "qi_2": 8.467016680409617e-06,
  "rpve_csf": 32.36947990717266,
  "rpve_gm": 14.659019778742776,
  "rpve_wm": 17.668655620465657,
  "size_x": 176,
  "size_y": 256,
  "size_z": 256,
  "snr_csf": 1.2003050453345308,
  "snr_gm": 14.273239160907671,
  "snr_total": 10.56592558582694,
  "snr_wm": 16.22423255123862,
  "snrd_csf": 26.465474225182774,
  "snrd_gm": 51.601170389897604,
  "snrd_total": 47.95391679651268,
  "snrd_wm": 65.79510577445767,
  "spacing_x": 1.0,
  "spacing_y": 1.0,
  "spacing_z": 1.0,
  "summary_bg_k": 5.426799339805367,
  "summary_bg_mad": 9.957846069779485,
  "summary_bg_mean": 10.790050729315615,
  "summary_bg_median": 6.7164651080966,
  "summary_bg_n": 427930.0,
  "summary_bg_p05": 0.0,
  "summary_bg_p95": 32.26414079964161,
  "summary_bg_stdv": 10.405249189267606,
  "summary_csf_k": 13.367208223162248,
  "summary_csf_mad": 174.40190219408186,
  "summary_csf_mean": 465.4465780898979,
  "summary_csf_median": 402.26604341343045,
  "summary_csf_n": 5612.0,
  "summary_csf_p05": 189.38548483774065,
  "summary_csf_p95": 1045.5339198738325,
  "summary_csf_stdv": 335.1066494044364,
  "summary_gm_k": 0.7745564122911333,
  "summary_gm_mad": 48.5793985834102,
  "summary_gm_mean": 785.7144703666473,
  "summary_gm_median": 784.3199208006263,
  "summary_gm_n": 14522.0,
  "summary_gm_p05": 696.0078202344478,
  "summary_gm_p95": 879.7910199236125,
  "summary_gm_stdv": 54.94848835306304,
  "summary_wm_k": 1.285008656969426,
  "summary_wm_mad": 54.81468537476745,
  "summary_wm_mean": 1008.1323920071519,
  "summary_wm_median": 1000.0628233850002,
  "summary_wm_n": 164085.0,
  "summary_wm_p05": 921.7249873578548,
  "summary_wm_p95": 1121.2730488404632,
  "summary_wm_stdv": 61.6398817527691,
  "tpm_overlap_csf": 0.15888550877571106,
  "tpm_overlap_gm": 0.42405444383621216,
  "tpm_overlap_wm": 0.47867053747177124,
  "wm2max": 0.5094490455025101
}