{
  "bids_meta": {
    "ConversionSoftware": "dcm2niix",
    "ConversionSoftwareVersion": "v1.0.20170411 GCC4.3.2",
    "EchoTime": 0.00353,
    "ImageType": [
      "ORIGINAL"
    ],
    "Manufacturer": "Philips",
    "ManufacturersModelName": "N/A",
    "PhilipsRescaleIntercept": 0,
    "PhilipsRescaleSlope": 8.46569,
    "PhilipsScaleSlope": 0.000316429,
    "ProtocolName": "WIPMPRAGE_S2SENSE",
    "RepetitionTime": 0.007593,
    "SequenceVariant": "tfl3d1_ns",
    "UsePhilipsFloatNotDisplayScaling": 1,
    "dataset": "ds001907",
    "modality": "T1w",
    "session_id": "2",
    "subject_id": "RC4113"
  },
  "cjv": 0.4852235708963839,
  "cnr": 2.5603328917268833,
  "efc": 0.7673174015980038,
  "fber": 2838.5504818560385,
  "fwhm_avg": 3.294173333333333,
  "fwhm_x": 3.43587,
  "fwhm_y": 3.37712,
  "fwhm_z": 3.06953,
  "icvs_csf": 0.20672601061741577,
  "icvs_gm": 0.39876280978489237,
  "icvs_wm": 0.3945111795976919,
  "inu_med": 3.0250701904296875,
  "inu_range": 0.7205914497375487,
  "provenance": {
    "md5sum": "4f4c700c6c870af6d4137290921751a1",
    "settings": {
      "testing": false
    },
    "software": "mriqc",
    "version": "21.0.0rc2",
    "warnings": {
      "large_rot_frame": true,
      "small_air_mask": false
    },
    "webapi_port": null,
    "webapi_url": "https://mriqc.nimh.nih.gov/api/v1"
  },
  "qi_1": 0.0,
  "qi_2": 8.775869302914776e-06,
  "rpve_csf": 32.859280219496966,
  "rpve_gm": 17.115899737897447,
  "rpve_wm": 20.81417214215704,
  "size_x": 176,
  "size_y": 256,
  "size_z": 256,
  "snr_csf": 2.501171583929361,
  "snr_gm": 13.665914826627812,
  "snr_total": 11.578305795332833,
  "snr_wm": 18.567830975441325,
  "snrd_csf": 20.21929310832458,
  "snrd_gm": 52.75659452720511,
  "snrd_total": 46.46712974410779,
  "snrd_wm": 66.42550159679367,
  "spacing_x": 1.0,
  "spacing_y": 1.0,
  "spacing_z": 1.0,
  "summary_bg_k": 4.746439533861789,
  "summary_bg_mad": 9.86334904710758,
  "summary_bg_mean": 13.548893011853943,
  "summary_bg_median": 12.54514391720295,
  "summary_bg_n": 371384.0,
  "summary_bg_p05": 0.0,
  "summary_bg_p95": 39.66292975842953,
  "summary_bg_stdv": 13.483590727922657,
  "summary_csf_k": 8.601264163072669,
  "summary_csf_mad": 107.79231458624712,
  "summary_csf_mean": 330.1021492554946,
  "summary_csf_median": 304.40981793031096,
  "summary_csf_n": 11208.0,
  "summary_csf_p05": 186.42527376152574,
  "summary_csf_p95": 552.8511869754642,
  "summary_csf_stdv": 121.70146165069637,
  "summary_gm_k": 0.4112426583275215,
  "summary_gm_mad": 52.22878162087442,
  "summary_gm_mean": 796.3035354030083,
  "summary_gm_median": 794.2723441720009,
  "summary_gm_n": 11580.0,
  "summary_gm_p05": 701.0676272053272,
  "summary_gm_p95": 897.2945866435766,
  "summary_gm_stdv": 58.11817639004971,
  "summary_wm_k": 1.5526172537842298,
  "summary_wm_mad": 47.62588539889089,
  "summary_wm_mean": 1008.0408995905805,
  "summary_wm_median": 1000.0633918642998,
  "summary_wm_n": 150572.0,
  "summary_wm_p05": 935.1200963333249,
  "summary_wm_p95": 1108.2177386656404,
  "summary_wm_stdv": 53.859821984619465,
  "tpm_overlap_csf": 0.15171518921852112,
  "tpm_overlap_gm": 0.3992585241794586,
  "tpm_overlap_wm": 0.46665191650390625,
  "wm2max": 0.5371630819493602
}