{
  "aor": 0.013941275167785233,
  "aqi": 0.0066803556375838935,
  "bids_meta": {
    "AcquisitionDateTime": "2013-06-13T12:36:47.250000",
    "BodyPartExamined": "BRAIN",
    "ConversionSoftware": "dcm2niix",
    "ConversionSoftwareVersion": "v1.0.20170411 GCC4.3.2",
    "EchoTime": 0.025,
    "FlipAngle": 79,
    "ImageType": [
      "ORIGINAL",
      "PRIMARY",
      "M",
      "FFE",
      "M",
      "FFE"
    ],
    "MagneticFieldStrength": 3,
    "Manufacturer": "Philips",
    "ManufacturersModelName": "Achieva",
    "PhilipsRescaleIntercept": 0,
    "PhilipsRescaleSlope": 2.6591,
    "PhilipsScaleSlope": 0.000839322,
    "ProcedureStepDescription": "IBIC-UDALL",
    "ProtocolName": "WIP_ANT_E_SENSE",
    "RepetitionTime": 2.4,
    "ScanningSequence": "GR",
    "SequenceVariant": "SK",
    "SeriesDescription": "ANT_E",
    "SliceTiming": [
      0,
      0.06,
      0.11,
      0.17,
      0.22,
      0.28,
      0.33,
      0.39,
      0.45,
      0.5,
      0.56,
      0.61,
      0.67,
      0.73,
      0.78,
      0.84,
      0.89,
      0.95,
      1,
      1.06,
      1.12,
      1.17,
      1.23,
      1.28,
      1.34,
      1.4,
      1.45,
      1.51,
      1.56,
      1.62,
      1.67,
      1.73,
      1.79,
      1.84,
      1.9,
      1.95,
      2.01,
      2.07,
      2.12,
      2.18,
      2.23,
      2.29,
      2.34
    ],
    "TaskName": "ANT",
    "UsePhilipsFloatNotDisplayScaling": 1,
    "dataset": "ds001907",
    "modality": "bold",
    "run_id": 5,
    "session_id": "2",
    "subject_id": "RC4128",
    "task_id": "ANT"
  },
  "dummy_trs": 0,
  "dvars_nstd": 19.30509163878379,
  "dvars_std": 1.2170529358108115,
  "dvars_vstd": 1.0517975778378377,
  "efc": 0.41946037923956025,
  "fber": 530937.625,
  "fd_mean": 0.17294066885875364,
  "fd_num": 29,
  "fd_perc": 19.463087248322147,
  "fwhm_avg": 1.9700766666666665,
  "fwhm_x": 1.8351433333333331,
  "fwhm_y": 2.1455866666666665,
  "fwhm_z": 1.9295,
  "gcor": 0.0236759,
  "gsr_x": -0.02112773060798645,
  "gsr_y": 0.02155270054936409,
  "provenance": {
    "md5sum": "6d8c7d5e5fa2530dbfeb70a725101064",
    "settings": {
      "fd_thres": 0.2,
      "testing": false
    },
    "software": "mriqc",
    "version": "21.0.0rc2",
    "webapi_port": null,
    "webapi_url": "https://mriqc.nimh.nih.gov/api/v1"
  },
  "size_t": 149,
  "size_x": 80,
  "size_y": 80,
  "size_z": 43,
  "snr": 4.216303268424548,
  "spacing_tr": 2.4000020027160645,
  "spacing_x": 3.0,
  "spacing_y": 3.0,
  "spacing_z": 3.0,
  "summary_bg_k": 50.76263236448586,
  "summary_bg_mad": 1122.5085677471827,
  "summary_bg_mean": 17127.705078125,
  "summary_bg_median": 767.6597900390625,
  "summary_bg_n": 192046.0,
  "summary_bg_p05": 5.229025363922119,
  "summary_bg_p95": 102388.296875,
  "summary_bg_stdv": 45091.67578125,
  "summary_fg_k": 1.252678696502029,
  "summary_fg_mad": 105438.77794929483,
  "summary_fg_mean": 571598.375,
  "summary_fg_median": 543444.0625,
  "summary_fg_n": 38597.0,
  "summary_fg_p05": 414603.2125,
  "summary_fg_p95": 837250.4499999996,
  "summary_fg_stdv": 128889.453125,
  "tsnr": 62.389854431152344
}