{
  "bids_meta": {
    "ConversionSoftware": "dcm2niix",
    "ConversionSoftwareVersion": "v1.0.20170411 GCC4.3.2",
    "EchoTime": 0.00352,
    "ImageType": [
      "ORIGINAL"
    ],
    "Manufacturer": "Philips",
    "ManufacturersModelName": "N/A",
    "PhilipsRescaleIntercept": 0,
    "PhilipsRescaleSlope": 6.74188,
    "PhilipsScaleSlope": 0.000336887,
    "ProtocolName": "WIPMPRAGE_S2SENSE",
    "RepetitionTime": 0.007663,
    "SequenceVariant": "tfl3d1_ns",
    "UsePhilipsFloatNotDisplayScaling": 1,
    "dataset": "ds001907",
    "modality": "T1w",
    "session_id": "2",
    "subject_id": "RC4121"
  },
  "cjv": 0.4476914509571973,
  "cnr": 2.6908905515722075,
  "efc": 0.7394358120114615,
  "fber": 9714.014758298063,
  "fwhm_avg": 3.35659,
  "fwhm_x": 3.4074,
  "fwhm_y": 3.53122,
  "fwhm_z": 3.13115,
  "icvs_csf": 0.19919069502453585,
  "icvs_gm": 0.3951884211279476,
  "icvs_wm": 0.4056208838475166,
  "inu_med": 2.667442798614502,
  "inu_range": 0.7617292046546935,
  "provenance": {
    "md5sum": "31f9f29ee6e716ef1cdcd581e96f283d",
    "settings": {
      "testing": false
    },
    "software": "mriqc",
    "version": "21.0.0rc2",
    "warnings": {
      "large_rot_frame": true,
      "small_air_mask": false
    },
    "webapi_port": null,
    "webapi_url": "https://mriqc.nimh.nih.gov/api/v1"
  },
  "qi_1": 0.0,
  "qi_2": 1.136040771982548e-05,
  "rpve_csf": 27.624985236588195,
  "rpve_gm": 13.949483382030008,
  "rpve_wm": 16.289384592396527,
  "size_x": 176,
  "size_y": 256,
  "size_z": 256,
  "snr_csf": 2.92689017549395,
  "snr_gm": 12.032862826925092,
  "snr_total": 11.921079841473253,
  "snr_wm": 20.803486522000718,
  "snrd_csf": 19.549965048588653,
  "snrd_gm": 53.56824327183487,
  "snrd_total": 47.45776332856594,
  "snrd_wm": 69.25508166527432,
  "spacing_x": 1.0,
  "spacing_y": 1.0,
  "spacing_z": 1.0,
  "summary_bg_k": 1919.1928271054303,
  "summary_bg_mad": 9.460216483056762,
  "summary_bg_mean": 11.295263942670982,
  "summary_bg_median": 6.3808190524578094,
  "summary_bg_n": 455827.0,
  "summary_bg_p05": 0.0,
  "summary_bg_p95": 32.049113877117634,
  "summary_bg_stdv": 25.36107965513537,
  "summary_csf_k": 5.68033285799522,
  "summary_csf_mad": 74.03336081058814,
  "summary_csf_mean": 302.8972992708457,
  "summary_csf_median": 282.3029035329819,
  "summary_csf_n": 22426.0,
  "summary_csf_p05": 185.92594909481704,
  "summary_csf_p95": 494.39262771978974,
  "summary_csf_stdv": 96.44933442599269,
  "summary_gm_k": 0.5973517712854828,
  "summary_gm_mad": 58.553006565586166,
  "summary_gm_mean": 768.426109121264,
  "summary_gm_median": 773.5292914956808,
  "summary_gm_n": 15281.0,
  "summary_gm_p05": 653.3571993410587,
  "summary_gm_p95": 866.2445259094238,
  "summary_gm_stdv": 64.28262268434004,
  "summary_wm_k": 1.6004898612591933,
  "summary_wm_mad": 42.85764740051472,
  "summary_wm_mean": 1001.7804452448205,
  "summary_wm_median": 1000.048367857933,
  "summary_wm_n": 183929.0,
  "summary_wm_p05": 927.9257767498493,
  "summary_wm_p95": 1080.9204153940082,
  "summary_wm_stdv": 48.07106002279412,
  "tpm_overlap_csf": 0.15004687011241913,
  "tpm_overlap_gm": 0.3903292715549469,
  "tpm_overlap_wm": 0.43430736660957336,
  "wm2max": 0.5460472315810309
}