{
  "aor": 0.018036241610738257,
  "aqi": 0.029470259731543623,
  "bids_meta": {
    "ConversionSoftware": "dcm2niix",
    "ConversionSoftwareVersion": "v1.0.20170411 GCC4.3.2",
    "EchoTime": 0.025,
    "ImageType": [
      "ORIGINAL"
    ],
    "Manufacturer": "Philips",
    "ManufacturersModelName": "N/A",
    "PhilipsRescaleIntercept": 0,
    "PhilipsRescaleSlope": 2.56142,
    "PhilipsScaleSlope": 0.000945596,
    "ProtocolName": "WIPANT_ASENSE",
    "RepetitionTime": 2.4,
    "SequenceVariant": "tfl3d1_ns",
    "SliceTiming": [
      0,
      0.06,
      0.11,
      0.17,
      0.22,
      0.28,
      0.33,
      0.39,
      0.45,
      0.5,
      0.56,
      0.61,
      0.67,
      0.73,
      0.78,
      0.84,
      0.89,
      0.95,
      1,
      1.06,
      1.12,
      1.17,
      1.23,
      1.28,
      1.34,
      1.4,
      1.45,
      1.51,
      1.56,
      1.62,
      1.67,
      1.73,
      1.79,
      1.84,
      1.9,
      1.95,
      2.01,
      2.07,
      2.12,
      2.18,
      2.23,
      2.29,
      2.34
    ],
    "TaskName": "ANT",
    "UsePhilipsFloatNotDisplayScaling": 1,
    "dataset": "ds001907",
    "modality": "bold",
    "run_id": 1,
    "session_id": "2",
    "subject_id": "RC4213",
    "task_id": "ANT"
  },
  "dummy_trs": 0,
  "dvars_nstd": 51.52957518054056,
  "dvars_std": 1.344874567702703,
  "dvars_vstd": 1.0705081196621622,
  "efc": 0.417835917563018,
  "fber": 395850.25,
  "fd_mean": 0.8294845776147465,
  "fd_num": 127,
  "fd_perc": 85.23489932885906,
  "fwhm_avg": 1.8996366666666669,
  "fwhm_x": 1.8437466666666669,
  "fwhm_y": 2.03489,
  "fwhm_z": 1.8202733333333334,
  "gcor": 0.032671,
  "gsr_x": -0.02036791481077671,
  "gsr_y": 0.036669984459877014,
  "provenance": {
    "md5sum": "d44a516dfdd8bf82a3ba7f4d6f84355f",
    "settings": {
      "fd_thres": 0.2,
      "testing": false
    },
    "software": "mriqc",
    "version": "21.0.0rc2",
    "webapi_port": null,
    "webapi_url": "https://mriqc.nimh.nih.gov/api/v1"
  },
  "size_t": 149,
  "size_x": 80,
  "size_y": 80,
  "size_z": 43,
  "snr": 5.558181945625696,
  "spacing_tr": 2.4000020027160645,
  "spacing_x": 3.0,
  "spacing_y": 3.0,
  "spacing_z": 3.0,
  "summary_bg_k": 70.99298155531785,
  "summary_bg_mad": 1030.642070487661,
  "summary_bg_mean": 12909.7470703125,
  "summary_bg_median": 715.845458984375,
  "summary_bg_n": 193581.0,
  "summary_bg_p05": 11.657915115356445,
  "summary_bg_p95": 66267.890625,
  "summary_bg_stdv": 36919.19140625,
  "summary_fg_k": 2.6951411752909884,
  "summary_fg_mad": 68153.60238852604,
  "summary_fg_mean": 444467.40625,
  "summary_fg_median": 434909.75,
  "summary_fg_n": 38295.0,
  "summary_fg_p05": 339021.690625,
  "summary_fg_p95": 578058.8374999999,
  "summary_fg_stdv": 78245.7421875,
  "tsnr": 35.234519958496094
}