{
  "aor": 0.015463422818791947,
  "aqi": 0.01875035946308725,
  "bids_meta": {
    "ConversionSoftware": "dcm2niix",
    "ConversionSoftwareVersion": "v1.0.20170411 GCC4.3.2",
    "EchoTime": 0.025,
    "ImageType": [
      "ORIGINAL"
    ],
    "Manufacturer": "Philips",
    "ManufacturersModelName": "N/A",
    "PhilipsRescaleIntercept": 0,
    "PhilipsRescaleSlope": 2.84298,
    "PhilipsScaleSlope": 0.000964155,
    "ProtocolName": "WIPANT_BSENSE",
    "RepetitionTime": 2.4,
    "SequenceVariant": "tfl3d1_ns",
    "SliceTiming": [
      0,
      0.06,
      0.11,
      0.17,
      0.22,
      0.28,
      0.33,
      0.39,
      0.45,
      0.5,
      0.56,
      0.61,
      0.67,
      0.73,
      0.78,
      0.84,
      0.89,
      0.95,
      1,
      1.06,
      1.12,
      1.17,
      1.23,
      1.28,
      1.34,
      1.4,
      1.45,
      1.51,
      1.56,
      1.62,
      1.67,
      1.73,
      1.79,
      1.84,
      1.9,
      1.95,
      2.01,
      2.07,
      2.12,
      2.18,
      2.23,
      2.29,
      2.34
    ],
    "TaskName": "ANT",
    "UsePhilipsFloatNotDisplayScaling": 1,
    "dataset": "ds001907",
    "modality": "bold",
    "run_id": 2,
    "session_id": "2",
    "subject_id": "RC4213",
    "task_id": "ANT"
  },
  "dummy_trs": 0,
  "dvars_nstd": 43.505312249256775,
  "dvars_std": 1.3460687802702702,
  "dvars_vstd": 1.0698312850675675,
  "efc": 0.4155665386559235,
  "fber": 460795.09375,
  "fd_mean": 0.6282492660263784,
  "fd_num": 127,
  "fd_perc": 85.23489932885906,
  "fwhm_avg": 1.8972233333333335,
  "fwhm_x": 1.8484466666666668,
  "fwhm_y": 2.0327800000000003,
  "fwhm_z": 1.8104433333333334,
  "gcor": 0.035029,
  "gsr_x": -0.019156990572810173,
  "gsr_y": 0.03788786008954048,
  "provenance": {
    "md5sum": "07e1f47508ab09cf23b2eadbf1cf4eb5",
    "settings": {
      "fd_thres": 0.2,
      "testing": false
    },
    "software": "mriqc",
    "version": "21.0.0rc2",
    "webapi_port": null,
    "webapi_url": "https://mriqc.nimh.nih.gov/api/v1"
  },
  "size_t": 149,
  "size_x": 80,
  "size_y": 80,
  "size_z": 43,
  "snr": 5.526262334899866,
  "spacing_tr": 2.4000020027160645,
  "spacing_x": 3.0,
  "spacing_y": 3.0,
  "spacing_z": 3.0,
  "summary_bg_k": 75.70966707397541,
  "summary_bg_mad": 937.6181357688868,
  "summary_bg_mean": 12155.4296875,
  "summary_bg_median": 652.283935546875,
  "summary_bg_n": 193848.0,
  "summary_bg_p05": 11.408901071548462,
  "summary_bg_p95": 62918.38085937497,
  "summary_bg_stdv": 35336.2421875,
  "summary_fg_k": 2.5943725508418805,
  "summary_fg_mad": 66746.52022052556,
  "summary_fg_mean": 430836.25,
  "summary_fg_median": 421500.625,
  "summary_fg_n": 38206.0,
  "summary_fg_p05": 328805.6484375,
  "summary_fg_p95": 560746.375,
  "summary_fg_stdv": 76271.28125,
  "tsnr": 40.70835876464844
}