{
  "aor": 0.003385637583892618,
  "aqi": 0.0057380297986577185,
  "bids_meta": {
    "AcquisitionDateTime": "2012-12-19T13:13:43.290000",
    "BodyPartExamined": "BRAIN",
    "ConversionSoftware": "dcm2niix",
    "ConversionSoftwareVersion": "v1.0.20170411 GCC4.3.2",
    "EchoTime": 0.025001,
    "FlipAngle": 79,
    "ImageType": [
      "ORIGINAL",
      "PRIMARY",
      "M",
      "FFE",
      "M",
      "FFE"
    ],
    "MagneticFieldStrength": 3,
    "Manufacturer": "Philips",
    "ManufacturersModelName": "Achieva",
    "PhilipsRescaleIntercept": 0,
    "PhilipsRescaleSlope": 2.75922,
    "PhilipsScaleSlope": 0.000787924,
    "ProcedureStepDescription": "IBIC-UDALL",
    "ProtocolName": "WIP_ANT_B_SENSE",
    "RepetitionTime": 2.4,
    "ScanningSequence": "GR",
    "SequenceVariant": "SK",
    "SeriesDescription": "ANT_B",
    "SliceTiming": [
      0,
      0.06,
      0.11,
      0.17,
      0.22,
      0.28,
      0.33,
      0.39,
      0.45,
      0.5,
      0.56,
      0.61,
      0.67,
      0.73,
      0.78,
      0.84,
      0.89,
      0.95,
      1,
      1.06,
      1.12,
      1.17,
      1.23,
      1.28,
      1.34,
      1.4,
      1.45,
      1.51,
      1.56,
      1.62,
      1.67,
      1.73,
      1.79,
      1.84,
      1.9,
      1.95,
      2.01,
      2.07,
      2.12,
      2.18,
      2.23,
      2.29,
      2.34
    ],
    "TaskName": "ANT",
    "UsePhilipsFloatNotDisplayScaling": 1,
    "dataset": "ds001907",
    "modality": "bold",
    "run_id": 2,
    "session_id": "1",
    "subject_id": "RC4109",
    "task_id": "ANT"
  },
  "dummy_trs": 0,
  "dvars_nstd": 24.65415753567568,
  "dvars_std": 1.2868951891891889,
  "dvars_vstd": 1.013438767364865,
  "efc": 0.4452138559975641,
  "fber": 354852.03125,
  "fd_mean": 0.3266267460510723,
  "fd_num": 118,
  "fd_perc": 79.19463087248322,
  "fwhm_avg": 2.0574644952470327,
  "fwhm_x": 1.9177334857410975,
  "fwhm_y": 2.2640066666666665,
  "fwhm_z": 1.9906533333333334,
  "gcor": 0.0261898,
  "gsr_x": -0.008004719391465187,
  "gsr_y": 0.022470097988843918,
  "provenance": {
    "md5sum": "3beb783889e04b887db9ba45319e5e0e",
    "settings": {
      "fd_thres": 0.2,
      "testing": false
    },
    "software": "mriqc",
    "version": "21.0.0rc2",
    "webapi_port": null,
    "webapi_url": "https://mriqc.nimh.nih.gov/api/v1"
  },
  "size_t": 149,
  "size_x": 80,
  "size_y": 80,
  "size_z": 43,
  "snr": 4.244791605045247,
  "spacing_tr": 2.4000020027160645,
  "spacing_x": 2.999999761581421,
  "spacing_y": 3.0,
  "spacing_z": 3.0,
  "summary_bg_k": 34.35367979061052,
  "summary_bg_mad": 1331.0671876446054,
  "summary_bg_mean": 16715.9140625,
  "summary_bg_median": 916.6138916015625,
  "summary_bg_n": 184048.0,
  "summary_bg_p05": 7.302857351303102,
  "summary_bg_p95": 103889.92812499999,
  "summary_bg_stdv": 43126.94140625,
  "summary_fg_k": 1.7745722921093199,
  "summary_fg_mad": 93253.87262254856,
  "summary_fg_mean": 569353.9375,
  "summary_fg_median": 542457.0625,
  "summary_fg_n": 45277.0,
  "summary_fg_p05": 412723.21875,
  "summary_fg_p95": 836724.7499999997,
  "summary_fg_stdv": 127792.15625,
  "tsnr": 69.43852996826172
}