{
  "aor": 0.0020814765100671145,
  "aqi": 0.003501393087248322,
  "bids_meta": {
    "ConversionSoftware": "dcm2niix",
    "ConversionSoftwareVersion": "v1.0.20170411 GCC4.3.2",
    "EchoTime": 0.025,
    "ImageType": [
      "ORIGINAL"
    ],
    "Manufacturer": "Philips",
    "ManufacturersModelName": "N/A",
    "PhilipsRescaleIntercept": 0,
    "PhilipsRescaleSlope": 2.61758,
    "PhilipsScaleSlope": 0.000783434,
    "ProtocolName": "WIPANT_ESENSE",
    "RepetitionTime": 2.4,
    "SequenceVariant": "tfl3d1_ns",
    "SliceTiming": [
      0,
      0.06,
      0.11,
      0.17,
      0.22,
      0.28,
      0.33,
      0.39,
      0.45,
      0.5,
      0.56,
      0.61,
      0.67,
      0.73,
      0.78,
      0.84,
      0.89,
      0.95,
      1,
      1.06,
      1.12,
      1.17,
      1.23,
      1.28,
      1.34,
      1.4,
      1.45,
      1.51,
      1.56,
      1.62,
      1.67,
      1.73,
      1.79,
      1.84,
      1.9,
      1.95,
      2.01,
      2.07,
      2.12,
      2.18,
      2.23,
      2.29,
      2.34
    ],
    "TaskName": "ANT",
    "UsePhilipsFloatNotDisplayScaling": 1,
    "dataset": "ds001907",
    "modality": "bold",
    "run_id": 5,
    "session_id": "1",
    "subject_id": "RC4109",
    "task_id": "ANT"
  },
  "dummy_trs": 0,
  "dvars_nstd": 23.77829711486486,
  "dvars_std": 1.3267992262837829,
  "dvars_vstd": 1.0176470137162164,
  "efc": 0.44368414220014313,
  "fber": 377914.875,
  "fd_mean": 0.2777207426467923,
  "fd_num": 106,
  "fd_perc": 71.14093959731544,
  "fwhm_avg": 2.059306717699019,
  "fwhm_x": 1.9264068197637254,
  "fwhm_y": 2.2633666666666667,
  "fwhm_z": 1.9881466666666665,
  "gcor": 0.0159011,
  "gsr_x": -0.007291192188858986,
  "gsr_y": 0.022558698430657387,
  "provenance": {
    "md5sum": "93076eaf484bf137799ca632031f53f0",
    "settings": {
      "fd_thres": 0.2,
      "testing": false
    },
    "software": "mriqc",
    "version": "21.0.0rc2",
    "webapi_port": null,
    "webapi_url": "https://mriqc.nimh.nih.gov/api/v1"
  },
  "size_t": 149,
  "size_x": 80,
  "size_y": 80,
  "size_z": 43,
  "snr": 4.222552879317615,
  "spacing_tr": 2.4000020027160645,
  "spacing_x": 2.999999761581421,
  "spacing_y": 3.0,
  "spacing_z": 3.0,
  "summary_bg_k": 35.19763317992274,
  "summary_bg_mad": 1311.748352327423,
  "summary_bg_mean": 16436.7578125,
  "summary_bg_median": 900.5125732421875,
  "summary_bg_n": 184121.0,
  "summary_bg_p05": 6.536645889282227,
  "summary_bg_p95": 102680.578125,
  "summary_bg_stdv": 42566.125,
  "summary_fg_k": 1.785585451968946,
  "summary_fg_mad": 95561.47347867354,
  "summary_fg_mean": 574353.6875,
  "summary_fg_median": 547702.25,
  "summary_fg_n": 45144.0,
  "summary_fg_p05": 415217.2171875,
  "summary_fg_p95": 846282.5406249998,
  "summary_fg_stdv": 129707.359375,
  "tsnr": 84.0771484375
}