{
  "aor": 0.004444563758389262,
  "aqi": 0.007460009731543624,
  "bids_meta": {
    "AcquisitionDateTime": "2013-08-19T09:52:55.180000",
    "BodyPartExamined": "BRAIN",
    "ConversionSoftware": "dcm2niix",
    "ConversionSoftwareVersion": "v1.0.20170411 GCC4.3.2",
    "EchoTime": 0.025001,
    "FlipAngle": 79,
    "ImageType": [
      "ORIGINAL",
      "PRIMARY",
      "M",
      "FFE",
      "M",
      "FFE"
    ],
    "MagneticFieldStrength": 3,
    "Manufacturer": "Philips",
    "ManufacturersModelName": "Achieva",
    "PhilipsRescaleIntercept": 0,
    "PhilipsRescaleSlope": 1.86276,
    "PhilipsScaleSlope": 0.000916513,
    "ProcedureStepDescription": "UDALL_2",
    "ProtocolName": "WIP_ANT_A_SENSE",
    "RepetitionTime": 2.4,
    "ScanningSequence": "GR",
    "SequenceVariant": "SK",
    "SeriesDescription": "ANT_A",
    "SliceTiming": [
      0,
      0.06,
      0.11,
      0.17,
      0.22,
      0.28,
      0.33,
      0.39,
      0.45,
      0.5,
      0.56,
      0.61,
      0.67,
      0.73,
      0.78,
      0.84,
      0.89,
      0.95,
      1,
      1.06,
      1.12,
      1.17,
      1.23,
      1.28,
      1.34,
      1.4,
      1.45,
      1.51,
      1.56,
      1.62,
      1.67,
      1.73,
      1.79,
      1.84,
      1.9,
      1.95,
      2.01,
      2.07,
      2.12,
      2.18,
      2.23,
      2.29,
      2.34
    ],
    "TaskName": "ANT",
    "UsePhilipsFloatNotDisplayScaling": 1,
    "dataset": "ds001907",
    "modality": "bold",
    "run_id": 1,
    "session_id": "2",
    "subject_id": "RC4224",
    "task_id": "ANT"
  },
  "dummy_trs": 0,
  "dvars_nstd": 34.98902186837838,
  "dvars_std": 1.2570736941216214,
  "dvars_vstd": 0.9942858938513512,
  "efc": 0.4059216875897798,
  "fber": 624281.25,
  "fd_mean": 0.41159597640360346,
  "fd_num": 135,
  "fd_perc": 90.60402684563758,
  "fwhm_avg": 2.0020211111111115,
  "fwhm_x": 1.95819,
  "fwhm_y": 2.118116666666667,
  "fwhm_z": 1.9297566666666668,
  "gcor": 0.0118974,
  "gsr_x": -0.01175234466791153,
  "gsr_y": 0.014805080369114876,
  "provenance": {
    "md5sum": "3befbd306f9fa4e42ce557b0515fe45c",
    "settings": {
      "fd_thres": 0.2,
      "testing": false
    },
    "software": "mriqc",
    "version": "21.0.0rc2",
    "webapi_port": null,
    "webapi_url": "https://mriqc.nimh.nih.gov/api/v1"
  },
  "size_t": 149,
  "size_x": 80,
  "size_y": 80,
  "size_z": 43,
  "snr": 4.645378935086961,
  "spacing_tr": 2.4000020027160645,
  "spacing_x": 3.0,
  "spacing_y": 3.0,
  "spacing_z": 3.0,
  "summary_bg_k": 69.8086028236646,
  "summary_bg_mad": 977.3284726629342,
  "summary_bg_mean": 12808.0341796875,
  "summary_bg_median": 665.1282958984375,
  "summary_bg_n": 193516.0,
  "summary_bg_p05": 3.527587413787842,
  "summary_bg_p95": 67626.029296875,
  "summary_bg_stdv": 37467.7109375,
  "summary_fg_k": 2.1547535068112706,
  "summary_fg_mad": 88518.9971124736,
  "summary_fg_mean": 527273.5625,
  "summary_fg_median": 510835.90625,
  "summary_fg_n": 36715.0,
  "summary_fg_p05": 382855.821875,
  "summary_fg_p95": 731707.6249999998,
  "summary_fg_stdv": 109964.96875,
  "tsnr": 60.002784729003906
}