{
  "aor": 0.005782751677852348,
  "aqi": 0.008654958187919462,
  "bids_meta": {
    "AcquisitionDateTime": "2013-08-19T10:00:1.680000",
    "BodyPartExamined": "BRAIN",
    "ConversionSoftware": "dcm2niix",
    "ConversionSoftwareVersion": "v1.0.20170411 GCC4.3.2",
    "EchoTime": 0.025001,
    "FlipAngle": 79,
    "ImageType": [
      "ORIGINAL",
      "PRIMARY",
      "M",
      "FFE",
      "M",
      "FFE"
    ],
    "MagneticFieldStrength": 3,
    "Manufacturer": "Philips",
    "ManufacturersModelName": "Achieva",
    "PhilipsRescaleIntercept": 0,
    "PhilipsRescaleSlope": 2.08352,
    "PhilipsScaleSlope": 0.000925906,
    "ProcedureStepDescription": "UDALL_2",
    "ProtocolName": "WIP_ANT_B_SENSE",
    "RepetitionTime": 2.4,
    "ScanningSequence": "GR",
    "SequenceVariant": "SK",
    "SeriesDescription": "ANT_B",
    "SliceTiming": [
      0,
      0.06,
      0.11,
      0.17,
      0.22,
      0.28,
      0.33,
      0.39,
      0.45,
      0.5,
      0.56,
      0.61,
      0.67,
      0.73,
      0.78,
      0.84,
      0.89,
      0.95,
      1,
      1.06,
      1.12,
      1.17,
      1.23,
      1.28,
      1.34,
      1.4,
      1.45,
      1.51,
      1.56,
      1.62,
      1.67,
      1.73,
      1.79,
      1.84,
      1.9,
      1.95,
      2.01,
      2.07,
      2.12,
      2.18,
      2.23,
      2.29,
      2.34
    ],
    "TaskName": "ANT",
    "UsePhilipsFloatNotDisplayScaling": 1,
    "dataset": "ds001907",
    "modality": "bold",
    "run_id": 2,
    "session_id": "2",
    "subject_id": "RC4224",
    "task_id": "ANT"
  },
  "dummy_trs": 0,
  "dvars_nstd": 35.01217606324323,
  "dvars_std": 1.2776319384459458,
  "dvars_vstd": 1.0035750494594595,
  "efc": 0.40729129604950126,
  "fber": 765272.625,
  "fd_mean": 0.3799316403973595,
  "fd_num": 127,
  "fd_perc": 85.23489932885906,
  "fwhm_avg": 2.0157844444444444,
  "fwhm_x": 1.97054,
  "fwhm_y": 2.1327700000000003,
  "fwhm_z": 1.9440433333333333,
  "gcor": 0.0120104,
  "gsr_x": -0.011867807246744633,
  "gsr_y": 0.01519693061709404,
  "provenance": {
    "md5sum": "19968be43163e6959b65e57f1a03d629",
    "settings": {
      "fd_thres": 0.2,
      "testing": false
    },
    "software": "mriqc",
    "version": "21.0.0rc2",
    "webapi_port": null,
    "webapi_url": "https://mriqc.nimh.nih.gov/api/v1"
  },
  "size_t": 149,
  "size_x": 80,
  "size_y": 80,
  "size_z": 43,
  "snr": 4.651593578934068,
  "spacing_tr": 2.4000020027160645,
  "spacing_x": 3.0,
  "spacing_y": 3.0,
  "spacing_z": 3.0,
  "summary_bg_k": 67.66873798625868,
  "summary_bg_mad": 872.7286889869126,
  "summary_bg_mean": 12806.8701171875,
  "summary_bg_median": 594.0350952148438,
  "summary_bg_n": 193219.0,
  "summary_bg_p05": 3.529897689819336,
  "summary_bg_p95": 67561.26171875001,
  "summary_bg_stdv": 37515.6328125,
  "summary_fg_k": 2.107891976803935,
  "summary_fg_mad": 87916.57413290738,
  "summary_fg_mean": 520196.5,
  "summary_fg_median": 504259.375,
  "summary_fg_n": 36940.0,
  "summary_fg_p05": 377428.5640625,
  "summary_fg_p95": 722122.14375,
  "summary_fg_stdv": 108404.2578125,
  "tsnr": 55.453643798828125
}