{
  "aor": 0.006213624161073826,
  "aqi": 0.007905980402684563,
  "bids_meta": {
    "AcquisitionDateTime": "2013-06-14T09:17:27.620000",
    "BodyPartExamined": "BRAIN",
    "ConversionSoftware": "dcm2niix",
    "ConversionSoftwareVersion": "v1.0.20170411 GCC4.3.2",
    "EchoTime": 0.025,
    "FlipAngle": 79,
    "ImageType": [
      "ORIGINAL",
      "PRIMARY",
      "M",
      "FFE",
      "M",
      "FFE"
    ],
    "MagneticFieldStrength": 3,
    "Manufacturer": "Philips",
    "ManufacturersModelName": "Achieva",
    "PhilipsRescaleIntercept": 0,
    "PhilipsRescaleSlope": 1.95092,
    "PhilipsScaleSlope": 0.000897214,
    "ProcedureStepDescription": "IBIC-UDALL_2",
    "ProtocolName": "WIP_ANT_B_SENSE",
    "RepetitionTime": 2.4,
    "ScanningSequence": "GR",
    "SequenceVariant": "SK",
    "SeriesDescription": "ANT_B",
    "SliceTiming": [
      0,
      0.06,
      0.11,
      0.17,
      0.22,
      0.28,
      0.33,
      0.39,
      0.45,
      0.5,
      0.56,
      0.61,
      0.67,
      0.73,
      0.78,
      0.84,
      0.89,
      0.95,
      1,
      1.06,
      1.12,
      1.17,
      1.23,
      1.28,
      1.34,
      1.4,
      1.45,
      1.51,
      1.56,
      1.62,
      1.67,
      1.73,
      1.79,
      1.84,
      1.9,
      1.95,
      2.01,
      2.07,
      2.12,
      2.18,
      2.23,
      2.29,
      2.34
    ],
    "TaskName": "ANT",
    "UsePhilipsFloatNotDisplayScaling": 1,
    "dataset": "ds001907",
    "modality": "bold",
    "run_id": 2,
    "session_id": "2",
    "subject_id": "RC4129",
    "task_id": "ANT"
  },
  "dummy_trs": 0,
  "dvars_nstd": 22.45885414709461,
  "dvars_std": 1.2272607339189185,
  "dvars_vstd": 1.0309579027702704,
  "efc": 0.4153169244394777,
  "fber": 1045496.5,
  "fd_mean": 0.2520707667528725,
  "fd_num": 82,
  "fd_perc": 55.033557046979865,
  "fwhm_avg": 1.8473533333333332,
  "fwhm_x": 1.7315833333333333,
  "fwhm_y": 2.0460933333333333,
  "fwhm_z": 1.7643833333333332,
  "gcor": 0.158834,
  "gsr_x": -0.01495384145528078,
  "gsr_y": 0.02532382123172283,
  "provenance": {
    "md5sum": "4ae78f3bdec3005be7d2a26cd81160da",
    "settings": {
      "fd_thres": 0.2,
      "testing": false
    },
    "software": "mriqc",
    "version": "21.0.0rc2",
    "webapi_port": null,
    "webapi_url": "https://mriqc.nimh.nih.gov/api/v1"
  },
  "size_t": 149,
  "size_x": 80,
  "size_y": 80,
  "size_z": 43,
  "snr": 4.796103443677034,
  "spacing_tr": 2.4000020027160645,
  "spacing_x": 3.0,
  "spacing_y": 3.0,
  "spacing_z": 3.0,
  "summary_bg_k": 67.71505737616327,
  "summary_bg_mad": 692.6201325824279,
  "summary_bg_mean": 11977.4794921875,
  "summary_bg_median": 473.87091064453125,
  "summary_bg_n": 191081.0,
  "summary_bg_p05": 4.0969953536987305,
  "summary_bg_p95": 70302.21875,
  "summary_bg_stdv": 36781.1796875,
  "summary_fg_k": 2.956877604256741,
  "summary_fg_mad": 78713.57568379017,
  "summary_fg_mean": 484012.03125,
  "summary_fg_median": 466027.0,
  "summary_fg_n": 39560.0,
  "summary_fg_p05": 365784.146875,
  "summary_fg_p95": 657120.7999999998,
  "summary_fg_stdv": 97166.609375,
  "tsnr": 65.01844787597656
}