{
  "bids_meta": {
    "ConversionSoftware": "dcm2niix",
    "ConversionSoftwareVersion": "v1.0.20170411 GCC4.3.2",
    "EchoTime": 0.00352,
    "ImageType": [
      "ORIGINAL"
    ],
    "Manufacturer": "Philips",
    "ManufacturersModelName": "N/A",
    "PhilipsRescaleIntercept": 0,
    "PhilipsRescaleSlope": 9.78852,
    "PhilipsScaleSlope": 0.000364091,
    "ProtocolName": "WIPMPRAGE_S2SENSE",
    "RepetitionTime": 0.007632,
    "SequenceVariant": "tfl3d1_ns",
    "UsePhilipsFloatNotDisplayScaling": 1,
    "dataset": "ds001907",
    "modality": "T1w",
    "session_id": "2",
    "subject_id": "RC4226"
  },
  "cjv": 0.4576066964742364,
  "cnr": 2.785839197431877,
  "efc": 0.7283448101111353,
  "fber": 5682.499134948096,
  "fwhm_avg": 3.123953333333333,
  "fwhm_x": 3.21787,
  "fwhm_y": 3.28247,
  "fwhm_z": 2.87152,
  "icvs_csf": 0.18878482374231864,
  "icvs_gm": 0.3975832553816444,
  "icvs_wm": 0.41363192087603695,
  "inu_med": 2.7941365242004395,
  "inu_range": 0.7192761898040771,
  "provenance": {
    "md5sum": "871ede02632a2f7c28b37b355bba207a",
    "settings": {
      "testing": false
    },
    "software": "mriqc",
    "version": "21.0.0rc2",
    "warnings": {
      "large_rot_frame": true,
      "small_air_mask": false
    },
    "webapi_port": null,
    "webapi_url": "https://mriqc.nimh.nih.gov/api/v1"
  },
  "qi_1": 0.0005048905802885464,
  "qi_2": 2.065845249365142e-05,
  "rpve_csf": 29.39119597495115,
  "rpve_gm": 14.3689266692426,
  "rpve_wm": 16.601949124402047,
  "size_x": 176,
  "size_y": 256,
  "size_z": 256,
  "snr_csf": 1.821003066267999,
  "snr_gm": 13.485256756788159,
  "snr_total": 11.237057535231905,
  "snr_wm": 18.40491278263956,
  "snrd_csf": 19.899020931396148,
  "snrd_gm": 36.8166328093913,
  "snrd_total": 34.72288826491482,
  "snrd_wm": 47.453011053957034,
  "spacing_x": 1.0,
  "spacing_y": 1.0,
  "spacing_z": 1.0,
  "summary_bg_k": 5.723764644151586,
  "summary_bg_mad": 13.80600231801809,
  "summary_bg_mean": 13.864445587209769,
  "summary_bg_median": 9.312007054686546,
  "summary_bg_n": 433691.0,
  "summary_bg_p05": 0.0,
  "summary_bg_p95": 39.27475916594267,
  "summary_bg_stdv": 14.550091998861763,
  "summary_csf_k": 6.061564943792986,
  "summary_csf_mad": 168.71746950401518,
  "summary_csf_mean": 444.45599606403084,
  "summary_csf_median": 419.34158827736974,
  "summary_csf_n": 6858.0,
  "summary_csf_p05": 185.50339700616897,
  "summary_csf_p95": 775.8243901100001,
  "summary_csf_stdv": 230.26376053993133,
  "summary_gm_k": 0.5456267641391923,
  "summary_gm_mad": 52.70644414349259,
  "summary_gm_mean": 775.6898772810187,
  "summary_gm_median": 775.8545171916485,
  "summary_gm_n": 12001.0,
  "summary_gm_p05": 679.4478559195995,
  "summary_gm_p95": 870.8917656615376,
  "summary_gm_stdv": 57.531139816813834,
  "summary_wm_k": 1.2269299975048202,
  "summary_wm_mad": 49.86403190154769,
  "summary_wm_mean": 1005.9658217154968,
  "summary_wm_median": 1000.0000046491623,
  "summary_wm_n": 181409.0,
  "summary_wm_p05": 929.1739745214581,
  "summary_wm_p95": 1103.4728359803557,
  "summary_wm_stdv": 54.33316964075833,
  "tpm_overlap_csf": 0.141004279255867,
  "tpm_overlap_gm": 0.3935408294200897,
  "tpm_overlap_wm": 0.43989723920822144,
  "wm2max": 0.5068858285206574
}