{
  "aor": 0.00156,
  "aqi": 0.004364241812080537,
  "bids_meta": {
    "AcquisitionDateTime": "2013-06-05T11:41:30.870000",
    "BodyPartExamined": "BRAIN",
    "ConversionSoftware": "dcm2niix",
    "ConversionSoftwareVersion": "v1.0.20170411 GCC4.3.2",
    "EchoTime": 0.025001,
    "FlipAngle": 79,
    "ImageType": [
      "ORIGINAL",
      "PRIMARY",
      "M",
      "FFE",
      "M",
      "FFE"
    ],
    "MagneticFieldStrength": 3,
    "Manufacturer": "Philips",
    "ManufacturersModelName": "Achieva",
    "PhilipsRescaleIntercept": 0,
    "PhilipsRescaleSlope": 2.44664,
    "PhilipsScaleSlope": 0.000904915,
    "ProcedureStepDescription": "IBIC-UDALL",
    "ProtocolName": "WIP_ANT_C_SENSE",
    "RepetitionTime": 2.4,
    "ScanningSequence": "GR",
    "SequenceVariant": "SK",
    "SeriesDescription": "ANT_C",
    "SliceTiming": [
      0,
      0.06,
      0.11,
      0.17,
      0.22,
      0.28,
      0.33,
      0.39,
      0.45,
      0.5,
      0.56,
      0.61,
      0.67,
      0.73,
      0.78,
      0.84,
      0.89,
      0.95,
      1,
      1.06,
      1.12,
      1.17,
      1.23,
      1.28,
      1.34,
      1.4,
      1.45,
      1.51,
      1.56,
      1.62,
      1.67,
      1.73,
      1.79,
      1.84,
      1.9,
      1.95,
      2.01,
      2.07,
      2.12,
      2.18,
      2.23,
      2.29,
      2.34
    ],
    "TaskName": "ANT",
    "UsePhilipsFloatNotDisplayScaling": 1,
    "dataset": "ds001907",
    "modality": "bold",
    "run_id": 3,
    "session_id": "1",
    "subject_id": "RC4217",
    "task_id": "ANT"
  },
  "dummy_trs": 0,
  "dvars_nstd": 26.324074487567565,
  "dvars_std": 1.2733419063513514,
  "dvars_vstd": 0.9890116122972972,
  "efc": 0.43458897745702696,
  "fber": 464217.375,
  "fd_mean": 0.20621440319734613,
  "fd_num": 59,
  "fd_perc": 39.59731543624161,
  "fwhm_avg": 2.1083999999999996,
  "fwhm_x": 2.03333,
  "fwhm_y": 2.25488,
  "fwhm_z": 2.03699,
  "gcor": 0.0187751,
  "gsr_x": -0.008360710926353931,
  "gsr_y": 0.022484323009848595,
  "provenance": {
    "md5sum": "73cce8375616977dce5da9d827b28319",
    "settings": {
      "fd_thres": 0.2,
      "testing": false
    },
    "software": "mriqc",
    "version": "21.0.0rc2",
    "webapi_port": null,
    "webapi_url": "https://mriqc.nimh.nih.gov/api/v1"
  },
  "size_t": 149,
  "size_x": 80,
  "size_y": 80,
  "size_z": 43,
  "snr": 4.026428106471784,
  "spacing_tr": 2.4000020027160645,
  "spacing_x": 3.0,
  "spacing_y": 3.0,
  "spacing_z": 3.0,
  "summary_bg_k": 67.12504354269917,
  "summary_bg_mad": 1013.3605124148393,
  "summary_bg_mean": 12618.7255859375,
  "summary_bg_median": 695.32861328125,
  "summary_bg_n": 185039.0,
  "summary_bg_p05": 4.964006471633911,
  "summary_bg_p95": 74241.78046875008,
  "summary_bg_stdv": 36223.98046875,
  "summary_fg_k": 2.0169750896077305,
  "summary_fg_mad": 91361.67837552112,
  "summary_fg_mean": 485207.375,
  "summary_fg_median": 461139.375,
  "summary_fg_n": 44260.0,
  "summary_fg_p05": 345474.47500000003,
  "summary_fg_p95": 715614.1343749999,
  "summary_fg_stdv": 114526.859375,
  "tsnr": 76.46345520019531
}