{
  "aor": 0.0010725503355704699,
  "aqi": 0.004907573624161074,
  "bids_meta": {
    "AcquisitionDateTime": "2013-06-05T11:08:16.460000",
    "BodyPartExamined": "BRAIN",
    "ConversionSoftware": "dcm2niix",
    "ConversionSoftwareVersion": "v1.0.20170411 GCC4.3.2",
    "EchoTime": 0.025001,
    "FlipAngle": 79,
    "ImageType": [
      "ORIGINAL",
      "PRIMARY",
      "M",
      "FFE",
      "M",
      "FFE"
    ],
    "MagneticFieldStrength": 3,
    "Manufacturer": "Philips",
    "ManufacturersModelName": "Achieva",
    "PhilipsRescaleIntercept": 0,
    "PhilipsRescaleSlope": 2.19927,
    "PhilipsScaleSlope": 0.000879667,
    "ProcedureStepDescription": "IBIC-UDALL",
    "ProtocolName": "WIP_ANT_D_SENSE",
    "RepetitionTime": 2.4,
    "ScanningSequence": "GR",
    "SequenceVariant": "SK",
    "SeriesDescription": "ANT_D",
    "SliceTiming": [
      0,
      0.06,
      0.11,
      0.17,
      0.22,
      0.28,
      0.33,
      0.39,
      0.45,
      0.5,
      0.56,
      0.61,
      0.67,
      0.73,
      0.78,
      0.84,
      0.89,
      0.95,
      1,
      1.06,
      1.12,
      1.17,
      1.23,
      1.28,
      1.34,
      1.4,
      1.45,
      1.51,
      1.56,
      1.62,
      1.67,
      1.73,
      1.79,
      1.84,
      1.9,
      1.95,
      2.01,
      2.07,
      2.12,
      2.18,
      2.23,
      2.29,
      2.34
    ],
    "TaskName": "ANT",
    "UsePhilipsFloatNotDisplayScaling": 1,
    "dataset": "ds001907",
    "modality": "bold",
    "run_id": 4,
    "session_id": "1",
    "subject_id": "RC4217",
    "task_id": "ANT"
  },
  "dummy_trs": 0,
  "dvars_nstd": 25.568619173648653,
  "dvars_std": 1.2192520452027027,
  "dvars_vstd": 0.9655521697972971,
  "efc": 0.43588646606052317,
  "fber": 355970.21875,
  "fd_mean": 0.2197982507313573,
  "fd_num": 73,
  "fd_perc": 48.993288590604024,
  "fwhm_avg": 2.1284566666666667,
  "fwhm_x": 2.0542966666666667,
  "fwhm_y": 2.2713966666666665,
  "fwhm_z": 2.059676666666667,
  "gcor": 0.0298038,
  "gsr_x": -0.010130058042705059,
  "gsr_y": 0.02149747498333454,
  "provenance": {
    "md5sum": "d798ab09d36629afd4369541ba217201",
    "settings": {
      "fd_thres": 0.2,
      "testing": false
    },
    "software": "mriqc",
    "version": "21.0.0rc2",
    "webapi_port": null,
    "webapi_url": "https://mriqc.nimh.nih.gov/api/v1"
  },
  "size_t": 149,
  "size_x": 80,
  "size_y": 80,
  "size_z": 43,
  "snr": 4.007966028574434,
  "spacing_tr": 2.4000020027160645,
  "spacing_x": 3.0,
  "spacing_y": 3.0,
  "spacing_z": 3.0,
  "summary_bg_k": 70.53800256634807,
  "summary_bg_mad": 1213.597994557963,
  "summary_bg_mean": 12880.330078125,
  "summary_bg_median": 837.0850830078125,
  "summary_bg_n": 184194.0,
  "summary_bg_p05": 7.109516954421997,
  "summary_bg_p95": 73477.14921875003,
  "summary_bg_stdv": 36442.54296875,
  "summary_fg_k": 2.1457020242529783,
  "summary_fg_mad": 96971.1502005564,
  "summary_fg_mean": 509596.59375,
  "summary_fg_median": 485310.25,
  "summary_fg_n": 44664.0,
  "summary_fg_p05": 360396.346875,
  "summary_fg_p95": 749869.7281249999,
  "summary_fg_stdv": 121085.0625,
  "tsnr": 72.86053466796875
}