{
  "aor": 0.004869597315436242,
  "aqi": 0.006441770738255034,
  "bids_meta": {
    "AcquisitionDateTime": "2013-06-05T11:26:52.820000",
    "BodyPartExamined": "BRAIN",
    "ConversionSoftware": "dcm2niix",
    "ConversionSoftwareVersion": "v1.0.20170411 GCC4.3.2",
    "EchoTime": 0.025001,
    "FlipAngle": 79,
    "ImageType": [
      "ORIGINAL",
      "PRIMARY",
      "M",
      "FFE",
      "M",
      "FFE"
    ],
    "MagneticFieldStrength": 3,
    "Manufacturer": "Philips",
    "ManufacturersModelName": "Achieva",
    "PhilipsRescaleIntercept": 0,
    "PhilipsRescaleSlope": 2.31209,
    "PhilipsScaleSlope": 0.000886167,
    "ProcedureStepDescription": "IBIC-UDALL",
    "ProtocolName": "WIP_ANT_F_SENSE",
    "RepetitionTime": 2.4,
    "ScanningSequence": "GR",
    "SequenceVariant": "SK",
    "SeriesDescription": "ANT_F",
    "SliceTiming": [
      0,
      0.06,
      0.11,
      0.17,
      0.22,
      0.28,
      0.33,
      0.39,
      0.45,
      0.5,
      0.56,
      0.61,
      0.67,
      0.73,
      0.78,
      0.84,
      0.89,
      0.95,
      1,
      1.06,
      1.12,
      1.17,
      1.23,
      1.28,
      1.34,
      1.4,
      1.45,
      1.51,
      1.56,
      1.62,
      1.67,
      1.73,
      1.79,
      1.84,
      1.9,
      1.95,
      2.01,
      2.07,
      2.12,
      2.18,
      2.23,
      2.29,
      2.34
    ],
    "TaskName": "ANT",
    "UsePhilipsFloatNotDisplayScaling": 1,
    "dataset": "ds001907",
    "modality": "bold",
    "run_id": 6,
    "session_id": "1",
    "subject_id": "RC4217",
    "task_id": "ANT"
  },
  "dummy_trs": 0,
  "dvars_nstd": 27.185269046891875,
  "dvars_std": 1.2511724916891886,
  "dvars_vstd": 1.0086645702702708,
  "efc": 0.4358149035447633,
  "fber": 530799.4375,
  "fd_mean": 0.27028124048963814,
  "fd_num": 85,
  "fd_perc": 57.04697986577181,
  "fwhm_avg": 2.1162377777777777,
  "fwhm_x": 2.0357166666666666,
  "fwhm_y": 2.2650466666666667,
  "fwhm_z": 2.0479499999999997,
  "gcor": 0.0197945,
  "gsr_x": -0.00924992747604847,
  "gsr_y": 0.022418148815631866,
  "provenance": {
    "md5sum": "deacfaad62f29517759b41481ed464eb",
    "settings": {
      "fd_thres": 0.2,
      "testing": false
    },
    "software": "mriqc",
    "version": "21.0.0rc2",
    "webapi_port": null,
    "webapi_url": "https://mriqc.nimh.nih.gov/api/v1"
  },
  "size_t": 149,
  "size_x": 80,
  "size_y": 80,
  "size_z": 43,
  "snr": 4.057277553484409,
  "spacing_tr": 2.4000020027160645,
  "spacing_x": 3.0,
  "spacing_y": 3.0,
  "spacing_z": 3.0,
  "summary_bg_k": 69.20184179712714,
  "summary_bg_mad": 952.559675189939,
  "summary_bg_mean": 12630.5810546875,
  "summary_bg_median": 656.176513671875,
  "summary_bg_n": 184488.0,
  "summary_bg_p05": 7.087973499298096,
  "summary_bg_p95": 72984.20624999999,
  "summary_bg_stdv": 36118.21484375,
  "summary_fg_k": 2.0194725169245453,
  "summary_fg_mad": 92477.29021362725,
  "summary_fg_mean": 491003.4375,
  "summary_fg_median": 467625.09375,
  "summary_fg_n": 44542.0,
  "summary_fg_p05": 350298.4890625,
  "summary_fg_p95": 722358.8656249999,
  "summary_fg_stdv": 115254.5859375,
  "tsnr": 64.61820983886719
}