{
  "bids_meta": {
    "ConversionSoftware": "dcm2niix",
    "ConversionSoftwareVersion": "v1.0.20170411 GCC4.3.2",
    "EchoTime": 0.00349,
    "ImageType": [
      "ORIGINAL"
    ],
    "Manufacturer": "Philips",
    "ManufacturersModelName": "N/A",
    "PhilipsRescaleIntercept": 0,
    "PhilipsRescaleSlope": 7.83614,
    "PhilipsScaleSlope": 0.00031161,
    "ProtocolName": "WIPMPRAGE_S2SENSE",
    "RepetitionTime": 0.007464,
    "SequenceVariant": "tfl3d1_ns",
    "UsePhilipsFloatNotDisplayScaling": 1,
    "dataset": "ds001907",
    "modality": "T1w",
    "session_id": "1",
    "subject_id": "RC4129"
  },
  "cjv": 0.4434926570500438,
  "cnr": 2.6947581499720896,
  "efc": 0.7499774379246296,
  "fber": 3401.111315192744,
  "fwhm_avg": 3.3933731877335087,
  "fwhm_x": 3.35428,
  "fwhm_y": 3.6641395632005263,
  "fwhm_z": 3.1617,
  "icvs_csf": 0.19236958208359328,
  "icvs_gm": 0.3874228235523724,
  "icvs_wm": 0.4202075943640343,
  "inu_med": 1.6081057786941528,
  "inu_range": 0.40969061851501465,
  "provenance": {
    "md5sum": "93cd0476f6851f518c7d5af9052768e6",
    "settings": {
      "testing": false
    },
    "software": "mriqc",
    "version": "21.0.0rc2",
    "warnings": {
      "large_rot_frame": true,
      "small_air_mask": false
    },
    "webapi_port": null,
    "webapi_url": "https://mriqc.nimh.nih.gov/api/v1"
  },
  "qi_1": 0.0,
  "qi_2": 6.932065544302955e-06,
  "rpve_csf": 28.388921791405753,
  "rpve_gm": 14.30099061443747,
  "rpve_wm": 16.208360054872948,
  "size_x": 176,
  "size_y": 256,
  "size_z": 256,
  "snr_csf": 1.356130840833014,
  "snr_gm": 12.043294808937036,
  "snr_total": 10.811199575091857,
  "snr_wm": 19.03417307550552,
  "snrd_csf": 22.552854983351317,
  "snrd_gm": 57.373217389070454,
  "snrd_total": 51.74096555364372,
  "snrd_wm": 75.29682428850938,
  "spacing_x": 1.0,
  "spacing_y": 1.0000001192092896,
  "spacing_z": 1.0,
  "summary_bg_k": 1455.4840034829538,
  "summary_bg_mad": 8.701203522598941,
  "summary_bg_mean": 13.893891425549622,
  "summary_bg_median": 11.57006310671568,
  "summary_bg_n": 548850.0,
  "summary_bg_p05": 0.0,
  "summary_bg_p95": 42.42356472462416,
  "summary_bg_stdv": 32.25391679218538,
  "summary_csf_k": 25.886054597540817,
  "summary_csf_mad": 130.22801272156414,
  "summary_csf_mean": 344.95613872820314,
  "summary_csf_median": 299.5360782071948,
  "summary_csf_n": 16572.0,
  "summary_csf_p05": 157.70778530798853,
  "summary_csf_p95": 582.435299971327,
  "summary_csf_stdv": 220.86883627836795,
  "summary_gm_k": 0.464031359908581,
  "summary_gm_mad": 59.33392116362706,
  "summary_gm_mean": 762.015861816289,
  "summary_gm_median": 762.0032383278012,
  "summary_gm_n": 13580.0,
  "summary_gm_p05": 657.7021935921163,
  "summary_gm_p95": 864.7923496961594,
  "summary_gm_stdv": 63.26966115302245,
  "summary_wm_k": 1.3616363689434126,
  "summary_wm_mad": 46.24068157724008,
  "summary_wm_mean": 1006.5334065188933,
  "summary_wm_median": 1000.0558893978596,
  "summary_wm_n": 207250.0,
  "summary_wm_p05": 932.7594836950302,
  "summary_wm_p95": 1103.6834111362696,
  "summary_wm_stdv": 52.53989615140232,
  "tpm_overlap_csf": 0.17830611765384674,
  "tpm_overlap_gm": 0.42099806666374207,
  "tpm_overlap_wm": 0.49297061562538147,
  "wm2max": 0.5653259186704161
}