{
  "aor": 0.006136174496644294,
  "aqi": 0.005853763422818792,
  "bids_meta": {
    "ConversionSoftware": "dcm2niix",
    "ConversionSoftwareVersion": "v1.0.20170411 GCC4.3.2",
    "EchoTime": 0.025,
    "ImageType": [
      "ORIGINAL"
    ],
    "Manufacturer": "Philips",
    "ManufacturersModelName": "N/A",
    "PhilipsRescaleIntercept": 0,
    "PhilipsRescaleSlope": 2.19487,
    "PhilipsScaleSlope": 0.000863281,
    "ProtocolName": "WIPANT_ASENSE",
    "RepetitionTime": 2.4,
    "SequenceVariant": "tfl3d1_ns",
    "SliceTiming": [
      0,
      0.06,
      0.11,
      0.17,
      0.22,
      0.28,
      0.33,
      0.39,
      0.45,
      0.5,
      0.56,
      0.61,
      0.67,
      0.73,
      0.78,
      0.84,
      0.89,
      0.95,
      1,
      1.06,
      1.12,
      1.17,
      1.23,
      1.28,
      1.34,
      1.4,
      1.45,
      1.51,
      1.56,
      1.62,
      1.67,
      1.73,
      1.79,
      1.84,
      1.9,
      1.95,
      2.01,
      2.07,
      2.12,
      2.18,
      2.23,
      2.29,
      2.34
    ],
    "TaskName": "ANT",
    "UsePhilipsFloatNotDisplayScaling": 1,
    "dataset": "ds001907",
    "modality": "bold",
    "run_id": 1,
    "session_id": "2",
    "subject_id": "RC4214",
    "task_id": "ANT"
  },
  "dummy_trs": 0,
  "dvars_nstd": 19.454743881621628,
  "dvars_std": 1.1681921599324319,
  "dvars_vstd": 0.9968599719594596,
  "efc": 0.41214606590758296,
  "fber": 900336.5,
  "fd_mean": 0.19003639351352897,
  "fd_num": 34,
  "fd_perc": 22.818791946308725,
  "fwhm_avg": 1.9821888888888888,
  "fwhm_x": 1.8910266666666666,
  "fwhm_y": 2.1435,
  "fwhm_z": 1.91204,
  "gcor": 0.0438125,
  "gsr_x": -0.015156691893935204,
  "gsr_y": 0.018907222896814346,
  "provenance": {
    "md5sum": "9056f28d23cabacb54ef994817120cb7",
    "settings": {
      "fd_thres": 0.2,
      "testing": false
    },
    "software": "mriqc",
    "version": "21.0.0rc2",
    "webapi_port": null,
    "webapi_url": "https://mriqc.nimh.nih.gov/api/v1"
  },
  "size_t": 149,
  "size_x": 80,
  "size_y": 80,
  "size_z": 43,
  "snr": 4.496347051082416,
  "spacing_tr": 2.4000020027160645,
  "spacing_x": 3.0,
  "spacing_y": 3.0,
  "spacing_z": 3.0,
  "summary_bg_k": 112.07909837223364,
  "summary_bg_mad": 862.6944596081438,
  "summary_bg_mean": 11342.103515625,
  "summary_bg_median": 590.6920776367188,
  "summary_bg_n": 190189.0,
  "summary_bg_p05": 3.4181372642517087,
  "summary_bg_p95": 66587.8734375,
  "summary_bg_stdv": 33119.23828125,
  "summary_fg_k": 3.026459380923197,
  "summary_fg_mad": 99392.81876486764,
  "summary_fg_mean": 572011.5,
  "summary_fg_median": 550178.875,
  "summary_fg_n": 40675.0,
  "summary_fg_p05": 422154.740625,
  "summary_fg_p95": 802674.5812499996,
  "summary_fg_stdv": 122359.796875,
  "tsnr": 74.91292572021484
}