{
  "bids_meta": {
    "ConversionSoftware": "dcm2niix",
    "ConversionSoftwareVersion": "v1.0.20170411 GCC4.3.2",
    "EchoTime": 0.00351,
    "ImageType": [
      "ORIGINAL"
    ],
    "Manufacturer": "Philips",
    "ManufacturersModelName": "N/A",
    "PhilipsRescaleIntercept": 0,
    "PhilipsRescaleSlope": 9.82882,
    "PhilipsScaleSlope": 0.000363628,
    "ProtocolName": "WIPMPRAGE_S2SENSE",
    "RepetitionTime": 0.007628,
    "SequenceVariant": "tfl3d1_ns",
    "UsePhilipsFloatNotDisplayScaling": 1,
    "dataset": "ds001907",
    "modality": "T1w",
    "session_id": "2",
    "subject_id": "RC4106"
  },
  "cjv": 0.4795620920047741,
  "cnr": 2.706965844140931,
  "efc": 0.7566469517682104,
  "fber": 1418.3842139916076,
  "fwhm_avg": 3.4315266666666666,
  "fwhm_x": 3.42242,
  "fwhm_y": 3.70008,
  "fwhm_z": 3.17208,
  "icvs_csf": 0.21295264842023387,
  "icvs_gm": 0.3648078632135725,
  "icvs_wm": 0.4222394883661936,
  "inu_med": 2.5556015968322754,
  "inu_range": 0.6848632335662836,
  "provenance": {
    "md5sum": "c91f9a7d8a9bc1f354f40ff44b5e2a2d",
    "settings": {
      "testing": false
    },
    "software": "mriqc",
    "version": "21.0.0rc2",
    "warnings": {
      "large_rot_frame": true,
      "small_air_mask": false
    },
    "webapi_port": null,
    "webapi_url": "https://mriqc.nimh.nih.gov/api/v1"
  },
  "qi_1": 0.0,
  "qi_2": 1.1995621022831265e-05,
  "rpve_csf": 26.038702187406283,
  "rpve_gm": 14.457233016926837,
  "rpve_wm": 15.385236855300427,
  "size_x": 176,
  "size_y": 256,
  "size_z": 256,
  "snr_csf": 2.709018659939645,
  "snr_gm": 12.28128688594169,
  "snr_total": 11.429027685187089,
  "snr_wm": 19.296777509679934,
  "snrd_csf": 14.19285378454046,
  "snrd_gm": 38.36752375001699,
  "snrd_total": 34.00919188919721,
  "snrd_wm": 49.46719813303419,
  "spacing_x": 1.0,
  "spacing_y": 1.0,
  "spacing_z": 1.0,
  "summary_bg_k": 86.19163441827588,
  "summary_bg_mad": 13.244558615746518,
  "summary_bg_mean": 15.233769331407254,
  "summary_bg_median": 9.039668068289757,
  "summary_bg_n": 484375.0,
  "summary_bg_p05": 0.0,
  "summary_bg_p95": 43.762628354132175,
  "summary_bg_stdv": 14.049539820422668,
  "summary_csf_k": 6.033089615606942,
  "summary_csf_mad": 89.00658736415367,
  "summary_csf_mean": 311.2014275175652,
  "summary_csf_median": 286.92969939112663,
  "summary_csf_n": 28131.0,
  "summary_csf_p05": 181.77708994969726,
  "summary_csf_p95": 513.1075119115412,
  "summary_csf_stdv": 105.91458955389307,
  "summary_gm_k": 0.0914458140007075,
  "summary_gm_mad": 61.334920256254705,
  "summary_gm_mean": 775.0603606772995,
  "summary_gm_median": 775.6566947773099,
  "summary_gm_n": 11665.0,
  "summary_gm_p05": 669.1055955111981,
  "summary_gm_p95": 878.1771655753255,
  "summary_gm_stdv": 63.15490014106062,
  "summary_wm_k": 1.73002855168816,
  "summary_wm_mad": 46.27711849668575,
  "summary_wm_mean": 1005.4536416810989,
  "summary_wm_median": 1000.0531609430909,
  "summary_wm_n": 207553.0,
  "summary_wm_p05": 931.8302542865276,
  "summary_wm_p95": 1098.3728448152542,
  "summary_wm_stdv": 51.8247542257885,
  "tpm_overlap_csf": 0.15043990314006805,
  "tpm_overlap_gm": 0.371698260307312,
  "tpm_overlap_wm": 0.4299059808254242,
  "wm2max": 0.5754573278594212
}