{
  "bids_meta": {
    "ConversionSoftware": "dcm2niix",
    "ConversionSoftwareVersion": "v1.0.20170411 GCC4.3.2",
    "EchoTime": 0.00352,
    "ImageType": [
      "ORIGINAL"
    ],
    "Manufacturer": "Philips",
    "ManufacturersModelName": "N/A",
    "PhilipsRescaleIntercept": 0,
    "PhilipsRescaleSlope": 7.73138,
    "PhilipsScaleSlope": 0.000361221,
    "ProtocolName": "WIPMPRAGE_S2SENSE",
    "RepetitionTime": 0.007586,
    "SequenceVariant": "tfl3d1_ns",
    "UsePhilipsFloatNotDisplayScaling": 1,
    "dataset": "ds001907",
    "modality": "T1w",
    "session_id": "2",
    "subject_id": "RC4130"
  },
  "cjv": 0.4327515141681762,
  "cnr": 2.9194214510860674,
  "efc": 0.7140029648723986,
  "fber": 9329.287197231833,
  "fwhm_avg": 3.138023333333333,
  "fwhm_x": 3.23224,
  "fwhm_y": 3.29776,
  "fwhm_z": 2.88407,
  "icvs_csf": 0.1979486631363441,
  "icvs_gm": 0.39734429180535585,
  "icvs_wm": 0.4047070450583001,
  "inu_med": 3.1535661220550537,
  "inu_range": 0.7266339302062987,
  "provenance": {
    "md5sum": "a3912299f42f8a314cf7ead7d6fcc573",
    "settings": {
      "testing": false
    },
    "software": "mriqc",
    "version": "21.0.0rc2",
    "warnings": {
      "large_rot_frame": true,
      "small_air_mask": false
    },
    "webapi_port": null,
    "webapi_url": "https://mriqc.nimh.nih.gov/api/v1"
  },
  "qi_1": 0.0,
  "qi_2": 1.0279790440218927e-05,
  "rpve_csf": 33.53754206834443,
  "rpve_gm": 16.970375012653253,
  "rpve_wm": 20.05189884047221,
  "size_x": 176,
  "size_y": 256,
  "size_z": 256,
  "snr_csf": 1.5032563814036286,
  "snr_gm": 13.574244409101198,
  "snr_total": 11.69730372072146,
  "snr_wm": 20.014410371659554,
  "snrd_csf": 25.45981235968085,
  "snrd_gm": 50.45196545270282,
  "snrd_total": 47.00773473814953,
  "snrd_wm": 65.11142640206491,
  "spacing_x": 1.0,
  "spacing_y": 1.0,
  "spacing_z": 1.0,
  "summary_bg_k": 6.61726534271863,
  "summary_bg_mad": 10.06234172472376,
  "summary_bg_mean": 13.210126004102987,
  "summary_bg_median": 6.786946356296539,
  "summary_bg_n": 523734.0,
  "summary_bg_p05": 0.0,
  "summary_bg_p95": 40.38233081996441,
  "summary_bg_stdv": 13.888099205679046,
  "summary_csf_k": 5.642794042904079,
  "summary_csf_mad": 139.61499143054218,
  "summary_csf_mean": 449.03528172947125,
  "summary_csf_median": 391.0412258952856,
  "summary_csf_n": 3782.0,
  "summary_csf_p05": 208.70425624474882,
  "summary_csf_p95": 1273.9070031825454,
  "summary_csf_stdv": 260.0950374385201,
  "summary_gm_k": 0.4326605444903411,
  "summary_gm_mad": 52.994999750211804,
  "summary_gm_mean": 775.7827715428789,
  "summary_gm_median": 774.8996002301574,
  "summary_gm_n": 11855.0,
  "summary_gm_p05": 681.8053193762898,
  "summary_gm_p95": 872.9709750786424,
  "summary_gm_stdv": 57.0836131862901,
  "summary_wm_k": 1.4512859972588785,
  "summary_wm_mad": 44.44200928419661,
  "summary_wm_mean": 1004.2844120823786,
  "summary_wm_median": 1000.0565456002951,
  "summary_wm_n": 141583.0,
  "summary_wm_p05": 931.3387137427926,
  "summary_wm_p95": 1091.7934371829033,
  "summary_wm_stdv": 49.9666487958606,
  "tpm_overlap_csf": 0.1434628814458847,
  "tpm_overlap_gm": 0.4029075801372528,
  "tpm_overlap_wm": 0.45941048860549927,
  "wm2max": 0.5415951972555746
}