{
  "aor": 0.0010483221476510068,
  "aqi": 0.005484528993288591,
  "bids_meta": {
    "ConversionSoftware": "dcm2niix",
    "ConversionSoftwareVersion": "v1.0.20170411 GCC4.3.2",
    "EchoTime": 0.025,
    "ImageType": [
      "ORIGINAL"
    ],
    "Manufacturer": "Philips",
    "ManufacturersModelName": "N/A",
    "PhilipsRescaleIntercept": 0,
    "PhilipsRescaleSlope": 2.29206,
    "PhilipsScaleSlope": 0.000878248,
    "ProtocolName": "WIPANT_CSENSE",
    "RepetitionTime": 2.4,
    "SequenceVariant": "tfl3d1_ns",
    "SliceTiming": [
      0,
      0.06,
      0.11,
      0.17,
      0.22,
      0.28,
      0.33,
      0.39,
      0.45,
      0.5,
      0.56,
      0.61,
      0.67,
      0.73,
      0.78,
      0.84,
      0.89,
      0.95,
      1,
      1.06,
      1.12,
      1.17,
      1.23,
      1.28,
      1.34,
      1.4,
      1.45,
      1.51,
      1.56,
      1.62,
      1.67,
      1.73,
      1.79,
      1.84,
      1.9,
      1.95,
      2.01,
      2.07,
      2.12,
      2.18,
      2.23,
      2.29,
      2.34
    ],
    "TaskName": "ANT",
    "UsePhilipsFloatNotDisplayScaling": 1,
    "dataset": "ds001907",
    "modality": "bold",
    "run_id": 3,
    "session_id": "2",
    "subject_id": "RC4205",
    "task_id": "ANT"
  },
  "dummy_trs": 0,
  "dvars_nstd": 36.025143133175675,
  "dvars_std": 1.352898172229729,
  "dvars_vstd": 0.9881426287837837,
  "efc": 0.3991917643138102,
  "fber": 2182245.75,
  "fd_mean": 0.35572979638321717,
  "fd_num": 140,
  "fd_perc": 93.95973154362416,
  "fwhm_avg": 1.88318,
  "fwhm_x": 1.7867300000000002,
  "fwhm_y": 2.06752,
  "fwhm_z": 1.7952899999999998,
  "gcor": 0.0188162,
  "gsr_x": -0.019793810322880745,
  "gsr_y": 0.01725824363529682,
  "provenance": {
    "md5sum": "26bccc2245f0a32bd828f1659913303a",
    "settings": {
      "fd_thres": 0.2,
      "testing": false
    },
    "software": "mriqc",
    "version": "21.0.0rc2",
    "webapi_port": null,
    "webapi_url": "https://mriqc.nimh.nih.gov/api/v1"
  },
  "size_t": 149,
  "size_x": 80,
  "size_y": 80,
  "size_z": 43,
  "snr": 5.168441415090733,
  "spacing_tr": 2.4000000953674316,
  "spacing_x": 3.0,
  "spacing_y": 3.0,
  "spacing_z": 3.0,
  "summary_bg_k": 59.51012636774205,
  "summary_bg_mad": 553.6176479550348,
  "summary_bg_mean": 14731.2646484375,
  "summary_bg_median": 378.65570068359375,
  "summary_bg_n": 196701.0,
  "summary_bg_p05": 3.5129427909851074,
  "summary_bg_p95": 83137.40625,
  "summary_bg_stdv": 43001.98828125,
  "summary_fg_k": 2.510286634419921,
  "summary_fg_mad": 89291.91934716798,
  "summary_fg_mean": 560582.875,
  "summary_fg_median": 546126.0,
  "summary_fg_n": 34800.0,
  "summary_fg_p05": 419054.6609375,
  "summary_fg_p95": 745698.2749999998,
  "summary_fg_stdv": 105663.9921875,
  "tsnr": 74.51339721679688
}