{
  "bids_meta": {
    "ConversionSoftware": "dcm2niix",
    "ConversionSoftwareVersion": "v1.0.20170411 GCC4.3.2",
    "EchoTime": 0.00351,
    "ImageType": [
      "ORIGINAL"
    ],
    "Manufacturer": "Philips",
    "ManufacturersModelName": "N/A",
    "PhilipsRescaleIntercept": 0,
    "PhilipsRescaleSlope": 8.29158,
    "PhilipsScaleSlope": 0.00031116,
    "ProtocolName": "WIPMPRAGE_S2SENSE",
    "RepetitionTime": 0.007641,
    "SequenceVariant": "tfl3d1_ns",
    "UsePhilipsFloatNotDisplayScaling": 1,
    "dataset": "ds001907",
    "modality": "T1w",
    "session_id": "1",
    "subject_id": "RC4214"
  },
  "cjv": 0.3703750950359572,
  "cnr": 3.2771573291608465,
  "efc": 0.7539147161577068,
  "fber": 12151.820069204154,
  "fwhm_avg": 3.2131833333333333,
  "fwhm_x": 3.24251,
  "fwhm_y": 3.36687,
  "fwhm_z": 3.03017,
  "icvs_csf": 0.18804437771766652,
  "icvs_gm": 0.3884299326436597,
  "icvs_wm": 0.42352568963867376,
  "inu_med": 3.136864185333252,
  "inu_range": 0.8630704522132877,
  "provenance": {
    "md5sum": "41713e1547708d142fc9247e24c68720",
    "settings": {
      "testing": false
    },
    "software": "mriqc",
    "version": "21.0.0rc2",
    "warnings": {
      "large_rot_frame": true,
      "small_air_mask": false
    },
    "webapi_port": null,
    "webapi_url": "https://mriqc.nimh.nih.gov/api/v1"
  },
  "qi_1": 0.0,
  "qi_2": 1.234237179220734e-05,
  "rpve_csf": 29.893657928307015,
  "rpve_gm": 14.784579326329684,
  "rpve_wm": 16.766629091760848,
  "size_x": 176,
  "size_y": 256,
  "size_z": 256,
  "snr_csf": 2.160104463080909,
  "snr_gm": 14.028268346629563,
  "snr_total": 13.47311660519487,
  "snr_wm": 24.230977005874138,
  "snrd_csf": 30.61616346405689,
  "snrd_gm": 57.565442583570885,
  "snrd_total": 54.411612605547155,
  "snrd_wm": 75.05323176901369,
  "spacing_x": 1.0,
  "spacing_y": 1.0,
  "spacing_z": 1.0,
  "summary_bg_k": 1907.4982945172856,
  "summary_bg_mad": 8.728956092278626,
  "summary_bg_mean": 9.715484932908947,
  "summary_bg_median": 5.887591414153576,
  "summary_bg_n": 346213.0,
  "summary_bg_p05": 0.0,
  "summary_bg_p95": 28.22085834145373,
  "summary_bg_stdv": 19.050284980637787,
  "summary_csf_k": 7.82369040749909,
  "summary_csf_mad": 162.916062865133,
  "summary_csf_mean": 414.2210252368533,
  "summary_csf_median": 407.9259765520692,
  "summary_csf_n": 6581.0,
  "summary_csf_p05": 177.71620470285416,
  "summary_csf_p95": 636.7504327744246,
  "summary_csf_stdv": 188.83113740173405,
  "summary_gm_k": 0.40047226504056077,
  "summary_gm_mad": 50.06313052924506,
  "summary_gm_mean": 766.7911262208545,
  "summary_gm_median": 766.9948394782841,
  "summary_gm_n": 12090.0,
  "summary_gm_p05": 673.2807110991329,
  "summary_gm_p95": 856.7954512115567,
  "summary_gm_stdv": 54.67268658215559,
  "summary_wm_k": 1.5758159774042921,
  "summary_wm_mad": 36.2361706687869,
  "summary_wm_mean": 1003.4135458676549,
  "summary_wm_median": 999.9999803602695,
  "summary_wm_n": 191916.0,
  "summary_wm_p05": 942.9051863104105,
  "summary_wm_p95": 1076.489193186164,
  "summary_wm_stdv": 41.269379060036115,
  "tpm_overlap_csf": 0.14487497508525848,
  "tpm_overlap_gm": 0.39450764656066895,
  "tpm_overlap_wm": 0.4581308662891388,
  "wm2max": 0.5825651413650483
}