{
  "aor": 0.0014361073825503356,
  "aqi": 0.007251996979865773,
  "bids_meta": {
    "ConversionSoftware": "dcm2niix",
    "ConversionSoftwareVersion": "v1.0.20170411 GCC4.3.2",
    "EchoTime": 0.025,
    "ImageType": [
      "ORIGINAL"
    ],
    "Manufacturer": "Philips",
    "ManufacturersModelName": "N/A",
    "PhilipsRescaleIntercept": 0,
    "PhilipsRescaleSlope": 1.9619,
    "PhilipsScaleSlope": 0.000893034,
    "ProtocolName": "WIPANT_ESENSE",
    "RepetitionTime": 2.4,
    "SequenceVariant": "tfl3d1_ns",
    "SliceTiming": [
      0,
      0.06,
      0.11,
      0.17,
      0.22,
      0.28,
      0.33,
      0.39,
      0.45,
      0.5,
      0.56,
      0.61,
      0.67,
      0.73,
      0.78,
      0.84,
      0.89,
      0.95,
      1,
      1.06,
      1.12,
      1.17,
      1.23,
      1.28,
      1.34,
      1.4,
      1.45,
      1.51,
      1.56,
      1.62,
      1.67,
      1.73,
      1.79,
      1.84,
      1.9,
      1.95,
      2.01,
      2.07,
      2.12,
      2.18,
      2.23,
      2.29,
      2.34
    ],
    "TaskName": "ANT",
    "UsePhilipsFloatNotDisplayScaling": 1,
    "dataset": "ds001907",
    "modality": "bold",
    "run_id": 5,
    "session_id": "2",
    "subject_id": "RC4215",
    "task_id": "ANT"
  },
  "dummy_trs": 0,
  "dvars_nstd": 20.73703169831082,
  "dvars_std": 1.2104689697297302,
  "dvars_vstd": 0.9506802004054051,
  "efc": 0.3909408589077113,
  "fber": 823550.4375,
  "fd_mean": 0.2194822954294821,
  "fd_num": 77,
  "fd_perc": 51.67785234899329,
  "fwhm_avg": 1.9328733333333334,
  "fwhm_x": 1.8536599999999999,
  "fwhm_y": 2.110446666666667,
  "fwhm_z": 1.8345133333333334,
  "gcor": 0.026159,
  "gsr_x": -0.01796850934624672,
  "gsr_y": 0.0272955521941185,
  "provenance": {
    "md5sum": "38297e5afdc6c59f771a13d6f58947f7",
    "settings": {
      "fd_thres": 0.2,
      "testing": false
    },
    "software": "mriqc",
    "version": "21.0.0rc2",
    "webapi_port": null,
    "webapi_url": "https://mriqc.nimh.nih.gov/api/v1"
  },
  "size_t": 149,
  "size_x": 80,
  "size_y": 80,
  "size_z": 43,
  "snr": 5.532039090385211,
  "spacing_tr": 2.4000020027160645,
  "spacing_x": 3.0,
  "spacing_y": 3.0,
  "spacing_z": 3.0,
  "summary_bg_k": 85.40023352652551,
  "summary_bg_mad": 909.5833666367928,
  "summary_bg_mean": 13163.2294921875,
  "summary_bg_median": 623.1806640625,
  "summary_bg_n": 198250.0,
  "summary_bg_p05": 4.68368935585022,
  "summary_bg_p95": 63836.009179687404,
  "summary_bg_stdv": 42438.41015625,
  "summary_fg_k": 2.2624310438144812,
  "summary_fg_mad": 85882.14273554206,
  "summary_fg_mean": 553332.25,
  "summary_fg_median": 540495.25,
  "summary_fg_n": 34210.0,
  "summary_fg_p05": 418263.1109375,
  "summary_fg_p95": 720475.2749999999,
  "summary_fg_stdv": 97701.2890625,
  "tsnr": 68.93012237548828
}