{
  "aor": 0.0017838926174496643,
  "aqi": 0.007325398255033557,
  "bids_meta": {
    "ConversionSoftware": "dcm2niix",
    "ConversionSoftwareVersion": "v1.0.20170411 GCC4.3.2",
    "EchoTime": 0.025,
    "ImageType": [
      "ORIGINAL"
    ],
    "Manufacturer": "Philips",
    "ManufacturersModelName": "N/A",
    "PhilipsRescaleIntercept": 0,
    "PhilipsRescaleSlope": 1.97558,
    "PhilipsScaleSlope": 0.00089499,
    "ProtocolName": "WIPANT_FSENSE",
    "RepetitionTime": 2.4,
    "SequenceVariant": "tfl3d1_ns",
    "SliceTiming": [
      0,
      0.06,
      0.11,
      0.17,
      0.22,
      0.28,
      0.33,
      0.39,
      0.45,
      0.5,
      0.56,
      0.61,
      0.67,
      0.73,
      0.78,
      0.84,
      0.89,
      0.95,
      1,
      1.06,
      1.12,
      1.17,
      1.23,
      1.28,
      1.34,
      1.4,
      1.45,
      1.51,
      1.56,
      1.62,
      1.67,
      1.73,
      1.79,
      1.84,
      1.9,
      1.95,
      2.01,
      2.07,
      2.12,
      2.18,
      2.23,
      2.29,
      2.34
    ],
    "TaskName": "ANT",
    "UsePhilipsFloatNotDisplayScaling": 1,
    "dataset": "ds001907",
    "modality": "bold",
    "run_id": 6,
    "session_id": "2",
    "subject_id": "RC4215",
    "task_id": "ANT"
  },
  "dummy_trs": 0,
  "dvars_nstd": 19.47151735641893,
  "dvars_std": 1.183215924527027,
  "dvars_vstd": 0.9618906953378378,
  "efc": 0.38967863137766057,
  "fber": 1100528.5,
  "fd_mean": 0.2103482136961168,
  "fd_num": 60,
  "fd_perc": 40.26845637583892,
  "fwhm_avg": 1.9548277777777778,
  "fwhm_x": 1.8602100000000001,
  "fwhm_y": 2.129843333333333,
  "fwhm_z": 1.87443,
  "gcor": 0.0218679,
  "gsr_x": -0.01713419333100319,
  "gsr_y": 0.027341503649950027,
  "provenance": {
    "md5sum": "a692766e8626c3d8a55659f11bbadaa7",
    "settings": {
      "fd_thres": 0.2,
      "testing": false
    },
    "software": "mriqc",
    "version": "21.0.0rc2",
    "webapi_port": null,
    "webapi_url": "https://mriqc.nimh.nih.gov/api/v1"
  },
  "size_t": 149,
  "size_x": 80,
  "size_y": 80,
  "size_z": 43,
  "snr": 5.550883723318179,
  "spacing_tr": 2.4000020027160645,
  "spacing_x": 3.0,
  "spacing_y": 3.0,
  "spacing_z": 3.0,
  "summary_bg_k": 86.93025141856677,
  "summary_bg_mad": 782.4467573480583,
  "summary_bg_mean": 12739.8544921875,
  "summary_bg_median": 535.1588745117188,
  "summary_bg_n": 198293.0,
  "summary_bg_p05": 4.987950992584229,
  "summary_bg_p95": 62337.56640624997,
  "summary_bg_stdv": 41655.37109375,
  "summary_fg_k": 2.1668884494329514,
  "summary_fg_mad": 84852.10484423529,
  "summary_fg_mean": 547383.375,
  "summary_fg_median": 535238.375,
  "summary_fg_n": 34257.0,
  "summary_fg_p05": 413347.75625,
  "summary_fg_p95": 712256.9625,
  "summary_fg_stdv": 96422.5859375,
  "tsnr": 69.945556640625
}