{
  "bids_meta": {
    "ConversionSoftware": "dcm2niix",
    "ConversionSoftwareVersion": "v1.0.20170411 GCC4.3.2",
    "EchoTime": 0.00351,
    "ImageType": [
      "ORIGINAL"
    ],
    "Manufacturer": "Philips",
    "ManufacturersModelName": "N/A",
    "PhilipsRescaleIntercept": 0,
    "PhilipsRescaleSlope": 6.92869,
    "PhilipsScaleSlope": 0.000340848,
    "ProtocolName": "WIPMPRAGE_S2SENSE",
    "RepetitionTime": 0.007566,
    "SequenceVariant": "tfl3d1_ns",
    "UsePhilipsFloatNotDisplayScaling": 1,
    "dataset": "ds001907",
    "modality": "T1w",
    "session_id": "1",
    "subject_id": "RC4215"
  },
  "cjv": 0.4111107995417202,
  "cnr": 2.926798107395141,
  "efc": 0.734583033645537,
  "fber": 13078.8128245381,
  "fwhm_avg": 3.2192533979781506,
  "fwhm_x": 3.253680193934452,
  "fwhm_y": 3.40858,
  "fwhm_z": 2.9955,
  "icvs_csf": 0.1668632864355611,
  "icvs_gm": 0.42612250774508487,
  "icvs_wm": 0.40701420581935405,
  "inu_med": 1.4661929607391357,
  "inu_range": 0.42265144586563097,
  "provenance": {
    "md5sum": "e7d6aadadcf38686a669519429c22eef",
    "settings": {
      "testing": false
    },
    "software": "mriqc",
    "version": "21.0.0rc2",
    "warnings": {
      "large_rot_frame": true,
      "small_air_mask": false
    },
    "webapi_port": null,
    "webapi_url": "https://mriqc.nimh.nih.gov/api/v1"
  },
  "qi_1": 0.00013998730781742454,
  "qi_2": 7.042253184538504e-06,
  "rpve_csf": 36.96529111509261,
  "rpve_gm": 15.854062563887178,
  "rpve_wm": 19.484970369136303,
  "size_x": 176,
  "size_y": 256,
  "size_z": 256,
  "snr_csf": 1.3404516484483675,
  "snr_gm": 12.87407992932073,
  "snr_total": 11.828788992432726,
  "snr_wm": 21.271835399529074,
  "snrd_csf": 23.38579591481332,
  "snrd_gm": 55.920021959092644,
  "snrd_total": 50.606098371860355,
  "snrd_wm": 72.5124772416751,
  "spacing_x": 0.9999999403953552,
  "spacing_y": 1.0,
  "spacing_z": 1.0,
  "summary_bg_k": 1604.8586158600606,
  "summary_bg_mad": 9.034809028725851,
  "summary_bg_mean": 10.653897512072211,
  "summary_bg_median": 6.093886084854603,
  "summary_bg_n": 513492.0,
  "summary_bg_p05": 0.0,
  "summary_bg_p95": 30.20156729966402,
  "summary_bg_stdv": 17.73145723399402,
  "summary_csf_k": 15.936300347288334,
  "summary_csf_mad": 146.24476592651845,
  "summary_csf_mean": 382.42103042915807,
  "summary_csf_median": 322.5072020292282,
  "summary_csf_n": 9061.0,
  "summary_csf_p05": 184.95948754251003,
  "summary_csf_p95": 681.1089600995183,
  "summary_csf_stdv": 240.5826465020644,
  "summary_gm_k": 0.390168853119643,
  "summary_gm_mad": 55.64846660000923,
  "summary_gm_mean": 771.4168094233083,
  "summary_gm_median": 771.1779357492924,
  "summary_gm_n": 17824.0,
  "summary_gm_p05": 669.811832819134,
  "summary_gm_p95": 870.3542576357722,
  "summary_gm_stdv": 59.89991568688735,
  "summary_wm_k": 3.348623276288496,
  "summary_wm_mad": 38.42275927600994,
  "summary_wm_mean": 1004.8205075001225,
  "summary_wm_median": 1000.0000099465251,
  "summary_wm_n": 159051.0,
  "summary_wm_p05": 939.9986700341105,
  "summary_wm_p95": 1086.9215938821435,
  "summary_wm_stdv": 47.010370638630555,
  "tpm_overlap_csf": 0.18316076695919037,
  "tpm_overlap_gm": 0.4438897371292114,
  "tpm_overlap_wm": 0.48685210943222046,
  "wm2max": 0.5514809070093804
}