{
  "aor": 0.0007602013422818792,
  "aqi": 0.0019641436241610737,
  "bids_meta": {
    "ConversionSoftware": "dcm2niix",
    "ConversionSoftwareVersion": "v1.0.20170411 GCC4.3.2",
    "EchoTime": 0.025,
    "ImageType": [
      "ORIGINAL"
    ],
    "Manufacturer": "Philips",
    "ManufacturersModelName": "N/A",
    "PhilipsRescaleIntercept": 0,
    "PhilipsRescaleSlope": 2.22808,
    "PhilipsScaleSlope": 0.000838708,
    "ProtocolName": "WIPANT_CSENSE",
    "RepetitionTime": 2.4,
    "SequenceVariant": "tfl3d1_ns",
    "SliceTiming": [
      0,
      0.06,
      0.11,
      0.17,
      0.22,
      0.28,
      0.33,
      0.39,
      0.45,
      0.5,
      0.56,
      0.61,
      0.67,
      0.73,
      0.78,
      0.84,
      0.89,
      0.95,
      1,
      1.06,
      1.12,
      1.17,
      1.23,
      1.28,
      1.34,
      1.4,
      1.45,
      1.51,
      1.56,
      1.62,
      1.67,
      1.73,
      1.79,
      1.84,
      1.9,
      1.95,
      2.01,
      2.07,
      2.12,
      2.18,
      2.23,
      2.29,
      2.34
    ],
    "TaskName": "ANT",
    "UsePhilipsFloatNotDisplayScaling": 1,
    "dataset": "ds001907",
    "modality": "bold",
    "run_id": 3,
    "session_id": "1",
    "subject_id": "RC4128",
    "task_id": "ANT"
  },
  "dummy_trs": 0,
  "dvars_nstd": 15.211293182094593,
  "dvars_std": 1.0966186791891892,
  "dvars_vstd": 1.0006238251351351,
  "efc": 0.41009430987421924,
  "fber": 953563.0,
  "fd_mean": 0.07792957647956032,
  "fd_num": 4,
  "fd_perc": 2.684563758389262,
  "fwhm_avg": 1.9549266666666665,
  "fwhm_x": 1.8238733333333332,
  "fwhm_y": 2.126046666666667,
  "fwhm_z": 1.91486,
  "gcor": 0.01894,
  "gsr_x": -0.020144324749708176,
  "gsr_y": 0.02555178850889206,
  "provenance": {
    "md5sum": "cfe6a3cccce74db5cea51a65840cae33",
    "settings": {
      "fd_thres": 0.2,
      "testing": false
    },
    "software": "mriqc",
    "version": "21.0.0rc2",
    "webapi_port": null,
    "webapi_url": "https://mriqc.nimh.nih.gov/api/v1"
  },
  "size_t": 149,
  "size_x": 80,
  "size_y": 80,
  "size_z": 43,
  "snr": 4.242801571484503,
  "spacing_tr": 2.4000020027160645,
  "spacing_x": 3.0,
  "spacing_y": 3.0,
  "spacing_z": 3.0,
  "summary_bg_k": 64.50734489376266,
  "summary_bg_mad": 914.460386985219,
  "summary_bg_mean": 16992.419921875,
  "summary_bg_median": 622.3076171875,
  "summary_bg_n": 193615.0,
  "summary_bg_p05": 3.03303816318512,
  "summary_bg_p95": 105761.87656249986,
  "summary_bg_stdv": 47770.2890625,
  "summary_fg_k": 1.1880432057298131,
  "summary_fg_mad": 114125.39067883848,
  "summary_fg_mean": 618304.125,
  "summary_fg_median": 586591.25,
  "summary_fg_n": 37490.0,
  "summary_fg_p05": 452593.371875,
  "summary_fg_p95": 904718.38125,
  "summary_fg_stdv": 138253.796875,
  "tsnr": 104.53848266601562
}