{
  "bids_meta": {
    "ConversionSoftware": "dcm2niix",
    "ConversionSoftwareVersion": "v1.0.20170411 GCC4.3.2",
    "EchoTime": 0.00352,
    "ImageType": [
      "ORIGINAL"
    ],
    "Manufacturer": "Philips",
    "ManufacturersModelName": "N/A",
    "PhilipsRescaleIntercept": 0,
    "PhilipsRescaleSlope": 8.25519,
    "PhilipsScaleSlope": 0.000315582,
    "ProtocolName": "WIPMPRAGE_S2SENSE",
    "RepetitionTime": 0.007625,
    "SequenceVariant": "tfl3d1_ns",
    "UsePhilipsFloatNotDisplayScaling": 1,
    "dataset": "ds001907",
    "modality": "T1w",
    "session_id": "1",
    "subject_id": "RC4125"
  },
  "cjv": 0.4152761437903751,
  "cnr": 2.9460785089440615,
  "efc": 0.7595756449361097,
  "fber": 8739.852728468113,
  "fwhm_avg": 3.342413601011062,
  "fwhm_x": 3.4454204107261193,
  "fwhm_y": 3.4929302081948643,
  "fwhm_z": 3.0888901841122025,
  "icvs_csf": 0.21879757695654556,
  "icvs_gm": 0.37770421121593556,
  "icvs_wm": 0.4034982118275189,
  "inu_med": 2.947511672973633,
  "inu_range": 0.7443081855773923,
  "provenance": {
    "md5sum": "89fb9231f3baa3ea46827e61003645ac",
    "settings": {
      "testing": false
    },
    "software": "mriqc",
    "version": "21.0.0rc2",
    "warnings": {
      "large_rot_frame": true,
      "small_air_mask": false
    },
    "webapi_port": null,
    "webapi_url": "https://mriqc.nimh.nih.gov/api/v1"
  },
  "qi_1": 0.0,
  "qi_2": 1.0282264451162741e-05,
  "rpve_csf": 25.347578524042216,
  "rpve_gm": 14.081010062484985,
  "rpve_wm": 15.980571310455403,
  "size_x": 176,
  "size_y": 256,
  "size_z": 256,
  "snr_csf": 1.8643762920403455,
  "snr_gm": 14.809475602352823,
  "snr_total": 12.387628567287747,
  "snr_wm": 20.489033807470072,
  "snrd_csf": 18.554590289630543,
  "snrd_gm": 46.976400439522784,
  "snrd_total": 42.01101382953582,
  "snrd_wm": 60.502050759454136,
  "spacing_x": 0.9999998807907104,
  "spacing_y": 0.9999999403953552,
  "spacing_z": 0.9999999403953552,
  "summary_bg_k": 1181.8486622012745,
  "summary_bg_mad": 10.828734975743066,
  "summary_bg_mean": 12.826541444768074,
  "summary_bg_median": 7.303870748728514,
  "summary_bg_n": 420294.0,
  "summary_bg_p05": 0.0,
  "summary_bg_p95": 36.29690082743764,
  "summary_bg_stdv": 25.052267727667385,
  "summary_csf_k": 14.23804817132541,
  "summary_csf_mad": 101.69116601586128,
  "summary_csf_mean": 340.7954838452631,
  "summary_csf_median": 306.68842047452927,
  "summary_csf_n": 26736.0,
  "summary_csf_p05": 179.63072983548045,
  "summary_csf_p95": 564.8821052163839,
  "summary_csf_stdv": 164.49613001121844,
  "summary_gm_k": 0.769322008226315,
  "summary_gm_mad": 48.426982302688536,
  "summary_gm_mean": 776.6972284373394,
  "summary_gm_median": 776.4719040133059,
  "summary_gm_n": 13131.0,
  "summary_gm_p05": 692.71838106215,
  "summary_gm_p95": 863.6549094226211,
  "summary_gm_stdv": 52.42875291013091,
  "summary_wm_k": 1.4002232392377643,
  "summary_wm_mad": 44.41430385990049,
  "summary_wm_mean": 1002.9774851823713,
  "summary_wm_median": 1000.0370847992599,
  "summary_wm_n": 172226.0,
  "summary_wm_p05": 929.445359390229,
  "summary_wm_p95": 1086.2005143426359,
  "summary_wm_stdv": 48.80826450492052,
  "tpm_overlap_csf": 0.14481057226657867,
  "tpm_overlap_gm": 0.3817627429962158,
  "tpm_overlap_wm": 0.41144266724586487,
  "wm2max": 0.5772486290398388
}