{
  "bids_meta": {
    "ConversionSoftware": "dcm2niix",
    "ConversionSoftwareVersion": "v1.0.20170411 GCC4.3.2",
    "EchoTime": 0.00351,
    "ImageType": [
      "ORIGINAL"
    ],
    "Manufacturer": "Philips",
    "ManufacturersModelName": "N/A",
    "PhilipsRescaleIntercept": 0,
    "PhilipsRescaleSlope": 10.3548,
    "PhilipsScaleSlope": 0.000318097,
    "ProtocolName": "WIPMPRAGE_S2SENSE",
    "RepetitionTime": 0.007605,
    "SequenceVariant": "tfl3d1_ns",
    "UsePhilipsFloatNotDisplayScaling": 1,
    "dataset": "ds001907",
    "modality": "T1w",
    "session_id": "1",
    "subject_id": "RC4217"
  },
  "cjv": 0.3832456420798623,
  "cnr": 3.3323782518804066,
  "efc": 0.7656976254486794,
  "fber": 1684.8102061746972,
  "fwhm_avg": 3.5505234800724277,
  "fwhm_x": 3.6091302151209246,
  "fwhm_y": 3.7764902250963583,
  "fwhm_z": 3.26595,
  "icvs_csf": 0.19270858048199035,
  "icvs_gm": 0.3928850490496389,
  "icvs_wm": 0.41440637046837075,
  "inu_med": 3.0138485431671143,
  "inu_range": 0.7601758003234864,
  "provenance": {
    "md5sum": "812f5ddeaecb75321cf5368c8053f7ca",
    "settings": {
      "testing": false
    },
    "software": "mriqc",
    "version": "21.0.0rc2",
    "warnings": {
      "large_rot_frame": true,
      "small_air_mask": false
    },
    "webapi_port": null,
    "webapi_url": "https://mriqc.nimh.nih.gov/api/v1"
  },
  "qi_1": 0.0,
  "qi_2": 1.1819385039672817e-05,
  "rpve_csf": 28.28969069110589,
  "rpve_gm": 14.11999761673055,
  "rpve_wm": 16.276283990492328,
  "size_x": 176,
  "size_y": 256,
  "size_z": 256,
  "snr_csf": 2.5596914192249454,
  "snr_gm": 13.072945058070449,
  "snr_total": 11.720631549196858,
  "snr_wm": 19.52925817029518,
  "snrd_csf": 16.248397749073145,
  "snrd_gm": 40.95437914236235,
  "snrd_total": 37.47937444906941,
  "snrd_wm": 55.235346455772735,
  "spacing_x": 0.9999999403953552,
  "spacing_y": 0.9999999403953552,
  "spacing_z": 1.0,
  "summary_bg_k": 4.100634085016323,
  "summary_bg_mad": 11.861382122913,
  "summary_bg_mean": 13.75333494682781,
  "summary_bg_median": 8.000380665063858,
  "summary_bg_n": 358988.0,
  "summary_bg_p05": 0.0,
  "summary_bg_p95": 39.906660698354244,
  "summary_bg_stdv": 13.460363579750073,
  "summary_csf_k": 11.423165022221118,
  "summary_csf_mad": 93.09066862536184,
  "summary_csf_mean": 317.71685686711606,
  "summary_csf_median": 294.1806640382856,
  "summary_csf_n": 17486.0,
  "summary_csf_p05": 177.35367673728615,
  "summary_csf_p95": 524.4297147262841,
  "summary_csf_stdv": 114.92488892108192,
  "summary_gm_k": 0.4207017323716298,
  "summary_gm_mad": 54.04695247077322,
  "summary_gm_mean": 742.162029843511,
  "summary_gm_median": 741.4876615796238,
  "summary_gm_n": 14268.0,
  "summary_gm_p05": 648.8261098053306,
  "summary_gm_p95": 834.8802005158738,
  "summary_gm_stdv": 56.71726405504254,
  "summary_wm_k": 1.8141225926266724,
  "summary_wm_mad": 45.04501068106246,
  "summary_wm_mean": 1006.0191333834363,
  "summary_wm_median": 1000.0475831329823,
  "summary_wm_n": 196453.0,
  "summary_wm_p05": 933.9492000192404,
  "summary_wm_p95": 1097.5284118317068,
  "summary_wm_stdv": 51.20752816877219,
  "tpm_overlap_csf": 0.168298602104187,
  "tpm_overlap_gm": 0.40789535641670227,
  "tpm_overlap_wm": 0.47883540391921997,
  "wm2max": 0.5821878383316819
}