{
  "bids_meta": {
    "ConversionSoftware": "dcm2niix",
    "ConversionSoftwareVersion": "v1.0.20170411 GCC4.3.2",
    "EchoTime": 0.00351,
    "ImageType": [
      "ORIGINAL"
    ],
    "Manufacturer": "Philips",
    "ManufacturersModelName": "N/A",
    "PhilipsRescaleIntercept": 0,
    "PhilipsRescaleSlope": 9.21221,
    "PhilipsScaleSlope": 0.000362127,
    "ProtocolName": "WIPMPRAGE_S2SENSE",
    "RepetitionTime": 0.007601,
    "SequenceVariant": "tfl3d1_ns",
    "UsePhilipsFloatNotDisplayScaling": 1,
    "dataset": "ds001907",
    "modality": "T1w",
    "session_id": "2",
    "subject_id": "RC4126"
  },
  "cjv": 0.4393269516688943,
  "cnr": 2.728004366356223,
  "efc": 0.753385133478233,
  "fber": 1867.3239204069491,
  "fwhm_avg": 3.3461233333333333,
  "fwhm_x": 3.419,
  "fwhm_y": 3.54916,
  "fwhm_z": 3.07021,
  "icvs_csf": 0.2155956636077223,
  "icvs_gm": 0.3833348876074333,
  "icvs_wm": 0.4010694487848444,
  "inu_med": 2.6243844032287598,
  "inu_range": 0.7117373585700988,
  "provenance": {
    "md5sum": "ca5b3f88fe5db1900121b723380ef818",
    "settings": {
      "testing": false
    },
    "software": "mriqc",
    "version": "21.0.0rc2",
    "warnings": {
      "large_rot_frame": true,
      "small_air_mask": true
    },
    "webapi_port": null,
    "webapi_url": "https://mriqc.nimh.nih.gov/api/v1"
  },
  "qi_1": 0.0,
  "qi_2": 1.4759562288161653e-05,
  "rpve_csf": 28.039503896592958,
  "rpve_gm": 14.927377805183644,
  "rpve_wm": 16.99789927826689,
  "size_x": 176,
  "size_y": 256,
  "size_z": 256,
  "snr_csf": 2.915061198851045,
  "snr_gm": 13.740915245648157,
  "snr_total": 10.937358699065962,
  "snr_wm": 16.156099652698686,
  "snrd_csf": 16.818058288853685,
  "snrd_gm": 43.32218693219168,
  "snrd_total": 38.81203677625631,
  "snrd_wm": 56.29586510772357,
  "spacing_x": 1.0,
  "spacing_y": 1.0,
  "spacing_z": 1.0,
  "summary_bg_k": 5.518162827423865,
  "summary_bg_mad": 11.637988991922008,
  "summary_bg_mean": 12.959082628062443,
  "summary_bg_median": 7.849704287946224,
  "summary_bg_n": 253469.0,
  "summary_bg_p05": 0.0,
  "summary_bg_p95": 39.19619007781148,
  "summary_bg_stdv": 13.00739206860769,
  "summary_csf_k": 1.3186384563422768,
  "summary_csf_mad": 76.57796756684681,
  "summary_csf_mean": 321.98911634481937,
  "summary_csf_median": 298.7597451992333,
  "summary_csf_n": 26859.0,
  "summary_csf_p05": 197.07990898936987,
  "summary_csf_p95": 535.1509732626376,
  "summary_csf_stdv": 102.48641902724567,
  "summary_gm_k": 0.34985042748029294,
  "summary_gm_mad": 51.672671124133714,
  "summary_gm_mean": 765.6413048552886,
  "summary_gm_median": 769.5850083902478,
  "summary_gm_n": 12628.0,
  "summary_gm_p05": 664.6266123561188,
  "summary_gm_p95": 852.4935850795358,
  "summary_gm_stdv": 56.004605417912444,
  "summary_wm_k": 3.609883109804189,
  "summary_wm_mad": 49.57783310558776,
  "summary_wm_mean": 1006.5982599179318,
  "summary_wm_median": 1000.052326284349,
  "summary_wm_n": 136910.0,
  "summary_wm_p05": 920.6133188903332,
  "summary_wm_p95": 1112.146103516221,
  "summary_wm_stdv": 61.89913998737641,
  "tpm_overlap_csf": 0.12583421170711517,
  "tpm_overlap_gm": 0.34312525391578674,
  "tpm_overlap_wm": 0.3715191185474396,
  "wm2max": 0.5417741615399881
}