{
  "aor": 0.0005145637583892618,
  "aqi": 0.003784085838926174,
  "bids_meta": {
    "AcquisitionDateTime": "2013-08-20T17:51:33.510000",
    "BodyPartExamined": "BRAIN",
    "ConversionSoftware": "dcm2niix",
    "ConversionSoftwareVersion": "v1.0.20170411 GCC4.3.2",
    "EchoTime": 0.025001,
    "FlipAngle": 79,
    "ImageType": [
      "ORIGINAL",
      "PRIMARY",
      "M",
      "FFE",
      "M",
      "FFE"
    ],
    "MagneticFieldStrength": 3,
    "Manufacturer": "Philips",
    "ManufacturersModelName": "Achieva",
    "PhilipsRescaleIntercept": 0,
    "PhilipsRescaleSlope": 2.26716,
    "PhilipsScaleSlope": 0.000982011,
    "ProcedureStepDescription": "UDALL_2",
    "ProtocolName": "WIP_ANT_E_SENSE",
    "RepetitionTime": 2.4,
    "ScanningSequence": "GR",
    "SequenceVariant": "SK",
    "SeriesDescription": "ANT_E",
    "SliceTiming": [
      0,
      0.06,
      0.11,
      0.17,
      0.22,
      0.28,
      0.33,
      0.39,
      0.45,
      0.5,
      0.56,
      0.61,
      0.67,
      0.73,
      0.78,
      0.84,
      0.89,
      0.95,
      1,
      1.06,
      1.12,
      1.17,
      1.23,
      1.28,
      1.34,
      1.4,
      1.45,
      1.51,
      1.56,
      1.62,
      1.67,
      1.73,
      1.79,
      1.84,
      1.9,
      1.95,
      2.01,
      2.07,
      2.12,
      2.18,
      2.23,
      2.29,
      2.34
    ],
    "TaskName": "ANT",
    "UsePhilipsFloatNotDisplayScaling": 1,
    "dataset": "ds001907",
    "modality": "bold",
    "run_id": 5,
    "session_id": "2",
    "subject_id": "RC4226",
    "task_id": "ANT"
  },
  "dummy_trs": 0,
  "dvars_nstd": 26.46273396445946,
  "dvars_std": 1.2740440554729735,
  "dvars_vstd": 0.9779999583783782,
  "efc": 0.422550163311752,
  "fber": 7941425.5,
  "fd_mean": 0.1775700489259818,
  "fd_num": 50,
  "fd_perc": 33.557046979865774,
  "fwhm_avg": 2.1500622222222225,
  "fwhm_x": 2.07906,
  "fwhm_y": 2.3206466666666667,
  "fwhm_z": 2.05048,
  "gcor": 0.0122223,
  "gsr_x": -0.015342901460826397,
  "gsr_y": 0.009601806290447712,
  "provenance": {
    "md5sum": "ad962bc76c4c3e8b2a045fd4e2dd397e",
    "settings": {
      "fd_thres": 0.2,
      "testing": false
    },
    "software": "mriqc",
    "version": "21.0.0rc2",
    "webapi_port": null,
    "webapi_url": "https://mriqc.nimh.nih.gov/api/v1"
  },
  "size_t": 149,
  "size_x": 80,
  "size_y": 80,
  "size_z": 43,
  "snr": 4.803159605041201,
  "spacing_tr": 2.4000020027160645,
  "spacing_x": 3.0,
  "spacing_y": 3.0,
  "spacing_z": 3.0,
  "summary_bg_k": 68.84246920515751,
  "summary_bg_mad": 201.5308106363496,
  "summary_bg_mean": 8847.681640625,
  "summary_bg_median": 136.03091430664062,
  "summary_bg_n": 187712.0,
  "summary_bg_p05": 0.03706134948879481,
  "summary_bg_p95": 48386.81308593747,
  "summary_bg_stdv": 26829.94140625,
  "summary_fg_k": 2.6485272285987254,
  "summary_fg_mad": 63915.81560352441,
  "summary_fg_mean": 408757.6875,
  "summary_fg_median": 394958.75,
  "summary_fg_n": 41754.0,
  "summary_fg_p05": 304514.1265625,
  "summary_fg_p95": 566200.653125,
  "summary_fg_stdv": 82227.9609375,
  "tsnr": 93.90335845947266
}