{
  "aor": 0.001561006711409396,
  "aqi": 0.006062860872483222,
  "bids_meta": {
    "AcquisitionDateTime": "2013-08-20T17:37:46.850000",
    "BodyPartExamined": "BRAIN",
    "ConversionSoftware": "dcm2niix",
    "ConversionSoftwareVersion": "v1.0.20170411 GCC4.3.2",
    "EchoTime": 0.025001,
    "FlipAngle": 79,
    "ImageType": [
      "ORIGINAL",
      "PRIMARY",
      "M",
      "FFE",
      "M",
      "FFE"
    ],
    "MagneticFieldStrength": 3,
    "Manufacturer": "Philips",
    "ManufacturersModelName": "Achieva",
    "PhilipsRescaleIntercept": 0,
    "PhilipsRescaleSlope": 2.55751,
    "PhilipsScaleSlope": 0.000986403,
    "ProcedureStepDescription": "UDALL_2",
    "ProtocolName": "WIP_ANT_F_SENSE",
    "RepetitionTime": 2.4,
    "ScanningSequence": "GR",
    "SequenceVariant": "SK",
    "SeriesDescription": "ANT_F",
    "SliceTiming": [
      0,
      0.06,
      0.11,
      0.17,
      0.22,
      0.28,
      0.33,
      0.39,
      0.45,
      0.5,
      0.56,
      0.61,
      0.67,
      0.73,
      0.78,
      0.84,
      0.89,
      0.95,
      1,
      1.06,
      1.12,
      1.17,
      1.23,
      1.28,
      1.34,
      1.4,
      1.45,
      1.51,
      1.56,
      1.62,
      1.67,
      1.73,
      1.79,
      1.84,
      1.9,
      1.95,
      2.01,
      2.07,
      2.12,
      2.18,
      2.23,
      2.29,
      2.34
    ],
    "TaskName": "ANT",
    "UsePhilipsFloatNotDisplayScaling": 1,
    "dataset": "ds001907",
    "modality": "bold",
    "run_id": 6,
    "session_id": "2",
    "subject_id": "RC4226",
    "task_id": "ANT"
  },
  "dummy_trs": 0,
  "dvars_nstd": 28.632720727702708,
  "dvars_std": 1.2268414843918918,
  "dvars_vstd": 0.9680797210810808,
  "efc": 0.41994894389154686,
  "fber": 2575328.5,
  "fd_mean": 0.1990962848104643,
  "fd_num": 66,
  "fd_perc": 44.29530201342282,
  "fwhm_avg": 2.1578522222222216,
  "fwhm_x": 2.0922633333333334,
  "fwhm_y": 2.3390299999999997,
  "fwhm_z": 2.042263333333333,
  "gcor": 0.00585173,
  "gsr_x": -0.013516070321202278,
  "gsr_y": 0.011456293053925037,
  "provenance": {
    "md5sum": "72d5f887355cd1cac59459f5000910f2",
    "settings": {
      "fd_thres": 0.2,
      "testing": false
    },
    "software": "mriqc",
    "version": "21.0.0rc2",
    "webapi_port": null,
    "webapi_url": "https://mriqc.nimh.nih.gov/api/v1"
  },
  "size_t": 149,
  "size_x": 80,
  "size_y": 80,
  "size_z": 43,
  "snr": 4.7781414796493475,
  "spacing_tr": 2.4000020027160645,
  "spacing_x": 3.0,
  "spacing_y": 3.0,
  "spacing_z": 3.0,
  "summary_bg_k": 77.92572218688203,
  "summary_bg_mad": 336.69555913943555,
  "summary_bg_mean": 7966.15966796875,
  "summary_bg_median": 228.3849639892578,
  "summary_bg_n": 187655.0,
  "summary_bg_p05": 0.5976955175399782,
  "summary_bg_p95": 42511.42695312499,
  "summary_bg_stdv": 24381.25,
  "summary_fg_k": 2.5901803084298365,
  "summary_fg_mad": 61035.16582428735,
  "summary_fg_mean": 391451.5,
  "summary_fg_median": 377928.1875,
  "summary_fg_n": 41793.0,
  "summary_fg_p05": 292120.09375,
  "summary_fg_p95": 546269.5750000001,
  "summary_fg_stdv": 79094.28125,
  "tsnr": 73.32977294921875
}