{
  "bids_meta": {
    "ConversionSoftware": "dcm2niix",
    "ConversionSoftwareVersion": "v1.0.20170411 GCC4.3.2",
    "EchoTime": 0.00352,
    "ImageType": [
      "ORIGINAL"
    ],
    "Manufacturer": "Philips",
    "ManufacturersModelName": "N/A",
    "PhilipsRescaleIntercept": 0,
    "PhilipsRescaleSlope": 6.70452,
    "PhilipsScaleSlope": 0.000326531,
    "ProtocolName": "WIPMPRAGE_S2SENSE",
    "RepetitionTime": 0.007654,
    "SequenceVariant": "tfl3d1_ns",
    "UsePhilipsFloatNotDisplayScaling": 1,
    "dataset": "ds001907",
    "modality": "T1w",
    "session_id": "2",
    "subject_id": "RC4218"
  },
  "cjv": 0.40240410681402045,
  "cnr": 2.9937205065697974,
  "efc": 0.6970588480377244,
  "fber": 15156.967458677685,
  "fwhm_avg": 3.2600167333497647,
  "fwhm_x": 3.356270200049293,
  "fwhm_y": 3.40648,
  "fwhm_z": 3.0173,
  "icvs_csf": 0.19710046838005033,
  "icvs_gm": 0.3971493415756846,
  "icvs_wm": 0.40575019004426505,
  "inu_med": 1.5058115720748901,
  "inu_range": 0.3898910880088804,
  "provenance": {
    "md5sum": "09c1aa3a5d40f07d7c1c357485507ed4",
    "settings": {
      "testing": false
    },
    "software": "mriqc",
    "version": "21.0.0rc2",
    "warnings": {
      "large_rot_frame": true,
      "small_air_mask": false
    },
    "webapi_port": null,
    "webapi_url": "https://mriqc.nimh.nih.gov/api/v1"
  },
  "qi_1": 9.71604848308193e-05,
  "qi_2": 5.473736940319424e-06,
  "rpve_csf": 30.3763942663158,
  "rpve_gm": 15.519569496951739,
  "rpve_wm": 18.649743987738745,
  "size_x": 176,
  "size_y": 256,
  "size_z": 256,
  "snr_csf": 2.312383299054542,
  "snr_gm": 13.492023186884731,
  "snr_total": 12.625165384666031,
  "snr_wm": 22.071089668058818,
  "snrd_csf": 28.44620342472296,
  "snrd_gm": 63.33485680424196,
  "snrd_total": 58.152777027664,
  "snrd_wm": 82.6772708540271,
  "spacing_x": 0.9999999403953552,
  "spacing_y": 1.0,
  "spacing_z": 1.0,
  "summary_bg_k": 911.5339846302016,
  "summary_bg_mad": 7.9240201259785215,
  "summary_bg_mean": 15.1408582253142,
  "summary_bg_median": 10.142726697027683,
  "summary_bg_n": 537925.0,
  "summary_bg_p05": 0.0,
  "summary_bg_p95": 53.568173334002495,
  "summary_bg_stdv": 28.822434264022938,
  "summary_csf_k": 7.3464005147655715,
  "summary_csf_mad": 158.66049388606993,
  "summary_csf_mean": 361.4676385172378,
  "summary_csf_median": 344.0631541237235,
  "summary_csf_n": 9199.0,
  "summary_csf_p05": 177.7710242047906,
  "summary_csf_p95": 598.9128277368844,
  "summary_csf_stdv": 148.7834878581476,
  "summary_gm_k": 0.4149615106876601,
  "summary_gm_mad": 53.26202164223063,
  "summary_gm_mean": 765.8493467843377,
  "summary_gm_median": 766.0491726323962,
  "summary_gm_n": 10702.0,
  "summary_gm_p05": 670.1578909222037,
  "summary_gm_p95": 857.5159175768495,
  "summary_gm_stdv": 56.77527908048152,
  "summary_wm_k": 1.2885955472937702,
  "summary_wm_mad": 40.88074019538919,
  "summary_wm_mean": 1002.6318507799781,
  "summary_wm_median": 999.9999704584479,
  "summary_wm_n": 177796.0,
  "summary_wm_p05": 934.4062888249755,
  "summary_wm_p95": 1080.7166398018599,
  "summary_wm_stdv": 45.30801031042975,
  "tpm_overlap_csf": 0.16957952082157135,
  "tpm_overlap_gm": 0.40190598368644714,
  "tpm_overlap_wm": 0.4778227210044861,
  "wm2max": 0.5543211123455544
}