{
  "aor": 0.005903825503355704,
  "aqi": 0.004903563624161073,
  "bids_meta": {
    "ConversionSoftware": "dcm2niix",
    "ConversionSoftwareVersion": "v1.0.20170411 GCC4.3.2",
    "EchoTime": 0.025,
    "ImageType": [
      "ORIGINAL"
    ],
    "Manufacturer": "Philips",
    "ManufacturersModelName": "N/A",
    "PhilipsRescaleIntercept": 0,
    "PhilipsRescaleSlope": 1.9177,
    "PhilipsScaleSlope": 0.000794177,
    "ProtocolName": "WIPANT_BSENSE",
    "RepetitionTime": 2.4,
    "SequenceVariant": "tfl3d1_ns",
    "SliceTiming": [
      0,
      0.06,
      0.11,
      0.17,
      0.22,
      0.28,
      0.33,
      0.39,
      0.45,
      0.5,
      0.56,
      0.61,
      0.67,
      0.73,
      0.78,
      0.84,
      0.89,
      0.95,
      1,
      1.06,
      1.12,
      1.17,
      1.23,
      1.28,
      1.34,
      1.4,
      1.45,
      1.51,
      1.56,
      1.62,
      1.67,
      1.73,
      1.79,
      1.84,
      1.9,
      1.95,
      2.01,
      2.07,
      2.12,
      2.18,
      2.23,
      2.29,
      2.34
    ],
    "TaskName": "ANT",
    "UsePhilipsFloatNotDisplayScaling": 1,
    "dataset": "ds001907",
    "modality": "bold",
    "run_id": 2,
    "session_id": "1",
    "subject_id": "RC4211",
    "task_id": "ANT"
  },
  "dummy_trs": 0,
  "dvars_nstd": 28.90453218777028,
  "dvars_std": 1.4023029322972973,
  "dvars_vstd": 1.0105584674999997,
  "efc": 0.4475679878114333,
  "fber": 407884.40625,
  "fd_mean": 0.27082867358135193,
  "fd_num": 47,
  "fd_perc": 31.543624161073826,
  "fwhm_avg": 2.1189188888888886,
  "fwhm_x": 1.9715666666666667,
  "fwhm_y": 2.2402666666666664,
  "fwhm_z": 2.1449233333333333,
  "gcor": 0.0179017,
  "gsr_x": -0.018801046535372734,
  "gsr_y": 0.038687366992235184,
  "provenance": {
    "md5sum": "8f8353f9b517818e4653d8a95983776c",
    "settings": {
      "fd_thres": 0.2,
      "testing": false
    },
    "software": "mriqc",
    "version": "21.0.0rc2",
    "webapi_port": null,
    "webapi_url": "https://mriqc.nimh.nih.gov/api/v1"
  },
  "size_t": 149,
  "size_x": 80,
  "size_y": 80,
  "size_z": 43,
  "snr": 4.150131684598502,
  "spacing_tr": 2.4000020027160645,
  "spacing_x": 3.0,
  "spacing_y": 3.0,
  "spacing_z": 3.0,
  "summary_bg_k": 107.2814203554459,
  "summary_bg_mad": 1429.8101912523152,
  "summary_bg_mean": 14067.71875,
  "summary_bg_median": 994.2219848632812,
  "summary_bg_n": 179689.0,
  "summary_bg_p05": 11.752667427062988,
  "summary_bg_p95": 72930.07500000008,
  "summary_bg_stdv": 42822.3671875,
  "summary_fg_k": 1.12612437887452,
  "summary_fg_mad": 126443.54487997293,
  "summary_fg_mean": 661918.25,
  "summary_fg_median": 630984.4375,
  "summary_fg_n": 49356.0,
  "summary_fg_p05": 470436.53125,
  "summary_fg_p95": 974280.375,
  "summary_fg_stdv": 152038.078125,
  "tsnr": 72.2344970703125
}