{
  "aor": 0.005220536912751678,
  "aqi": 0.005960815167785236,
  "bids_meta": {
    "ConversionSoftware": "dcm2niix",
    "ConversionSoftwareVersion": "v1.0.20170411 GCC4.3.2",
    "EchoTime": 0.025,
    "ImageType": [
      "ORIGINAL"
    ],
    "Manufacturer": "Philips",
    "ManufacturersModelName": "N/A",
    "PhilipsRescaleIntercept": 0,
    "PhilipsRescaleSlope": 1.88132,
    "PhilipsScaleSlope": 0.000789817,
    "ProtocolName": "WIPANT_DSENSE",
    "RepetitionTime": 2.4,
    "SequenceVariant": "tfl3d1_ns",
    "SliceTiming": [
      0,
      0.06,
      0.11,
      0.17,
      0.22,
      0.28,
      0.33,
      0.39,
      0.45,
      0.5,
      0.56,
      0.61,
      0.67,
      0.73,
      0.78,
      0.84,
      0.89,
      0.95,
      1,
      1.06,
      1.12,
      1.17,
      1.23,
      1.28,
      1.34,
      1.4,
      1.45,
      1.51,
      1.56,
      1.62,
      1.67,
      1.73,
      1.79,
      1.84,
      1.9,
      1.95,
      2.01,
      2.07,
      2.12,
      2.18,
      2.23,
      2.29,
      2.34
    ],
    "TaskName": "ANT",
    "UsePhilipsFloatNotDisplayScaling": 1,
    "dataset": "ds001907",
    "modality": "bold",
    "run_id": 4,
    "session_id": "1",
    "subject_id": "RC4211",
    "task_id": "ANT"
  },
  "dummy_trs": 0,
  "dvars_nstd": 29.834926450743254,
  "dvars_std": 1.4145544839864872,
  "dvars_vstd": 1.0107925503378379,
  "efc": 0.45158548366633106,
  "fber": 290087.65625,
  "fd_mean": 0.27171381444721704,
  "fd_num": 48,
  "fd_perc": 32.214765100671144,
  "fwhm_avg": 2.0913444444444447,
  "fwhm_x": 1.9482266666666668,
  "fwhm_y": 2.2391533333333333,
  "fwhm_z": 2.0866533333333335,
  "gcor": 0.0187689,
  "gsr_x": -0.020128581672906876,
  "gsr_y": 0.04046302288770676,
  "provenance": {
    "md5sum": "ffb363e58f1d9fc953d1fe3d2dd37ebc",
    "settings": {
      "fd_thres": 0.2,
      "testing": false
    },
    "software": "mriqc",
    "version": "21.0.0rc2",
    "webapi_port": null,
    "webapi_url": "https://mriqc.nimh.nih.gov/api/v1"
  },
  "size_t": 149,
  "size_x": 80,
  "size_y": 80,
  "size_z": 43,
  "snr": 4.197794967438194,
  "spacing_tr": 2.4000020027160645,
  "spacing_x": 3.0,
  "spacing_y": 3.0,
  "spacing_z": 3.0,
  "summary_bg_k": 102.48241601461848,
  "summary_bg_mad": 1670.6355082701623,
  "summary_bg_mean": 14836.1611328125,
  "summary_bg_median": 1172.7176513671875,
  "summary_bg_n": 179045.0,
  "summary_bg_p05": 19.320820999145507,
  "summary_bg_p95": 77280.44374999995,
  "summary_bg_stdv": 44574.4140625,
  "summary_fg_k": 1.1309741888869533,
  "summary_fg_mad": 122103.04156002049,
  "summary_fg_mean": 650461.5625,
  "summary_fg_median": 619645.625,
  "summary_fg_n": 49780.0,
  "summary_fg_p05": 467009.809375,
  "summary_fg_p95": 955469.915625,
  "summary_fg_stdv": 147610.6875,
  "tsnr": 68.92015075683594
}