{
  "bids_meta": {
    "ConversionSoftware": "dcm2niix",
    "ConversionSoftwareVersion": "v1.0.20170411 GCC4.3.2",
    "EchoTime": 0.00351,
    "ImageType": [
      "ORIGINAL"
    ],
    "Manufacturer": "Philips",
    "ManufacturersModelName": "N/A",
    "PhilipsRescaleIntercept": 0,
    "PhilipsRescaleSlope": 9.17582,
    "PhilipsScaleSlope": 0.000291428,
    "ProtocolName": "WIPMPRAGE_S2SENSE",
    "RepetitionTime": 0.007579,
    "SequenceVariant": "tfl3d1_ns",
    "UsePhilipsFloatNotDisplayScaling": 1,
    "dataset": "ds001907",
    "modality": "T1w",
    "session_id": "1",
    "subject_id": "RC4109"
  },
  "cjv": 0.48593146765943923,
  "cnr": 2.6776495975138475,
  "efc": 0.7732417196555712,
  "fber": 1992.718117058343,
  "fwhm_avg": 3.305760129144795,
  "fwhm_x": 3.3591702002221466,
  "fwhm_y": 3.41721,
  "fwhm_z": 3.1409001872122397,
  "icvs_csf": 0.20737390123094226,
  "icvs_gm": 0.3866922091546958,
  "icvs_wm": 0.4059338896143619,
  "inu_med": 1.605825662612915,
  "inu_range": 0.3811194896697998,
  "provenance": {
    "md5sum": "498541453e17cd320b111d74e7aba180",
    "settings": {
      "testing": false
    },
    "software": "mriqc",
    "version": "21.0.0rc2",
    "warnings": {
      "large_rot_frame": true,
      "small_air_mask": false
    },
    "webapi_port": null,
    "webapi_url": "https://mriqc.nimh.nih.gov/api/v1"
  },
  "qi_1": 0.0,
  "qi_2": 7.795668420022762e-06,
  "rpve_csf": 27.187675056741508,
  "rpve_gm": 14.152295818046962,
  "rpve_wm": 16.004648182143818,
  "size_x": 176,
  "size_y": 256,
  "size_z": 256,
  "snr_csf": 3.2054669347199902,
  "snr_gm": 14.639272240991126,
  "snr_total": 11.647707378009793,
  "snr_wm": 17.09838295831827,
  "snrd_csf": 16.991444671632948,
  "snrd_gm": 42.11169116334045,
  "snrd_total": 37.615709312146755,
  "snrd_wm": 53.74399210146687,
  "spacing_x": 0.9999999403953552,
  "spacing_y": 1.0,
  "spacing_z": 0.9999999403953552,
  "summary_bg_k": 6.22722767149221,
  "summary_bg_mad": 12.190542751672442,
  "summary_bg_mean": 15.680140841730553,
  "summary_bg_median": 8.2223961353302,
  "summary_bg_n": 438390.0,
  "summary_bg_p05": 0.0,
  "summary_bg_p95": 47.18089210987091,
  "summary_bg_stdv": 15.769320602844676,
  "summary_csf_k": 1.9856221099548002,
  "summary_csf_mad": 77.93239830533454,
  "summary_csf_mean": 330.0989910704054,
  "summary_csf_median": 316.17070853710175,
  "summary_csf_n": 26351.0,
  "summary_csf_p05": 193.6423232704401,
  "summary_csf_p95": 523.4680825322866,
  "summary_csf_stdv": 98.63296540018497,
  "summary_gm_k": 0.341583411133342,
  "summary_gm_mad": 51.193023281576835,
  "summary_gm_mean": 784.030894361713,
  "summary_gm_median": 783.599245980382,
  "summary_gm_n": 12068.0,
  "summary_gm_p05": 696.1628727912903,
  "summary_gm_p95": 873.3188023820519,
  "summary_gm_stdv": 53.5249817350297,
  "summary_wm_k": 1.0636689370495498,
  "summary_wm_mad": 53.986689328835105,
  "summary_wm_mean": 1005.8608175739851,
  "summary_wm_median": 1000.0489299595356,
  "summary_wm_n": 157043.0,
  "summary_wm_p05": 921.7403953373432,
  "summary_wm_p95": 1111.883305966854,
  "summary_wm_stdv": 58.48773819110167,
  "tpm_overlap_csf": 0.16390010714530945,
  "tpm_overlap_gm": 0.40066617727279663,
  "tpm_overlap_wm": 0.4416689872741699,
  "wm2max": 0.6008115498838543
}