{
  "aor": 0.0015231543624161072,
  "aqi": 0.005106277583892617,
  "bids_meta": {
    "ConversionSoftware": "dcm2niix",
    "ConversionSoftwareVersion": "v1.0.20170411 GCC4.3.2",
    "EchoTime": 0.025,
    "ImageType": [
      "ORIGINAL"
    ],
    "Manufacturer": "Philips",
    "ManufacturersModelName": "N/A",
    "PhilipsRescaleIntercept": 0,
    "PhilipsRescaleSlope": 2.02295,
    "PhilipsScaleSlope": 0.000901932,
    "ProtocolName": "WIPANT_CSENSE",
    "RepetitionTime": 2.4,
    "SequenceVariant": "tfl3d1_ns",
    "SliceTiming": [
      0,
      0.06,
      0.11,
      0.17,
      0.22,
      0.28,
      0.33,
      0.39,
      0.45,
      0.5,
      0.56,
      0.61,
      0.67,
      0.73,
      0.78,
      0.84,
      0.89,
      0.95,
      1,
      1.06,
      1.12,
      1.17,
      1.23,
      1.28,
      1.34,
      1.4,
      1.45,
      1.51,
      1.56,
      1.62,
      1.67,
      1.73,
      1.79,
      1.84,
      1.9,
      1.95,
      2.01,
      2.07,
      2.12,
      2.18,
      2.23,
      2.29,
      2.34
    ],
    "TaskName": "ANT",
    "UsePhilipsFloatNotDisplayScaling": 1,
    "dataset": "ds001907",
    "modality": "bold",
    "run_id": 3,
    "session_id": "1",
    "subject_id": "RC4119",
    "task_id": "ANT"
  },
  "dummy_trs": 0,
  "dvars_nstd": 25.671966822972976,
  "dvars_std": 1.2812887656756753,
  "dvars_vstd": 1.002020596959459,
  "efc": 0.43339924134351177,
  "fber": 463534.15625,
  "fd_mean": 0.2592186469183333,
  "fd_num": 98,
  "fd_perc": 65.77181208053692,
  "fwhm_avg": 1.9924177777777778,
  "fwhm_x": 1.8878300000000001,
  "fwhm_y": 2.0992166666666665,
  "fwhm_z": 1.9902066666666667,
  "gcor": 0.0261314,
  "gsr_x": -0.01369878463447094,
  "gsr_y": 0.02678828127682209,
  "provenance": {
    "md5sum": "5b6c550adc689571c8579f50ef6f8598",
    "settings": {
      "fd_thres": 0.2,
      "testing": false
    },
    "software": "mriqc",
    "version": "21.0.0rc2",
    "webapi_port": null,
    "webapi_url": "https://mriqc.nimh.nih.gov/api/v1"
  },
  "size_t": 149,
  "size_x": 80,
  "size_y": 80,
  "size_z": 43,
  "snr": 4.233130612795452,
  "spacing_tr": 2.4000020027160645,
  "spacing_x": 3.0,
  "spacing_y": 3.0,
  "spacing_z": 3.0,
  "summary_bg_k": 90.25069196269509,
  "summary_bg_mad": 1075.9645524848447,
  "summary_bg_mean": 12544.2509765625,
  "summary_bg_median": 741.6319580078125,
  "summary_bg_n": 185484.0,
  "summary_bg_p05": 7.01005380153656,
  "summary_bg_p95": 73811.53632812502,
  "summary_bg_stdv": 35594.8125,
  "summary_fg_k": 1.4619982525949746,
  "summary_fg_mad": 94093.34979745802,
  "summary_fg_mean": 516933.34375,
  "summary_fg_median": 491814.34375,
  "summary_fg_n": 44775.0,
  "summary_fg_p05": 373306.303125,
  "summary_fg_p95": 754748.0374999997,
  "summary_fg_stdv": 116180.8828125,
  "tsnr": 74.58016967773438
}