{
  "aor": 0.003068456375838926,
  "aqi": 0.003770585033557047,
  "bids_meta": {
    "ConversionSoftware": "dcm2niix",
    "ConversionSoftwareVersion": "v1.0.20170411 GCC4.3.2",
    "EchoTime": 0.025,
    "ImageType": [
      "ORIGINAL"
    ],
    "Manufacturer": "Philips",
    "ManufacturersModelName": "N/A",
    "PhilipsRescaleIntercept": 0,
    "PhilipsRescaleSlope": 2.7177,
    "PhilipsScaleSlope": 0.000852386,
    "ProtocolName": "WIPANT_ASENSE",
    "RepetitionTime": 2.4,
    "SequenceVariant": "tfl3d1_ns",
    "SliceTiming": [
      0,
      0.06,
      0.11,
      0.17,
      0.22,
      0.28,
      0.33,
      0.39,
      0.45,
      0.5,
      0.56,
      0.61,
      0.67,
      0.73,
      0.78,
      0.84,
      0.89,
      0.95,
      1,
      1.06,
      1.12,
      1.17,
      1.23,
      1.28,
      1.34,
      1.4,
      1.45,
      1.51,
      1.56,
      1.62,
      1.67,
      1.73,
      1.79,
      1.84,
      1.9,
      1.95,
      2.01,
      2.07,
      2.12,
      2.18,
      2.23,
      2.29,
      2.34
    ],
    "TaskName": "ANT",
    "UsePhilipsFloatNotDisplayScaling": 1,
    "dataset": "ds001907",
    "modality": "bold",
    "run_id": 1,
    "session_id": "1",
    "subject_id": "RC4125",
    "task_id": "ANT"
  },
  "dummy_trs": 0,
  "dvars_nstd": 24.28972244263513,
  "dvars_std": 1.276852526554054,
  "dvars_vstd": 1.0060159050675672,
  "efc": 0.435756011235584,
  "fber": 1115209.625,
  "fd_mean": 0.21133293408040565,
  "fd_num": 52,
  "fd_perc": 34.899328859060404,
  "fwhm_avg": 2.233907777777778,
  "fwhm_x": 2.10781,
  "fwhm_y": 2.4006233333333333,
  "fwhm_z": 2.1932899999999997,
  "gcor": 0.0207797,
  "gsr_x": -0.019421471282839775,
  "gsr_y": 0.037137459963560104,
  "provenance": {
    "md5sum": "4f918034441df75703a2ffa88b401f8f",
    "settings": {
      "fd_thres": 0.2,
      "testing": false
    },
    "software": "mriqc",
    "version": "21.0.0rc2",
    "webapi_port": null,
    "webapi_url": "https://mriqc.nimh.nih.gov/api/v1"
  },
  "size_t": 149,
  "size_x": 80,
  "size_y": 80,
  "size_z": 43,
  "snr": 4.058565276207521,
  "spacing_tr": 2.4000020027160645,
  "spacing_x": 3.0,
  "spacing_y": 3.0,
  "spacing_z": 3.0,
  "summary_bg_k": 75.27785616942157,
  "summary_bg_mad": 701.4211596171112,
  "summary_bg_mean": 13494.5126953125,
  "summary_bg_median": 481.4033203125,
  "summary_bg_n": 184224.0,
  "summary_bg_p05": 4.590700674057007,
  "summary_bg_p95": 74091.52070312502,
  "summary_bg_stdv": 42662.2578125,
  "summary_fg_k": 1.776110219373809,
  "summary_fg_mad": 103178.59719850236,
  "summary_fg_mean": 539766.9375,
  "summary_fg_median": 515019.28125,
  "summary_fg_n": 44631.0,
  "summary_fg_p05": 385412.859375,
  "summary_fg_p95": 802347.8125,
  "summary_fg_stdv": 126895.4609375,
  "tsnr": 78.11932373046875
}