{
  "bids_meta": {
    "ConversionSoftware": "dcm2niix",
    "ConversionSoftwareVersion": "v1.0.20170411 GCC4.3.2",
    "EchoTime": 0.00351,
    "ImageType": [
      "ORIGINAL"
    ],
    "Manufacturer": "Philips",
    "ManufacturersModelName": "N/A",
    "PhilipsRescaleIntercept": 0,
    "PhilipsRescaleSlope": 7.60904,
    "PhilipsScaleSlope": 0.000324781,
    "ProtocolName": "WIPMPRAGE_S2SENSE",
    "RepetitionTime": 0.007601,
    "SequenceVariant": "tfl3d1_ns",
    "UsePhilipsFloatNotDisplayScaling": 1,
    "dataset": "ds001907",
    "modality": "T1w",
    "session_id": "2",
    "subject_id": "RC4225"
  },
  "cjv": 0.4921196365611857,
  "cnr": 2.4958591300723194,
  "efc": 0.747812330804266,
  "fber": 9948.503967285156,
  "fwhm_avg": 3.3766533333333335,
  "fwhm_x": 3.49521,
  "fwhm_y": 3.52917,
  "fwhm_z": 3.10558,
  "icvs_csf": 0.20808246989638757,
  "icvs_gm": 0.3736636550836362,
  "icvs_wm": 0.41825387501997624,
  "inu_med": 1.4801695346832275,
  "inu_range": 0.4628521740436553,
  "provenance": {
    "md5sum": "4212fe2afc0f4db5e64116dc259ce7dc",
    "settings": {
      "testing": false
    },
    "software": "mriqc",
    "version": "21.0.0rc2",
    "warnings": {
      "large_rot_frame": true,
      "small_air_mask": false
    },
    "webapi_port": null,
    "webapi_url": "https://mriqc.nimh.nih.gov/api/v1"
  },
  "qi_1": 0.0,
  "qi_2": 8.045040175611918e-06,
  "rpve_csf": 28.046104920679575,
  "rpve_gm": 15.18766939476717,
  "rpve_wm": 16.78777027977768,
  "size_x": 176,
  "size_y": 256,
  "size_z": 256,
  "snr_csf": 2.6334916403281934,
  "snr_gm": 14.0818903524332,
  "snr_total": 11.510930456289053,
  "snr_wm": 17.817409376105765,
  "snrd_csf": 22.126210718960834,
  "snrd_gm": 54.857607957430034,
  "snrd_total": 48.74252056916513,
  "snrd_wm": 69.24374303110451,
  "spacing_x": 1.0,
  "spacing_y": 1.0,
  "spacing_z": 1.0,
  "summary_bg_k": 1593.402330219196,
  "summary_bg_mad": 9.461307984847158,
  "summary_bg_mean": 10.713941729462855,
  "summary_bg_median": 6.381555259227753,
  "summary_bg_n": 511798.0,
  "summary_bg_p05": 0.0,
  "summary_bg_p95": 25.937934279441833,
  "summary_bg_stdv": 24.78700975313396,
  "summary_csf_k": 11.285997462152437,
  "summary_csf_mad": 99.64893732427733,
  "summary_csf_mean": 346.65022109953424,
  "summary_csf_median": 319.5409403592348,
  "summary_csf_n": 17181.0,
  "summary_csf_p05": 203.95244751870632,
  "summary_csf_p95": 560.7534363269806,
  "summary_csf_stdv": 121.3338353072735,
  "summary_gm_k": 0.37906872377867984,
  "summary_gm_mad": 52.571300012578156,
  "summary_gm_mean": 792.0174735417786,
  "summary_gm_median": 792.2392069399357,
  "summary_gm_n": 13021.0,
  "summary_gm_p05": 697.9568744003773,
  "summary_gm_p95": 884.8232223540545,
  "summary_gm_stdv": 56.25727547458078,
  "summary_wm_k": 1.8383127980719118,
  "summary_wm_mad": 49.67186692044758,
  "summary_wm_mean": 1007.007162063793,
  "summary_wm_median": 1000.0000019520521,
  "summary_wm_n": 195737.0,
  "summary_wm_p05": 928.9794676154852,
  "summary_wm_p95": 1107.045445010066,
  "summary_wm_stdv": 56.12473880977232,
  "tpm_overlap_csf": 0.15883374214172363,
  "tpm_overlap_gm": 0.38159412145614624,
  "tpm_overlap_wm": 0.4659770429134369,
  "wm2max": 0.5224932103579015
}