{
  "aor": 0.0024516778523489932,
  "aqi": 0.003927396979865772,
  "bids_meta": {
    "ConversionSoftware": "dcm2niix",
    "ConversionSoftwareVersion": "v1.0.20170411 GCC4.3.2",
    "EchoTime": 0.025,
    "ImageType": [
      "ORIGINAL"
    ],
    "Manufacturer": "Philips",
    "ManufacturersModelName": "N/A",
    "PhilipsRescaleIntercept": 0,
    "PhilipsRescaleSlope": 2.29573,
    "PhilipsScaleSlope": 0.00085252,
    "ProtocolName": "WIPANT_BSENSE",
    "RepetitionTime": 2.4,
    "SequenceVariant": "tfl3d1_ns",
    "SliceTiming": [
      0,
      0.06,
      0.11,
      0.17,
      0.22,
      0.28,
      0.33,
      0.39,
      0.45,
      0.5,
      0.56,
      0.61,
      0.67,
      0.73,
      0.78,
      0.84,
      0.89,
      0.95,
      1,
      1.06,
      1.12,
      1.17,
      1.23,
      1.28,
      1.34,
      1.4,
      1.45,
      1.51,
      1.56,
      1.62,
      1.67,
      1.73,
      1.79,
      1.84,
      1.9,
      1.95,
      2.01,
      2.07,
      2.12,
      2.18,
      2.23,
      2.29,
      2.34
    ],
    "TaskName": "ANT",
    "UsePhilipsFloatNotDisplayScaling": 1,
    "dataset": "ds001907",
    "modality": "bold",
    "run_id": 2,
    "session_id": "1",
    "subject_id": "RC4128",
    "task_id": "ANT"
  },
  "dummy_trs": 0,
  "dvars_nstd": 13.778509397162159,
  "dvars_std": 1.0614286444594603,
  "dvars_vstd": 0.9727787730405405,
  "efc": 0.41174091654525413,
  "fber": 471557.59375,
  "fd_mean": 0.08025072460747648,
  "fd_num": 5,
  "fd_perc": 3.3557046979865772,
  "fwhm_avg": 1.954847777777778,
  "fwhm_x": 1.81684,
  "fwhm_y": 2.12196,
  "fwhm_z": 1.9257433333333334,
  "gcor": 0.00682944,
  "gsr_x": -0.020013976842164993,
  "gsr_y": 0.025188066065311432,
  "provenance": {
    "md5sum": "5076721aeb1bae73480494a452190418",
    "settings": {
      "fd_thres": 0.2,
      "testing": false
    },
    "software": "mriqc",
    "version": "21.0.0rc2",
    "webapi_port": null,
    "webapi_url": "https://mriqc.nimh.nih.gov/api/v1"
  },
  "size_t": 149,
  "size_x": 80,
  "size_y": 80,
  "size_z": 43,
  "snr": 4.250247594014762,
  "spacing_tr": 2.4000020027160645,
  "spacing_x": 3.0,
  "spacing_y": 3.0,
  "spacing_z": 3.0,
  "summary_bg_k": 62.292687802231015,
  "summary_bg_mad": 1240.577989523197,
  "summary_bg_mean": 17065.775390625,
  "summary_bg_median": 846.8818969726562,
  "summary_bg_n": 193709.0,
  "summary_bg_p05": 4.288150596618652,
  "summary_bg_p95": 104209.93593750008,
  "summary_bg_stdv": 46565.5078125,
  "summary_fg_k": 1.1979787878753712,
  "summary_fg_mad": 110103.78582982271,
  "summary_fg_mean": 602259.25,
  "summary_fg_median": 571466.5625,
  "summary_fg_n": 37477.0,
  "summary_fg_p05": 441649.19375,
  "summary_fg_p95": 882372.2625,
  "summary_fg_stdv": 134453.09375,
  "tsnr": 86.18917083740234
}