{
  "bids_meta": {
    "ConversionSoftware": "dcm2niix",
    "ConversionSoftwareVersion": "v1.0.20170411 GCC4.3.2",
    "EchoTime": 0.00352,
    "ImageType": [
      "ORIGINAL"
    ],
    "Manufacturer": "Philips",
    "ManufacturersModelName": "N/A",
    "PhilipsRescaleIntercept": 0,
    "PhilipsRescaleSlope": 6.87326,
    "PhilipsScaleSlope": 0.00032707,
    "ProtocolName": "WIPMPRAGE_S2SENSE",
    "RepetitionTime": 0.007643,
    "SequenceVariant": "tfl3d1_ns",
    "UsePhilipsFloatNotDisplayScaling": 1,
    "dataset": "ds001907",
    "modality": "T1w",
    "session_id": "1",
    "subject_id": "RC4121"
  },
  "cjv": 0.4505540974537259,
  "cnr": 2.678055752135647,
  "efc": 0.7334466596033665,
  "fber": 8598.215393066406,
  "fwhm_avg": 3.132970121094194,
  "fwhm_x": 3.1979701906138773,
  "fwhm_y": 3.30404,
  "fwhm_z": 2.8969001726687056,
  "icvs_csf": 0.19009182335998195,
  "icvs_gm": 0.39295976622725703,
  "icvs_wm": 0.41694841041276104,
  "inu_med": 3.011343240737915,
  "inu_range": 0.8344117641448974,
  "provenance": {
    "md5sum": "4a26988a12fa34578f731d8cf8370e80",
    "settings": {
      "testing": false
    },
    "software": "mriqc",
    "version": "21.0.0rc2",
    "warnings": {
      "large_rot_frame": true,
      "small_air_mask": false
    },
    "webapi_port": null,
    "webapi_url": "https://mriqc.nimh.nih.gov/api/v1"
  },
  "qi_1": 0.0,
  "qi_2": 1.1035151746443609e-05,
  "rpve_csf": 29.107952698309493,
  "rpve_gm": 14.356294863496366,
  "rpve_wm": 16.347449204000846,
  "size_x": 176,
  "size_y": 256,
  "size_z": 256,
  "snr_csf": 2.4751319432953727,
  "snr_gm": 13.042131740833792,
  "snr_total": 11.906559390332765,
  "snr_wm": 20.202414486869124,
  "snrd_csf": 21.993236217130047,
  "snrd_gm": 48.861100489978995,
  "snrd_total": 44.461989327632615,
  "snrd_wm": 62.531631275788826,
  "spacing_x": 0.9999999403953552,
  "spacing_y": 1.0,
  "spacing_z": 0.9999999403953552,
  "summary_bg_k": 1893.2346660704538,
  "summary_bg_mad": 10.477462471698388,
  "summary_bg_mean": 11.384781257805649,
  "summary_bg_median": 7.066941045224667,
  "summary_bg_n": 512851.0,
  "summary_bg_p05": 0.0,
  "summary_bg_p95": 34.94518879055977,
  "summary_bg_stdv": 24.99331439982865,
  "summary_csf_k": 6.351718780475647,
  "summary_csf_mad": 127.54454315941503,
  "summary_csf_mean": 380.861716199238,
  "summary_csf_median": 351.73334131389856,
  "summary_csf_n": 6124.0,
  "summary_csf_p05": 204.7187094911933,
  "summary_csf_p95": 617.8203652281314,
  "summary_csf_stdv": 142.0953026281077,
  "summary_gm_k": 0.5566756408432076,
  "summary_gm_mad": 54.44980497103099,
  "summary_gm_mean": 778.4891385304675,
  "summary_gm_median": 781.4256149455905,
  "summary_gm_n": 14450.0,
  "summary_gm_p05": 670.878068272397,
  "summary_gm_p95": 871.4345164235681,
  "summary_gm_stdv": 59.913409177018714,
  "summary_wm_k": 1.3913318921742004,
  "summary_wm_mad": 44.05484220383417,
  "summary_wm_mean": 1003.3099005205366,
  "summary_wm_median": 1000.0556257069111,
  "summary_wm_n": 179873.0,
  "summary_wm_p05": 929.2192796394229,
  "summary_wm_p95": 1088.3311790466305,
  "summary_wm_stdv": 49.50164973891533,
  "tpm_overlap_csf": 0.13383162021636963,
  "tpm_overlap_gm": 0.3736339211463928,
  "tpm_overlap_wm": 0.4223870635032654,
  "wm2max": 0.5150627997884457
}