{
  "aor": 0.002819060402684564,
  "aqi": 0.007482263154362416,
  "bids_meta": {
    "ConversionSoftware": "dcm2niix",
    "ConversionSoftwareVersion": "v1.0.20170411 GCC4.3.2",
    "EchoTime": 0.025,
    "ImageType": [
      "ORIGINAL"
    ],
    "Manufacturer": "Philips",
    "ManufacturersModelName": "N/A",
    "PhilipsRescaleIntercept": 0,
    "PhilipsRescaleSlope": 1.97705,
    "PhilipsScaleSlope": 0.000900957,
    "ProtocolName": "WIPANT_DSENSE",
    "RepetitionTime": 2.4,
    "SequenceVariant": "tfl3d1_ns",
    "SliceTiming": [
      0,
      0.06,
      0.11,
      0.17,
      0.22,
      0.28,
      0.33,
      0.39,
      0.45,
      0.5,
      0.56,
      0.61,
      0.67,
      0.73,
      0.78,
      0.84,
      0.89,
      0.95,
      1,
      1.06,
      1.12,
      1.17,
      1.23,
      1.28,
      1.34,
      1.4,
      1.45,
      1.51,
      1.56,
      1.62,
      1.67,
      1.73,
      1.79,
      1.84,
      1.9,
      1.95,
      2.01,
      2.07,
      2.12,
      2.18,
      2.23,
      2.29,
      2.34
    ],
    "TaskName": "ANT",
    "UsePhilipsFloatNotDisplayScaling": 1,
    "dataset": "ds001907",
    "modality": "bold",
    "run_id": 4,
    "session_id": "1",
    "subject_id": "RC4118",
    "task_id": "ANT"
  },
  "dummy_trs": 0,
  "dvars_nstd": 26.009985253310802,
  "dvars_std": 1.1781592416891895,
  "dvars_vstd": 0.9510487427702701,
  "efc": 0.4696127353323817,
  "fber": 165021.1875,
  "fd_mean": 0.17272753847557024,
  "fd_num": 29,
  "fd_perc": 19.463087248322147,
  "fwhm_avg": 2.0099766666666667,
  "fwhm_x": 1.8956033333333335,
  "fwhm_y": 2.16599,
  "fwhm_z": 1.9683366666666666,
  "gcor": 0.0196868,
  "gsr_x": -0.007798435166478157,
  "gsr_y": 0.01900535076856613,
  "provenance": {
    "md5sum": "6f3b62177caa73ca0a80fac1fbfc83a7",
    "settings": {
      "fd_thres": 0.2,
      "testing": false
    },
    "software": "mriqc",
    "version": "21.0.0rc2",
    "webapi_port": null,
    "webapi_url": "https://mriqc.nimh.nih.gov/api/v1"
  },
  "size_t": 149,
  "size_x": 80,
  "size_y": 80,
  "size_z": 43,
  "snr": 4.126872801290118,
  "spacing_tr": 2.4000020027160645,
  "spacing_x": 3.0,
  "spacing_y": 3.0,
  "spacing_z": 3.0,
  "summary_bg_k": 87.43134746691058,
  "summary_bg_mad": 1593.2212918126993,
  "summary_bg_mean": 13669.091796875,
  "summary_bg_median": 1095.1435546875,
  "summary_bg_n": 176293.0,
  "summary_bg_p05": 7.006693077087405,
  "summary_bg_p95": 69541.07343749994,
  "summary_bg_stdv": 35842.92578125,
  "summary_fg_k": 2.0401714456827476,
  "summary_fg_mad": 82781.97516532752,
  "summary_fg_mean": 473848.5625,
  "summary_fg_median": 450015.6875,
  "summary_fg_n": 52026.0,
  "summary_fg_p05": 344634.640625,
  "summary_fg_p95": 698151.078125,
  "summary_fg_stdv": 109044.15625,
  "tsnr": 60.402896881103516
}