{
  "bids_meta": {
    "ConversionSoftware": "dcm2niix",
    "ConversionSoftwareVersion": "v1.0.20170411 GCC4.3.2",
    "EchoTime": 0.00351,
    "ImageType": [
      "ORIGINAL"
    ],
    "Manufacturer": "Philips",
    "ManufacturersModelName": "N/A",
    "PhilipsRescaleIntercept": 0,
    "PhilipsRescaleSlope": 8.06838,
    "PhilipsScaleSlope": 0.000347399,
    "ProtocolName": "WIPMPRAGE_S2SENSE",
    "RepetitionTime": 0.007611,
    "SequenceVariant": "tfl3d1_ns",
    "UsePhilipsFloatNotDisplayScaling": 1,
    "dataset": "ds001907",
    "modality": "T1w",
    "session_id": "1",
    "subject_id": "RC4116"
  },
  "cjv": 0.42587475959245247,
  "cnr": 2.992012604876052,
  "efc": 0.7518297337440543,
  "fber": 7911.634349030471,
  "fwhm_avg": 3.2018233333333335,
  "fwhm_x": 3.24027,
  "fwhm_y": 3.40036,
  "fwhm_z": 2.96484,
  "icvs_csf": 0.19384361986256762,
  "icvs_gm": 0.3953771702743138,
  "icvs_wm": 0.4107792098631186,
  "inu_med": 3.023942470550537,
  "inu_range": 0.7262985706329346,
  "provenance": {
    "md5sum": "b7827298b4a4efbbb37af8e6d20fdb1e",
    "settings": {
      "testing": false
    },
    "software": "mriqc",
    "version": "21.0.0rc2",
    "warnings": {
      "large_rot_frame": true,
      "small_air_mask": false
    },
    "webapi_port": null,
    "webapi_url": "https://mriqc.nimh.nih.gov/api/v1"
  },
  "qi_1": 0.0,
  "qi_2": 9.645294817689547e-06,
  "rpve_csf": 31.815373776430352,
  "rpve_gm": 15.931751467710372,
  "rpve_wm": 18.32455032174703,
  "size_x": 176,
  "size_y": 256,
  "size_z": 256,
  "snr_csf": 1.6603246182295421,
  "snr_gm": 12.399411437804543,
  "snr_total": 11.599204872841634,
  "snr_wm": 20.73787856249082,
  "snrd_csf": 19.17298987814426,
  "snrd_gm": 44.99614681201712,
  "snrd_total": 41.048435841915996,
  "snrd_wm": 58.9761708355866,
  "spacing_x": 1.0,
  "spacing_y": 1.0,
  "spacing_z": 1.0,
  "summary_bg_k": 11.059428842949854,
  "summary_bg_mad": 11.108492848490666,
  "summary_bg_mean": 13.850499231709001,
  "summary_bg_median": 7.6641500145196915,
  "summary_bg_n": 462115.0,
  "summary_bg_p05": 0.0,
  "summary_bg_p95": 37.86318887770176,
  "summary_bg_stdv": 12.872404780789685,
  "summary_csf_k": 13.468868529353209,
  "summary_csf_mad": 121.76943305673738,
  "summary_csf_mean": 370.68458783571333,
  "summary_csf_median": 325.0972289741039,
  "summary_csf_n": 13424.0,
  "summary_csf_p05": 192.0698908302933,
  "summary_csf_p95": 623.7845977302636,
  "summary_csf_stdv": 195.79612105555196,
  "summary_gm_k": 0.24187687506347277,
  "summary_gm_mad": 57.4504114874231,
  "summary_gm_mean": 764.5962571623631,
  "summary_gm_median": 762.9546949155629,
  "summary_gm_n": 12284.0,
  "summary_gm_p05": 663.6353180482984,
  "summary_gm_p95": 870.9019600640983,
  "summary_gm_stdv": 61.52902041321439,
  "summary_wm_k": 1.0835171279318283,
  "summary_wm_mad": 43.50119718531078,
  "summary_wm_mean": 1002.7592775722015,
  "summary_wm_median": 999.9999914467335,
  "summary_wm_n": 172264.0,
  "summary_wm_p05": 929.7643480300903,
  "summary_wm_p95": 1086.5934475809336,
  "summary_wm_stdv": 48.220799726812835,
  "tpm_overlap_csf": 0.1687333732843399,
  "tpm_overlap_gm": 0.3998129069805145,
  "tpm_overlap_wm": 0.4636674225330353,
  "wm2max": 0.5341262743981856
}