{
  "bids_meta": {
    "ConversionSoftware": "dcm2niix",
    "ConversionSoftwareVersion": "v1.0.20170411 GCC4.3.2",
    "EchoTime": 0.00351,
    "ImageType": [
      "ORIGINAL"
    ],
    "Manufacturer": "Philips",
    "ManufacturersModelName": "N/A",
    "PhilipsRescaleIntercept": 0,
    "PhilipsRescaleSlope": 6.39658,
    "PhilipsScaleSlope": 0.000332883,
    "ProtocolName": "WIPMPRAGE_S2SENSE",
    "RepetitionTime": 0.00761,
    "SequenceVariant": "tfl3d1_ns",
    "UsePhilipsFloatNotDisplayScaling": 1,
    "dataset": "ds001907",
    "modality": "T1w",
    "session_id": "2",
    "subject_id": "RC4112"
  },
  "cjv": 0.4107753551519475,
  "cnr": 3.0807522434909207,
  "efc": 0.7143109386325169,
  "fber": 12160.62620991499,
  "fwhm_avg": 3.0514733333333335,
  "fwhm_x": 3.11792,
  "fwhm_y": 3.21031,
  "fwhm_z": 2.82619,
  "icvs_csf": 0.20203232889577002,
  "icvs_gm": 0.3902425755383981,
  "icvs_wm": 0.40772509556583186,
  "inu_med": 3.2354671955108643,
  "inu_range": 0.8125562667846671,
  "provenance": {
    "md5sum": "559d0648939c46cfcd54705638519666",
    "settings": {
      "testing": false
    },
    "software": "mriqc",
    "version": "21.0.0rc2",
    "warnings": {
      "large_rot_frame": true,
      "small_air_mask": false
    },
    "webapi_port": null,
    "webapi_url": "https://mriqc.nimh.nih.gov/api/v1"
  },
  "qi_1": 0.0,
  "qi_2": 1.1002351711194876e-05,
  "rpve_csf": 34.858270443690984,
  "rpve_gm": 18.129915548458342,
  "rpve_wm": 21.134835167468083,
  "size_x": 176,
  "size_y": 256,
  "size_z": 256,
  "snr_csf": 2.9124441316304077,
  "snr_gm": 14.285883126802121,
  "snr_total": 13.141910619086595,
  "snr_wm": 22.227404598827253,
  "snrd_csf": 30.189917435312996,
  "snrd_gm": 58.065017782461126,
  "snrd_total": 54.24077238870365,
  "snrd_wm": 74.46738194833682,
  "spacing_x": 1.0,
  "spacing_y": 1.0,
  "spacing_z": 1.0,
  "summary_bg_k": 7.3518330695658225,
  "summary_bg_mad": 8.797628678787177,
  "summary_bg_mean": 9.983422160130582,
  "summary_bg_median": 5.933910369873047,
  "summary_bg_n": 508843.0,
  "summary_bg_p05": 0.0,
  "summary_bg_p95": 29.887310028076172,
  "summary_bg_stdv": 10.442664638123132,
  "summary_csf_k": 11.074881192473608,
  "summary_csf_mad": 140.03564915317202,
  "summary_csf_mean": 412.94162970233344,
  "summary_csf_median": 405.4112892150879,
  "summary_csf_n": 4427.0,
  "summary_csf_p05": 199.75502128601073,
  "summary_csf_p95": 617.5404190063476,
  "summary_csf_stdv": 139.18395677937283,
  "summary_gm_k": 0.3860682430936544,
  "summary_gm_mad": 51.33295265787747,
  "summary_gm_mean": 777.6304653741669,
  "summary_gm_median": 779.7375984191895,
  "summary_gm_n": 6580.0,
  "summary_gm_p05": 683.853228378296,
  "summary_gm_p95": 865.2104055404662,
  "summary_gm_stdv": 54.5768391544303,
  "summary_wm_k": 1.8760433425768896,
  "summary_wm_mad": 39.14541201111725,
  "summary_wm_mean": 1003.5055492247654,
  "summary_wm_median": 999.9999961853027,
  "summary_wm_n": 134822.0,
  "summary_wm_p05": 938.3744316101074,
  "summary_wm_p95": 1081.3871154785156,
  "summary_wm_stdv": 44.9893411144209,
  "tpm_overlap_csf": 0.12970729172229767,
  "tpm_overlap_gm": 0.37819355726242065,
  "tpm_overlap_wm": 0.43279406428337097,
  "wm2max": 0.5209585933068633
}