{
  "bids_meta": {
    "ConversionSoftware": "dcm2niix",
    "ConversionSoftwareVersion": "v1.0.20170411 GCC4.3.2",
    "EchoTime": 0.00352,
    "ImageType": [
      "ORIGINAL"
    ],
    "Manufacturer": "Philips",
    "ManufacturersModelName": "N/A",
    "PhilipsRescaleIntercept": 0,
    "PhilipsRescaleSlope": 9.57363,
    "PhilipsScaleSlope": 0.000367373,
    "ProtocolName": "WIPMPRAGE_S2SENSE",
    "RepetitionTime": 0.007625,
    "SequenceVariant": "tfl3d1_ns",
    "UsePhilipsFloatNotDisplayScaling": 1,
    "dataset": "ds001907",
    "modality": "T1w",
    "session_id": "1",
    "subject_id": "RC4226"
  },
  "cjv": 0.47552308131844645,
  "cnr": 2.6721873130550313,
  "efc": 0.7292082787124524,
  "fber": 6011.349766274238,
  "fwhm_avg": 3.2499696125734316,
  "fwhm_x": 3.334879602451372,
  "fwhm_y": 3.4242095918024074,
  "fwhm_z": 2.990819643466515,
  "icvs_csf": 0.19096900993270355,
  "icvs_gm": 0.4020291438136011,
  "icvs_wm": 0.40700184625369534,
  "inu_med": 2.663487434387207,
  "inu_range": 0.7125840306282045,
  "provenance": {
    "md5sum": "21bc0733fe0ef9c7d2b3c2d167ce7f43",
    "settings": {
      "testing": false
    },
    "software": "mriqc",
    "version": "21.0.0rc2",
    "warnings": {
      "large_rot_frame": true,
      "small_air_mask": false
    },
    "webapi_port": null,
    "webapi_url": "https://mriqc.nimh.nih.gov/api/v1"
  },
  "qi_1": 0.0,
  "qi_2": 1.2424207393521322e-05,
  "rpve_csf": 28.610547682535877,
  "rpve_gm": 13.987785700145947,
  "rpve_wm": 16.55819533430716,
  "size_x": 176,
  "size_y": 256,
  "size_z": 256,
  "snr_csf": 2.2434454867028117,
  "snr_gm": 12.064595572336005,
  "snr_total": 10.978702073130004,
  "snr_wm": 18.628065160351195,
  "snrd_csf": 14.48225385155466,
  "snrd_gm": 39.96617807936871,
  "snrd_total": 35.422251130751356,
  "snrd_wm": 51.81832146133068,
  "spacing_x": 1.0000001192092896,
  "spacing_y": 1.0000001192092896,
  "spacing_z": 1.0000001192092896,
  "summary_bg_k": 9.874591300421722,
  "summary_bg_mad": 12.643687045826852,
  "summary_bg_mean": 16.267738179071504,
  "summary_bg_median": 8.528037317097187,
  "summary_bg_n": 519324.0,
  "summary_bg_p05": 0.0,
  "summary_bg_p95": 52.04439212009311,
  "summary_bg_stdv": 18.924200042535222,
  "summary_csf_k": 11.298531027168266,
  "summary_csf_mad": 92.79253883290048,
  "summary_csf_mean": 314.7301962240254,
  "summary_csf_median": 279.4976613856852,
  "summary_csf_n": 14464.0,
  "summary_csf_p05": 178.86390048321337,
  "summary_csf_p95": 537.0327061191201,
  "summary_csf_stdv": 124.57980416142817,
  "summary_gm_k": 0.29000941296613725,
  "summary_gm_mad": 59.754411380962516,
  "summary_gm_mean": 768.6289637190278,
  "summary_gm_median": 771.3200874812901,
  "summary_gm_n": 12868.0,
  "summary_gm_p05": 657.7511631276459,
  "summary_gm_p95": 871.2996427813545,
  "summary_gm_stdv": 63.930043224555305,
  "summary_wm_k": 1.0827870426635036,
  "summary_wm_mad": 49.01593745163012,
  "summary_wm_mean": 1004.4107895302079,
  "summary_wm_median": 1000.0584034658968,
  "summary_wm_n": 184358.0,
  "summary_wm_p05": 925.3504601195455,
  "summary_wm_p95": 1098.7733559720218,
  "summary_wm_stdv": 53.68543016039648,
  "tpm_overlap_csf": 0.15853843092918396,
  "tpm_overlap_gm": 0.4010095000267029,
  "tpm_overlap_wm": 0.44123274087905884,
  "wm2max": 0.5280673616680032
}