{
  "aor": 0.009711283783783784,
  "aqi": 0.005789945945945947,
  "bids_meta": {
    "ConversionSoftware": "dcm2niix",
    "ConversionSoftwareVersion": "v1.0.20170411 GCC4.3.2",
    "EchoTime": 0.025,
    "ImageType": [
      "ORIGINAL"
    ],
    "Manufacturer": "Philips",
    "ManufacturersModelName": "N/A",
    "PhilipsRescaleIntercept": 0,
    "PhilipsRescaleSlope": 1.90476,
    "PhilipsScaleSlope": 0.000864432,
    "ProtocolName": "WIPANT_ASENSE",
    "RepetitionTime": 2.4,
    "SequenceVariant": "tfl3d1_ns",
    "SliceTiming": [
      0,
      0.06,
      0.11,
      0.17,
      0.22,
      0.28,
      0.33,
      0.39,
      0.45,
      0.5,
      0.56,
      0.61,
      0.67,
      0.73,
      0.78,
      0.84,
      0.89,
      0.95,
      1,
      1.06,
      1.12,
      1.17,
      1.23,
      1.28,
      1.34,
      1.4,
      1.45,
      1.51,
      1.56,
      1.62,
      1.67,
      1.73,
      1.79,
      1.84,
      1.9,
      1.95,
      2.01,
      2.07,
      2.12,
      2.18,
      2.23,
      2.29,
      2.34
    ],
    "TaskName": "ANT",
    "UsePhilipsFloatNotDisplayScaling": 1,
    "dataset": "ds001907",
    "modality": "bold",
    "run_id": 1,
    "session_id": "2",
    "subject_id": "RC4211",
    "task_id": "ANT"
  },
  "dummy_trs": 1,
  "dvars_nstd": 31.172680186462582,
  "dvars_std": 1.4410251934013607,
  "dvars_vstd": 1.0463884978231301,
  "efc": 0.4557778358032463,
  "fber": 359374.28125,
  "fd_mean": 0.3209589781567674,
  "fd_num": 56,
  "fd_perc": 37.83783783783784,
  "fwhm_avg": 2.0840111111111113,
  "fwhm_x": 1.9578966666666666,
  "fwhm_y": 2.228753333333333,
  "fwhm_z": 2.0653833333333336,
  "gcor": 0.0234405,
  "gsr_x": -0.02258637361228466,
  "gsr_y": 0.03675593435764313,
  "provenance": {
    "md5sum": "47fe31251d9351591710eae2f6ea6e77",
    "settings": {
      "fd_thres": 0.2,
      "testing": false
    },
    "software": "mriqc",
    "version": "21.0.0rc2",
    "webapi_port": null,
    "webapi_url": "https://mriqc.nimh.nih.gov/api/v1"
  },
  "size_t": 148,
  "size_x": 80,
  "size_y": 80,
  "size_z": 43,
  "snr": 4.207608188351877,
  "spacing_tr": 2.4000020027160645,
  "spacing_x": 3.0,
  "spacing_y": 3.0,
  "spacing_z": 3.0,
  "summary_bg_k": 132.072564318079,
  "summary_bg_mad": 1167.4633019667965,
  "summary_bg_mean": 11718.15234375,
  "summary_bg_median": 811.1729736328125,
  "summary_bg_n": 177624.0,
  "summary_bg_p05": 9.174097633361816,
  "summary_bg_p95": 59538.66308593751,
  "summary_bg_stdv": 36954.1484375,
  "summary_fg_k": 1.2795645492386774,
  "summary_fg_mad": 95321.87106076723,
  "summary_fg_mean": 514917.125,
  "summary_fg_median": 490195.5625,
  "summary_fg_n": 50676.0,
  "summary_fg_p05": 370527.3359375,
  "summary_fg_p95": 754277.359375,
  "summary_fg_stdv": 116501.0390625,
  "tsnr": 66.97187805175781
}