{
  "aor": 0.003828590604026846,
  "aqi": 0.005925256577181208,
  "bids_meta": {
    "ConversionSoftware": "dcm2niix",
    "ConversionSoftwareVersion": "v1.0.20170411 GCC4.3.2",
    "EchoTime": 0.025,
    "ImageType": [
      "ORIGINAL"
    ],
    "Manufacturer": "Philips",
    "ManufacturersModelName": "N/A",
    "PhilipsRescaleIntercept": 0,
    "PhilipsRescaleSlope": 2.62149,
    "PhilipsScaleSlope": 0.000864685,
    "ProtocolName": "WIPANT_CSENSE",
    "RepetitionTime": 2.4,
    "SequenceVariant": "tfl3d1_ns",
    "SliceTiming": [
      0,
      0.06,
      0.11,
      0.17,
      0.22,
      0.28,
      0.33,
      0.39,
      0.45,
      0.5,
      0.56,
      0.61,
      0.67,
      0.73,
      0.78,
      0.84,
      0.89,
      0.95,
      1,
      1.06,
      1.12,
      1.17,
      1.23,
      1.28,
      1.34,
      1.4,
      1.45,
      1.51,
      1.56,
      1.62,
      1.67,
      1.73,
      1.79,
      1.84,
      1.9,
      1.95,
      2.01,
      2.07,
      2.12,
      2.18,
      2.23,
      2.29,
      2.34
    ],
    "TaskName": "ANT",
    "UsePhilipsFloatNotDisplayScaling": 1,
    "dataset": "ds001907",
    "modality": "bold",
    "run_id": 3,
    "session_id": "2",
    "subject_id": "RC4211",
    "task_id": "ANT"
  },
  "dummy_trs": 0,
  "dvars_nstd": 29.486139271486493,
  "dvars_std": 1.3567272789189182,
  "dvars_vstd": 0.9840789987837841,
  "efc": 0.4507692028206779,
  "fber": 562609.8125,
  "fd_mean": 0.25482167725991334,
  "fd_num": 46,
  "fd_perc": 30.87248322147651,
  "fwhm_avg": 2.078507777777778,
  "fwhm_x": 1.9521466666666667,
  "fwhm_y": 2.21434,
  "fwhm_z": 2.069036666666667,
  "gcor": 0.0266239,
  "gsr_x": -0.021614257246255875,
  "gsr_y": 0.03622264415025711,
  "provenance": {
    "md5sum": "9d0e195d4ce0a2c5bd8b76bb458b5f55",
    "settings": {
      "fd_thres": 0.2,
      "testing": false
    },
    "software": "mriqc",
    "version": "21.0.0rc2",
    "webapi_port": null,
    "webapi_url": "https://mriqc.nimh.nih.gov/api/v1"
  },
  "size_t": 149,
  "size_x": 80,
  "size_y": 80,
  "size_z": 43,
  "snr": 4.233167089527802,
  "spacing_tr": 2.4000020027160645,
  "spacing_x": 3.0,
  "spacing_y": 3.0,
  "spacing_z": 3.0,
  "summary_bg_k": 132.05240941751924,
  "summary_bg_mad": 939.594743134675,
  "summary_bg_mean": 11061.0009765625,
  "summary_bg_median": 647.552978515625,
  "summary_bg_n": 178526.0,
  "summary_bg_p05": 6.438225030899048,
  "summary_bg_p95": 55761.4873046875,
  "summary_bg_stdv": 35588.515625,
  "summary_fg_k": 1.2860875663432187,
  "summary_fg_mad": 95288.76733310716,
  "summary_fg_mean": 516200.59375,
  "summary_fg_median": 491776.4375,
  "summary_fg_n": 49988.0,
  "summary_fg_p05": 370997.634375,
  "summary_fg_p95": 754666.4312499993,
  "summary_fg_stdv": 116171.0625,
  "tsnr": 67.67366790771484
}