{
  "aor": 0.0021698657718120804,
  "aqi": 0.0036976009395973154,
  "bids_meta": {
    "ConversionSoftware": "dcm2niix",
    "ConversionSoftwareVersion": "v1.0.20170411 GCC4.3.2",
    "EchoTime": 0.025,
    "ImageType": [
      "ORIGINAL"
    ],
    "Manufacturer": "Philips",
    "ManufacturersModelName": "N/A",
    "PhilipsRescaleIntercept": 0,
    "PhilipsRescaleSlope": 1.72357,
    "PhilipsScaleSlope": 0.000879573,
    "ProtocolName": "WIPANT_BSENSE",
    "RepetitionTime": 2.4,
    "SequenceVariant": "tfl3d1_ns",
    "SliceTiming": [
      0,
      0.06,
      0.11,
      0.17,
      0.22,
      0.28,
      0.33,
      0.39,
      0.45,
      0.5,
      0.56,
      0.61,
      0.67,
      0.73,
      0.78,
      0.84,
      0.89,
      0.95,
      1,
      1.06,
      1.12,
      1.17,
      1.23,
      1.28,
      1.34,
      1.4,
      1.45,
      1.51,
      1.56,
      1.62,
      1.67,
      1.73,
      1.79,
      1.84,
      1.9,
      1.95,
      2.01,
      2.07,
      2.12,
      2.18,
      2.23,
      2.29,
      2.34
    ],
    "TaskName": "ANT",
    "UsePhilipsFloatNotDisplayScaling": 1,
    "dataset": "ds001907",
    "modality": "bold",
    "run_id": 2,
    "session_id": "1",
    "subject_id": "RC4120",
    "task_id": "ANT"
  },
  "dummy_trs": 0,
  "dvars_nstd": 24.177938332364864,
  "dvars_std": 1.316539614459459,
  "dvars_vstd": 1.017390366689189,
  "efc": 0.44143244956381794,
  "fber": 252873.984375,
  "fd_mean": 0.15826034733488778,
  "fd_num": 34,
  "fd_perc": 22.818791946308725,
  "fwhm_avg": 2.009897777777778,
  "fwhm_x": 1.9617033333333334,
  "fwhm_y": 2.1323333333333334,
  "fwhm_z": 1.9356566666666666,
  "gcor": 0.0114491,
  "gsr_x": -0.007982783019542694,
  "gsr_y": 0.02312667854130268,
  "provenance": {
    "md5sum": "59cfd9799649449e9aa4b85188c20f73",
    "settings": {
      "fd_thres": 0.2,
      "testing": false
    },
    "software": "mriqc",
    "version": "21.0.0rc2",
    "webapi_port": null,
    "webapi_url": "https://mriqc.nimh.nih.gov/api/v1"
  },
  "size_t": 149,
  "size_x": 80,
  "size_y": 80,
  "size_z": 43,
  "snr": 4.457137654236096,
  "spacing_tr": 2.4000020027160645,
  "spacing_x": 3.0,
  "spacing_y": 3.0,
  "spacing_z": 3.0,
  "summary_bg_k": 88.79716377468706,
  "summary_bg_mad": 1530.3644584610963,
  "summary_bg_mean": 12923.0927734375,
  "summary_bg_median": 1051.237548828125,
  "summary_bg_n": 182885.0,
  "summary_bg_p05": 10.312797927856446,
  "summary_bg_p95": 67248.51093749999,
  "summary_bg_stdv": 36207.54296875,
  "summary_fg_k": 2.0484548634949524,
  "summary_fg_mad": 95483.01138939106,
  "summary_fg_mean": 549394.5625,
  "summary_fg_median": 526541.8125,
  "summary_fg_n": 46265.0,
  "summary_fg_p05": 402326.9,
  "summary_fg_p95": 780704.2874999999,
  "summary_fg_stdv": 118133.2421875,
  "tsnr": 85.03898620605469
}