{
  "aor": 0.0020581208053691274,
  "aqi": 0.0077599970469798656,
  "bids_meta": {
    "ConversionSoftware": "dcm2niix",
    "ConversionSoftwareVersion": "v1.0.20170411 GCC4.3.2",
    "EchoTime": 0.025,
    "ImageType": [
      "ORIGINAL"
    ],
    "Manufacturer": "Philips",
    "ManufacturersModelName": "N/A",
    "PhilipsRescaleIntercept": 0,
    "PhilipsRescaleSlope": 2.33529,
    "PhilipsScaleSlope": 0.000893731,
    "ProtocolName": "WIPANT_CSENSE",
    "RepetitionTime": 2.4,
    "SequenceVariant": "tfl3d1_ns",
    "SliceTiming": [
      0,
      0.06,
      0.11,
      0.17,
      0.22,
      0.28,
      0.33,
      0.39,
      0.45,
      0.5,
      0.56,
      0.61,
      0.67,
      0.73,
      0.78,
      0.84,
      0.89,
      0.95,
      1,
      1.06,
      1.12,
      1.17,
      1.23,
      1.28,
      1.34,
      1.4,
      1.45,
      1.51,
      1.56,
      1.62,
      1.67,
      1.73,
      1.79,
      1.84,
      1.9,
      1.95,
      2.01,
      2.07,
      2.12,
      2.18,
      2.23,
      2.29,
      2.34
    ],
    "TaskName": "ANT",
    "UsePhilipsFloatNotDisplayScaling": 1,
    "dataset": "ds001907",
    "modality": "bold",
    "run_id": 3,
    "session_id": "1",
    "subject_id": "RC4114",
    "task_id": "ANT"
  },
  "dummy_trs": 0,
  "dvars_nstd": 24.114795246418915,
  "dvars_std": 1.1980981968243243,
  "dvars_vstd": 0.9577204637162158,
  "efc": 0.4346160270476153,
  "fber": 716377.875,
  "fd_mean": 0.25438122548174324,
  "fd_num": 95,
  "fd_perc": 63.758389261744966,
  "fwhm_avg": 1.9182166184589635,
  "fwhm_x": 1.819779855376891,
  "fwhm_y": 2.0661166666666664,
  "fwhm_z": 1.8687533333333333,
  "gcor": 0.0082508,
  "gsr_x": -0.013602733612060547,
  "gsr_y": 0.018007660284638405,
  "provenance": {
    "md5sum": "3b663c4be3122856ce26e5a78aa1b83e",
    "settings": {
      "fd_thres": 0.2,
      "testing": false
    },
    "software": "mriqc",
    "version": "21.0.0rc2",
    "webapi_port": null,
    "webapi_url": "https://mriqc.nimh.nih.gov/api/v1"
  },
  "size_t": 149,
  "size_x": 80,
  "size_y": 80,
  "size_z": 43,
  "snr": 4.992628026358414,
  "spacing_tr": 2.4000020027160645,
  "spacing_x": 3.000000238418579,
  "spacing_y": 3.0,
  "spacing_z": 3.0,
  "summary_bg_k": 105.77490635370889,
  "summary_bg_mad": 810.7310536073417,
  "summary_bg_mean": 11454.037109375,
  "summary_bg_median": 551.8098754882812,
  "summary_bg_n": 185849.0,
  "summary_bg_p05": 3.0885950565338134,
  "summary_bg_p95": 64653.459375000006,
  "summary_bg_stdv": 32326.533203125,
  "summary_fg_k": 2.2641733348426856,
  "summary_fg_mad": 73807.73760539378,
  "summary_fg_mean": 472835.78125,
  "summary_fg_median": 456092.1875,
  "summary_fg_n": 43504.0,
  "summary_fg_p05": 357897.134375,
  "summary_fg_p95": 643775.7625,
  "summary_fg_stdv": 91352.078125,
  "tsnr": 67.49097442626953
}