{
  "aor": 0.0009046979865771813,
  "aqi": 0.004405393288590604,
  "bids_meta": {
    "AcquisitionDateTime": "2013-06-10T15:12:48.210000",
    "BodyPartExamined": "BRAIN",
    "ConversionSoftware": "dcm2niix",
    "ConversionSoftwareVersion": "v1.0.20170411 GCC4.3.2",
    "EchoTime": 0.025,
    "FlipAngle": 79,
    "ImageType": [
      "ORIGINAL",
      "PRIMARY",
      "M",
      "FFE",
      "M",
      "FFE"
    ],
    "MagneticFieldStrength": 3,
    "Manufacturer": "Philips",
    "ManufacturersModelName": "Achieva",
    "PhilipsRescaleIntercept": 0,
    "PhilipsRescaleSlope": 2.18071,
    "PhilipsScaleSlope": 0.000821488,
    "ProcedureStepDescription": "IBIC-UDALL",
    "ProtocolName": "WIP_ANT_C_SENSE",
    "RepetitionTime": 2.4,
    "ScanningSequence": "GR",
    "SequenceVariant": "SK",
    "SeriesDescription": "ANT_C",
    "SliceTiming": [
      0,
      0.06,
      0.11,
      0.17,
      0.22,
      0.28,
      0.33,
      0.39,
      0.45,
      0.5,
      0.56,
      0.61,
      0.67,
      0.73,
      0.78,
      0.84,
      0.89,
      0.95,
      1,
      1.06,
      1.12,
      1.17,
      1.23,
      1.28,
      1.34,
      1.4,
      1.45,
      1.51,
      1.56,
      1.62,
      1.67,
      1.73,
      1.79,
      1.84,
      1.9,
      1.95,
      2.01,
      2.07,
      2.12,
      2.18,
      2.23,
      2.29,
      2.34
    ],
    "TaskName": "ANT",
    "UsePhilipsFloatNotDisplayScaling": 1,
    "dataset": "ds001907",
    "modality": "bold",
    "run_id": 3,
    "session_id": "1",
    "subject_id": "RC4131",
    "task_id": "ANT"
  },
  "dummy_trs": 0,
  "dvars_nstd": 21.312089095067567,
  "dvars_std": 1.25325436777027,
  "dvars_vstd": 0.9729062945945949,
  "efc": 0.4364186518929366,
  "fber": 260420.546875,
  "fd_mean": 0.11527197505521326,
  "fd_num": 12,
  "fd_perc": 8.053691275167786,
  "fwhm_avg": 1.9473099999999999,
  "fwhm_x": 1.88312,
  "fwhm_y": 2.0287333333333333,
  "fwhm_z": 1.9300766666666667,
  "gcor": 0.0246938,
  "gsr_x": -0.010387282818555832,
  "gsr_y": 0.02741013839840889,
  "provenance": {
    "md5sum": "b198507834ca6b4c378b51625c86fbcf",
    "settings": {
      "fd_thres": 0.2,
      "testing": false
    },
    "software": "mriqc",
    "version": "21.0.0rc2",
    "webapi_port": null,
    "webapi_url": "https://mriqc.nimh.nih.gov/api/v1"
  },
  "size_t": 149,
  "size_x": 80,
  "size_y": 80,
  "size_z": 43,
  "snr": 4.649405866252417,
  "spacing_tr": 2.4000020027160645,
  "spacing_x": 3.0,
  "spacing_y": 3.0,
  "spacing_z": 3.0,
  "summary_bg_k": 71.00443285221384,
  "summary_bg_mad": 1664.9163333372521,
  "summary_bg_mean": 16453.970703125,
  "summary_bg_median": 1140.6005859375,
  "summary_bg_n": 186511.0,
  "summary_bg_p05": 6.767245769500732,
  "summary_bg_p95": 89651.5859375,
  "summary_bg_stdv": 46439.34375,
  "summary_fg_k": 1.9549734861920678,
  "summary_fg_mad": 98432.37051519199,
  "summary_fg_mean": 587169.25,
  "summary_fg_median": 562074.25,
  "summary_fg_n": 43580.0,
  "summary_fg_p05": 437350.0296875,
  "summary_fg_p95": 823429.421875,
  "summary_fg_stdv": 120890.2421875,
  "tsnr": 84.35543823242188
}