{
  "bids_meta": {
    "ConversionSoftware": "dcm2niix",
    "ConversionSoftwareVersion": "v1.0.20170411 GCC4.3.2",
    "EchoTime": 0.00351,
    "ImageType": [
      "ORIGINAL"
    ],
    "Manufacturer": "Philips",
    "ManufacturersModelName": "N/A",
    "PhilipsRescaleIntercept": 0,
    "PhilipsRescaleSlope": 8.68474,
    "PhilipsScaleSlope": 0.00033016,
    "ProtocolName": "WIPMPRAGE_S2SENSE",
    "RepetitionTime": 0.007579,
    "SequenceVariant": "tfl3d1_ns",
    "UsePhilipsFloatNotDisplayScaling": 1,
    "dataset": "ds001907",
    "modality": "T1w",
    "session_id": "1",
    "subject_id": "RC4119"
  },
  "cjv": 0.37844289076095,
  "cnr": 3.1543268249844094,
  "efc": 0.7635666841347472,
  "fber": 2389.399231824417,
  "fwhm_avg": 3.401893333333333,
  "fwhm_x": 3.46774,
  "fwhm_y": 3.58599,
  "fwhm_z": 3.15195,
  "icvs_csf": 0.20660121883147364,
  "icvs_gm": 0.3881278650398175,
  "icvs_wm": 0.40527091612870886,
  "inu_med": 2.9255454540252686,
  "inu_range": 0.8328624486923215,
  "provenance": {
    "md5sum": "0e55344923be634f667d4f78dfec315c",
    "settings": {
      "testing": false
    },
    "software": "mriqc",
    "version": "21.0.0rc2",
    "warnings": {
      "large_rot_frame": true,
      "small_air_mask": false
    },
    "webapi_port": null,
    "webapi_url": "https://mriqc.nimh.nih.gov/api/v1"
  },
  "qi_1": 0.0,
  "qi_2": 9.366831417367145e-06,
  "rpve_csf": 25.410084167838747,
  "rpve_gm": 13.451834295160415,
  "rpve_wm": 15.68822915067652,
  "size_x": 176,
  "size_y": 256,
  "size_z": 256,
  "snr_csf": 2.3924853748531523,
  "snr_gm": 13.1643120877248,
  "snr_total": 12.382900631925963,
  "snr_wm": 21.591904433199936,
  "snrd_csf": 19.928290631141895,
  "snrd_gm": 48.99919804465338,
  "snrd_total": 44.5388789881309,
  "snrd_wm": 64.6891482885974,
  "spacing_x": 1.0,
  "spacing_y": 1.0,
  "spacing_z": 1.0,
  "summary_bg_k": 1504.7279596889705,
  "summary_bg_mad": 10.127941433013492,
  "summary_bg_mean": 13.135013910447864,
  "summary_bg_median": 6.831192687153816,
  "summary_bg_n": 497208.0,
  "summary_bg_p05": 0.0,
  "summary_bg_p95": 40.409872233867645,
  "summary_bg_stdv": 21.379702430136106,
  "summary_csf_k": 19.002600659891506,
  "summary_csf_mad": 111.76397341924044,
  "summary_csf_mean": 335.27015205529733,
  "summary_csf_median": 308.0771687924862,
  "summary_csf_n": 21740.0,
  "summary_csf_p05": 185.0675934329629,
  "summary_csf_p95": 546.7864622663706,
  "summary_csf_stdv": 128.76571219936957,
  "summary_gm_k": 0.7060485531380207,
  "summary_gm_mad": 50.99632482115948,
  "summary_gm_mean": 759.2475170222613,
  "summary_gm_median": 757.4926764219999,
  "summary_gm_n": 13715.0,
  "summary_gm_p05": 668.3359904564917,
  "summary_gm_p95": 860.0231058172881,
  "summary_gm_stdv": 57.539281611434795,
  "summary_wm_k": 1.8889986851836928,
  "summary_wm_mad": 40.79705985692759,
  "summary_wm_mean": 1003.5589331362662,
  "summary_wm_median": 1000.048123806715,
  "summary_wm_n": 201512.0,
  "summary_wm_p05": 935.7555360127241,
  "summary_wm_p95": 1084.7164275348186,
  "summary_wm_stdv": 46.31576827955654,
  "tpm_overlap_csf": 0.1649509072303772,
  "tpm_overlap_gm": 0.3956218957901001,
  "tpm_overlap_wm": 0.45563581585884094,
  "wm2max": 0.5973420319757913
}