{
  "aor": 0.002294765100671141,
  "aqi": 0.004415511275167785,
  "bids_meta": {
    "ConversionSoftware": "dcm2niix",
    "ConversionSoftwareVersion": "v1.0.20170411 GCC4.3.2",
    "EchoTime": 0.025,
    "ImageType": [
      "ORIGINAL"
    ],
    "Manufacturer": "Philips",
    "ManufacturersModelName": "N/A",
    "PhilipsRescaleIntercept": 0,
    "PhilipsRescaleSlope": 2.33773,
    "PhilipsScaleSlope": 0.000889399,
    "ProtocolName": "WIPANT_DSENSE",
    "RepetitionTime": 2.4,
    "SequenceVariant": "tfl3d1_ns",
    "SliceTiming": [
      0,
      0.06,
      0.11,
      0.17,
      0.22,
      0.28,
      0.33,
      0.39,
      0.45,
      0.5,
      0.56,
      0.61,
      0.67,
      0.73,
      0.78,
      0.84,
      0.89,
      0.95,
      1,
      1.06,
      1.12,
      1.17,
      1.23,
      1.28,
      1.34,
      1.4,
      1.45,
      1.51,
      1.56,
      1.62,
      1.67,
      1.73,
      1.79,
      1.84,
      1.9,
      1.95,
      2.01,
      2.07,
      2.12,
      2.18,
      2.23,
      2.29,
      2.34
    ],
    "TaskName": "ANT",
    "UsePhilipsFloatNotDisplayScaling": 1,
    "dataset": "ds001907",
    "modality": "bold",
    "run_id": 4,
    "session_id": "1",
    "subject_id": "RC4121",
    "task_id": "ANT"
  },
  "dummy_trs": 0,
  "dvars_nstd": 25.40532005155407,
  "dvars_std": 1.3425527118918918,
  "dvars_vstd": 0.9886844817567564,
  "efc": 0.4284976177303038,
  "fber": 706418.1875,
  "fd_mean": 0.12648483228679167,
  "fd_num": 9,
  "fd_perc": 6.040268456375839,
  "fwhm_avg": 2.2623977777777777,
  "fwhm_x": 2.1092833333333334,
  "fwhm_y": 2.46613,
  "fwhm_z": 2.21178,
  "gcor": 0.0200988,
  "gsr_x": -0.013167686760425568,
  "gsr_y": 0.02806457318365574,
  "provenance": {
    "md5sum": "68a0a704fafb9e6aad4155bd49a8d13b",
    "settings": {
      "fd_thres": 0.2,
      "testing": false
    },
    "software": "mriqc",
    "version": "21.0.0rc2",
    "webapi_port": null,
    "webapi_url": "https://mriqc.nimh.nih.gov/api/v1"
  },
  "size_t": 149,
  "size_x": 80,
  "size_y": 80,
  "size_z": 43,
  "snr": 3.6474122444762833,
  "spacing_tr": 2.4000020027160645,
  "spacing_x": 3.0,
  "spacing_y": 3.0,
  "spacing_z": 3.0,
  "summary_bg_k": 82.37116900314342,
  "summary_bg_mad": 870.3668351738763,
  "summary_bg_mean": 11171.59375,
  "summary_bg_median": 597.104736328125,
  "summary_bg_n": 184592.0,
  "summary_bg_p05": 4.951006793975832,
  "summary_bg_p95": 62186.49570312499,
  "summary_bg_stdv": 31201.53515625,
  "summary_fg_k": 1.5769211168822173,
  "summary_fg_mad": 102636.89141291588,
  "summary_fg_mean": 527389.875,
  "summary_fg_median": 497413.8125,
  "summary_fg_n": 44833.0,
  "summary_fg_p05": 363004.825,
  "summary_fg_p95": 827562.1625,
  "summary_fg_stdv": 136372.921875,
  "tsnr": 71.80318450927734
}