{
  "bids_meta": {
    "ConversionSoftware": "dcm2niix",
    "ConversionSoftwareVersion": "v1.0.20170411 GCC4.3.2",
    "EchoTime": 0.00351,
    "ImageType": [
      "ORIGINAL"
    ],
    "Manufacturer": "Philips",
    "ManufacturersModelName": "N/A",
    "PhilipsRescaleIntercept": 0,
    "PhilipsRescaleSlope": 9.47741,
    "PhilipsScaleSlope": 0.000364021,
    "ProtocolName": "WIPMPRAGE_S2SENSE",
    "RepetitionTime": 0.007631,
    "SequenceVariant": "tfl3d1_ns",
    "UsePhilipsFloatNotDisplayScaling": 1,
    "dataset": "ds001907",
    "modality": "T1w",
    "session_id": "1",
    "subject_id": "RC4227"
  },
  "cjv": 0.46767877573980343,
  "cnr": 2.6913959416662454,
  "efc": 0.7449329582055468,
  "fber": 6419.2144,
  "fwhm_avg": 3.45006,
  "fwhm_x": 3.50908,
  "fwhm_y": 3.62178,
  "fwhm_z": 3.21932,
  "icvs_csf": 0.192820331560679,
  "icvs_gm": 0.36185156090666454,
  "icvs_wm": 0.4453281075326565,
  "inu_med": 2.6811294555664062,
  "inu_range": 0.7699497580528258,
  "provenance": {
    "md5sum": "9b250c846c6f39473716c16910fcc8d0",
    "settings": {
      "testing": false
    },
    "software": "mriqc",
    "version": "21.0.0rc2",
    "warnings": {
      "large_rot_frame": true,
      "small_air_mask": false
    },
    "webapi_port": null,
    "webapi_url": "https://mriqc.nimh.nih.gov/api/v1"
  },
  "qi_1": 0.0,
  "qi_2": 1.5768608485747173e-05,
  "rpve_csf": 27.746504283977586,
  "rpve_gm": 14.39485958536959,
  "rpve_wm": 14.844859536755942,
  "size_x": 176,
  "size_y": 256,
  "size_z": 256,
  "snr_csf": 2.38465161192732,
  "snr_gm": 12.46447951130306,
  "snr_total": 11.380189418549906,
  "snr_wm": 19.291437132419336,
  "snrd_csf": 16.00564643338553,
  "snrd_gm": 41.989243103036685,
  "snrd_total": 37.32525447523649,
  "snrd_wm": 53.98087388928727,
  "spacing_x": 1.0,
  "spacing_y": 1.0,
  "spacing_z": 1.0,
  "summary_bg_k": 5.07504070249165,
  "summary_bg_mad": 12.137120906942412,
  "summary_bg_mean": 15.039086061680278,
  "summary_bg_median": 8.186363648623228,
  "summary_bg_n": 523199.0,
  "summary_bg_p05": 0.0,
  "summary_bg_p95": 47.90945705771446,
  "summary_bg_stdv": 15.221727663204616,
  "summary_csf_k": 5.663679467427098,
  "summary_csf_mad": 103.28771348995288,
  "summary_csf_mean": 327.66483077049634,
  "summary_csf_median": 296.52217860147357,
  "summary_csf_n": 15069.0,
  "summary_csf_p05": 180.92413083836436,
  "summary_csf_p95": 556.1013309121131,
  "summary_csf_stdv": 124.34199534267259,
  "summary_gm_k": 0.49207588860403106,
  "summary_gm_mad": 57.142216887383235,
  "summary_gm_mean": 779.6288408632355,
  "summary_gm_median": 777.8968437518924,
  "summary_gm_n": 9386.0,
  "summary_gm_p05": 678.4380196249112,
  "summary_gm_p95": 887.9594811955467,
  "summary_gm_stdv": 62.40576694221739,
  "summary_wm_k": 1.0688643033726901,
  "summary_wm_mad": 46.756425507281506,
  "summary_wm_mean": 1005.7975358105845,
  "summary_wm_median": 1000.0549740418792,
  "summary_wm_n": 226853.0,
  "summary_wm_p05": 931.9817890711129,
  "summary_wm_p95": 1100.543961379677,
  "summary_wm_stdv": 51.83920529006174,
  "tpm_overlap_csf": 0.15238791704177856,
  "tpm_overlap_gm": 0.37652894854545593,
  "tpm_overlap_wm": 0.4536648392677307,
  "wm2max": 0.5672172016204425
}