{
  "aor": 0.0008557718120805368,
  "aqi": 0.0027814309395973154,
  "bids_meta": {
    "ConversionSoftware": "dcm2niix",
    "ConversionSoftwareVersion": "v1.0.20170411 GCC4.3.2",
    "EchoTime": 0.025,
    "ImageType": [
      "ORIGINAL"
    ],
    "Manufacturer": "Philips",
    "ManufacturersModelName": "N/A",
    "PhilipsRescaleIntercept": 0,
    "PhilipsRescaleSlope": 1.67399,
    "PhilipsScaleSlope": 0.000897229,
    "ProtocolName": "WIPANT_CSENSE",
    "RepetitionTime": 2.4,
    "SequenceVariant": "tfl3d1_ns",
    "SliceTiming": [
      0,
      0.06,
      0.11,
      0.17,
      0.22,
      0.28,
      0.33,
      0.39,
      0.45,
      0.5,
      0.56,
      0.61,
      0.67,
      0.73,
      0.78,
      0.84,
      0.89,
      0.95,
      1,
      1.06,
      1.12,
      1.17,
      1.23,
      1.28,
      1.34,
      1.4,
      1.45,
      1.51,
      1.56,
      1.62,
      1.67,
      1.73,
      1.79,
      1.84,
      1.9,
      1.95,
      2.01,
      2.07,
      2.12,
      2.18,
      2.23,
      2.29,
      2.34
    ],
    "TaskName": "ANT",
    "UsePhilipsFloatNotDisplayScaling": 1,
    "dataset": "ds001907",
    "modality": "bold",
    "run_id": 3,
    "session_id": "2",
    "subject_id": "RC4121",
    "task_id": "ANT"
  },
  "dummy_trs": 0,
  "dvars_nstd": 19.36748176668919,
  "dvars_std": 1.2366899305405405,
  "dvars_vstd": 0.9870782364189191,
  "efc": 0.4310627586443808,
  "fber": 204649.390625,
  "fd_mean": 0.09211576394191126,
  "fd_num": 2,
  "fd_perc": 1.342281879194631,
  "fwhm_avg": 2.2539433333333334,
  "fwhm_x": 2.106993333333333,
  "fwhm_y": 2.4475966666666666,
  "fwhm_z": 2.20724,
  "gcor": 0.0167205,
  "gsr_x": -0.015111629851162434,
  "gsr_y": 0.026163464412093163,
  "provenance": {
    "md5sum": "f868eaf6fdf9ff45a3ef98e3a14808b5",
    "settings": {
      "fd_thres": 0.2,
      "testing": false
    },
    "software": "mriqc",
    "version": "21.0.0rc2",
    "webapi_port": null,
    "webapi_url": "https://mriqc.nimh.nih.gov/api/v1"
  },
  "size_t": 149,
  "size_x": 80,
  "size_y": 80,
  "size_z": 43,
  "snr": 3.563636878059291,
  "spacing_tr": 2.4000020027160645,
  "spacing_x": 3.0,
  "spacing_y": 3.0,
  "spacing_z": 3.0,
  "summary_bg_k": 72.90432983814783,
  "summary_bg_mad": 1656.2737593298366,
  "summary_bg_mean": 11978.626953125,
  "summary_bg_median": 1143.7381591796875,
  "summary_bg_n": 184328.0,
  "summary_bg_p05": 6.942669415473938,
  "summary_bg_p95": 64779.678515624975,
  "summary_bg_stdv": 31786.1171875,
  "summary_fg_k": 1.566852045421908,
  "summary_fg_mad": 107203.30624591315,
  "summary_fg_mean": 535906.0,
  "summary_fg_median": 504275.71875,
  "summary_fg_n": 44857.0,
  "summary_fg_p05": 364482.10625,
  "summary_fg_p95": 846662.4749999993,
  "summary_fg_stdv": 141504.34375,
  "tsnr": 84.22282409667969
}