{
  "bids_meta": {
    "ConversionSoftware": "dcm2niix",
    "ConversionSoftwareVersion": "v1.0.20170411 GCC4.3.2",
    "EchoTime": 0.00351,
    "ImageType": [
      "ORIGINAL"
    ],
    "Manufacturer": "Philips",
    "ManufacturersModelName": "N/A",
    "PhilipsRescaleIntercept": 0,
    "PhilipsRescaleSlope": 9.4293,
    "PhilipsScaleSlope": 0.000365507,
    "ProtocolName": "WIPMPRAGE_S2SENSE",
    "RepetitionTime": 0.007649,
    "SequenceVariant": "tfl3d1_ns",
    "UsePhilipsFloatNotDisplayScaling": 1,
    "dataset": "ds001907",
    "modality": "T1w",
    "session_id": "1",
    "subject_id": "RC4106"
  },
  "cjv": 0.5099458845278129,
  "cnr": 2.4889744336229156,
  "efc": 0.7585457028629574,
  "fber": 1739.6543070744908,
  "fwhm_avg": 3.54673,
  "fwhm_x": 3.43863,
  "fwhm_y": 3.83836,
  "fwhm_z": 3.3632,
  "icvs_csf": 0.22419055668594703,
  "icvs_gm": 0.3567776512058234,
  "icvs_wm": 0.41903179210822955,
  "inu_med": 2.589731454849243,
  "inu_range": 0.6467859148979187,
  "provenance": {
    "md5sum": "ef18203e575dd40e5b8cda1712d4eefa",
    "settings": {
      "testing": false
    },
    "software": "mriqc",
    "version": "21.0.0rc2",
    "warnings": {
      "large_rot_frame": true,
      "small_air_mask": false
    },
    "webapi_port": null,
    "webapi_url": "https://mriqc.nimh.nih.gov/api/v1"
  },
  "qi_1": 0.0,
  "qi_2": 9.319002299622773e-06,
  "rpve_csf": 24.59297396037925,
  "rpve_gm": 14.336824236554095,
  "rpve_wm": 15.226028427214647,
  "size_x": 176,
  "size_y": 256,
  "size_z": 256,
  "snr_csf": 3.154783067742361,
  "snr_gm": 12.085272964976433,
  "snr_total": 10.550358246912149,
  "snr_wm": 16.411018708017654,
  "snrd_csf": 17.164919137356723,
  "snrd_gm": 44.43662213317903,
  "snrd_total": 39.64670423381021,
  "snrd_wm": 57.33857143089488,
  "spacing_x": 1.0,
  "spacing_y": 1.0,
  "spacing_z": 1.0,
  "summary_bg_k": 263.6217109170997,
  "summary_bg_mad": 11.425753526226787,
  "summary_bg_mean": 16.91035891828874,
  "summary_bg_median": 14.696218572556973,
  "summary_bg_n": 508970.0,
  "summary_bg_p05": 0.0,
  "summary_bg_p95": 52.15365371480584,
  "summary_bg_stdv": 18.658026995241492,
  "summary_csf_k": 1.427913511948388,
  "summary_csf_mad": 80.86599201120198,
  "summary_csf_mean": 315.6811354163071,
  "summary_csf_median": 299.36077750846744,
  "summary_csf_n": 29737.0,
  "summary_csf_p05": 189.01965676248074,
  "summary_csf_p95": 497.52076533436775,
  "summary_csf_stdv": 94.88948608035479,
  "summary_gm_k": -0.041566277154109876,
  "summary_gm_mad": 63.63878998910036,
  "summary_gm_mean": 775.5513691303444,
  "summary_gm_median": 774.9865667987615,
  "summary_gm_n": 9110.0,
  "summary_gm_p05": 670.0788650738075,
  "summary_gm_p95": 883.0605269966646,
  "summary_gm_stdv": 64.12300598748988,
  "summary_wm_k": 2.771392043090657,
  "summary_wm_mad": 51.105889803355474,
  "summary_wm_mean": 1006.9003332121093,
  "summary_wm_median": 1000.0000109188259,
  "summary_wm_n": 204179.0,
  "summary_wm_p05": 923.0539559535682,
  "summary_wm_p95": 1116.1957228034735,
  "summary_wm_stdv": 60.93452087746305,
  "tpm_overlap_csf": 0.15248873829841614,
  "tpm_overlap_gm": 0.3697951138019562,
  "tpm_overlap_wm": 0.42667242884635925,
  "wm2max": 0.5257884156301043
}