{
  "bids_meta": {
    "ConversionSoftware": "dcm2niix",
    "ConversionSoftwareVersion": "v1.0.20170411 GCC4.3.2",
    "EchoTime": 0.00351,
    "ImageType": [
      "ORIGINAL"
    ],
    "Manufacturer": "Philips",
    "ManufacturersModelName": "N/A",
    "PhilipsRescaleIntercept": 0,
    "PhilipsRescaleSlope": 8.51697,
    "PhilipsScaleSlope": 0.000326399,
    "ProtocolName": "WIPMPRAGE_S2SENSE",
    "RepetitionTime": 0.007627,
    "SequenceVariant": "tfl3d1_ns",
    "UsePhilipsFloatNotDisplayScaling": 1,
    "dataset": "ds001907",
    "modality": "T1w",
    "session_id": "2",
    "subject_id": "RC4205"
  },
  "cjv": 0.4365398620336975,
  "cnr": 2.731794826599068,
  "efc": 0.7353073524228386,
  "fber": 2380.24504789671,
  "fwhm_avg": 3.2156567313605584,
  "fwhm_x": 3.2561501940816755,
  "fwhm_y": 3.40344,
  "fwhm_z": 2.98738,
  "icvs_csf": 0.1768749481853116,
  "icvs_gm": 0.40886241840030757,
  "icvs_wm": 0.41426263341438085,
  "inu_med": 1.5059967041015625,
  "inu_range": 0.3967779874801636,
  "provenance": {
    "md5sum": "8b78ee58b80edcc1b8446480ba47d98c",
    "settings": {
      "testing": false
    },
    "software": "mriqc",
    "version": "21.0.0rc2",
    "warnings": {
      "large_rot_frame": true,
      "small_air_mask": false
    },
    "webapi_port": null,
    "webapi_url": "https://mriqc.nimh.nih.gov/api/v1"
  },
  "qi_1": 0.0,
  "qi_2": 1.196042692209405e-05,
  "rpve_csf": 35.503819487433454,
  "rpve_gm": 16.218948593675737,
  "rpve_wm": 19.093872926750027,
  "size_x": 176,
  "size_y": 256,
  "size_z": 256,
  "snr_csf": 2.328204105147545,
  "snr_gm": 12.887073053091093,
  "snr_total": 10.776908606657623,
  "snr_wm": 17.115448661734227,
  "snrd_csf": 21.099902346105186,
  "snrd_gm": 45.824624303370456,
  "snrd_total": 42.17909143728946,
  "snrd_wm": 59.61274766239273,
  "spacing_x": 0.9999999403953552,
  "spacing_y": 1.0,
  "spacing_z": 1.0,
  "summary_bg_k": 4.448125674333028,
  "summary_bg_mad": 10.989870810620928,
  "summary_bg_mean": 13.935426061816987,
  "summary_bg_median": 7.41255521774292,
  "summary_bg_n": 446193.0,
  "summary_bg_p05": 0.0,
  "summary_bg_p95": 43.60667249187827,
  "summary_bg_stdv": 14.040561363762508,
  "summary_csf_k": 14.359815669122852,
  "summary_csf_mad": 136.3430847442659,
  "summary_csf_mean": 376.7754977424231,
  "summary_csf_median": 353.9495116472244,
  "summary_csf_n": 6071.0,
  "summary_csf_p05": 193.79778153263032,
  "summary_csf_p95": 610.8408784121275,
  "summary_csf_stdv": 152.01431817047012,
  "summary_gm_k": 0.3259937488338487,
  "summary_gm_mad": 54.77763732168869,
  "summary_gm_mean": 770.9238344046156,
  "summary_gm_median": 768.7051403149962,
  "summary_gm_n": 16392.0,
  "summary_gm_p05": 673.5001342371106,
  "summary_gm_p95": 874.070558994077,
  "summary_gm_stdv": 59.647500190342804,
  "summary_wm_k": 3.225477494320657,
  "summary_wm_mad": 46.19180075089109,
  "summary_wm_mean": 1008.863864510494,
  "summary_wm_median": 1000.0000273436308,
  "summary_wm_n": 163231.0,
  "summary_wm_p05": 932.9395668581128,
  "summary_wm_p95": 1116.574040260166,
  "summary_wm_stdv": 58.4265702850636,
  "tpm_overlap_csf": 0.16964472830295563,
  "tpm_overlap_gm": 0.4287843108177185,
  "tpm_overlap_wm": 0.4907612204551697,
  "wm2max": 0.5235106866757617
}