{
  "bids_meta": {
    "ConversionSoftware": "dcm2niix",
    "ConversionSoftwareVersion": "v1.0.20170411 GCC4.3.2",
    "EchoTime": 0.00351,
    "ImageType": [
      "ORIGINAL"
    ],
    "Manufacturer": "Philips",
    "ManufacturersModelName": "N/A",
    "PhilipsRescaleIntercept": 0,
    "PhilipsRescaleSlope": 8.98608,
    "PhilipsScaleSlope": 0.000358978,
    "ProtocolName": "WIPMPRAGE_S2SENSE",
    "RepetitionTime": 0.007635,
    "SequenceVariant": "tfl3d1_ns",
    "UsePhilipsFloatNotDisplayScaling": 1,
    "dataset": "ds001907",
    "modality": "T1w",
    "session_id": "1",
    "subject_id": "RC4221"
  },
  "cjv": 0.39647960947739114,
  "cnr": 3.1176057913219792,
  "efc": 0.7408472777668703,
  "fber": 8461.59494211628,
  "fwhm_avg": 3.329483400862618,
  "fwhm_x": 3.398860202587855,
  "fwhm_y": 3.4521,
  "fwhm_z": 3.13749,
  "icvs_csf": 0.2009057117600227,
  "icvs_gm": 0.3869059277246238,
  "icvs_wm": 0.4121883605153535,
  "inu_med": 3.394153118133545,
  "inu_range": 0.8709522604942324,
  "provenance": {
    "md5sum": "edf1d72764b1e9d4e97bf438bd85a584",
    "settings": {
      "testing": false
    },
    "software": "mriqc",
    "version": "21.0.0rc2",
    "warnings": {
      "large_rot_frame": true,
      "small_air_mask": false
    },
    "webapi_port": null,
    "webapi_url": "https://mriqc.nimh.nih.gov/api/v1"
  },
  "qi_1": 0.0,
  "qi_2": 9.855056308523445e-06,
  "rpve_csf": 33.450002186812064,
  "rpve_gm": 17.242181734596354,
  "rpve_wm": 19.677990166118434,
  "size_x": 176,
  "size_y": 256,
  "size_z": 256,
  "snr_csf": 1.6903875673755304,
  "snr_gm": 13.65947506954876,
  "snr_total": 12.42940604924123,
  "snr_wm": 21.9383555107994,
  "snrd_csf": 20.03589514595714,
  "snrd_gm": 49.97926717198131,
  "snrd_total": 44.962541056164895,
  "snrd_wm": 64.87246085055624,
  "spacing_x": 0.9999999403953552,
  "spacing_y": 1.0,
  "spacing_z": 1.0,
  "summary_bg_k": 1338.6352786810867,
  "summary_bg_mad": 10.099289124396924,
  "summary_bg_mean": 12.060956772252794,
  "summary_bg_median": 6.856681913137436,
  "summary_bg_n": 387459.0,
  "summary_bg_p05": 0.0,
  "summary_bg_p95": 33.835260421037674,
  "summary_bg_stdv": 12.804095331048954,
  "summary_csf_k": 16.9255501804982,
  "summary_csf_mad": 105.80998638554013,
  "summary_csf_mean": 350.92325055789684,
  "summary_csf_median": 308.86439049243927,
  "summary_csf_n": 13550.0,
  "summary_csf_p05": 192.4352427124977,
  "summary_csf_p95": 562.9694370001554,
  "summary_csf_stdv": 182.71134917993393,
  "summary_gm_k": 0.626265976002709,
  "summary_gm_mad": 51.692414070926354,
  "summary_gm_mean": 773.528567347383,
  "summary_gm_median": 770.45800948143,
  "summary_gm_n": 16070.0,
  "summary_gm_p05": 685.1259308487176,
  "summary_gm_p95": 871.2714003160596,
  "summary_gm_stdv": 56.40290225284343,
  "summary_wm_k": 1.6675819792361528,
  "summary_wm_mad": 39.3340734318617,
  "summary_wm_mean": 1005.0437313413507,
  "summary_wm_median": 1000.0448162853718,
  "summary_wm_n": 152390.0,
  "summary_wm_p05": 940.4409800469875,
  "summary_wm_p95": 1088.0613082945347,
  "summary_wm_stdv": 45.58416124606401,
  "tpm_overlap_csf": 0.17408542335033417,
  "tpm_overlap_gm": 0.40621230006217957,
  "tpm_overlap_wm": 0.46263545751571655,
  "wm2max": 0.6108343370195992
}