{
  "bids_meta": {
    "ConversionSoftware": "dcm2niix",
    "ConversionSoftwareVersion": "v1.0.20170411 GCC4.3.2",
    "EchoTime": 0.00352,
    "ImageType": [
      "ORIGINAL"
    ],
    "Manufacturer": "Philips",
    "ManufacturersModelName": "N/A",
    "PhilipsRescaleIntercept": 0,
    "PhilipsRescaleSlope": 8.12112,
    "PhilipsScaleSlope": 0.000348662,
    "ProtocolName": "WIPMPRAGE_S2SENSE",
    "RepetitionTime": 0.007646,
    "SequenceVariant": "tfl3d1_ns",
    "UsePhilipsFloatNotDisplayScaling": 1,
    "dataset": "ds001907",
    "modality": "T1w",
    "session_id": "1",
    "subject_id": "RC4218"
  },
  "cjv": 0.4201655454919845,
  "cnr": 2.810224160527624,
  "efc": 0.7106305969506646,
  "fber": 8252.843329864725,
  "fwhm_avg": 3.2968566666666668,
  "fwhm_x": 3.4212,
  "fwhm_y": 3.39343,
  "fwhm_z": 3.07594,
  "icvs_csf": 0.19425482928632876,
  "icvs_gm": 0.3926462388800335,
  "icvs_wm": 0.4130989318336377,
  "inu_med": 3.2993719577789307,
  "inu_range": 0.7466163635253906,
  "provenance": {
    "md5sum": "0f9565b96e8a83078ffff3a5d28d2f55",
    "settings": {
      "testing": false
    },
    "software": "mriqc",
    "version": "21.0.0rc2",
    "warnings": {
      "large_rot_frame": true,
      "small_air_mask": false
    },
    "webapi_port": null,
    "webapi_url": "https://mriqc.nimh.nih.gov/api/v1"
  },
  "qi_1": 0.0,
  "qi_2": 5.550320848213901e-06,
  "rpve_csf": 30.789262923810753,
  "rpve_gm": 15.55103425676875,
  "rpve_wm": 17.999913602432954,
  "size_x": 176,
  "size_y": 256,
  "size_z": 256,
  "snr_csf": 2.5779935128927827,
  "snr_gm": 13.224928215394781,
  "snr_total": 12.25041260632131,
  "snr_wm": 20.948316090676368,
  "snrd_csf": 18.80609162310334,
  "snrd_gm": 44.02634496879754,
  "snrd_total": 39.906680122580646,
  "snrd_wm": 56.887603775841065,
  "spacing_x": 1.0,
  "spacing_y": 1.0,
  "spacing_z": 1.0,
  "summary_bg_k": 10.52296194800123,
  "summary_bg_mad": 11.51688522128202,
  "summary_bg_mean": 20.76521928211176,
  "summary_bg_median": 13.654347535222769,
  "summary_bg_n": 478456.0,
  "summary_bg_p05": 0.0,
  "summary_bg_p95": 78.35569044947624,
  "summary_bg_stdv": 27.735816697556142,
  "summary_csf_k": 6.37078689554558,
  "summary_csf_mad": 118.85282481465886,
  "summary_csf_mean": 355.00701845771766,
  "summary_csf_median": 330.59925551712513,
  "summary_csf_n": 10632.0,
  "summary_csf_p05": 193.93757114913316,
  "summary_csf_p95": 580.4786402694881,
  "summary_csf_stdv": 128.2329478833818,
  "summary_gm_k": 0.2711476912545532,
  "summary_gm_mad": 54.00775367744053,
  "summary_gm_mean": 773.1278312195493,
  "summary_gm_median": 773.9554375000298,
  "summary_gm_n": 9891.0,
  "summary_gm_p05": 673.8878870122135,
  "summary_gm_p95": 870.959203293547,
  "summary_gm_stdv": 58.5195094960336,
  "summary_wm_k": 1.6089672791483816,
  "summary_wm_mad": 40.98866603599129,
  "summary_wm_mean": 1005.5936152504233,
  "summary_wm_median": 1000.0482733659446,
  "summary_wm_n": 177614.0,
  "summary_wm_p05": 938.2900937013328,
  "summary_wm_p95": 1093.6987629979849,
  "summary_wm_stdv": 47.73870385590474,
  "tpm_overlap_csf": 0.17382754385471344,
  "tpm_overlap_gm": 0.4035147726535797,
  "tpm_overlap_wm": 0.47616732120513916,
  "wm2max": 0.5045398115917334
}