{
  "bids_meta": {
    "ConversionSoftware": "dcm2niix",
    "ConversionSoftwareVersion": "v1.0.20170411 GCC4.3.2",
    "EchoTime": 0.00351,
    "ImageType": [
      "ORIGINAL"
    ],
    "Manufacturer": "Philips",
    "ManufacturersModelName": "N/A",
    "PhilipsRescaleIntercept": 0,
    "PhilipsRescaleSlope": 9.43028,
    "PhilipsScaleSlope": 0.00034773,
    "ProtocolName": "WIPMPRAGE_S2SENSE",
    "RepetitionTime": 0.007644,
    "SequenceVariant": "tfl3d1_ns",
    "UsePhilipsFloatNotDisplayScaling": 1,
    "dataset": "ds001907",
    "modality": "T1w",
    "session_id": "1",
    "subject_id": "RC4213"
  },
  "cjv": 0.4975917350294756,
  "cnr": 2.4477517672028677,
  "efc": 0.7532982273213276,
  "fber": 1684.1432304282089,
  "fwhm_avg": 3.1024366666666663,
  "fwhm_x": 3.15313,
  "fwhm_y": 3.246,
  "fwhm_z": 2.90818,
  "icvs_csf": 0.1731775324644668,
  "icvs_gm": 0.4024999704197935,
  "icvs_wm": 0.42432249711573966,
  "inu_med": 1.362937569618225,
  "inu_range": 0.2836702346801756,
  "provenance": {
    "md5sum": "7dac96a3f7b0a30ffc626da516c21ca1",
    "settings": {
      "testing": false
    },
    "software": "mriqc",
    "version": "21.0.0rc2",
    "warnings": {
      "large_rot_frame": true,
      "small_air_mask": false
    },
    "webapi_port": null,
    "webapi_url": "https://mriqc.nimh.nih.gov/api/v1"
  },
  "qi_1": 0.0,
  "qi_2": 4.438960816643057e-06,
  "rpve_csf": 32.508056786020155,
  "rpve_gm": 14.49217870550063,
  "rpve_wm": 16.69725245561233,
  "size_x": 176,
  "size_y": 256,
  "size_z": 256,
  "snr_csf": 1.2594212021400657,
  "snr_gm": 12.27802606468591,
  "snr_total": 10.00556293785605,
  "snr_wm": 16.479241546742173,
  "snrd_csf": 17.559112062932908,
  "snrd_gm": 37.65823176140239,
  "snrd_total": 34.61578704847553,
  "snrd_wm": 48.630017321091294,
  "spacing_x": 1.0,
  "spacing_y": 1.0,
  "spacing_z": 1.0,
  "summary_bg_k": 471.7897700122426,
  "summary_bg_mad": 13.472759184034583,
  "summary_bg_mean": 23.72687353276748,
  "summary_bg_median": 17.83791158348322,
  "summary_bg_n": 495839.0,
  "summary_bg_p05": 0.0,
  "summary_bg_p95": 71.7555235773325,
  "summary_bg_stdv": 28.914830921332264,
  "summary_csf_k": 19.863832518157178,
  "summary_csf_mad": 151.1443984016324,
  "summary_csf_mean": 420.33906362096485,
  "summary_csf_median": 361.0999120362103,
  "summary_csf_n": 9738.0,
  "summary_csf_p05": 196.9473721001297,
  "summary_csf_p95": 734.2017094887792,
  "summary_csf_stdv": 286.7042179240921,
  "summary_gm_k": 0.1927776503343681,
  "summary_gm_mad": 59.47973684210823,
  "summary_gm_mean": 776.3206190395985,
  "summary_gm_median": 774.4346142187715,
  "summary_gm_n": 15417.0,
  "summary_gm_p05": 673.3172150462866,
  "summary_gm_p95": 884.5584759190679,
  "summary_gm_stdv": 63.07280123664097,
  "summary_wm_k": 1.1984382355000092,
  "summary_wm_mad": 52.79325635817996,
  "summary_wm_mean": 1009.6659143297741,
  "summary_wm_median": 1000.0673675313592,
  "summary_wm_n": 190514.0,
  "summary_wm_p05": 927.4367765933275,
  "summary_wm_p95": 1125.605877354741,
  "summary_wm_stdv": 60.68633316863876,
  "tpm_overlap_csf": 0.17425385117530823,
  "tpm_overlap_gm": 0.4271736145019531,
  "tpm_overlap_wm": 0.4782140552997589,
  "wm2max": 0.48173148373991903
}