{
  "aor": 0.0016575167785234902,
  "aqi": 0.007095860872483222,
  "bids_meta": {
    "AcquisitionDateTime": "2013-06-26T11:20:51.890000",
    "BodyPartExamined": "BRAIN",
    "ConversionSoftware": "dcm2niix",
    "ConversionSoftwareVersion": "v1.0.20170411 GCC4.3.2",
    "EchoTime": 0.025,
    "FlipAngle": 79,
    "ImageType": [
      "ORIGINAL",
      "PRIMARY",
      "M",
      "FFE",
      "M",
      "FFE"
    ],
    "MagneticFieldStrength": 3,
    "Manufacturer": "Philips",
    "ManufacturersModelName": "Achieva",
    "PhilipsRescaleIntercept": 0,
    "PhilipsRescaleSlope": 2.59585,
    "PhilipsScaleSlope": 0.000966147,
    "ProcedureStepDescription": "IBIC-UDALL",
    "ProtocolName": "WIP_ANT_B_SENSE",
    "RepetitionTime": 2.4,
    "ScanningSequence": "GR",
    "SequenceVariant": "SK",
    "SeriesDescription": "ANT_B",
    "SliceTiming": [
      0,
      0.06,
      0.11,
      0.17,
      0.22,
      0.28,
      0.33,
      0.39,
      0.45,
      0.5,
      0.56,
      0.61,
      0.67,
      0.73,
      0.78,
      0.84,
      0.89,
      0.95,
      1,
      1.06,
      1.12,
      1.17,
      1.23,
      1.28,
      1.34,
      1.4,
      1.45,
      1.51,
      1.56,
      1.62,
      1.67,
      1.73,
      1.79,
      1.84,
      1.9,
      1.95,
      2.01,
      2.07,
      2.12,
      2.18,
      2.23,
      2.29,
      2.34
    ],
    "TaskName": "ANT",
    "UsePhilipsFloatNotDisplayScaling": 1,
    "dataset": "ds001907",
    "modality": "bold",
    "run_id": 2,
    "session_id": "1",
    "subject_id": "RC4221",
    "task_id": "ANT"
  },
  "dummy_trs": 0,
  "dvars_nstd": 22.707028852432433,
  "dvars_std": 1.3065795865540544,
  "dvars_vstd": 0.9347033352702699,
  "efc": 0.3832202443764433,
  "fber": 3281747.0,
  "fd_mean": 0.11567212058354737,
  "fd_num": 17,
  "fd_perc": 11.409395973154362,
  "fwhm_avg": 1.9204177777777778,
  "fwhm_x": 1.8428966666666666,
  "fwhm_y": 2.03204,
  "fwhm_z": 1.8863166666666666,
  "gcor": 0.0223705,
  "gsr_x": -0.018820567056536674,
  "gsr_y": 0.007991230115294456,
  "provenance": {
    "md5sum": "594bb995bd476fcaad3221beeb355b8d",
    "settings": {
      "fd_thres": 0.2,
      "testing": false
    },
    "software": "mriqc",
    "version": "21.0.0rc2",
    "webapi_port": null,
    "webapi_url": "https://mriqc.nimh.nih.gov/api/v1"
  },
  "size_t": 149,
  "size_x": 80,
  "size_y": 80,
  "size_z": 43,
  "snr": 5.3686517052696265,
  "spacing_tr": 2.4000020027160645,
  "spacing_x": 3.0,
  "spacing_y": 3.0,
  "spacing_z": 3.0,
  "summary_bg_k": 82.18958460479848,
  "summary_bg_mad": 377.71881817242263,
  "summary_bg_mean": 8992.8369140625,
  "summary_bg_median": 260.1162414550781,
  "summary_bg_n": 198327.0,
  "summary_bg_p05": 3.1927881956100466,
  "summary_bg_p95": 51115.96835937499,
  "summary_bg_stdv": 26941.244140625,
  "summary_fg_k": 1.4505629680599528,
  "summary_fg_mad": 76549.76407720057,
  "summary_fg_mean": 475217.90625,
  "summary_fg_median": 463721.5,
  "summary_fg_n": 33636.0,
  "summary_fg_p05": 353268.0234375,
  "summary_fg_p95": 628086.671875,
  "summary_fg_stdv": 86374.5,
  "tsnr": 72.42092895507812
}