{
  "aor": 0.003698926174496644,
  "aqi": 0.005151816442953021,
  "bids_meta": {
    "AcquisitionDateTime": "2013-06-26T10:54:22.510000",
    "BodyPartExamined": "BRAIN",
    "ConversionSoftware": "dcm2niix",
    "ConversionSoftwareVersion": "v1.0.20170411 GCC4.3.2",
    "EchoTime": 0.025,
    "FlipAngle": 79,
    "ImageType": [
      "ORIGINAL",
      "PRIMARY",
      "M",
      "FFE",
      "M",
      "FFE"
    ],
    "MagneticFieldStrength": 3,
    "Manufacturer": "Philips",
    "ManufacturersModelName": "Achieva",
    "PhilipsRescaleIntercept": 0,
    "PhilipsRescaleSlope": 2.54237,
    "PhilipsScaleSlope": 0.000958946,
    "ProcedureStepDescription": "IBIC-UDALL",
    "ProtocolName": "WIP_ANT_C_SENSE",
    "RepetitionTime": 2.4,
    "ScanningSequence": "GR",
    "SequenceVariant": "SK",
    "SeriesDescription": "ANT_C",
    "SliceTiming": [
      0,
      0.06,
      0.11,
      0.17,
      0.22,
      0.28,
      0.33,
      0.39,
      0.45,
      0.5,
      0.56,
      0.61,
      0.67,
      0.73,
      0.78,
      0.84,
      0.89,
      0.95,
      1,
      1.06,
      1.12,
      1.17,
      1.23,
      1.28,
      1.34,
      1.4,
      1.45,
      1.51,
      1.56,
      1.62,
      1.67,
      1.73,
      1.79,
      1.84,
      1.9,
      1.95,
      2.01,
      2.07,
      2.12,
      2.18,
      2.23,
      2.29,
      2.34
    ],
    "TaskName": "ANT",
    "UsePhilipsFloatNotDisplayScaling": 1,
    "dataset": "ds001907",
    "modality": "bold",
    "run_id": 3,
    "session_id": "1",
    "subject_id": "RC4221",
    "task_id": "ANT"
  },
  "dummy_trs": 0,
  "dvars_nstd": 22.701100284864868,
  "dvars_std": 1.3992102310810814,
  "dvars_vstd": 0.9971113688513515,
  "efc": 0.3838212060222895,
  "fber": 3094700.5,
  "fd_mean": 0.1288631260849671,
  "fd_num": 26,
  "fd_perc": 17.449664429530202,
  "fwhm_avg": 1.922532222222222,
  "fwhm_x": 1.8447666666666667,
  "fwhm_y": 2.04377,
  "fwhm_z": 1.87906,
  "gcor": 0.0270073,
  "gsr_x": -0.01877756416797638,
  "gsr_y": 0.008734442293643951,
  "provenance": {
    "md5sum": "19c15d65e569307a08ca2b099b2d88b2",
    "settings": {
      "fd_thres": 0.2,
      "testing": false
    },
    "software": "mriqc",
    "version": "21.0.0rc2",
    "webapi_port": null,
    "webapi_url": "https://mriqc.nimh.nih.gov/api/v1"
  },
  "size_t": 149,
  "size_x": 80,
  "size_y": 80,
  "size_z": 43,
  "snr": 5.302805692580262,
  "spacing_tr": 2.4000020027160645,
  "spacing_x": 3.0,
  "spacing_y": 3.0,
  "spacing_z": 3.0,
  "summary_bg_k": 81.43260665101674,
  "summary_bg_mad": 392.43270645448234,
  "summary_bg_mean": 9001.056640625,
  "summary_bg_median": 266.538330078125,
  "summary_bg_n": 198128.0,
  "summary_bg_p05": 0.7972243458032608,
  "summary_bg_p95": 50964.833007812485,
  "summary_bg_stdv": 27368.943359375,
  "summary_fg_k": 1.289077872513464,
  "summary_fg_mad": 77975.84208612565,
  "summary_fg_mean": 472481.78125,
  "summary_fg_median": 461222.375,
  "summary_fg_n": 33758.0,
  "summary_fg_p05": 348090.9546875,
  "summary_fg_p95": 625647.5625,
  "summary_fg_stdv": 86975.7578125,
  "tsnr": 81.47248077392578
}