{
  "aor": 0.0031014093959731543,
  "aqi": 0.018722926375838927,
  "bids_meta": {
    "AcquisitionDateTime": "2013-06-20T09:05:56.070000",
    "BodyPartExamined": "BRAIN",
    "ConversionSoftware": "dcm2niix",
    "ConversionSoftwareVersion": "v1.0.20170411 GCC4.3.2",
    "EchoTime": 0.025,
    "FlipAngle": 79,
    "ImageType": [
      "ORIGINAL",
      "PRIMARY",
      "M",
      "FFE",
      "M",
      "FFE"
    ],
    "MagneticFieldStrength": 3,
    "Manufacturer": "Philips",
    "ManufacturersModelName": "Achieva",
    "PhilipsRescaleIntercept": 0,
    "PhilipsRescaleSlope": 3.00147,
    "PhilipsScaleSlope": 0.000968589,
    "ProcedureStepDescription": "IBIC-UDALL_2",
    "ProtocolName": "WIP_ANT_E_SENSE",
    "RepetitionTime": 2.4,
    "ScanningSequence": "GR",
    "SequenceVariant": "SK",
    "SeriesDescription": "ANT_E",
    "SliceTiming": [
      0,
      0.06,
      0.11,
      0.17,
      0.22,
      0.28,
      0.33,
      0.39,
      0.45,
      0.5,
      0.56,
      0.61,
      0.67,
      0.73,
      0.78,
      0.84,
      0.89,
      0.95,
      1,
      1.06,
      1.12,
      1.17,
      1.23,
      1.28,
      1.34,
      1.4,
      1.45,
      1.51,
      1.56,
      1.62,
      1.67,
      1.73,
      1.79,
      1.84,
      1.9,
      1.95,
      2.01,
      2.07,
      2.12,
      2.18,
      2.23,
      2.29,
      2.34
    ],
    "TaskName": "ANT",
    "UsePhilipsFloatNotDisplayScaling": 1,
    "dataset": "ds001907",
    "modality": "bold",
    "run_id": 5,
    "session_id": "2",
    "subject_id": "RC4130",
    "task_id": "ANT"
  },
  "dummy_trs": 0,
  "dvars_nstd": 47.24475846472973,
  "dvars_std": 1.1612209411486483,
  "dvars_vstd": 0.992672336554054,
  "efc": 0.39704135901806725,
  "fber": 809117.0,
  "fd_mean": 0.9280789054746147,
  "fd_num": 148,
  "fd_perc": 99.32885906040268,
  "fwhm_avg": 1.9731899999999998,
  "fwhm_x": 1.9200666666666668,
  "fwhm_y": 2.076493333333333,
  "fwhm_z": 1.9230099999999999,
  "gcor": 0.00685751,
  "gsr_x": -0.016251465305685997,
  "gsr_y": 0.012793533504009247,
  "provenance": {
    "md5sum": "2a41854f791e4929420703afd551168f",
    "settings": {
      "fd_thres": 0.2,
      "testing": false
    },
    "software": "mriqc",
    "version": "21.0.0rc2",
    "webapi_port": null,
    "webapi_url": "https://mriqc.nimh.nih.gov/api/v1"
  },
  "size_t": 149,
  "size_x": 80,
  "size_y": 80,
  "size_z": 43,
  "snr": 4.303462517265361,
  "spacing_tr": 2.4000020027160645,
  "spacing_x": 3.0,
  "spacing_y": 3.0,
  "spacing_z": 3.0,
  "summary_bg_k": 164.33090748098576,
  "summary_bg_mad": 718.9024090979235,
  "summary_bg_mean": 7946.10791015625,
  "summary_bg_median": 510.34295654296875,
  "summary_bg_n": 191810.0,
  "summary_bg_p05": 12.10845537185669,
  "summary_bg_p95": 41714.66582031245,
  "summary_bg_stdv": 26950.833984375,
  "summary_fg_k": 1.1169460834935814,
  "summary_fg_mad": 85484.75900966323,
  "summary_fg_mean": 477380.9375,
  "summary_fg_median": 453156.78125,
  "summary_fg_n": 38779.0,
  "summary_fg_p05": 349063.934375,
  "summary_fg_p95": 696254.2625,
  "summary_fg_stdv": 105299.1484375,
  "tsnr": 33.0699348449707
}