{
  "bids_meta": {
    "ConversionSoftware": "dcm2niix",
    "ConversionSoftwareVersion": "v1.0.20170411 GCC4.3.2",
    "EchoTime": 0.00351,
    "ImageType": [
      "ORIGINAL"
    ],
    "Manufacturer": "Philips",
    "ManufacturersModelName": "N/A",
    "PhilipsRescaleIntercept": 0,
    "PhilipsRescaleSlope": 8.13675,
    "PhilipsScaleSlope": 0.000345137,
    "ProtocolName": "WIPMPRAGE_S2SENSE",
    "RepetitionTime": 0.007631,
    "SequenceVariant": "tfl3d1_ns",
    "UsePhilipsFloatNotDisplayScaling": 1,
    "dataset": "ds001907",
    "modality": "T1w",
    "session_id": "2",
    "subject_id": "RC4221"
  },
  "cjv": 0.40645673999299403,
  "cnr": 3.0499273075996824,
  "efc": 0.7331992223346379,
  "fber": 9678.935076177286,
  "fwhm_avg": 3.3409033333333333,
  "fwhm_x": 3.44694,
  "fwhm_y": 3.41889,
  "fwhm_z": 3.15688,
  "icvs_csf": 0.19395960199548587,
  "icvs_gm": 0.39046939963014465,
  "icvs_wm": 0.4155709983743695,
  "inu_med": 3.2243056297302246,
  "inu_range": 0.871533179283142,
  "provenance": {
    "md5sum": "3f999c2040cde46e05cfde1430388d8d",
    "settings": {
      "testing": false
    },
    "software": "mriqc",
    "version": "21.0.0rc2",
    "warnings": {
      "large_rot_frame": true,
      "small_air_mask": false
    },
    "webapi_port": null,
    "webapi_url": "https://mriqc.nimh.nih.gov/api/v1"
  },
  "qi_1": 0.0,
  "qi_2": 9.819586909094223e-06,
  "rpve_csf": 34.37600663902404,
  "rpve_gm": 17.086902831520487,
  "rpve_wm": 19.310948031814505,
  "size_x": 176,
  "size_y": 256,
  "size_z": 256,
  "snr_csf": 1.619517335642104,
  "snr_gm": 14.638496129962514,
  "snr_total": 12.773568458270987,
  "snr_wm": 22.062691909208343,
  "snrd_csf": 21.17525652736273,
  "snrd_gm": 52.17143081396114,
  "snrd_total": 46.63570293517066,
  "snrd_wm": 66.56042146418814,
  "spacing_x": 1.0,
  "spacing_y": 1.0,
  "spacing_z": 1.0,
  "summary_bg_k": 5.182164643919721,
  "summary_bg_mad": 9.843164200713941,
  "summary_bg_mean": 10.545371815529043,
  "summary_bg_median": 6.639113362878561,
  "summary_bg_n": 407909.0,
  "summary_bg_p05": 0.0,
  "summary_bg_p95": 27.919450234621763,
  "summary_bg_stdv": 10.135087606994984,
  "summary_csf_k": 14.318497207298556,
  "summary_csf_mad": 106.28661741234492,
  "summary_csf_mean": 365.647185314114,
  "summary_csf_median": 318.1498297601938,
  "summary_csf_n": 14902.0,
  "summary_csf_p05": 200.5803653076291,
  "summary_csf_p95": 599.6262525271624,
  "summary_csf_stdv": 196.4407220865201,
  "summary_gm_k": 0.6699655933604989,
  "summary_gm_mad": 49.02026144991314,
  "summary_gm_mean": 783.7166648678076,
  "summary_gm_median": 783.8550532013178,
  "summary_gm_n": 16569.0,
  "summary_gm_p05": 694.6007477268577,
  "summary_gm_p95": 871.5704913400114,
  "summary_gm_stdv": 53.545896492361635,
  "summary_wm_k": 1.6464831813136573,
  "summary_wm_mad": 38.851164659771584,
  "summary_wm_mean": 1006.2844752180259,
  "summary_wm_median": 1000.0439300574362,
  "summary_wm_n": 152532.0,
  "summary_wm_p05": 944.1170943118632,
  "summary_wm_p95": 1090.0017177425325,
  "summary_wm_stdv": 45.32722734028616,
  "tpm_overlap_csf": 0.1753709316253662,
  "tpm_overlap_gm": 0.409341424703598,
  "tpm_overlap_wm": 0.4608757793903351,
  "wm2max": 0.5656131101882476
}