{
  "bids_meta": {
    "ConversionSoftware": "dcm2niix",
    "ConversionSoftwareVersion": "v1.0.20170411 GCC4.3.2",
    "EchoTime": 0.00351,
    "ImageType": [
      "ORIGINAL"
    ],
    "Manufacturer": "Philips",
    "ManufacturersModelName": "N/A",
    "PhilipsRescaleIntercept": 0,
    "PhilipsRescaleSlope": 8.87473,
    "PhilipsScaleSlope": 0.000347941,
    "ProtocolName": "WIPMPRAGE_S2SENSE",
    "RepetitionTime": 0.007645,
    "SequenceVariant": "tfl3d1_ns",
    "UsePhilipsFloatNotDisplayScaling": 1,
    "dataset": "ds001907",
    "modality": "T1w",
    "session_id": "2",
    "subject_id": "RC4213"
  },
  "cjv": 0.4764284265339678,
  "cnr": 2.4777432356277758,
  "efc": 0.7557277929569466,
  "fber": 8175.040253739526,
  "fwhm_avg": 3.1501300000000003,
  "fwhm_x": 3.19552,
  "fwhm_y": 3.29409,
  "fwhm_z": 2.96078,
  "icvs_csf": 0.17538640557254825,
  "icvs_gm": 0.4034988396450562,
  "icvs_wm": 0.4211147547823956,
  "inu_med": 1.4520857334136963,
  "inu_range": 0.3764660060405731,
  "provenance": {
    "md5sum": "27fc74f429e2a78c6416d984a56c290c",
    "settings": {
      "testing": false
    },
    "software": "mriqc",
    "version": "21.0.0rc2",
    "warnings": {
      "large_rot_frame": true,
      "small_air_mask": false
    },
    "webapi_port": null,
    "webapi_url": "https://mriqc.nimh.nih.gov/api/v1"
  },
  "qi_1": 0.0,
  "qi_2": 9.320833607546688e-06,
  "rpve_csf": 32.2323159330231,
  "rpve_gm": 14.605803160134165,
  "rpve_wm": 16.95537272795915,
  "size_x": 176,
  "size_y": 256,
  "size_z": 256,
  "snr_csf": 1.18785402535559,
  "snr_gm": 12.708455441893603,
  "snr_total": 10.34241581367155,
  "snr_wm": 17.13093797376546,
  "snrd_csf": 19.47243231660474,
  "snrd_gm": 44.156714109500605,
  "snrd_total": 39.91477101442691,
  "snrd_wm": 56.1151666171754,
  "spacing_x": 1.0,
  "spacing_y": 1.0,
  "spacing_z": 1.0,
  "summary_bg_k": 3.292019569878919,
  "summary_bg_mad": 11.674854086006373,
  "summary_bg_mean": 13.529702388820416,
  "summary_bg_median": 7.874569416046143,
  "summary_bg_n": 474880.0,
  "summary_bg_p05": 0.0,
  "summary_bg_p95": 39.02130380272865,
  "summary_bg_stdv": 12.49578177514422,
  "summary_csf_k": 19.7639405535144,
  "summary_csf_mad": 152.86762068864596,
  "summary_csf_mean": 414.94809175670144,
  "summary_csf_median": 347.00836922228336,
  "summary_csf_n": 10350.0,
  "summary_csf_p05": 192.91991982758046,
  "summary_csf_p95": 787.8155157476652,
  "summary_csf_stdv": 292.1163692854731,
  "summary_gm_k": 0.7180748962478263,
  "summary_gm_mad": 54.10043991640453,
  "summary_gm_mean": 789.2566049101724,
  "summary_gm_median": 786.894472360611,
  "summary_gm_n": 16111.0,
  "summary_gm_p05": 688.0053483992815,
  "summary_gm_p95": 896.8572095632553,
  "summary_gm_stdv": 61.917048420877734,
  "summary_wm_k": 2.248390097787622,
  "summary_wm_mad": 47.42909472440089,
  "summary_wm_mean": 1009.8896279022894,
  "summary_wm_median": 1000.0000071823597,
  "summary_wm_n": 187141.0,
  "summary_wm_p05": 934.683266222477,
  "summary_wm_p95": 1124.1650927960873,
  "summary_wm_stdv": 58.37376429288,
  "tpm_overlap_csf": 0.17709432542324066,
  "tpm_overlap_gm": 0.4289717972278595,
  "tpm_overlap_wm": 0.47734344005584717,
  "wm2max": 0.5084576258052981
}