{
  "bids_meta": {
    "ConversionSoftware": "dcm2niix",
    "ConversionSoftwareVersion": "v1.0.20170411 GCC4.3.2",
    "EchoTime": 0.0035,
    "ImageType": [
      "ORIGINAL"
    ],
    "Manufacturer": "Philips",
    "ManufacturersModelName": "N/A",
    "PhilipsRescaleIntercept": 0,
    "PhilipsRescaleSlope": 6.43883,
    "PhilipsScaleSlope": 0.000304534,
    "ProtocolName": "WIPMPRAGE_S2SENSE",
    "RepetitionTime": 0.007551,
    "SequenceVariant": "tfl3d1_ns",
    "UsePhilipsFloatNotDisplayScaling": 1,
    "dataset": "ds001907",
    "modality": "T1w",
    "session_id": "2",
    "subject_id": "RC4118"
  },
  "cjv": 0.4528435749443974,
  "cnr": 2.790506941496017,
  "efc": 0.748839795998953,
  "fber": 2843.4118042044734,
  "fwhm_avg": 3.2464133931386505,
  "fwhm_x": 3.30306,
  "fwhm_y": 3.42608,
  "fwhm_z": 3.010100179415952,
  "icvs_csf": 0.18735140523139937,
  "icvs_gm": 0.37332221897217255,
  "icvs_wm": 0.4393263757964281,
  "inu_med": 2.8005452156066895,
  "inu_range": 0.8268215656280518,
  "provenance": {
    "md5sum": "9af1be9a9d6382fe024807fd3a677525",
    "settings": {
      "testing": false
    },
    "software": "mriqc",
    "version": "21.0.0rc2",
    "warnings": {
      "large_rot_frame": true,
      "small_air_mask": false
    },
    "webapi_port": null,
    "webapi_url": "https://mriqc.nimh.nih.gov/api/v1"
  },
  "qi_1": 0.0,
  "qi_2": 6.736085444186499e-06,
  "rpve_csf": 26.816748814611017,
  "rpve_gm": 13.436015948126025,
  "rpve_wm": 14.364761043949835,
  "size_x": 176,
  "size_y": 256,
  "size_z": 256,
  "snr_csf": 3.0441100503620344,
  "snr_gm": 13.017120968475577,
  "snr_total": 12.545880295386075,
  "snr_wm": 21.576409867320614,
  "snrd_csf": 33.53110443668086,
  "snrd_gm": 56.327056832780954,
  "snrd_total": 54.00871949022269,
  "snrd_wm": 72.16799720120626,
  "spacing_x": 1.0,
  "spacing_y": 1.0,
  "spacing_z": 0.9999999403953552,
  "summary_bg_k": 1789.1473915683844,
  "summary_bg_mad": 9.07840171270993,
  "summary_bg_mean": 13.276884756810555,
  "summary_bg_median": 12.195121597498655,
  "summary_bg_n": 492999.0,
  "summary_bg_p05": 0.0,
  "summary_bg_p95": 38.02613865211606,
  "summary_bg_stdv": 21.084864747258727,
  "summary_csf_k": 5.746960202826951,
  "summary_csf_mad": 137.77809658112716,
  "summary_csf_mean": 458.1915653074856,
  "summary_csf_median": 464.6495697274804,
  "summary_csf_n": 8125.0,
  "summary_csf_p05": 227.8172209315002,
  "summary_csf_p95": 660.7388920217752,
  "summary_csf_stdv": 152.62949346154016,
  "summary_gm_k": 0.3696052577803992,
  "summary_gm_mad": 56.22505934678335,
  "summary_gm_mean": 781.7774905695011,
  "summary_gm_median": 780.5392384491861,
  "summary_gm_n": 11559.0,
  "summary_gm_p05": 684.1977778289468,
  "summary_gm_p95": 884.0176752954721,
  "summary_gm_stdv": 59.959915586613725,
  "summary_wm_k": 0.9053376652037213,
  "summary_wm_mad": 43.17962495288924,
  "summary_wm_mean": 1004.3114465511512,
  "summary_wm_median": 1000.0514272041619,
  "summary_wm_n": 226571.0,
  "summary_wm_p05": 936.6059211716056,
  "summary_wm_p95": 1086.0347528979182,
  "summary_wm_stdv": 46.34919462617095,
  "tpm_overlap_csf": 0.14310425519943237,
  "tpm_overlap_gm": 0.3849969804286957,
  "tpm_overlap_wm": 0.4718598425388336,
  "wm2max": 0.48296513506125593
}