{
  "aor": 0.0009432885906040269,
  "aqi": 0.004689201275167785,
  "bids_meta": {
    "ConversionSoftware": "dcm2niix",
    "ConversionSoftwareVersion": "v1.0.20170411 GCC4.3.2",
    "EchoTime": 0.025,
    "ImageType": [
      "ORIGINAL"
    ],
    "Manufacturer": "Philips",
    "ManufacturersModelName": "N/A",
    "PhilipsRescaleIntercept": 0,
    "PhilipsRescaleSlope": 2.40757,
    "PhilipsScaleSlope": 0.000886722,
    "ProtocolName": "WIPANT_ESENSE",
    "RepetitionTime": 2.4,
    "SequenceVariant": "tfl3d1_ns",
    "SliceTiming": [
      0,
      0.06,
      0.11,
      0.17,
      0.22,
      0.28,
      0.33,
      0.39,
      0.45,
      0.5,
      0.56,
      0.61,
      0.67,
      0.73,
      0.78,
      0.84,
      0.89,
      0.95,
      1,
      1.06,
      1.12,
      1.17,
      1.23,
      1.28,
      1.34,
      1.4,
      1.45,
      1.51,
      1.56,
      1.62,
      1.67,
      1.73,
      1.79,
      1.84,
      1.9,
      1.95,
      2.01,
      2.07,
      2.12,
      2.18,
      2.23,
      2.29,
      2.34
    ],
    "TaskName": "ANT",
    "UsePhilipsFloatNotDisplayScaling": 1,
    "dataset": "ds001907",
    "modality": "bold",
    "run_id": 5,
    "session_id": "2",
    "subject_id": "RC4205",
    "task_id": "ANT"
  },
  "dummy_trs": 0,
  "dvars_nstd": 33.524431073918926,
  "dvars_std": 1.3907151093243242,
  "dvars_vstd": 0.9973114924999998,
  "efc": 0.40235771824960925,
  "fber": 2104023.75,
  "fd_mean": 0.3182014553455964,
  "fd_num": 123,
  "fd_perc": 82.5503355704698,
  "fwhm_avg": 1.8880044444444446,
  "fwhm_x": 1.7892166666666667,
  "fwhm_y": 2.079006666666667,
  "fwhm_z": 1.79579,
  "gcor": 0.0367148,
  "gsr_x": -0.020111318677663803,
  "gsr_y": 0.015990376472473145,
  "provenance": {
    "md5sum": "8147b30b988165740b95df3a3068a985",
    "settings": {
      "fd_thres": 0.2,
      "testing": false
    },
    "software": "mriqc",
    "version": "21.0.0rc2",
    "webapi_port": null,
    "webapi_url": "https://mriqc.nimh.nih.gov/api/v1"
  },
  "size_t": 149,
  "size_x": 80,
  "size_y": 80,
  "size_z": 43,
  "snr": 5.1920850614233585,
  "spacing_tr": 2.4000000953674316,
  "spacing_x": 3.0,
  "spacing_y": 3.0,
  "spacing_z": 3.0,
  "summary_bg_k": 51.26879400433027,
  "summary_bg_mad": 566.1522754783738,
  "summary_bg_mean": 15857.5927734375,
  "summary_bg_median": 384.3878173828125,
  "summary_bg_n": 196680.0,
  "summary_bg_p05": 1.7413506269454957,
  "summary_bg_p95": 91645.77890625,
  "summary_bg_stdv": 45224.0078125,
  "summary_fg_k": 2.4953603178465302,
  "summary_fg_mad": 89275.6802197434,
  "summary_fg_mean": 561440.5625,
  "summary_fg_median": 547641.75,
  "summary_fg_n": 34766.0,
  "summary_fg_p05": 420026.0078125,
  "summary_fg_p95": 745122.75,
  "summary_fg_stdv": 105474.75,
  "tsnr": 80.14669799804688
}