{
  "aor": 0.0009629530201342284,
  "aqi": 0.004733238187919464,
  "bids_meta": {
    "ConversionSoftware": "dcm2niix",
    "ConversionSoftwareVersion": "v1.0.20170411 GCC4.3.2",
    "EchoTime": 0.025,
    "ImageType": [
      "ORIGINAL"
    ],
    "Manufacturer": "Philips",
    "ManufacturersModelName": "N/A",
    "PhilipsRescaleIntercept": 0,
    "PhilipsRescaleSlope": 2.54652,
    "PhilipsScaleSlope": 0.000890118,
    "ProtocolName": "WIPANT_BSENSE",
    "RepetitionTime": 2.4,
    "SequenceVariant": "tfl3d1_ns",
    "SliceTiming": [
      0,
      0.06,
      0.11,
      0.17,
      0.22,
      0.28,
      0.33,
      0.39,
      0.45,
      0.5,
      0.56,
      0.61,
      0.67,
      0.73,
      0.78,
      0.84,
      0.89,
      0.95,
      1,
      1.06,
      1.12,
      1.17,
      1.23,
      1.28,
      1.34,
      1.4,
      1.45,
      1.51,
      1.56,
      1.62,
      1.67,
      1.73,
      1.79,
      1.84,
      1.9,
      1.95,
      2.01,
      2.07,
      2.12,
      2.18,
      2.23,
      2.29,
      2.34
    ],
    "TaskName": "ANT",
    "UsePhilipsFloatNotDisplayScaling": 1,
    "dataset": "ds001907",
    "modality": "bold",
    "run_id": 2,
    "session_id": "1",
    "subject_id": "RC4114",
    "task_id": "ANT"
  },
  "dummy_trs": 0,
  "dvars_nstd": 27.541154629324314,
  "dvars_std": 1.2571492515540543,
  "dvars_vstd": 0.982501635472973,
  "efc": 0.43311637247929596,
  "fber": 1501882.875,
  "fd_mean": 0.2675948166473596,
  "fd_num": 110,
  "fd_perc": 73.8255033557047,
  "fwhm_avg": 1.902253285651829,
  "fwhm_x": 1.7999165236221533,
  "fwhm_y": 2.0488933333333335,
  "fwhm_z": 1.85795,
  "gcor": 0.0215003,
  "gsr_x": -0.013250024989247322,
  "gsr_y": 0.017514130100607872,
  "provenance": {
    "md5sum": "9a176efac6bb937a399fb1c6e6da0c2e",
    "settings": {
      "fd_thres": 0.2,
      "testing": false
    },
    "software": "mriqc",
    "version": "21.0.0rc2",
    "webapi_port": null,
    "webapi_url": "https://mriqc.nimh.nih.gov/api/v1"
  },
  "size_t": 149,
  "size_x": 80,
  "size_y": 80,
  "size_z": 43,
  "snr": 4.9804712326703715,
  "spacing_tr": 2.4000020027160645,
  "spacing_x": 3.000000238418579,
  "spacing_y": 3.0,
  "spacing_z": 3.0,
  "summary_bg_k": 107.26671252067939,
  "summary_bg_mad": 549.5910387749308,
  "summary_bg_mean": 11005.951171875,
  "summary_bg_median": 372.1262512207031,
  "summary_bg_n": 186039.0,
  "summary_bg_p05": 1.1205694437026976,
  "summary_bg_p95": 62500.75429687503,
  "summary_bg_stdv": 31543.59375,
  "summary_fg_k": 2.232974373780414,
  "summary_fg_mad": 71957.54269933746,
  "summary_fg_mean": 459533.5625,
  "summary_fg_median": 443475.71875,
  "summary_fg_n": 43435.0,
  "summary_fg_p05": 347341.503125,
  "summary_fg_p95": 626663.0124999995,
  "summary_fg_stdv": 89041.8984375,
  "tsnr": 82.1497802734375
}