{
  "aor": 0.003448120805369128,
  "aqi": 0.010043164765100672,
  "bids_meta": {
    "ConversionSoftware": "dcm2niix",
    "ConversionSoftwareVersion": "v1.0.20170411 GCC4.3.2",
    "EchoTime": 0.025,
    "ImageType": [
      "ORIGINAL"
    ],
    "Manufacturer": "Philips",
    "ManufacturersModelName": "N/A",
    "PhilipsRescaleIntercept": 0,
    "PhilipsRescaleSlope": 3.19951,
    "PhilipsScaleSlope": 0.000933952,
    "ProtocolName": "WIPANT_FSENSE",
    "RepetitionTime": 2.4,
    "SequenceVariant": "tfl3d1_ns",
    "SliceTiming": [
      0,
      0.06,
      0.11,
      0.17,
      0.22,
      0.28,
      0.33,
      0.39,
      0.45,
      0.5,
      0.56,
      0.61,
      0.67,
      0.73,
      0.78,
      0.84,
      0.89,
      0.95,
      1,
      1.06,
      1.12,
      1.17,
      1.23,
      1.28,
      1.34,
      1.4,
      1.45,
      1.51,
      1.56,
      1.62,
      1.67,
      1.73,
      1.79,
      1.84,
      1.9,
      1.95,
      2.01,
      2.07,
      2.12,
      2.18,
      2.23,
      2.29,
      2.34
    ],
    "TaskName": "ANT",
    "UsePhilipsFloatNotDisplayScaling": 1,
    "dataset": "ds001907",
    "modality": "bold",
    "run_id": 6,
    "session_id": "1",
    "subject_id": "RC4116",
    "task_id": "ANT"
  },
  "dummy_trs": 0,
  "dvars_nstd": 20.97289482972973,
  "dvars_std": 1.0569981013513516,
  "dvars_vstd": 0.9436766768243248,
  "efc": 0.40343639498638184,
  "fber": 720216.6875,
  "fd_mean": 0.2647076380373462,
  "fd_num": 69,
  "fd_perc": 46.308724832214764,
  "fwhm_avg": 2.090027777777778,
  "fwhm_x": 1.9848166666666665,
  "fwhm_y": 2.2977166666666666,
  "fwhm_z": 1.98755,
  "gcor": 0.0325651,
  "gsr_x": -0.020397286862134933,
  "gsr_y": 0.02397245541214943,
  "provenance": {
    "md5sum": "9371eb738f800e6f6b39777ece9f2303",
    "settings": {
      "fd_thres": 0.2,
      "testing": false
    },
    "software": "mriqc",
    "version": "21.0.0rc2",
    "webapi_port": null,
    "webapi_url": "https://mriqc.nimh.nih.gov/api/v1"
  },
  "size_t": 149,
  "size_x": 80,
  "size_y": 80,
  "size_z": 43,
  "snr": 4.498149840747634,
  "spacing_tr": 2.4000020027160645,
  "spacing_x": 3.0,
  "spacing_y": 3.0,
  "spacing_z": 3.0,
  "summary_bg_k": 62.87375760649242,
  "summary_bg_mad": 734.7089223528077,
  "summary_bg_mean": 9416.5810546875,
  "summary_bg_median": 506.7359924316406,
  "summary_bg_n": 193232.0,
  "summary_bg_p05": 6.418573427200319,
  "summary_bg_p95": 52602.07246093729,
  "summary_bg_stdv": 27278.904296875,
  "summary_fg_k": 1.486405030788175,
  "summary_fg_mad": 77650.50356180232,
  "summary_fg_mean": 441978.78125,
  "summary_fg_median": 426497.0625,
  "summary_fg_n": 37959.0,
  "summary_fg_p05": 314244.290625,
  "summary_fg_p95": 623022.5562499999,
  "summary_fg_stdv": 94814.859375,
  "tsnr": 52.34806823730469
}