{
  "bids_meta": {
    "ConversionSoftware": "dcm2niix",
    "ConversionSoftwareVersion": "v1.0.20170411 GCC4.3.2",
    "EchoTime": 0.00352,
    "ImageType": [
      "ORIGINAL"
    ],
    "Manufacturer": "Philips",
    "ManufacturersModelName": "N/A",
    "PhilipsRescaleIntercept": 0,
    "PhilipsRescaleSlope": 10.2965,
    "PhilipsScaleSlope": 0.000299428,
    "ProtocolName": "WIPMPRAGE_S2SENSE",
    "RepetitionTime": 0.00758,
    "SequenceVariant": "tfl3d1_ns",
    "UsePhilipsFloatNotDisplayScaling": 1,
    "dataset": "ds001907",
    "modality": "T1w",
    "session_id": "2",
    "subject_id": "RC4109"
  },
  "cjv": 0.46591361742979603,
  "cnr": 2.7303210341766726,
  "efc": 0.7791817200467718,
  "fber": 7889.047912597656,
  "fwhm_avg": 3.1242167937906657,
  "fwhm_x": 3.200120190742027,
  "fwhm_y": 3.1982401906299707,
  "fwhm_z": 2.97429,
  "icvs_csf": 0.20589910287696794,
  "icvs_gm": 0.38555308879870254,
  "icvs_wm": 0.4085478083243295,
  "inu_med": 3.0881364345550537,
  "inu_range": 0.7874687194824217,
  "provenance": {
    "md5sum": "fdba906c7740b1c2663cb30d62835552",
    "settings": {
      "testing": false
    },
    "software": "mriqc",
    "version": "21.0.0rc2",
    "warnings": {
      "large_rot_frame": true,
      "small_air_mask": false
    },
    "webapi_port": null,
    "webapi_url": "https://mriqc.nimh.nih.gov/api/v1"
  },
  "qi_1": 0.0,
  "qi_2": 8.511570997962666e-06,
  "rpve_csf": 27.526808183651905,
  "rpve_gm": 14.388078166665823,
  "rpve_wm": 16.151958659541272,
  "size_x": 176,
  "size_y": 256,
  "size_z": 256,
  "snr_csf": 3.303896014611935,
  "snr_gm": 15.61838098245772,
  "snr_total": 11.928021136487002,
  "snr_wm": 16.86178641239135,
  "snrd_csf": 20.88071446334418,
  "snrd_gm": 46.2503967656337,
  "snrd_total": 42.00107434517373,
  "snrd_wm": 58.8721118065433,
  "spacing_x": 0.9999999403953552,
  "spacing_y": 0.9999999403953552,
  "spacing_z": 1.0,
  "summary_bg_k": 4.9948610616624824,
  "summary_bg_mad": 11.128790416315104,
  "summary_bg_mean": 11.349564144809657,
  "summary_bg_median": 7.506255067884922,
  "summary_bg_n": 387600.0,
  "summary_bg_p05": 0.0,
  "summary_bg_p95": 30.739901706576347,
  "summary_bg_stdv": 10.89863576569608,
  "summary_csf_k": 0.9035422376860422,
  "summary_csf_mad": 96.09622200754629,
  "summary_csf_mean": 378.44603766736316,
  "summary_csf_median": 354.7003386840224,
  "summary_csf_n": 12113.0,
  "summary_csf_p05": 238.2342382259667,
  "summary_csf_p95": 579.9118201017379,
  "summary_csf_stdv": 107.3537712763128,
  "summary_gm_k": 0.5170130149043595,
  "summary_gm_mad": 47.25319740260778,
  "summary_gm_mean": 785.5194133368572,
  "summary_gm_median": 785.6546971052885,
  "summary_gm_n": 11965.0,
  "summary_gm_p05": 702.3710099235177,
  "summary_gm_p95": 867.7469152286649,
  "summary_gm_stdv": 50.301107773662636,
  "summary_wm_k": 1.4722129842603104,
  "summary_wm_mad": 52.640945143839694,
  "summary_wm_mean": 1006.3182478554669,
  "summary_wm_median": 1000.0595541633666,
  "summary_wm_n": 154772.0,
  "summary_wm_p05": 921.0651555918157,
  "summary_wm_p95": 1113.7525103880082,
  "summary_wm_stdv": 59.309037544938704,
  "tpm_overlap_csf": 0.15161745250225067,
  "tpm_overlap_gm": 0.39187896251678467,
  "tpm_overlap_wm": 0.4373294711112976,
  "wm2max": 0.6076742081447963
}