{
  "bids_meta": {
    "ConversionSoftware": "dcm2niix",
    "ConversionSoftwareVersion": "v1.0.20170411 GCC4.3.2",
    "EchoTime": 0.00351,
    "ImageType": [
      "ORIGINAL"
    ],
    "Manufacturer": "Philips",
    "ManufacturersModelName": "N/A",
    "PhilipsRescaleIntercept": 0,
    "PhilipsRescaleSlope": 9.70745,
    "PhilipsScaleSlope": 0.000319984,
    "ProtocolName": "WIPMPRAGE_S2SENSE",
    "RepetitionTime": 0.007619,
    "SequenceVariant": "tfl3d1_ns",
    "UsePhilipsFloatNotDisplayScaling": 1,
    "dataset": "ds001907",
    "modality": "T1w",
    "session_id": "1",
    "subject_id": "RC4107"
  },
  "cjv": 0.40689713883276774,
  "cnr": 2.9440579521122707,
  "efc": 0.7137964963361155,
  "fber": 8699.384641225477,
  "fwhm_avg": 3.42346,
  "fwhm_x": 3.4268,
  "fwhm_y": 3.59653,
  "fwhm_z": 3.24705,
  "icvs_csf": 0.19137510726511844,
  "icvs_gm": 0.38369578170912344,
  "icvs_wm": 0.4249291110257581,
  "inu_med": 3.59098482131958,
  "inu_range": 0.8984201192855839,
  "provenance": {
    "md5sum": "c03ca50e3aaacde2afad5428e8842e3f",
    "settings": {
      "testing": false
    },
    "software": "mriqc",
    "version": "21.0.0rc2",
    "warnings": {
      "large_rot_frame": true,
      "small_air_mask": false
    },
    "webapi_port": null,
    "webapi_url": "https://mriqc.nimh.nih.gov/api/v1"
  },
  "qi_1": 0.004986288480466501,
  "qi_2": 6.115067519217245e-07,
  "rpve_csf": 34.58416157962167,
  "rpve_gm": 17.166189543241536,
  "rpve_wm": 18.931684807391107,
  "size_x": 176,
  "size_y": 256,
  "size_z": 256,
  "snr_csf": 1.6627814076113638,
  "snr_gm": 14.011167131721423,
  "snr_total": 11.983894000339612,
  "snr_wm": 20.27773346168605,
  "snrd_csf": 19.05891101969024,
  "snrd_gm": 48.661434730052896,
  "snrd_total": 43.386610059773744,
  "snrd_wm": 62.43948442957811,
  "spacing_x": 1.0,
  "spacing_y": 1.0,
  "spacing_z": 1.0,
  "summary_bg_k": 3.6812119828702112,
  "summary_bg_mad": 10.492341037789007,
  "summary_bg_mean": 9.431621560231402,
  "summary_bg_median": 7.076976485550404,
  "summary_bg_n": 397521.0,
  "summary_bg_p05": 0.0,
  "summary_bg_p95": 28.713961970061064,
  "summary_bg_stdv": 9.601311325375901,
  "summary_csf_k": 16.018405646492635,
  "summary_csf_mad": 110.341586487568,
  "summary_csf_mean": 348.8777537693728,
  "summary_csf_median": 305.2381169423461,
  "summary_csf_n": 12413.0,
  "summary_csf_p05": 182.92243975028396,
  "summary_csf_p95": 580.0336333960294,
  "summary_csf_stdv": 183.5634077930984,
  "summary_gm_k": 0.6503458835488409,
  "summary_gm_mad": 48.935590577884795,
  "summary_gm_mean": 780.5292197438995,
  "summary_gm_median": 779.3375334702432,
  "summary_gm_n": 12017.0,
  "summary_gm_p05": 690.0052073411644,
  "summary_gm_p95": 876.3037129230795,
  "summary_gm_stdv": 55.62028480636147,
  "summary_wm_k": 1.9559515738221407,
  "summary_wm_mad": 40.851327811063754,
  "summary_wm_mean": 1007.0321604430463,
  "summary_wm_median": 999.999980609864,
  "summary_wm_n": 159644.0,
  "summary_wm_p05": 940.9478325583041,
  "summary_wm_p95": 1101.9780516065657,
  "summary_wm_stdv": 49.31502085900494,
  "tpm_overlap_csf": 0.18408732116222382,
  "tpm_overlap_gm": 0.4274742603302002,
  "tpm_overlap_wm": 0.48968496918678284,
  "wm2max": 0.6117459190915543
}