{
  "aor": 0.005806308724832215,
  "aqi": 0.005297452751677852,
  "bids_meta": {
    "AcquisitionDateTime": "2013-06-14T13:12:32.430000",
    "BodyPartExamined": "BRAIN",
    "ConversionSoftware": "dcm2niix",
    "ConversionSoftwareVersion": "v1.0.20170411 GCC4.3.2",
    "EchoTime": 0.025001,
    "FlipAngle": 79,
    "ImageType": [
      "ORIGINAL",
      "PRIMARY",
      "M",
      "FFE",
      "M",
      "FFE"
    ],
    "MagneticFieldStrength": 3,
    "Manufacturer": "Philips",
    "ManufacturersModelName": "Achieva",
    "PhilipsRescaleIntercept": 0,
    "PhilipsRescaleSlope": 2.16874,
    "PhilipsScaleSlope": 0.000881563,
    "ProcedureStepDescription": "IBIC-UDALL_2",
    "ProtocolName": "WIP_ANT_A_SENSE",
    "RepetitionTime": 2.4,
    "ScanningSequence": "GR",
    "SequenceVariant": "SK",
    "SeriesDescription": "ANT_A",
    "SliceTiming": [
      0,
      0.06,
      0.11,
      0.17,
      0.22,
      0.28,
      0.33,
      0.39,
      0.45,
      0.5,
      0.56,
      0.61,
      0.67,
      0.73,
      0.78,
      0.84,
      0.89,
      0.95,
      1,
      1.06,
      1.12,
      1.17,
      1.23,
      1.28,
      1.34,
      1.4,
      1.45,
      1.51,
      1.56,
      1.62,
      1.67,
      1.73,
      1.79,
      1.84,
      1.9,
      1.95,
      2.01,
      2.07,
      2.12,
      2.18,
      2.23,
      2.29,
      2.34
    ],
    "TaskName": "ANT",
    "UsePhilipsFloatNotDisplayScaling": 1,
    "dataset": "ds001907",
    "modality": "bold",
    "run_id": 1,
    "session_id": "2",
    "subject_id": "RC4218",
    "task_id": "ANT"
  },
  "dummy_trs": 0,
  "dvars_nstd": 32.039418903445956,
  "dvars_std": 1.3345270600675676,
  "dvars_vstd": 1.037802958918919,
  "efc": 0.4056408994633015,
  "fber": 1351555.25,
  "fd_mean": 0.3431331740981189,
  "fd_num": 116,
  "fd_perc": 77.85234899328859,
  "fwhm_avg": 1.9309544444444446,
  "fwhm_x": 1.8590933333333333,
  "fwhm_y": 2.0559333333333334,
  "fwhm_z": 1.8778366666666668,
  "gcor": 0.02536,
  "gsr_x": -0.013575131073594093,
  "gsr_y": 0.012986666522920132,
  "provenance": {
    "md5sum": "3bd78c3d4c43a52d0fe596978e493f17",
    "settings": {
      "fd_thres": 0.2,
      "testing": false
    },
    "software": "mriqc",
    "version": "21.0.0rc2",
    "webapi_port": null,
    "webapi_url": "https://mriqc.nimh.nih.gov/api/v1"
  },
  "size_t": 149,
  "size_x": 80,
  "size_y": 80,
  "size_z": 43,
  "snr": 4.668443390506123,
  "spacing_tr": 2.4000020027160645,
  "spacing_x": 3.0,
  "spacing_y": 3.0,
  "spacing_z": 3.0,
  "summary_bg_k": 135.8597432798549,
  "summary_bg_mad": 736.0136128282429,
  "summary_bg_mean": 9142.64453125,
  "summary_bg_median": 503.5770263671875,
  "summary_bg_n": 189242.0,
  "summary_bg_p05": 3.5048556208610537,
  "summary_bg_p95": 45716.18906249999,
  "summary_bg_stdv": 31582.302734375,
  "summary_fg_k": 1.475315075585713,
  "summary_fg_mad": 107305.93011822533,
  "summary_fg_mean": 596966.3125,
  "summary_fg_median": 575751.5,
  "summary_fg_n": 40481.0,
  "summary_fg_p05": 436085.25,
  "summary_fg_p95": 826390.0,
  "summary_fg_stdv": 123326.84375,
  "tsnr": 71.86012268066406
}