{
  "aor": 0.003970604026845638,
  "aqi": 0.0071666915436241615,
  "bids_meta": {
    "AcquisitionDateTime": "2013-08-07T18:11:6.350000",
    "BodyPartExamined": "BRAIN",
    "ConversionSoftware": "dcm2niix",
    "ConversionSoftwareVersion": "v1.0.20170411 GCC4.3.2",
    "EchoTime": 0.025001,
    "FlipAngle": 79,
    "ImageType": [
      "ORIGINAL",
      "PRIMARY",
      "M",
      "FFE",
      "M",
      "FFE"
    ],
    "MagneticFieldStrength": 3,
    "Manufacturer": "Philips",
    "ManufacturersModelName": "Achieva",
    "PhilipsRescaleIntercept": 0,
    "PhilipsRescaleSlope": 2.36386,
    "PhilipsScaleSlope": 0.000965729,
    "ProcedureStepDescription": "UDALL",
    "ProtocolName": "WIP_ANT_D_SENSE",
    "RepetitionTime": 2.4,
    "ScanningSequence": "GR",
    "SequenceVariant": "SK",
    "SeriesDescription": "ANT_D",
    "SliceTiming": [
      0,
      0.06,
      0.11,
      0.17,
      0.22,
      0.28,
      0.33,
      0.39,
      0.45,
      0.5,
      0.56,
      0.61,
      0.67,
      0.73,
      0.78,
      0.84,
      0.89,
      0.95,
      1,
      1.06,
      1.12,
      1.17,
      1.23,
      1.28,
      1.34,
      1.4,
      1.45,
      1.51,
      1.56,
      1.62,
      1.67,
      1.73,
      1.79,
      1.84,
      1.9,
      1.95,
      2.01,
      2.07,
      2.12,
      2.18,
      2.23,
      2.29,
      2.34
    ],
    "TaskName": "ANT",
    "UsePhilipsFloatNotDisplayScaling": 1,
    "dataset": "ds001907",
    "modality": "bold",
    "run_id": 4,
    "session_id": "1",
    "subject_id": "RC4227",
    "task_id": "ANT"
  },
  "dummy_trs": 0,
  "dvars_nstd": 37.55657832682432,
  "dvars_std": 1.2576696491891892,
  "dvars_vstd": 1.014703311283784,
  "efc": 0.4338791857962999,
  "fber": 540995.25,
  "fd_mean": 0.5554546863168629,
  "fd_num": 141,
  "fd_perc": 94.63087248322148,
  "fwhm_avg": 2.1252,
  "fwhm_x": 2.0459633333333334,
  "fwhm_y": 2.2135333333333334,
  "fwhm_z": 2.1161033333333332,
  "gcor": 0.00761825,
  "gsr_x": -0.010556921362876892,
  "gsr_y": 0.022386591881513596,
  "provenance": {
    "md5sum": "9216d5557ec39943e6b88e2cfa921203",
    "settings": {
      "fd_thres": 0.2,
      "testing": false
    },
    "software": "mriqc",
    "version": "21.0.0rc2",
    "webapi_port": null,
    "webapi_url": "https://mriqc.nimh.nih.gov/api/v1"
  },
  "size_t": 149,
  "size_x": 80,
  "size_y": 80,
  "size_z": 43,
  "snr": 3.99560766118088,
  "spacing_tr": 2.4000020027160645,
  "spacing_x": 3.0,
  "spacing_y": 3.0,
  "spacing_z": 3.0,
  "summary_bg_k": 157.54704110592465,
  "summary_bg_mad": 777.9519548309743,
  "summary_bg_mean": 9013.458984375,
  "summary_bg_median": 533.9967651367188,
  "summary_bg_n": 183672.0,
  "summary_bg_p05": 4.826341605186463,
  "summary_bg_p95": 45447.916015624876,
  "summary_bg_stdv": 28255.0234375,
  "summary_fg_k": 1.5177968205634755,
  "summary_fg_mad": 76899.88985736453,
  "summary_fg_mean": 419341.5,
  "summary_fg_median": 397851.15625,
  "summary_fg_n": 45733.0,
  "summary_fg_p05": 295522.2875,
  "summary_fg_p95": 627616.6125,
  "summary_fg_stdv": 99571.0390625,
  "tsnr": 58.5618782043457
}