{
  "aor": 0.0022161073825503357,
  "aqi": 0.008580944429530203,
  "bids_meta": {
    "AcquisitionDateTime": "2013-08-07T18:42:52.250000",
    "BodyPartExamined": "BRAIN",
    "ConversionSoftware": "dcm2niix",
    "ConversionSoftwareVersion": "v1.0.20170411 GCC4.3.2",
    "EchoTime": 0.025001,
    "FlipAngle": 79,
    "ImageType": [
      "ORIGINAL",
      "PRIMARY",
      "M",
      "FFE",
      "M",
      "FFE"
    ],
    "MagneticFieldStrength": 3,
    "Manufacturer": "Philips",
    "ManufacturersModelName": "Achieva",
    "PhilipsRescaleIntercept": 0,
    "PhilipsRescaleSlope": 2.45421,
    "PhilipsScaleSlope": 0.000971311,
    "ProcedureStepDescription": "UDALL",
    "ProtocolName": "WIP_ANT_C_SENSE",
    "RepetitionTime": 2.4,
    "ScanningSequence": "GR",
    "SequenceVariant": "SK",
    "SeriesDescription": "ANT_C",
    "SliceTiming": [
      0,
      0.06,
      0.11,
      0.17,
      0.22,
      0.28,
      0.33,
      0.39,
      0.45,
      0.5,
      0.56,
      0.61,
      0.67,
      0.73,
      0.78,
      0.84,
      0.89,
      0.95,
      1,
      1.06,
      1.12,
      1.17,
      1.23,
      1.28,
      1.34,
      1.4,
      1.45,
      1.51,
      1.56,
      1.62,
      1.67,
      1.73,
      1.79,
      1.84,
      1.9,
      1.95,
      2.01,
      2.07,
      2.12,
      2.18,
      2.23,
      2.29,
      2.34
    ],
    "TaskName": "ANT",
    "UsePhilipsFloatNotDisplayScaling": 1,
    "dataset": "ds001907",
    "modality": "bold",
    "run_id": 3,
    "session_id": "1",
    "subject_id": "RC4227",
    "task_id": "ANT"
  },
  "dummy_trs": 0,
  "dvars_nstd": 42.81387614533785,
  "dvars_std": 1.2275102011486492,
  "dvars_vstd": 0.9914651407432437,
  "efc": 0.4336336958992982,
  "fber": 407660.375,
  "fd_mean": 0.6651683687833828,
  "fd_num": 147,
  "fd_perc": 98.65771812080537,
  "fwhm_avg": 2.1229922222222224,
  "fwhm_x": 2.0491699999999997,
  "fwhm_y": 2.2132033333333334,
  "fwhm_z": 2.1066033333333336,
  "gcor": 0.00766152,
  "gsr_x": -0.009828083217144012,
  "gsr_y": 0.02303120121359825,
  "provenance": {
    "md5sum": "0c6969115d4384ea771cf0b56a88cc68",
    "settings": {
      "fd_thres": 0.2,
      "testing": false
    },
    "software": "mriqc",
    "version": "21.0.0rc2",
    "webapi_port": null,
    "webapi_url": "https://mriqc.nimh.nih.gov/api/v1"
  },
  "size_t": 149,
  "size_x": 80,
  "size_y": 80,
  "size_z": 43,
  "snr": 3.988759340685558,
  "spacing_tr": 2.4000020027160645,
  "spacing_x": 3.0,
  "spacing_y": 3.0,
  "spacing_z": 3.0,
  "summary_bg_k": 157.98490707103406,
  "summary_bg_mad": 893.6690137296513,
  "summary_bg_mean": 9155.3779296875,
  "summary_bg_median": 621.6942138671875,
  "summary_bg_n": 183954.0,
  "summary_bg_p05": 9.846438550949097,
  "summary_bg_p95": 46361.020312500026,
  "summary_bg_stdv": 28431.43359375,
  "summary_fg_k": 1.5560850126011072,
  "summary_fg_mad": 76324.31587734906,
  "summary_fg_mean": 419700.21875,
  "summary_fg_median": 397400.1875,
  "summary_fg_n": 45536.0,
  "summary_fg_p05": 296752.1953125,
  "summary_fg_p95": 627997.125,
  "summary_fg_stdv": 99628.9296875,
  "tsnr": 54.038795471191406
}