{
  "bids_meta": {
    "ConversionSoftware": "dcm2niix",
    "ConversionSoftwareVersion": "v1.0.20170411 GCC4.3.2",
    "EchoTime": 0.00351,
    "ImageType": [
      "ORIGINAL"
    ],
    "Manufacturer": "Philips",
    "ManufacturersModelName": "N/A",
    "PhilipsRescaleIntercept": 0,
    "PhilipsRescaleSlope": 8.98388,
    "PhilipsScaleSlope": 0.000349596,
    "ProtocolName": "WIPMPRAGE_S2SENSE",
    "RepetitionTime": 0.007628,
    "SequenceVariant": "tfl3d1_ns",
    "UsePhilipsFloatNotDisplayScaling": 1,
    "dataset": "ds001907",
    "modality": "T1w",
    "session_id": "2",
    "subject_id": "RC4123"
  },
  "cjv": 0.4234898306586758,
  "cnr": 2.995946861105263,
  "efc": 0.767707151334278,
  "fber": 2127.5673349554586,
  "fwhm_avg": 3.39683,
  "fwhm_x": 3.53983,
  "fwhm_y": 3.48026,
  "fwhm_z": 3.1704,
  "icvs_csf": 0.24104794729645831,
  "icvs_gm": 0.3547489372087129,
  "icvs_wm": 0.40420311549482874,
  "inu_med": 2.9418773651123047,
  "inu_range": 0.7685566902160641,
  "provenance": {
    "md5sum": "8cd24fa9e19b723f18ec289b469d6c48",
    "settings": {
      "testing": false
    },
    "software": "mriqc",
    "version": "21.0.0rc2",
    "warnings": {
      "large_rot_frame": true,
      "small_air_mask": false
    },
    "webapi_port": null,
    "webapi_url": "https://mriqc.nimh.nih.gov/api/v1"
  },
  "qi_1": 0.0,
  "qi_2": 1.1059916286017833e-05,
  "rpve_csf": 24.82143429435126,
  "rpve_gm": 15.395423758155438,
  "rpve_wm": 16.785686014090576,
  "size_x": 176,
  "size_y": 256,
  "size_z": 256,
  "snr_csf": 2.530880292451226,
  "snr_gm": 13.842758898231322,
  "snr_total": 12.127527488083352,
  "snr_wm": 20.00894327356751,
  "snrd_csf": 18.710246831018594,
  "snrd_gm": 48.591600222425754,
  "snrd_total": 43.57067492822381,
  "snrd_wm": 63.4101777312271,
  "spacing_x": 1.0,
  "spacing_y": 1.0,
  "spacing_z": 1.0,
  "summary_bg_k": 1675.5683073668895,
  "summary_bg_mad": 10.332354172803235,
  "summary_bg_mean": 12.011390335944279,
  "summary_bg_median": 6.969066984951496,
  "summary_bg_n": 322130.0,
  "summary_bg_p05": 0.0,
  "summary_bg_p95": 34.35627759248018,
  "summary_bg_stdv": 22.862826310959406,
  "summary_csf_k": 32.44937083655462,
  "summary_csf_mad": 88.73135732609093,
  "summary_csf_mean": 320.6861420084974,
  "summary_csf_median": 295.08496786281466,
  "summary_csf_n": 30979.0,
  "summary_csf_p05": 188.10367642715573,
  "summary_csf_p95": 522.1909665390849,
  "summary_csf_stdv": 116.59192496903985,
  "summary_gm_k": 0.4045180901911407,
  "summary_gm_mad": 52.84002177845865,
  "summary_gm_mean": 766.5129397677301,
  "summary_gm_median": 766.3528396785259,
  "summary_gm_n": 8405.0,
  "summary_gm_p05": 676.4885548725724,
  "summary_gm_p95": 859.0169777117669,
  "summary_gm_stdv": 55.357985705888346,
  "summary_wm_k": 1.2195302081600223,
  "summary_wm_mad": 46.13305503470918,
  "summary_wm_mean": 1002.6057897044764,
  "summary_wm_median": 1000.0611123405397,
  "summary_wm_n": 167738.0,
  "summary_wm_p05": 926.2745873332024,
  "summary_wm_p95": 1087.4801104851067,
  "summary_wm_stdv": 49.980557075988884,
  "tpm_overlap_csf": 0.1490417718887329,
  "tpm_overlap_gm": 0.36528724431991577,
  "tpm_overlap_wm": 0.44210803508758545,
  "wm2max": 0.5575284575011928
}