{
  "bids_meta": {
    "ConversionSoftware": "dcm2niix",
    "ConversionSoftwareVersion": "v1.0.20170411 GCC4.3.2",
    "EchoTime": 0.00351,
    "ImageType": [
      "ORIGINAL"
    ],
    "Manufacturer": "Philips",
    "ManufacturersModelName": "N/A",
    "PhilipsRescaleIntercept": 0,
    "PhilipsRescaleSlope": 6.84444,
    "PhilipsScaleSlope": 0.000327681,
    "ProtocolName": "WIPMPRAGE_S2SENSE",
    "RepetitionTime": 0.007562,
    "SequenceVariant": "tfl3d1_ns",
    "UsePhilipsFloatNotDisplayScaling": 1,
    "dataset": "ds001907",
    "modality": "T1w",
    "session_id": "2",
    "subject_id": "RC4215"
  },
  "cjv": 0.39592471380338845,
  "cnr": 2.909724880726246,
  "efc": 0.7372443289165624,
  "fber": 3864.823154970873,
  "fwhm_avg": 3.235883256391505,
  "fwhm_x": 3.23119,
  "fwhm_y": 3.449689588764955,
  "fwhm_z": 3.0267701804095615,
  "icvs_csf": 0.16499667746549848,
  "icvs_gm": 0.42586281365785544,
  "icvs_wm": 0.4091405088766461,
  "inu_med": 2.7305116653442383,
  "inu_range": 0.8161217212677001,
  "provenance": {
    "md5sum": "efa7897014730e48728f492caf2b3dd7",
    "settings": {
      "testing": false
    },
    "software": "mriqc",
    "version": "21.0.0rc2",
    "warnings": {
      "large_rot_frame": true,
      "small_air_mask": false
    },
    "webapi_port": null,
    "webapi_url": "https://mriqc.nimh.nih.gov/api/v1"
  },
  "qi_1": 0.0,
  "qi_2": 5.018038842916269e-06,
  "rpve_csf": 37.3526513733088,
  "rpve_gm": 15.897782030022022,
  "rpve_wm": 19.477210197079412,
  "size_x": 176,
  "size_y": 256,
  "size_z": 256,
  "snr_csf": 1.120410922686209,
  "snr_gm": 13.13424497869336,
  "snr_total": 12.317235880051207,
  "snr_wm": 22.697051738774054,
  "snrd_csf": 26.482137268190947,
  "snrd_gm": 57.93288663151977,
  "snrd_total": 53.1509614437828,
  "snrd_wm": 75.03786043163767,
  "spacing_x": 1.0,
  "spacing_y": 1.0000001192092896,
  "spacing_z": 0.9999999403953552,
  "summary_bg_k": 2837.0159931163703,
  "summary_bg_mad": 8.73074424774889,
  "summary_bg_mean": 10.9282017375991,
  "summary_bg_median": 5.9572718963027,
  "summary_bg_n": 481587.0,
  "summary_bg_p05": 0.0,
  "summary_bg_p95": 29.5124619230628,
  "summary_bg_stdv": 27.223784833999954,
  "summary_csf_k": 15.354347932104794,
  "summary_csf_mad": 171.77231706036187,
  "summary_csf_mean": 424.2444661550636,
  "summary_csf_median": 352.91700406372547,
  "summary_csf_n": 8426.0,
  "summary_csf_p05": 190.6840564738959,
  "summary_csf_p95": 986.7673101108521,
  "summary_csf_stdv": 314.97020794178894,
  "summary_gm_k": 0.57366688266523,
  "summary_gm_mad": 52.99358717819674,
  "summary_gm_mean": 771.228776611398,
  "summary_gm_median": 772.0487428829074,
  "summary_gm_n": 18126.0,
  "summary_gm_p05": 670.3813929054886,
  "summary_gm_p95": 867.5020420029759,
  "summary_gm_stdv": 58.77973550213221,
  "summary_wm_k": 2.304523862019801,
  "summary_wm_mad": 37.25794347585863,
  "summary_wm_mean": 1003.3026877140799,
  "summary_wm_median": 999.9999859035015,
  "summary_wm_n": 158718.0,
  "summary_wm_p05": 939.4001510962844,
  "summary_wm_p95": 1079.8411241918802,
  "summary_wm_stdv": 44.058446320098525,
  "tpm_overlap_csf": 0.1837296038866043,
  "tpm_overlap_gm": 0.44465547800064087,
  "tpm_overlap_wm": 0.48738181591033936,
  "wm2max": 0.5490225563909774
}