{
  "aor": 0.005781073825503356,
  "aqi": 0.008535153355704699,
  "bids_meta": {
    "ConversionSoftware": "dcm2niix",
    "ConversionSoftwareVersion": "v1.0.20170411 GCC4.3.2",
    "EchoTime": 0.025,
    "ImageType": [
      "ORIGINAL"
    ],
    "Manufacturer": "Philips",
    "ManufacturersModelName": "N/A",
    "PhilipsRescaleIntercept": 0,
    "PhilipsRescaleSlope": 2.04054,
    "PhilipsScaleSlope": 0.00102337,
    "ProtocolName": "WIPANT_ESENSE",
    "RepetitionTime": 2.4,
    "SequenceVariant": "tfl3d1_ns",
    "SliceTiming": [
      0,
      0.06,
      0.11,
      0.17,
      0.22,
      0.28,
      0.33,
      0.39,
      0.45,
      0.5,
      0.56,
      0.61,
      0.67,
      0.73,
      0.78,
      0.84,
      0.89,
      0.95,
      1,
      1.06,
      1.12,
      1.17,
      1.23,
      1.28,
      1.34,
      1.4,
      1.45,
      1.51,
      1.56,
      1.62,
      1.67,
      1.73,
      1.79,
      1.84,
      1.9,
      1.95,
      2.01,
      2.07,
      2.12,
      2.18,
      2.23,
      2.29,
      2.34
    ],
    "TaskName": "ANT",
    "UsePhilipsFloatNotDisplayScaling": 1,
    "dataset": "ds001907",
    "modality": "bold",
    "run_id": 5,
    "session_id": "2",
    "subject_id": "RC4204",
    "task_id": "ANT"
  },
  "dummy_trs": 0,
  "dvars_nstd": 23.92435327709461,
  "dvars_std": 1.2559435408108108,
  "dvars_vstd": 0.98651775,
  "efc": 0.39773870340839995,
  "fber": 943463.625,
  "fd_mean": 0.2699034790965188,
  "fd_num": 99,
  "fd_perc": 66.44295302013423,
  "fwhm_avg": 1.9027655555555556,
  "fwhm_x": 1.8595733333333333,
  "fwhm_y": 2.0408133333333334,
  "fwhm_z": 1.80791,
  "gcor": 0.0223628,
  "gsr_x": -0.0199444480240345,
  "gsr_y": 0.012090115807950497,
  "provenance": {
    "md5sum": "27dbbde88dca49c60849db2842d03bb9",
    "settings": {
      "fd_thres": 0.2,
      "testing": false
    },
    "software": "mriqc",
    "version": "21.0.0rc2",
    "webapi_port": null,
    "webapi_url": "https://mriqc.nimh.nih.gov/api/v1"
  },
  "size_t": 149,
  "size_x": 80,
  "size_y": 80,
  "size_z": 43,
  "snr": 4.547459995290138,
  "spacing_tr": 2.4000020027160645,
  "spacing_x": 3.0,
  "spacing_y": 3.0,
  "spacing_z": 3.0,
  "summary_bg_k": 97.14341779559864,
  "summary_bg_mad": 590.6054786607958,
  "summary_bg_mean": 8761.5830078125,
  "summary_bg_median": 403.521240234375,
  "summary_bg_n": 195151.0,
  "summary_bg_p05": 2.625190854072571,
  "summary_bg_p95": 46350.18359375,
  "summary_bg_stdv": 25345.01953125,
  "summary_fg_k": 1.8931021328957982,
  "summary_fg_mad": 67236.89090429629,
  "summary_fg_mean": 395975.75,
  "summary_fg_median": 380230.125,
  "summary_fg_n": 36314.0,
  "summary_fg_p05": 288722.5359375,
  "summary_fg_p95": 561179.871875,
  "summary_fg_stdv": 83612.5859375,
  "tsnr": 58.18756866455078
}