{
  "aor": 0.0025165100671140942,
  "aqi": 0.005398118523489933,
  "bids_meta": {
    "ConversionSoftware": "dcm2niix",
    "ConversionSoftwareVersion": "v1.0.20170411 GCC4.3.2",
    "EchoTime": 0.025,
    "ImageType": [
      "ORIGINAL"
    ],
    "Manufacturer": "Philips",
    "ManufacturersModelName": "N/A",
    "PhilipsRescaleIntercept": 0,
    "PhilipsRescaleSlope": 2.69817,
    "PhilipsScaleSlope": 0.00101583,
    "ProtocolName": "WIPANT_FSENSE",
    "RepetitionTime": 2.4,
    "SequenceVariant": "tfl3d1_ns",
    "SliceTiming": [
      0,
      0.06,
      0.11,
      0.17,
      0.22,
      0.28,
      0.33,
      0.39,
      0.45,
      0.5,
      0.56,
      0.61,
      0.67,
      0.73,
      0.78,
      0.84,
      0.89,
      0.95,
      1,
      1.06,
      1.12,
      1.17,
      1.23,
      1.28,
      1.34,
      1.4,
      1.45,
      1.51,
      1.56,
      1.62,
      1.67,
      1.73,
      1.79,
      1.84,
      1.9,
      1.95,
      2.01,
      2.07,
      2.12,
      2.18,
      2.23,
      2.29,
      2.34
    ],
    "TaskName": "ANT",
    "UsePhilipsFloatNotDisplayScaling": 1,
    "dataset": "ds001907",
    "modality": "bold",
    "run_id": 6,
    "session_id": "1",
    "subject_id": "RC4204",
    "task_id": "ANT"
  },
  "dummy_trs": 0,
  "dvars_nstd": 22.857048865810807,
  "dvars_std": 1.3138797446621624,
  "dvars_vstd": 0.9971885249324325,
  "efc": 0.39521435981639164,
  "fber": 3808755.5,
  "fd_mean": 0.25063456397710954,
  "fd_num": 94,
  "fd_perc": 63.08724832214765,
  "fwhm_avg": 1.8916866666666665,
  "fwhm_x": 1.8436899999999998,
  "fwhm_y": 2.05384,
  "fwhm_z": 1.7775299999999998,
  "gcor": 0.0356236,
  "gsr_x": -0.019720042124390602,
  "gsr_y": 0.013675895519554615,
  "provenance": {
    "md5sum": "41c508ddbb42c018d69e4f9e2b499775",
    "settings": {
      "fd_thres": 0.2,
      "testing": false
    },
    "software": "mriqc",
    "version": "21.0.0rc2",
    "webapi_port": null,
    "webapi_url": "https://mriqc.nimh.nih.gov/api/v1"
  },
  "size_t": 149,
  "size_x": 80,
  "size_y": 80,
  "size_z": 43,
  "snr": 4.663701099917821,
  "spacing_tr": 2.4000020027160645,
  "spacing_x": 3.0,
  "spacing_y": 3.0,
  "spacing_z": 3.0,
  "summary_bg_k": 113.337094851029,
  "summary_bg_mad": 280.7719706993561,
  "summary_bg_mean": 7904.2412109375,
  "summary_bg_median": 191.18365478515625,
  "summary_bg_n": 194752.0,
  "summary_bg_p05": 1.0189122080802917,
  "summary_bg_p95": 41125.74082031247,
  "summary_bg_stdv": 24772.20703125,
  "summary_fg_k": 1.9875416842613278,
  "summary_fg_mad": 63095.148944262226,
  "summary_fg_mean": 386773.0625,
  "summary_fg_median": 372104.25,
  "summary_fg_n": 36474.0,
  "summary_fg_p05": 285329.0328125,
  "summary_fg_p95": 542683.1281249999,
  "summary_fg_stdv": 79786.234375,
  "tsnr": 76.9109878540039
}