{
  "aor": 0.015473691275167786,
  "aqi": 0.029788707449664425,
  "bids_meta": {
    "ConversionSoftware": "dcm2niix",
    "ConversionSoftwareVersion": "v1.0.20170411 GCC4.3.2",
    "EchoTime": 0.025,
    "ImageType": [
      "ORIGINAL"
    ],
    "Manufacturer": "Philips",
    "ManufacturersModelName": "N/A",
    "PhilipsRescaleIntercept": 0,
    "PhilipsRescaleSlope": 2.13553,
    "PhilipsScaleSlope": 0.000949599,
    "ProtocolName": "WIPANT_DSENSE",
    "RepetitionTime": 2.4,
    "SequenceVariant": "tfl3d1_ns",
    "SliceTiming": [
      0,
      0.06,
      0.11,
      0.17,
      0.22,
      0.28,
      0.33,
      0.39,
      0.45,
      0.5,
      0.56,
      0.61,
      0.67,
      0.73,
      0.78,
      0.84,
      0.89,
      0.95,
      1,
      1.06,
      1.12,
      1.17,
      1.23,
      1.28,
      1.34,
      1.4,
      1.45,
      1.51,
      1.56,
      1.62,
      1.67,
      1.73,
      1.79,
      1.84,
      1.9,
      1.95,
      2.01,
      2.07,
      2.12,
      2.18,
      2.23,
      2.29,
      2.34
    ],
    "TaskName": "ANT",
    "UsePhilipsFloatNotDisplayScaling": 1,
    "dataset": "ds001907",
    "modality": "bold",
    "run_id": 4,
    "session_id": "2",
    "subject_id": "RC4213",
    "task_id": "ANT"
  },
  "dummy_trs": 0,
  "dvars_nstd": 55.456325801756755,
  "dvars_std": 1.3432447595270272,
  "dvars_vstd": 1.079003022567567,
  "efc": 0.41816441403333615,
  "fber": 414398.71875,
  "fd_mean": 1.0299907361435767,
  "fd_num": 132,
  "fd_perc": 88.59060402684564,
  "fwhm_avg": 1.9080366666666668,
  "fwhm_x": 1.8484366666666665,
  "fwhm_y": 2.0425833333333334,
  "fwhm_z": 1.83309,
  "gcor": 0.0330529,
  "gsr_x": -0.020681748166680336,
  "gsr_y": 0.037486981600522995,
  "provenance": {
    "md5sum": "20ace501c99702a8bf08c91c922b7a62",
    "settings": {
      "fd_thres": 0.2,
      "testing": false
    },
    "software": "mriqc",
    "version": "21.0.0rc2",
    "webapi_port": null,
    "webapi_url": "https://mriqc.nimh.nih.gov/api/v1"
  },
  "size_t": 149,
  "size_x": 80,
  "size_y": 80,
  "size_z": 43,
  "snr": 5.552027552174941,
  "spacing_tr": 2.4000020027160645,
  "spacing_x": 3.0,
  "spacing_y": 3.0,
  "spacing_z": 3.0,
  "summary_bg_k": 71.62549242194432,
  "summary_bg_mad": 998.5287468881356,
  "summary_bg_mean": 12755.0439453125,
  "summary_bg_median": 693.3681640625,
  "summary_bg_n": 193558.0,
  "summary_bg_p05": 12.171284914016724,
  "summary_bg_p95": 65080.35800781245,
  "summary_bg_stdv": 36504.8046875,
  "summary_fg_k": 2.59940732074363,
  "summary_fg_mad": 67173.71815039215,
  "summary_fg_mean": 440935.96875,
  "summary_fg_median": 430964.875,
  "summary_fg_n": 38416.0,
  "summary_fg_p05": 336514.6484375,
  "summary_fg_p95": 573705.4375,
  "summary_fg_stdv": 77621.9609375,
  "tsnr": 33.02344512939453
}