{
  "aor": 0.0008154054054054055,
  "aqi": 0.0027575964864864867,
  "bids_meta": {
    "AcquisitionDateTime": "2013-01-22T09:06:54.280000",
    "BodyPartExamined": "BRAIN",
    "ConversionSoftware": "dcm2niix",
    "ConversionSoftwareVersion": "v1.0.20170411 GCC4.3.2",
    "EchoTime": 0.025,
    "FlipAngle": 79,
    "ImageType": [
      "ORIGINAL",
      "PRIMARY",
      "M",
      "FFE",
      "M",
      "FFE"
    ],
    "MagneticFieldStrength": 3,
    "Manufacturer": "Philips",
    "ManufacturersModelName": "Achieva",
    "PhilipsRescaleIntercept": 0,
    "PhilipsRescaleSlope": 2.8061,
    "PhilipsScaleSlope": 0.000876065,
    "ProcedureStepDescription": "IBIC-UDALL2",
    "ProtocolName": "WIP_ANT_F_SENSE",
    "RepetitionTime": 2.4,
    "ScanningSequence": "GR",
    "SequenceVariant": "SK",
    "SeriesDescription": "ANT_F",
    "SliceTiming": [
      0,
      0.06,
      0.11,
      0.17,
      0.22,
      0.28,
      0.33,
      0.39,
      0.45,
      0.5,
      0.56,
      0.61,
      0.67,
      0.73,
      0.78,
      0.84,
      0.89,
      0.95,
      1,
      1.06,
      1.12,
      1.17,
      1.23,
      1.28,
      1.34,
      1.4,
      1.45,
      1.51,
      1.56,
      1.62,
      1.67,
      1.73,
      1.79,
      1.84,
      1.9,
      1.95,
      2.01,
      2.07,
      2.12,
      2.18,
      2.23,
      2.29,
      2.34
    ],
    "TaskName": "ANT",
    "UsePhilipsFloatNotDisplayScaling": 1,
    "dataset": "ds001907",
    "modality": "bold",
    "run_id": 6,
    "session_id": "2",
    "subject_id": "RC4206",
    "task_id": "ANT"
  },
  "dummy_trs": 1,
  "dvars_nstd": 19.574467425170067,
  "dvars_std": 1.4137760554421763,
  "dvars_vstd": 0.9895748614965981,
  "efc": 0.39858069622752446,
  "fber": 6949579.0,
  "fd_mean": 0.08252098716560774,
  "fd_num": 2,
  "fd_perc": 1.3513513513513513,
  "fwhm_avg": 1.937372222222222,
  "fwhm_x": 1.7993766666666666,
  "fwhm_y": 2.1125333333333334,
  "fwhm_z": 1.9002066666666666,
  "gcor": 0.0196495,
  "gsr_x": -0.021803297102451324,
  "gsr_y": 0.016589386388659477,
  "provenance": {
    "md5sum": "987695cdff7ee8561427e0c414b66493",
    "settings": {
      "fd_thres": 0.2,
      "testing": false
    },
    "software": "mriqc",
    "version": "21.0.0rc2",
    "webapi_port": null,
    "webapi_url": "https://mriqc.nimh.nih.gov/api/v1"
  },
  "size_t": 148,
  "size_x": 80,
  "size_y": 80,
  "size_z": 43,
  "snr": 5.391005675840793,
  "spacing_tr": 2.4000020027160645,
  "spacing_x": 3.0,
  "spacing_y": 3.0,
  "spacing_z": 3.0,
  "summary_bg_k": 78.93381949890082,
  "summary_bg_mad": 322.7547241836313,
  "summary_bg_mean": 11276.810546875,
  "summary_bg_median": 217.76052856445312,
  "summary_bg_n": 193822.0,
  "summary_bg_p05": 0.03648876734077932,
  "summary_bg_p95": 67412.25312499989,
  "summary_bg_stdv": 36968.75390625,
  "summary_fg_k": 3.508171167527019,
  "summary_fg_mad": 83250.43113505596,
  "summary_fg_mean": 570452.8125,
  "summary_fg_median": 554268.8125,
  "summary_fg_n": 37293.0,
  "summary_fg_p05": 436109.36875,
  "summary_fg_p95": 746072.7500000002,
  "summary_fg_stdv": 102812.2421875,
  "tsnr": 122.31781768798828
}