{
  "aor": 0.0011401342281879196,
  "aqi": 0.0027386233557046983,
  "bids_meta": {
    "AcquisitionDateTime": "2013-01-22T09:18:16.170000",
    "BodyPartExamined": "BRAIN",
    "ConversionSoftware": "dcm2niix",
    "ConversionSoftwareVersion": "v1.0.20170411 GCC4.3.2",
    "EchoTime": 0.025,
    "FlipAngle": 79,
    "ImageType": [
      "ORIGINAL",
      "PRIMARY",
      "M",
      "FFE",
      "M",
      "FFE"
    ],
    "MagneticFieldStrength": 3,
    "Manufacturer": "Philips",
    "ManufacturersModelName": "Achieva",
    "PhilipsRescaleIntercept": 0,
    "PhilipsRescaleSlope": 2.65421,
    "PhilipsScaleSlope": 0.000870298,
    "ProcedureStepDescription": "IBIC-UDALL2",
    "ProtocolName": "WIP_ANT_B_SENSE",
    "RepetitionTime": 2.4,
    "ScanningSequence": "GR",
    "SequenceVariant": "SK",
    "SeriesDescription": "ANT_B",
    "SliceTiming": [
      0,
      0.06,
      0.11,
      0.17,
      0.22,
      0.28,
      0.33,
      0.39,
      0.45,
      0.5,
      0.56,
      0.61,
      0.67,
      0.73,
      0.78,
      0.84,
      0.89,
      0.95,
      1,
      1.06,
      1.12,
      1.17,
      1.23,
      1.28,
      1.34,
      1.4,
      1.45,
      1.51,
      1.56,
      1.62,
      1.67,
      1.73,
      1.79,
      1.84,
      1.9,
      1.95,
      2.01,
      2.07,
      2.12,
      2.18,
      2.23,
      2.29,
      2.34
    ],
    "TaskName": "ANT",
    "UsePhilipsFloatNotDisplayScaling": 1,
    "dataset": "ds001907",
    "modality": "bold",
    "run_id": 2,
    "session_id": "2",
    "subject_id": "RC4206",
    "task_id": "ANT"
  },
  "dummy_trs": 0,
  "dvars_nstd": 20.07717559155405,
  "dvars_std": 1.4378705154054052,
  "dvars_vstd": 1.009454082635135,
  "efc": 0.3979410923094092,
  "fber": 10225987.0,
  "fd_mean": 0.08120744178673818,
  "fd_num": 3,
  "fd_perc": 2.0134228187919465,
  "fwhm_avg": 1.954456666666667,
  "fwhm_x": 1.8251666666666668,
  "fwhm_y": 2.127616666666667,
  "fwhm_z": 1.9105866666666669,
  "gcor": 0.0175752,
  "gsr_x": -0.021933337673544884,
  "gsr_y": 0.01663481444120407,
  "provenance": {
    "md5sum": "f2837ea1b91fc0dd58194b0d2a5aa111",
    "settings": {
      "fd_thres": 0.2,
      "testing": false
    },
    "software": "mriqc",
    "version": "21.0.0rc2",
    "webapi_port": null,
    "webapi_url": "https://mriqc.nimh.nih.gov/api/v1"
  },
  "size_t": 149,
  "size_x": 80,
  "size_y": 80,
  "size_z": 43,
  "snr": 5.334625818088893,
  "spacing_tr": 2.4000020027160645,
  "spacing_x": 3.0,
  "spacing_y": 3.0,
  "spacing_z": 3.0,
  "summary_bg_k": 80.52546311546705,
  "summary_bg_mad": 268.16318395160243,
  "summary_bg_mean": 11387.662109375,
  "summary_bg_median": 181.224853515625,
  "summary_bg_n": 193932.0,
  "summary_bg_p05": 0.30474086552858354,
  "summary_bg_p95": 68526.0093749998,
  "summary_bg_stdv": 37328.49609375,
  "summary_fg_k": 3.556405403999496,
  "summary_fg_mad": 84106.68024756228,
  "summary_fg_mean": 578080.875,
  "summary_fg_median": 560891.9375,
  "summary_fg_n": 37169.0,
  "summary_fg_p05": 441580.5875,
  "summary_fg_p95": 757270.5875,
  "summary_fg_stdv": 105140.34375,
  "tsnr": 126.22505187988281
}