{
  "bids_meta": {
    "ConversionSoftware": "dcm2niix",
    "ConversionSoftwareVersion": "v1.0.20170411 GCC4.3.2",
    "EchoTime": 0.00351,
    "ImageType": [
      "ORIGINAL"
    ],
    "Manufacturer": "Philips",
    "ManufacturersModelName": "N/A",
    "PhilipsRescaleIntercept": 0,
    "PhilipsRescaleSlope": 8.11648,
    "PhilipsScaleSlope": 0.000323689,
    "ProtocolName": "WIPMPRAGE_S2SENSE",
    "RepetitionTime": 0.007563,
    "SequenceVariant": "tfl3d1_ns",
    "UsePhilipsFloatNotDisplayScaling": 1,
    "dataset": "ds001907",
    "modality": "T1w",
    "session_id": "2",
    "subject_id": "RC4129"
  },
  "cjv": 0.4637282828369301,
  "cnr": 2.6011811170035517,
  "efc": 0.7518260464696837,
  "fber": 2856.5207270408164,
  "fwhm_avg": 3.29598986062131,
  "fwhm_x": 3.29151,
  "fwhm_y": 3.5075795818639297,
  "fwhm_z": 3.08888,
  "icvs_csf": 0.18240034022063017,
  "icvs_gm": 0.4034105827756427,
  "icvs_wm": 0.41418907700372715,
  "inu_med": 3.0248985290527344,
  "inu_range": 0.7224657654762265,
  "provenance": {
    "md5sum": "d24adc82e9673f21d549436060bb9ce0",
    "settings": {
      "testing": false
    },
    "software": "mriqc",
    "version": "21.0.0rc2",
    "warnings": {
      "large_rot_frame": true,
      "small_air_mask": false
    },
    "webapi_port": null,
    "webapi_url": "https://mriqc.nimh.nih.gov/api/v1"
  },
  "qi_1": 0.0,
  "qi_2": 8.613501321877293e-06,
  "rpve_csf": 29.61824605476039,
  "rpve_gm": 14.099899140588603,
  "rpve_wm": 16.53228996437089,
  "size_x": 176,
  "size_y": 256,
  "size_z": 256,
  "snr_csf": 1.502332852876123,
  "snr_gm": 12.503701599704494,
  "snr_total": 11.05139932149793,
  "snr_wm": 19.148163511913175,
  "snrd_csf": 20.049950456085018,
  "snrd_gm": 50.2862594133355,
  "snrd_total": 45.06820024902667,
  "snrd_wm": 64.86839087765951,
  "spacing_x": 1.0,
  "spacing_y": 1.0000001192092896,
  "spacing_z": 1.0,
  "summary_bg_k": 1596.3552332202687,
  "summary_bg_mad": 10.10006819412806,
  "summary_bg_mean": 15.542683678367908,
  "summary_bg_median": 13.21011757850647,
  "summary_bg_n": 520852.0,
  "summary_bg_p05": 0.0,
  "summary_bg_p95": 47.50903272628784,
  "summary_bg_stdv": 29.96283473946372,
  "summary_csf_k": 23.201163605426913,
  "summary_csf_mad": 120.23472485009839,
  "summary_csf_mean": 356.5798665920349,
  "summary_csf_median": 309.10490369796753,
  "summary_csf_n": 15619.0,
  "summary_csf_p05": 179.66944670677185,
  "summary_csf_p95": 598.6078885316848,
  "summary_csf_stdv": 205.74335959649517,
  "summary_gm_k": 0.3434813857691901,
  "summary_gm_mad": 57.78995540640229,
  "summary_gm_mean": 777.4742799701911,
  "summary_gm_median": 775.2502634525299,
  "summary_gm_n": 14648.0,
  "summary_gm_p05": 677.9248702883721,
  "summary_gm_p95": 883.5376846790314,
  "summary_gm_stdv": 61.99954422722163,
  "summary_wm_k": 1.4167752281128534,
  "summary_wm_mad": 46.460313692989075,
  "summary_wm_mean": 1007.0857090019801,
  "summary_wm_median": 1000.0592150688171,
  "summary_wm_n": 203161.0,
  "summary_wm_p05": 934.8972001075745,
  "summary_wm_p95": 1104.259200811386,
  "summary_wm_stdv": 52.22729340051763,
  "tpm_overlap_csf": 0.17897801101207733,
  "tpm_overlap_gm": 0.4232931435108185,
  "tpm_overlap_wm": 0.48944932222366333,
  "wm2max": 0.5326224129227662
}