{
  "aor": 0.0018828187919463087,
  "aqi": 0.004892311543624161,
  "bids_meta": {
    "ConversionSoftware": "dcm2niix",
    "ConversionSoftwareVersion": "v1.0.20170411 GCC4.3.2",
    "EchoTime": 0.025,
    "ImageType": [
      "ORIGINAL"
    ],
    "Manufacturer": "Philips",
    "ManufacturersModelName": "N/A",
    "PhilipsRescaleIntercept": 0,
    "PhilipsRescaleSlope": 2.70989,
    "PhilipsScaleSlope": 0.000960261,
    "ProtocolName": "WIPANT_BSENSE",
    "RepetitionTime": 2.4,
    "SequenceVariant": "tfl3d1_ns",
    "SliceTiming": [
      0,
      0.06,
      0.11,
      0.17,
      0.22,
      0.28,
      0.33,
      0.39,
      0.45,
      0.5,
      0.56,
      0.61,
      0.67,
      0.73,
      0.78,
      0.84,
      0.89,
      0.95,
      1,
      1.06,
      1.12,
      1.17,
      1.23,
      1.28,
      1.34,
      1.4,
      1.45,
      1.51,
      1.56,
      1.62,
      1.67,
      1.73,
      1.79,
      1.84,
      1.9,
      1.95,
      2.01,
      2.07,
      2.12,
      2.18,
      2.23,
      2.29,
      2.34
    ],
    "TaskName": "ANT",
    "UsePhilipsFloatNotDisplayScaling": 1,
    "dataset": "ds001907",
    "modality": "bold",
    "run_id": 2,
    "session_id": "1",
    "subject_id": "RC4106",
    "task_id": "ANT"
  },
  "dummy_trs": 0,
  "dvars_nstd": 27.668176406148646,
  "dvars_std": 1.2437909815540544,
  "dvars_vstd": 0.985522438918919,
  "efc": 0.44966574301120965,
  "fber": 227753.390625,
  "fd_mean": 0.3079644104587074,
  "fd_num": 91,
  "fd_perc": 61.07382550335571,
  "fwhm_avg": 2.2019766666666665,
  "fwhm_x": 2.057183333333333,
  "fwhm_y": 2.3961566666666667,
  "fwhm_z": 2.15259,
  "gcor": 0.0265073,
  "gsr_x": -0.029401572421193123,
  "gsr_y": 0.03912100940942764,
  "provenance": {
    "md5sum": "f45d6bd5fadf2e2500afd483afcdafae",
    "settings": {
      "fd_thres": 0.2,
      "testing": false
    },
    "software": "mriqc",
    "version": "21.0.0rc2",
    "webapi_port": null,
    "webapi_url": "https://mriqc.nimh.nih.gov/api/v1"
  },
  "size_t": 149,
  "size_x": 80,
  "size_y": 80,
  "size_z": 43,
  "snr": 3.702073272031429,
  "spacing_tr": 2.4000000953674316,
  "spacing_x": 3.0,
  "spacing_y": 3.0,
  "spacing_z": 3.0,
  "summary_bg_k": 47.09367387785487,
  "summary_bg_mad": 1202.2006688640379,
  "summary_bg_mean": 12819.1806640625,
  "summary_bg_median": 816.1513061523438,
  "summary_bg_n": 183611.0,
  "summary_bg_p05": 2.6383451223373413,
  "summary_bg_p95": 70018.9375,
  "summary_bg_stdv": 28823.947265625,
  "summary_fg_k": 1.310628472178741,
  "summary_fg_mad": 79741.4360030885,
  "summary_fg_mean": 417703.6875,
  "summary_fg_median": 391582.59375,
  "summary_fg_n": 46191.0,
  "summary_fg_p05": 291396.078125,
  "summary_fg_p95": 650626.3125,
  "summary_fg_stdv": 105772.71875,
  "tsnr": 66.86488342285156
}