{
  "aor": 0.0035746979865771823,
  "aqi": 0.009762295973154362,
  "bids_meta": {
    "AcquisitionDateTime": "2013-08-19T10:07:4.290000",
    "BodyPartExamined": "BRAIN",
    "ConversionSoftware": "dcm2niix",
    "ConversionSoftwareVersion": "v1.0.20170411 GCC4.3.2",
    "EchoTime": 0.025001,
    "FlipAngle": 79,
    "ImageType": [
      "ORIGINAL",
      "PRIMARY",
      "M",
      "FFE",
      "M",
      "FFE"
    ],
    "MagneticFieldStrength": 3,
    "Manufacturer": "Philips",
    "ManufacturersModelName": "Achieva",
    "PhilipsRescaleIntercept": 0,
    "PhilipsRescaleSlope": 1.68645,
    "PhilipsScaleSlope": 0.00093672,
    "ProcedureStepDescription": "UDALL_2",
    "ProtocolName": "WIP_ANT_E_SENSE",
    "RepetitionTime": 2.4,
    "ScanningSequence": "GR",
    "SequenceVariant": "SK",
    "SeriesDescription": "ANT_E",
    "SliceTiming": [
      0,
      0.06,
      0.11,
      0.17,
      0.22,
      0.28,
      0.33,
      0.39,
      0.45,
      0.5,
      0.56,
      0.61,
      0.67,
      0.73,
      0.78,
      0.84,
      0.89,
      0.95,
      1,
      1.06,
      1.12,
      1.17,
      1.23,
      1.28,
      1.34,
      1.4,
      1.45,
      1.51,
      1.56,
      1.62,
      1.67,
      1.73,
      1.79,
      1.84,
      1.9,
      1.95,
      2.01,
      2.07,
      2.12,
      2.18,
      2.23,
      2.29,
      2.34
    ],
    "TaskName": "ANT",
    "UsePhilipsFloatNotDisplayScaling": 1,
    "dataset": "ds001907",
    "modality": "bold",
    "run_id": 5,
    "session_id": "2",
    "subject_id": "RC4224",
    "task_id": "ANT"
  },
  "dummy_trs": 0,
  "dvars_nstd": 38.45695291925676,
  "dvars_std": 1.2337790862837843,
  "dvars_vstd": 0.976024642972973,
  "efc": 0.4080057693701378,
  "fber": 648511.75,
  "fd_mean": 0.42898266310193167,
  "fd_num": 135,
  "fd_perc": 90.60402684563758,
  "fwhm_avg": 1.9756188888888888,
  "fwhm_x": 1.9348533333333335,
  "fwhm_y": 2.1043266666666667,
  "fwhm_z": 1.8876766666666667,
  "gcor": 0.00836154,
  "gsr_x": -0.012362009845674038,
  "gsr_y": 0.0158007200807333,
  "provenance": {
    "md5sum": "2058e027c2f5f0d1bff3a8cd8203ee01",
    "settings": {
      "fd_thres": 0.2,
      "testing": false
    },
    "software": "mriqc",
    "version": "21.0.0rc2",
    "webapi_port": null,
    "webapi_url": "https://mriqc.nimh.nih.gov/api/v1"
  },
  "size_t": 149,
  "size_x": 80,
  "size_y": 80,
  "size_z": 43,
  "snr": 4.7352259302095145,
  "spacing_tr": 2.4000020027160645,
  "spacing_x": 3.0,
  "spacing_y": 3.0,
  "spacing_z": 3.0,
  "summary_bg_k": 70.24852329225938,
  "summary_bg_mad": 926.2151847956053,
  "summary_bg_mean": 12810.7314453125,
  "summary_bg_median": 633.8128662109375,
  "summary_bg_n": 193420.0,
  "summary_bg_p05": 5.851768016815186,
  "summary_bg_p95": 67886.59804687493,
  "summary_bg_stdv": 37288.5625,
  "summary_fg_k": 2.204123719919302,
  "summary_fg_mad": 83591.40647965259,
  "summary_fg_mean": 510759.1875,
  "summary_fg_median": 494820.375,
  "summary_fg_n": 36782.0,
  "summary_fg_p05": 375530.140625,
  "summary_fg_p95": 706889.740625,
  "summary_fg_stdv": 104496.3125,
  "tsnr": 54.748844146728516
}