{
  "aor": 0.0015567785234899328,
  "aqi": 0.0032287128187919465,
  "bids_meta": {
    "AcquisitionDateTime": "2013-06-06T09:55:8.400000",
    "BodyPartExamined": "BRAIN",
    "ConversionSoftware": "dcm2niix",
    "ConversionSoftwareVersion": "v1.0.20170411 GCC4.3.2",
    "EchoTime": 0.025,
    "FlipAngle": 79,
    "ImageType": [
      "ORIGINAL",
      "PRIMARY",
      "M",
      "FFE",
      "M",
      "FFE"
    ],
    "MagneticFieldStrength": 3,
    "Manufacturer": "Philips",
    "ManufacturersModelName": "Achieva",
    "PhilipsRescaleIntercept": 0,
    "PhilipsRescaleSlope": 2.55409,
    "PhilipsScaleSlope": 0.000854956,
    "ProcedureStepDescription": "IBIC-UDALL",
    "ProtocolName": "WIP_ANT_A_SENSE",
    "RepetitionTime": 2.4,
    "ScanningSequence": "GR",
    "SequenceVariant": "SK",
    "SeriesDescription": "ANT_A",
    "SliceTiming": [
      0,
      0.06,
      0.11,
      0.17,
      0.22,
      0.28,
      0.33,
      0.39,
      0.45,
      0.5,
      0.56,
      0.61,
      0.67,
      0.73,
      0.78,
      0.84,
      0.89,
      0.95,
      1,
      1.06,
      1.12,
      1.17,
      1.23,
      1.28,
      1.34,
      1.4,
      1.45,
      1.51,
      1.56,
      1.62,
      1.67,
      1.73,
      1.79,
      1.84,
      1.9,
      1.95,
      2.01,
      2.07,
      2.12,
      2.18,
      2.23,
      2.29,
      2.34
    ],
    "TaskName": "ANT",
    "UsePhilipsFloatNotDisplayScaling": 1,
    "dataset": "ds001907",
    "modality": "bold",
    "run_id": 1,
    "session_id": "1",
    "subject_id": "RC4129",
    "task_id": "ANT"
  },
  "dummy_trs": 0,
  "dvars_nstd": 15.76628854452703,
  "dvars_std": 1.1404494799999998,
  "dvars_vstd": 0.9981804158783781,
  "efc": 0.41725821559259535,
  "fber": 1091953.875,
  "fd_mean": 0.14056184264503374,
  "fd_num": 25,
  "fd_perc": 16.778523489932887,
  "fwhm_avg": 1.8664011111111112,
  "fwhm_x": 1.7455433333333332,
  "fwhm_y": 2.0608400000000002,
  "fwhm_z": 1.7928199999999999,
  "gcor": 0.0663857,
  "gsr_x": -0.01583750545978546,
  "gsr_y": 0.027025561779737473,
  "provenance": {
    "md5sum": "1b35e6ee208ec523264148de237a641b",
    "settings": {
      "fd_thres": 0.2,
      "testing": false
    },
    "software": "mriqc",
    "version": "21.0.0rc2",
    "webapi_port": null,
    "webapi_url": "https://mriqc.nimh.nih.gov/api/v1"
  },
  "size_t": 149,
  "size_x": 80,
  "size_y": 80,
  "size_z": 43,
  "snr": 4.762440085328993,
  "spacing_tr": 2.4000020027160645,
  "spacing_x": 3.0,
  "spacing_y": 3.0,
  "spacing_z": 3.0,
  "summary_bg_k": 65.53249269912328,
  "summary_bg_mad": 774.0998722935412,
  "summary_bg_mean": 13904.8603515625,
  "summary_bg_median": 525.1800537109375,
  "summary_bg_n": 190650.0,
  "summary_bg_p05": 1.3864531099796296,
  "summary_bg_p95": 84423.66601562499,
  "summary_bg_stdv": 42014.359375,
  "summary_fg_k": 2.5804912473130726,
  "summary_fg_mad": 93958.17817331772,
  "summary_fg_mean": 548905.625,
  "summary_fg_median": 528314.625,
  "summary_fg_n": 39922.0,
  "summary_fg_p05": 414057.0265625,
  "summary_fg_p95": 749381.4718749998,
  "summary_fg_stdv": 110932.2109375,
  "tsnr": 95.44639587402344
}