{
  "aor": 0.005389729729729729,
  "aqi": 0.0039486600675675675,
  "bids_meta": {
    "ConversionSoftware": "dcm2niix",
    "ConversionSoftwareVersion": "v1.0.20170411 GCC4.3.2",
    "EchoTime": 0.025,
    "ImageType": [
      "ORIGINAL"
    ],
    "Manufacturer": "Philips",
    "ManufacturersModelName": "N/A",
    "PhilipsRescaleIntercept": 0,
    "PhilipsRescaleSlope": 2.35238,
    "PhilipsScaleSlope": 0.000947455,
    "ProtocolName": "WIPANT_ESENSE",
    "RepetitionTime": 2.4,
    "SequenceVariant": "tfl3d1_ns",
    "SliceTiming": [
      0,
      0.06,
      0.11,
      0.17,
      0.22,
      0.28,
      0.33,
      0.39,
      0.45,
      0.5,
      0.56,
      0.61,
      0.67,
      0.73,
      0.78,
      0.84,
      0.89,
      0.95,
      1,
      1.06,
      1.12,
      1.17,
      1.23,
      1.28,
      1.34,
      1.4,
      1.45,
      1.51,
      1.56,
      1.62,
      1.67,
      1.73,
      1.79,
      1.84,
      1.9,
      1.95,
      2.01,
      2.07,
      2.12,
      2.18,
      2.23,
      2.29,
      2.34
    ],
    "TaskName": "ANT",
    "UsePhilipsFloatNotDisplayScaling": 1,
    "dataset": "ds001907",
    "modality": "bold",
    "run_id": 5,
    "session_id": "2",
    "subject_id": "RC4115",
    "task_id": "ANT"
  },
  "dummy_trs": 1,
  "dvars_nstd": 29.045176720204083,
  "dvars_std": 1.58884588782313,
  "dvars_vstd": 1.0214683378911562,
  "efc": 0.4305816251985998,
  "fber": 754589.4375,
  "fd_mean": 0.15731508895543952,
  "fd_num": 19,
  "fd_perc": 12.837837837837839,
  "fwhm_avg": 2.1840266666666666,
  "fwhm_x": 2.0708699999999998,
  "fwhm_y": 2.35064,
  "fwhm_z": 2.13057,
  "gcor": 0.0205591,
  "gsr_x": -0.013730619102716446,
  "gsr_y": 0.021764283999800682,
  "provenance": {
    "md5sum": "fb2bc12437daf5515487dc66ff379122",
    "settings": {
      "fd_thres": 0.2,
      "testing": false
    },
    "software": "mriqc",
    "version": "21.0.0rc2",
    "webapi_port": null,
    "webapi_url": "https://mriqc.nimh.nih.gov/api/v1"
  },
  "size_t": 148,
  "size_x": 80,
  "size_y": 80,
  "size_z": 43,
  "snr": 4.437174209452477,
  "spacing_tr": 2.4000020027160645,
  "spacing_x": 3.0,
  "spacing_y": 3.0,
  "spacing_z": 3.0,
  "summary_bg_k": 55.99988634929734,
  "summary_bg_mad": 861.7905713472855,
  "summary_bg_mean": 14851.3427734375,
  "summary_bg_median": 583.8951416015625,
  "summary_bg_n": 188648.0,
  "summary_bg_p05": 1.7999272406101228,
  "summary_bg_p95": 84445.2390625,
  "summary_bg_stdv": 39213.625,
  "summary_fg_k": 2.12755286662727,
  "summary_fg_mad": 75088.98391009858,
  "summary_fg_mean": 503343.8125,
  "summary_fg_median": 480861.375,
  "summary_fg_n": 40886.0,
  "summary_fg_p05": 373516.5859375,
  "summary_fg_p95": 748160.328125,
  "summary_fg_stdv": 108369.7578125,
  "tsnr": 92.4402847290039
}