{
  "bids_meta": {
    "ConversionSoftware": "dcm2niix",
    "ConversionSoftwareVersion": "v1.0.20170411 GCC4.3.2",
    "EchoTime": 0.00351,
    "ImageType": [
      "ORIGINAL"
    ],
    "Manufacturer": "Philips",
    "ManufacturersModelName": "N/A",
    "PhilipsRescaleIntercept": 0,
    "PhilipsRescaleSlope": 9.021,
    "PhilipsScaleSlope": 0.000354956,
    "ProtocolName": "WIPMPRAGE_S2SENSE",
    "RepetitionTime": 0.007635,
    "SequenceVariant": "tfl3d1_ns",
    "UsePhilipsFloatNotDisplayScaling": 1,
    "dataset": "ds001907",
    "modality": "T1w",
    "session_id": "1",
    "subject_id": "RC4205"
  },
  "cjv": 0.4255165906730716,
  "cnr": 2.9148812798603387,
  "efc": 0.743359054039427,
  "fber": 2109.9780896626685,
  "fwhm_avg": 3.256536666666667,
  "fwhm_x": 3.27865,
  "fwhm_y": 3.45511,
  "fwhm_z": 3.03585,
  "icvs_csf": 0.17321080328370078,
  "icvs_gm": 0.4116069571581558,
  "icvs_wm": 0.41518223955814343,
  "inu_med": 1.47579824924469,
  "inu_range": 0.3735397040843962,
  "provenance": {
    "md5sum": "e528131d4d4418261c0793907ba4474c",
    "settings": {
      "testing": false
    },
    "software": "mriqc",
    "version": "21.0.0rc2",
    "warnings": {
      "large_rot_frame": true,
      "small_air_mask": false
    },
    "webapi_port": null,
    "webapi_url": "https://mriqc.nimh.nih.gov/api/v1"
  },
  "qi_1": 0.0,
  "qi_2": 1.2390240358896442e-05,
  "rpve_csf": 35.92317689168919,
  "rpve_gm": 15.975943846545292,
  "rpve_wm": 18.842406462137557,
  "size_x": 176,
  "size_y": 256,
  "size_z": 256,
  "snr_csf": 1.4509778325768556,
  "snr_gm": 12.755103545801854,
  "snr_total": 10.898689025328274,
  "snr_wm": 18.48998569760611,
  "snrd_csf": 16.203585601604207,
  "snrd_gm": 42.25275758633326,
  "snrd_total": 38.01043951694774,
  "snrd_wm": 55.574975362905754,
  "spacing_x": 1.0,
  "spacing_y": 1.0,
  "spacing_z": 1.0,
  "summary_bg_k": 4.214666491766462,
  "summary_bg_mad": 11.788333653897755,
  "summary_bg_mean": 16.74497902390277,
  "summary_bg_median": 15.113680586218834,
  "summary_bg_n": 413855.0,
  "summary_bg_p05": 0.0,
  "summary_bg_p95": 48.035219602286816,
  "summary_bg_stdv": 16.897308911231406,
  "summary_csf_k": 28.973005575584793,
  "summary_csf_mad": 110.57651815846242,
  "summary_csf_mean": 343.36409804257477,
  "summary_csf_median": 291.5626120045781,
  "summary_csf_n": 9259.0,
  "summary_csf_p05": 177.35575609654188,
  "summary_csf_p95": 586.8182190045715,
  "summary_csf_stdv": 200.9313031610957,
  "summary_gm_k": 0.23036436345715128,
  "summary_gm_mad": 56.5060621426504,
  "summary_gm_mean": 763.8098478007985,
  "summary_gm_median": 760.28384514153,
  "summary_gm_n": 17387.0,
  "summary_gm_p05": 669.4900518111884,
  "summary_gm_p95": 867.6829736202956,
  "summary_gm_stdv": 59.60453229763086,
  "summary_wm_k": 2.06711016085187,
  "summary_wm_mad": 45.49712244934093,
  "summary_wm_mean": 1006.455717877906,
  "summary_wm_median": 999.9999615699053,
  "summary_wm_n": 162505.0,
  "summary_wm_p05": 931.8569756224751,
  "summary_wm_p95": 1105.2700324356556,
  "summary_wm_stdv": 54.083161614687135,
  "tpm_overlap_csf": 0.1840113401412964,
  "tpm_overlap_gm": 0.4276421368122101,
  "tpm_overlap_wm": 0.483633428812027,
  "wm2max": 0.5108654583882344
}